{
  "aor": 0.0026514999999999998,
  "aqi": 0.0063322,
  "bids_meta": {
    "AcquisitionNumber": 1,
    "AcquisitionTime": "18:17:55.000000",
    "ConversionSoftware": "dcm2niix",
    "ConversionSoftwareVersion": "v1.0.20170724 (OpenJPEG build) GCC6.1.0",
    "DeviceSerialNumber": "000000000000GEHC",
    "EchoTime": 0.04,
    "FlipAngle": 90,
    "ImageType": [
      "ORIGINAL",
      "PRIMARY",
      "EPI",
      "NONE"
    ],
    "InstitutionName": "INSTITUTO_DE_NEUROBIOLOGIA",
    "MagneticFieldStrength": 3,
    "Manufacturer": "GE",
    "ManufacturersModelName": "DISCOVERY_MR750",
    "PhaseEncodingLines": 128,
    "ProcedureStepDescription": "Fibromialgia",
    "ProtocolName": "fMRI_pre1",
    "RepetitionTime": 3,
    "ScanningSequence": "EP_GR",
    "SequenceVariant": "SS",
    "SeriesDescription": "fMRI_pre1",
    "SliceTiming": [
      0.0,
      1.535,
      0.07,
      1.605,
      0.14,
      1.674,
      0.209,
      1.744,
      0.279,
      1.814,
      0.349,
      1.884,
      0.419,
      1.953,
      0.488,
      2.023,
      0.558,
      2.093,
      0.628,
      2.163,
      0.698,
      2.233,
      0.767,
      2.302,
      0.837,
      2.372,
      0.907,
      2.442,
      0.977,
      2.512,
      1.047,
      2.581,
      1.116,
      2.651,
      1.186,
      2.721,
      1.256,
      2.791,
      1.326,
      2.86,
      1.395
    ],
    "SoftwareVersions": "23_LX_MR_Software_release:DV22.0_V01_1040.a",
    "TaskName": "pre-music",
    "dataset": "ds001928",
    "modality": "bold",
    "subject_id": "15",
    "task_id": "rest3"
  },
  "dummy_trs": 0,
  "dvars_nstd": 29.592660749899,
  "dvars_std": 1.123567634848485,
  "dvars_vstd": 0.9759125193939391,
  "efc": 0.36171610626747736,
  "fber": 59193.75390625,
  "fd_mean": 0.06314644170108458,
  "fd_num": 5,
  "fd_perc": 5.0,
  "fwhm_avg": 2.8220050000000003,
  "fwhm_x": 2.893425,
  "fwhm_y": 3.152,
  "fwhm_z": 2.4205900000000002,
  "gcor": 0.0270419,
  "gsr_x": -0.01983468607068062,
  "gsr_y": 0.012719409540295601,
  "provenance": {
    "md5sum": "41b83b0c2a25e90f6f6af44ba9590fe1",
    "settings": {
      "fd_thres": 0.2,
      "testing": false
    },
    "software": "mriqc",
    "version": "21.0.0rc2",
    "webapi_port": null,
    "webapi_url": "https://mriqc.nimh.nih.gov/api/v1"
  },
  "size_t": 100,
  "size_x": 128,
  "size_y": 128,
  "size_z": 41,
  "snr": 3.258306728279122,
  "spacing_tr": 3.0,
  "spacing_x": 2.0,
  "spacing_y": 2.0,
  "spacing_z": 3.0,
  "summary_bg_k": 167.25615604806208,
  "summary_bg_mad": 15.774886810453497,
  "summary_bg_mean": 50.69430923461914,
  "summary_bg_median": 10.809999465942383,
  "summary_bg_n": 510312.0,
  "summary_bg_p05": 0.07000000029802322,
  "summary_bg_p95": 202.239990234375,
  "summary_bg_stdv": 153.56280517578125,
  "summary_fg_k": 0.8684808084765323,
  "summary_fg_mad": 628.6235216280913,
  "summary_fg_mean": 2529.818359375,
  "summary_fg_median": 2429.56005859375,
  "summary_fg_n": 79395.0,
  "summary_fg_p05": 1476.4769775390625,
  "summary_fg_p95": 3938.637890625,
  "summary_fg_stdv": 745.6464233398438,
  "tsnr": 49.20519905979745
}