{
  "bids_meta": {
    "AcquisitionNumber": 1,
    "AcquisitionTime": "16:26:16.000000",
    "ConversionSoftware": "dcm2niix",
    "ConversionSoftwareVersion": "v1.0.20170724 (OpenJPEG build) GCC6.1.0",
    "DeviceSerialNumber": "000000000000GEHC",
    "EchoTime": 0.003184,
    "FlipAngle": 12,
    "ImageType": [
      "ORIGINAL",
      "PRIMARY",
      "OTHER"
    ],
    "InstitutionName": "INSTITUTO_DE_NEUROBIOLOGIA",
    "InversionTime": 0.45,
    "MagneticFieldStrength": 3,
    "Manufacturer": "GE",
    "ManufacturersModelName": "DISCOVERY_MR750",
    "PhaseEncodingLines": 256,
    "ProcedureStepDescription": "Fibromialgia",
    "ProtocolName": "Sag_T1_FSPGR_BRAVO",
    "RepetitionTime": 0.008164,
    "ScanningSequence": "GR",
    "SequenceVariant": "SS_SK",
    "SeriesDescription": "Sag_T1_FSPGR_BRAVO",
    "SoftwareVersions": "24_LX_MR_Software_release:DV24.0_R01_1344.a",
    "dataset": "ds001928",
    "modality": "T1w",
    "subject_id": "30"
  },
  "cjv": 0.4480788970993102,
  "cnr": 1.4257795560193314,
  "efc": 0.8752397804546073,
  "fber": 25.543071746826172,
  "fwhm_avg": 3.247432401471086,
  "fwhm_x": 3.151827204413258,
  "fwhm_y": 3.46038,
  "fwhm_z": 3.13009,
  "icvs_csf": 0.18164323345441213,
  "icvs_gm": 0.42043175515727765,
  "icvs_wm": 0.39792501138831027,
  "inu_med": 0.9916945099830627,
  "inu_range": 0.10596535801887508,
  "provenance": {
    "md5sum": "1e3786f57a7db9c3df475c983cbbb101",
    "settings": {
      "testing": false
    },
    "software": "mriqc",
    "version": "21.0.0rc2",
    "warnings": {
      "large_rot_frame": true,
      "small_air_mask": true
    },
    "webapi_port": null,
    "webapi_url": "https://mriqc.nimh.nih.gov/api/v1"
  },
  "qi_1": 0.0,
  "qi_2": 0.0,
  "rpve_csf": 17.32381730992537,
  "rpve_gm": 8.134892343641956,
  "rpve_wm": 10.462990566055604,
  "size_x": 149,
  "size_y": 213,
  "size_z": 176,
  "snr_csf": 2.9177590666505084,
  "snr_gm": 12.399991555629853,
  "snr_total": 12.40311117539561,
  "snr_wm": 21.89158290390647,
  "snrd_csf": 1.721462935363825,
  "snrd_gm": 3.8287413196971105,
  "snrd_total": 3.5070729005833456,
  "snrd_wm": 4.9710144466891,
  "spacing_x": 1.100000023841858,
  "spacing_y": 1.0,
  "spacing_z": 1.0,
  "summary_bg_k": 0.0,
  "summary_bg_mad": 131.79255510751338,
  "summary_bg_mean": 0.0,
  "summary_bg_median": 0.0,
  "summary_bg_n": 200655.0,
  "summary_bg_p05": 0.0,
  "summary_bg_p95": 0.0,
  "summary_bg_stdv": 141.52818743028433,
  "summary_csf_k": -0.0029283869394447493,
  "summary_csf_mad": 109.19961674048395,
  "summary_csf_mean": 376.5326232910156,
  "summary_csf_median": 346.303466796875,
  "summary_csf_n": 10833.0,
  "summary_csf_p05": 221.56676025390624,
  "summary_csf_p95": 593.5176391601562,
  "summary_csf_stdv": 118.68268585205078,
  "summary_gm_k": 0.19698997235934623,
  "summary_gm_mad": 59.96625559410071,
  "summary_gm_mean": 772.0112915039062,
  "summary_gm_median": 770.220703125,
  "summary_gm_n": 16294.0,
  "summary_gm_p05": 672.75654296875,
  "summary_gm_p95": 879.3629699707031,
  "summary_gm_stdv": 62.112709045410156,
  "summary_wm_k": 1.0829355899319415,
  "summary_wm_mad": 42.997319399252746,
  "summary_wm_mean": 1003.016845703125,
  "summary_wm_median": 1000.0096435546875,
  "summary_wm_n": 173528.0,
  "summary_wm_p05": 933.8943298339843,
  "summary_wm_p95": 1081.494696044922,
  "summary_wm_stdv": 45.67996597290039,
  "tpm_overlap_csf": 0.17816323041915894,
  "tpm_overlap_gm": 0.4400743842124939,
  "tpm_overlap_wm": 0.5097582936286926,
  "wm2max": 0.5338383109717953
}