{
  "aor": 0.0011252,
  "aqi": 0.0042293475,
  "bids_meta": {
    "AcquisitionNumber": 1,
    "AcquisitionTime": "20:01:14.000000",
    "ConversionSoftware": "dcm2niix",
    "ConversionSoftwareVersion": "v1.0.20170724 (OpenJPEG build) GCC6.1.0",
    "DeviceSerialNumber": "000000000000GEHC",
    "EchoTime": 0.04,
    "FlipAngle": 90,
    "ImageType": [
      "ORIGINAL",
      "PRIMARY",
      "EPI",
      "NONE"
    ],
    "InstitutionName": "INSTITUTO_DE_NEUROBIOLOGIA",
    "MagneticFieldStrength": 3,
    "Manufacturer": "GE",
    "ManufacturersModelName": "DISCOVERY_MR750",
    "PhaseEncodingLines": 128,
    "ProcedureStepDescription": "Fibromialgia",
    "ProtocolName": "fMRI_pre2",
    "RepetitionTime": 3,
    "ScanningSequence": "EP_GR",
    "SequenceVariant": "SS",
    "SeriesDescription": "fMRI_pre2",
    "SliceTiming": [
      0.0,
      1.535,
      0.07,
      1.605,
      0.14,
      1.674,
      0.209,
      1.744,
      0.279,
      1.814,
      0.349,
      1.884,
      0.419,
      1.953,
      0.488,
      2.023,
      0.558,
      2.093,
      0.628,
      2.163,
      0.698,
      2.233,
      0.767,
      2.302,
      0.837,
      2.372,
      0.907,
      2.442,
      0.977,
      2.512,
      1.047,
      2.581,
      1.116,
      2.651,
      1.186,
      2.721,
      1.256,
      2.791,
      1.326,
      2.86,
      1.395,
      2.93,
      1.465
    ],
    "SoftwareVersions": "24_LX_MR_Software_release:DV24.0_R01_1344.a",
    "TaskName": "pre-music",
    "dataset": "ds001928",
    "modality": "bold",
    "subject_id": "33",
    "task_id": "rest3"
  },
  "dummy_trs": 0,
  "dvars_nstd": 28.21527261454545,
  "dvars_std": 1.0936665073737373,
  "dvars_vstd": 0.9786061410101007,
  "efc": 0.374364957749801,
  "fber": 15803.35546875,
  "fd_mean": 0.09276890029992302,
  "fd_num": 3,
  "fd_perc": 3.0,
  "fwhm_avg": 2.986222777777778,
  "fwhm_x": 3.07003,
  "fwhm_y": 3.341925,
  "fwhm_z": 2.5467133333333334,
  "gcor": 0.0129324,
  "gsr_x": -0.01646464876830578,
  "gsr_y": 0.008033916354179382,
  "provenance": {
    "md5sum": "cba49d494cc55bd777e6988457a5f7d9",
    "settings": {
      "fd_thres": 0.2,
      "testing": false
    },
    "software": "mriqc",
    "version": "21.0.0rc2",
    "webapi_port": null,
    "webapi_url": "https://mriqc.nimh.nih.gov/api/v1"
  },
  "size_t": 100,
  "size_x": 128,
  "size_y": 128,
  "size_z": 43,
  "snr": 3.0694326904919103,
  "spacing_tr": 3.0,
  "spacing_x": 2.0,
  "spacing_y": 2.0,
  "spacing_z": 3.0,
  "summary_bg_k": 78.31894812920837,
  "summary_bg_mad": 21.453253790713735,
  "summary_bg_mean": 55.86293029785156,
  "summary_bg_median": 18.31999969482422,
  "summary_bg_n": 531705.0,
  "summary_bg_p05": 1.409999966621399,
  "summary_bg_p95": 227.7559936523435,
  "summary_bg_stdv": 163.20033264160156,
  "summary_fg_k": 2.3155373504158616,
  "summary_fg_mad": 589.690372891597,
  "summary_fg_mean": 2371.83251953125,
  "summary_fg_median": 2260.320068359375,
  "summary_fg_n": 85761.0,
  "summary_fg_p05": 1391.5699462890625,
  "summary_fg_p95": 3735.14990234375,
  "summary_fg_stdv": 736.3923950195312,
  "tsnr": 58.138761655427516
}