{
  "aor": 0.0029274,
  "aqi": 0.0059055505000000005,
  "bids_meta": {
    "AcquisitionNumber": 1,
    "AcquisitionTime": "20:15:23.000000",
    "ConversionSoftware": "dcm2niix",
    "ConversionSoftwareVersion": "v1.0.20170724 (OpenJPEG build) GCC6.1.0",
    "DeviceSerialNumber": "000000000000GEHC",
    "EchoTime": 0.04,
    "FlipAngle": 90,
    "ImageType": [
      "ORIGINAL",
      "PRIMARY",
      "EPI",
      "NONE"
    ],
    "InstitutionName": "INSTITUTO_DE_NEUROBIOLOGIA",
    "MagneticFieldStrength": 3,
    "Manufacturer": "GE",
    "ManufacturersModelName": "DISCOVERY_MR750",
    "PhaseEncodingLines": 128,
    "ProcedureStepDescription": "Fibromialgia",
    "ProtocolName": "fMRI_post2",
    "RepetitionTime": 3,
    "ScanningSequence": "EP_GR",
    "SequenceVariant": "SS",
    "SeriesDescription": "fMRI_post2",
    "SliceTiming": [
      0.0,
      1.535,
      0.07,
      1.605,
      0.14,
      1.674,
      0.209,
      1.744,
      0.279,
      1.814,
      0.349,
      1.884,
      0.419,
      1.953,
      0.488,
      2.023,
      0.558,
      2.093,
      0.628,
      2.163,
      0.698,
      2.233,
      0.767,
      2.302,
      0.837,
      2.372,
      0.907,
      2.442,
      0.977,
      2.512,
      1.047,
      2.581,
      1.116,
      2.651,
      1.186,
      2.721,
      1.256,
      2.791,
      1.326,
      2.86,
      1.395,
      2.93,
      1.465
    ],
    "SoftwareVersions": "24_LX_MR_Software_release:DV24.0_R01_1344.a",
    "TaskName": "post-music",
    "dataset": "ds001928",
    "modality": "bold",
    "subject_id": "33",
    "task_id": "rest4"
  },
  "dummy_trs": 0,
  "dvars_nstd": 29.697196363434344,
  "dvars_std": 1.0658163048484854,
  "dvars_vstd": 0.9620323146464647,
  "efc": 0.37565645984804935,
  "fber": 15416.3837890625,
  "fd_mean": 0.13509586406649965,
  "fd_num": 9,
  "fd_perc": 9.0,
  "fwhm_avg": 2.9220144444444447,
  "fwhm_x": 2.980005,
  "fwhm_y": 3.290255,
  "fwhm_z": 2.4957833333333332,
  "gcor": 0.0152823,
  "gsr_x": -0.017233096063137054,
  "gsr_y": 0.012519259937107563,
  "provenance": {
    "md5sum": "13336d31772cf194ef44b47af5fe2727",
    "settings": {
      "fd_thres": 0.2,
      "testing": false
    },
    "software": "mriqc",
    "version": "21.0.0rc2",
    "webapi_port": null,
    "webapi_url": "https://mriqc.nimh.nih.gov/api/v1"
  },
  "size_t": 100,
  "size_x": 128,
  "size_y": 128,
  "size_z": 43,
  "snr": 3.198422552611624,
  "spacing_tr": 3.0,
  "spacing_x": 2.0,
  "spacing_y": 2.0,
  "spacing_z": 3.0,
  "summary_bg_k": 79.05923805270102,
  "summary_bg_mad": 21.542209132029065,
  "summary_bg_mean": 56.646915435791016,
  "summary_bg_median": 18.3799991607666,
  "summary_bg_n": 532833.0,
  "summary_bg_p05": 1.4299999475479126,
  "summary_bg_p95": 233.08399963378872,
  "summary_bg_stdv": 163.07508850097656,
  "summary_fg_k": 1.7278105520378517,
  "summary_fg_mad": 592.4476293367792,
  "summary_fg_mean": 2337.156982421875,
  "summary_fg_median": 2246.530029296875,
  "summary_fg_n": 85119.0,
  "summary_fg_p05": 1366.9249389648437,
  "summary_fg_p95": 3613.9739746093746,
  "summary_fg_stdv": 702.3827514648438,
  "tsnr": 49.22047483851202
}