{
  "aor": 0.0010628,
  "aqi": 0.004076444000000001,
  "bids_meta": {
    "AcquisitionNumber": 1,
    "AcquisitionTime": "17:22:12.000000",
    "ConversionSoftware": "dcm2niix",
    "ConversionSoftwareVersion": "v1.0.20170724 (OpenJPEG build) GCC6.1.0",
    "DeviceSerialNumber": "000000000000GEHC",
    "EchoTime": 0.04,
    "FlipAngle": 90,
    "ImageType": [
      "ORIGINAL",
      "PRIMARY",
      "EPI",
      "NONE"
    ],
    "InstitutionName": "INSTITUTO_DE_NEUROBIOLOGIA",
    "MagneticFieldStrength": 3,
    "Manufacturer": "GE",
    "ManufacturersModelName": "DISCOVERY_MR750",
    "PhaseEncodingLines": 128,
    "ProcedureStepDescription": "Fibromialgia",
    "ProtocolName": "fMRI_post1",
    "RepetitionTime": 3,
    "ScanningSequence": "EP_GR",
    "SequenceVariant": "SS",
    "SeriesDescription": "fMRI_post1",
    "SliceTiming": [
      0.0,
      1.535,
      0.07,
      1.605,
      0.14,
      1.674,
      0.209,
      1.744,
      0.279,
      1.814,
      0.349,
      1.884,
      0.419,
      1.953,
      0.488,
      2.023,
      0.558,
      2.093,
      0.628,
      2.163,
      0.698,
      2.233,
      0.767,
      2.302,
      0.837,
      2.372,
      0.907,
      2.442,
      0.977,
      2.512,
      1.047,
      2.581,
      1.116,
      2.651,
      1.186,
      2.721,
      1.256,
      2.791,
      1.326,
      2.86,
      1.395,
      2.93,
      1.465
    ],
    "SoftwareVersions": "24_LX_MR_Software_release:DV24.0_R01_1344.a",
    "TaskName": "post-music",
    "dataset": "ds001928",
    "modality": "bold",
    "subject_id": "36",
    "task_id": "rest4"
  },
  "dummy_trs": 0,
  "dvars_nstd": 26.675605735252528,
  "dvars_std": 1.07941636989899,
  "dvars_vstd": 0.9674068338383838,
  "efc": 0.36799618564451625,
  "fber": 12578.853515625,
  "fd_mean": 0.04527427446406595,
  "fd_num": 3,
  "fd_perc": 3.0,
  "fwhm_avg": 2.941742777777778,
  "fwhm_x": 3.059565,
  "fwhm_y": 3.28728,
  "fwhm_z": 2.4783833333333334,
  "gcor": 0.010733,
  "gsr_x": -0.01768379658460617,
  "gsr_y": 0.009996967390179634,
  "provenance": {
    "md5sum": "2c9034f0047626ff511932ef9e8e5fbb",
    "settings": {
      "fd_thres": 0.2,
      "testing": false
    },
    "software": "mriqc",
    "version": "21.0.0rc2",
    "webapi_port": null,
    "webapi_url": "https://mriqc.nimh.nih.gov/api/v1"
  },
  "size_t": 100,
  "size_x": 128,
  "size_y": 128,
  "size_z": 43,
  "snr": 3.286003570131784,
  "spacing_tr": 3.0,
  "spacing_x": 2.0,
  "spacing_y": 2.0,
  "spacing_z": 3.0,
  "summary_bg_k": 88.93211074237108,
  "summary_bg_mad": 22.81724865181229,
  "summary_bg_mean": 55.573055267333984,
  "summary_bg_median": 20.260000228881836,
  "summary_bg_n": 539106.0,
  "summary_bg_p05": 1.6999999284744263,
  "summary_bg_p95": 215.1999969482422,
  "summary_bg_stdv": 149.75311279296875,
  "summary_fg_k": 0.5297398224060066,
  "summary_fg_mad": 620.5428689847739,
  "summary_fg_mean": 2316.8095703125,
  "summary_fg_median": 2244.050048828125,
  "summary_fg_n": 79785.0,
  "summary_fg_p05": 1308.9939697265625,
  "summary_fg_p95": 3552.0718750000005,
  "summary_fg_stdv": 682.9073486328125,
  "tsnr": 55.43481550249271
}