{
  "aor": 0.007484333333333333,
  "aqi": 0.0025648036666666664,
  "bids_meta": {
    "AcquisitionNumber": 1,
    "AcquisitionTime": "17:58:46.000000",
    "ConversionSoftware": "dcm2niix",
    "ConversionSoftwareVersion": "v1.0.20170724 (OpenJPEG build) GCC6.1.0",
    "DeviceSerialNumber": "000000000000GEHC",
    "EchoTime": 0.04,
    "FlipAngle": 90,
    "ImageType": [
      "ORIGINAL",
      "PRIMARY",
      "EPI",
      "NONE"
    ],
    "InstitutionName": "INSTITUTO_DE_NEUROBIOLOGIA",
    "MagneticFieldStrength": 3,
    "Manufacturer": "GE",
    "ManufacturersModelName": "DISCOVERY_MR750",
    "PhaseEncodingLines": 128,
    "ProcedureStepDescription": "Fibromialgia",
    "ProtocolName": "fMRI_post2",
    "RepetitionTime": 3,
    "ScanningSequence": "EP_GR",
    "SequenceVariant": "SS",
    "SeriesDescription": "fMRI_post2",
    "SliceTiming": [
      0.0,
      1.535,
      0.07,
      1.605,
      0.14,
      1.674,
      0.209,
      1.744,
      0.279,
      1.814,
      0.349,
      1.884,
      0.419,
      1.953,
      0.488,
      2.023,
      0.558,
      2.093,
      0.628,
      2.163,
      0.698,
      2.233,
      0.767,
      2.302,
      0.837,
      2.372,
      0.907,
      2.442,
      0.977,
      2.512,
      1.047,
      2.581,
      1.116,
      2.651,
      1.186,
      2.721,
      1.256,
      2.791,
      1.326,
      2.86,
      1.395,
      2.93,
      1.465
    ],
    "SoftwareVersions": "24_LX_MR_Software_release:DV24.0_R01_1344.a",
    "TaskName": "post-control",
    "dataset": "ds001928",
    "modality": "bold",
    "subject_id": "36",
    "task_id": "rest2"
  },
  "dummy_trs": 0,
  "dvars_nstd": 26.48525586655172,
  "dvars_std": 1.1975179375862073,
  "dvars_vstd": 1.1065444320689657,
  "efc": 0.3692167488772624,
  "fber": 12542.8623046875,
  "fd_mean": 0.04411067092640628,
  "fd_num": 1,
  "fd_perc": 3.3333333333333335,
  "fwhm_avg": 2.9235522222222223,
  "fwhm_x": 3.03623,
  "fwhm_y": 3.26492,
  "fwhm_z": 2.4695066666666667,
  "gcor": 0.00736412,
  "gsr_x": -0.018428513780236244,
  "gsr_y": 0.0114375539124012,
  "provenance": {
    "md5sum": "b8e9983bf8b3020d7918f779f2cbc68c",
    "settings": {
      "fd_thres": 0.2,
      "testing": false
    },
    "software": "mriqc",
    "version": "21.0.0rc2",
    "webapi_port": null,
    "webapi_url": "https://mriqc.nimh.nih.gov/api/v1"
  },
  "size_t": 30,
  "size_x": 128,
  "size_y": 128,
  "size_z": 43,
  "snr": 3.256242934662804,
  "spacing_tr": 3.0,
  "spacing_x": 2.0,
  "spacing_y": 2.0,
  "spacing_z": 3.0,
  "summary_bg_k": 88.05533346830461,
  "summary_bg_mad": 22.881494333197768,
  "summary_bg_mean": 56.873748779296875,
  "summary_bg_median": 20.233333587646484,
  "summary_bg_n": 538954.0,
  "summary_bg_p05": 1.6000001430511475,
  "summary_bg_p95": 225.56668090820312,
  "summary_bg_stdv": 153.16946411132812,
  "summary_fg_k": 0.4942497757140907,
  "summary_fg_mad": 622.9153583014719,
  "summary_fg_mean": 2311.93359375,
  "summary_fg_median": 2236.68359375,
  "summary_fg_n": 80074.0,
  "summary_fg_p05": 1306.533447265625,
  "summary_fg_p95": 3561.356823730468,
  "summary_fg_stdv": 686.8865966796875,
  "tsnr": 65.88667273288593
}