{
  "aor": 0.004915900000000001,
  "aqi": 0.0044356764000000005,
  "bids_meta": {
    "AcquisitionNumber": 1,
    "AcquisitionTime": "17:45:39.000000",
    "ConversionSoftware": "dcm2niix",
    "ConversionSoftwareVersion": "v1.0.20170724 (OpenJPEG build) GCC6.1.0",
    "DeviceSerialNumber": "000000000000GEHC",
    "EchoTime": 0.04,
    "FlipAngle": 90,
    "ImageType": [
      "ORIGINAL",
      "PRIMARY",
      "EPI",
      "NONE"
    ],
    "InstitutionName": "INSTITUTO_DE_NEUROBIOLOGIA",
    "MagneticFieldStrength": 3,
    "Manufacturer": "GE",
    "ManufacturersModelName": "DISCOVERY_MR750",
    "PhaseEncodingLines": 128,
    "ProcedureStepDescription": "Fibromialgia",
    "ProtocolName": "fMRI_pre2",
    "RepetitionTime": 3,
    "ScanningSequence": "EP_GR",
    "SequenceVariant": "SS",
    "SeriesDescription": "fMRI_pre2",
    "SliceTiming": [
      0.0,
      1.535,
      0.07,
      1.605,
      0.14,
      1.674,
      0.209,
      1.744,
      0.279,
      1.814,
      0.349,
      1.884,
      0.419,
      1.953,
      0.488,
      2.023,
      0.558,
      2.093,
      0.628,
      2.163,
      0.698,
      2.233,
      0.767,
      2.302,
      0.837,
      2.372,
      0.907,
      2.442,
      0.977,
      2.512,
      1.047,
      2.581,
      1.116,
      2.651,
      1.186,
      2.721,
      1.256,
      2.791,
      1.326,
      2.86,
      1.395,
      2.93,
      1.465
    ],
    "SoftwareVersions": "24_LX_MR_Software_release:DV24.0_R01_1344.a",
    "TaskName": "pre-control",
    "dataset": "ds001928",
    "modality": "bold",
    "subject_id": "36",
    "task_id": "rest1"
  },
  "dummy_trs": 0,
  "dvars_nstd": 28.281963541212104,
  "dvars_std": 1.1372792999999999,
  "dvars_vstd": 1.0234518390909093,
  "efc": 0.3702643716236471,
  "fber": 12429.7666015625,
  "fd_mean": 0.07642225707300047,
  "fd_num": 9,
  "fd_perc": 9.0,
  "fwhm_avg": 2.9343272222222225,
  "fwhm_x": 3.042635,
  "fwhm_y": 3.28929,
  "fwhm_z": 2.4710566666666667,
  "gcor": 0.0123304,
  "gsr_x": -0.01840435154736042,
  "gsr_y": 0.012715286575257778,
  "provenance": {
    "md5sum": "6af69a0e44715878afc084ef057a3984",
    "settings": {
      "fd_thres": 0.2,
      "testing": false
    },
    "software": "mriqc",
    "version": "21.0.0rc2",
    "webapi_port": null,
    "webapi_url": "https://mriqc.nimh.nih.gov/api/v1"
  },
  "size_t": 100,
  "size_x": 128,
  "size_y": 128,
  "size_z": 43,
  "snr": 3.278396576267883,
  "spacing_tr": 3.0,
  "spacing_x": 2.0,
  "spacing_y": 2.0,
  "spacing_z": 3.0,
  "summary_bg_k": 101.11124221262425,
  "summary_bg_mad": 22.935855302259508,
  "summary_bg_mean": 56.93870162963867,
  "summary_bg_median": 20.329999923706055,
  "summary_bg_n": 538233.0,
  "summary_bg_p05": 1.6100000143051147,
  "summary_bg_p95": 225.14999389648438,
  "summary_bg_stdv": 154.96481323242188,
  "summary_fg_k": 0.5031256273785716,
  "summary_fg_mad": 621.0841852977073,
  "summary_fg_mean": 2311.146484375,
  "summary_fg_median": 2236.9150390625,
  "summary_fg_n": 80638.0,
  "summary_fg_p05": 1311.1320251464845,
  "summary_fg_p95": 3553.093347167968,
  "summary_fg_stdv": 682.3156127929688,
  "tsnr": 55.54612195491791
}