{
  "bids_meta": {
    "AcquisitionNumber": 1,
    "AcquisitionTime": "18:44:18.000000",
    "ConversionSoftware": "dcm2niix",
    "ConversionSoftwareVersion": "v1.0.20170724 (OpenJPEG build) GCC6.1.0",
    "DeviceSerialNumber": "000000000000GEHC",
    "EchoTime": 0.003184,
    "FlipAngle": 12,
    "ImageType": [
      "ORIGINAL",
      "PRIMARY",
      "OTHER"
    ],
    "InstitutionName": "INSTITUTO_DE_NEUROBIOLOGIA",
    "InversionTime": 0.45,
    "MagneticFieldStrength": 3,
    "Manufacturer": "GE",
    "ManufacturersModelName": "DISCOVERY_MR750",
    "PhaseEncodingLines": 256,
    "ProcedureStepDescription": "Fibromialgia",
    "ProtocolName": "Sag_T1_FSPGR_BRAVO",
    "RepetitionTime": 0.008164,
    "ScanningSequence": "GR",
    "SequenceVariant": "SS_SK",
    "SeriesDescription": "Sag_T1_FSPGR_BRAVO",
    "SoftwareVersions": "23_LX_MR_Software_release:DV22.0_V01_1040.a",
    "dataset": "ds001928",
    "modality": "T1w",
    "subject_id": "11"
  },
  "cjv": 0.46295501733118,
  "cnr": 1.5878608499028088,
  "efc": 0.8697452112751208,
  "fber": 14.97101879119873,
  "fwhm_avg": 3.431689369862599,
  "fwhm_x": 3.3325181095877974,
  "fwhm_y": 3.72582,
  "fwhm_z": 3.23673,
  "icvs_csf": 0.2377279308210764,
  "icvs_gm": 0.408636116512799,
  "icvs_wm": 0.3536359526661246,
  "inu_med": 0.9461159706115723,
  "inu_range": 0.11865642666816711,
  "provenance": {
    "md5sum": "b7ba41022e30519ef2e61dcf991e8735",
    "settings": {
      "testing": false
    },
    "software": "mriqc",
    "version": "21.0.0rc2",
    "warnings": {
      "large_rot_frame": true,
      "small_air_mask": true
    },
    "webapi_port": null,
    "webapi_url": "https://mriqc.nimh.nih.gov/api/v1"
  },
  "qi_1": 0.0,
  "qi_2": 0.00019693342160578405,
  "rpve_csf": 15.21850281682126,
  "rpve_gm": 8.654085852495022,
  "rpve_wm": 11.618547370334799,
  "size_x": 158,
  "size_y": 215,
  "size_z": 175,
  "snr_csf": 3.969512315703618,
  "snr_gm": 12.95616241364608,
  "snr_total": 12.388317262436354,
  "snr_wm": 20.23927705795937,
  "snrd_csf": 2.3416610109107334,
  "snrd_gm": 5.353324104729987,
  "snrd_total": 4.857191301456008,
  "snrd_wm": 6.876588788727304,
  "spacing_x": 1.100000023841858,
  "spacing_y": 1.0,
  "spacing_z": 1.0,
  "summary_bg_k": 0.0,
  "summary_bg_mad": 95.27333262943266,
  "summary_bg_mean": 0.0,
  "summary_bg_median": 0.0,
  "summary_bg_n": 204331.0,
  "summary_bg_p05": 0.0,
  "summary_bg_p95": 0.0,
  "summary_bg_stdv": 115.80636492950956,
  "summary_csf_k": 2.63866907813943,
  "summary_csf_mad": 61.163811609707594,
  "summary_csf_mean": 361.7023010253906,
  "summary_csf_median": 340.5364990234375,
  "summary_csf_n": 51130.0,
  "summary_csf_p05": 262.9602905273438,
  "summary_csf_p95": 542.6316650390618,
  "summary_csf_stdv": 85.78715515136719,
  "summary_gm_k": 0.17818237110588564,
  "summary_gm_mad": 57.494271578962355,
  "summary_gm_mean": 779.9117431640625,
  "summary_gm_median": 778.5081787109375,
  "summary_gm_n": 15290.0,
  "summary_gm_p05": 683.4366943359375,
  "summary_gm_p95": 882.3851989746094,
  "summary_gm_stdv": 60.08590316772461,
  "summary_wm_k": 1.977800016811745,
  "summary_wm_mad": 45.060013263371765,
  "summary_wm_mean": 1005.0892333984375,
  "summary_wm_median": 1000.0292358398438,
  "summary_wm_n": 137911.0,
  "summary_wm_p05": 934.2859497070312,
  "summary_wm_p95": 1092.5042114257812,
  "summary_wm_stdv": 49.4101448059082,
  "tpm_overlap_csf": 0.1685999035835266,
  "tpm_overlap_gm": 0.4211566746234894,
  "tpm_overlap_wm": 0.46689629554748535,
  "wm2max": 0.39246670274415696
}