{
  "bids_meta": {
    "AcquisitionNumber": 1,
    "AcquisitionTime": "17:32:16.000000",
    "ConversionSoftware": "dcm2niix",
    "ConversionSoftwareVersion": "v1.0.20170724 (OpenJPEG build) GCC6.1.0",
    "DeviceSerialNumber": "000000000000GEHC",
    "EchoTime": 0.003184,
    "FlipAngle": 12,
    "ImageType": [
      "ORIGINAL",
      "PRIMARY",
      "OTHER"
    ],
    "InstitutionName": "INSTITUTO_DE_NEUROBIOLOGIA",
    "InversionTime": 0.45,
    "MagneticFieldStrength": 3,
    "Manufacturer": "GE",
    "ManufacturersModelName": "DISCOVERY_MR750",
    "PhaseEncodingLines": 256,
    "ProcedureStepDescription": "Fibromialgia",
    "ProtocolName": "Sag_T1_FSPGR_BRAVO",
    "RepetitionTime": 0.008164,
    "ScanningSequence": "GR",
    "SequenceVariant": "SS_SK",
    "SeriesDescription": "Sag_T1_FSPGR_BRAVO",
    "SoftwareVersions": "24_LX_MR_Software_release:DV24.0_R01_1344.a",
    "dataset": "ds001928",
    "modality": "T1w",
    "subject_id": "36"
  },
  "cjv": 0.5702552773712086,
  "cnr": 1.2611373203808949,
  "efc": 0.8780311181844179,
  "fber": 27.805309295654297,
  "fwhm_avg": 3.2117839168548454,
  "fwhm_x": 3.119681750564537,
  "fwhm_y": 3.36843,
  "fwhm_z": 3.14724,
  "icvs_csf": 0.19312722088107262,
  "icvs_gm": 0.4223003593024756,
  "icvs_wm": 0.3845724198164518,
  "inu_med": 0.969207227230072,
  "inu_range": 0.12741509377956384,
  "provenance": {
    "md5sum": "4e6b7fa8f1dbee9256b41dd651a403d5",
    "settings": {
      "testing": false
    },
    "software": "mriqc",
    "version": "21.0.0rc2",
    "warnings": {
      "large_rot_frame": true,
      "small_air_mask": true
    },
    "webapi_port": null,
    "webapi_url": "https://mriqc.nimh.nih.gov/api/v1"
  },
  "qi_1": 0.0,
  "qi_2": 0.0,
  "rpve_csf": 15.02032415786664,
  "rpve_gm": 7.2235944297183154,
  "rpve_wm": 9.507957474957086,
  "size_x": 149,
  "size_y": 201,
  "size_z": 156,
  "snr_csf": 3.6230547154199244,
  "snr_gm": 11.379331293105327,
  "snr_total": 11.967234137493733,
  "snr_wm": 20.899316403955943,
  "snrd_csf": 2.0772065156425117,
  "snrd_gm": 4.634932142677372,
  "snrd_total": 4.161405591745524,
  "snrd_wm": 5.772078116916687,
  "spacing_x": 1.100000023841858,
  "spacing_y": 1.0,
  "spacing_z": 1.0,
  "summary_bg_k": 0.0,
  "summary_bg_mad": 113.50288067785604,
  "summary_bg_mean": 0.0,
  "summary_bg_median": 0.0,
  "summary_bg_n": 189002.0,
  "summary_bg_p05": 0.0,
  "summary_bg_p95": 0.0,
  "summary_bg_stdv": 130.90013605151998,
  "summary_csf_k": 3.8052765778162634,
  "summary_csf_mad": 79.59584924314856,
  "summary_csf_mean": 379.70172119140625,
  "summary_csf_median": 359.87762451171875,
  "summary_csf_n": 17393.0,
  "summary_csf_p05": 254.57896118164064,
  "summary_csf_p95": 582.0910522460936,
  "summary_csf_stdv": 99.32703399658203,
  "summary_gm_k": 0.16150988557389745,
  "summary_gm_mad": 67.0477534281146,
  "summary_gm_mean": 805.821044921875,
  "summary_gm_median": 803.0055541992188,
  "summary_gm_n": 19425.0,
  "summary_gm_p05": 694.181787109375,
  "summary_gm_p95": 931.1360107421875,
  "summary_gm_stdv": 70.5652084350586,
  "summary_wm_k": 0.8466386796105367,
  "summary_wm_mad": 45.29904486494541,
  "summary_wm_mean": 1003.9177856445312,
  "summary_wm_median": 1000.0169677734375,
  "summary_wm_n": 152184.0,
  "summary_wm_p05": 933.3510894775391,
  "summary_wm_p95": 1088.0489868164063,
  "summary_wm_stdv": 47.8491096496582,
  "tpm_overlap_csf": 0.1810150146484375,
  "tpm_overlap_gm": 0.44779786467552185,
  "tpm_overlap_wm": 0.5042847990989685,
  "wm2max": 0.4506655559542307
}