{
  "aor": 0.0011159999999999998,
  "aqi": 0.0036041202999999994,
  "bids_meta": {
    "AcquisitionNumber": 1,
    "AcquisitionTime": "19:01:37.000000",
    "ConversionSoftware": "dcm2niix",
    "ConversionSoftwareVersion": "v1.0.20170724 (OpenJPEG build) GCC6.1.0",
    "DeviceSerialNumber": "000000000000GEHC",
    "EchoTime": 0.04,
    "FlipAngle": 90,
    "ImageType": [
      "ORIGINAL",
      "PRIMARY",
      "EPI",
      "NONE"
    ],
    "InstitutionName": "INSTITUTO_DE_NEUROBIOLOGIA",
    "MagneticFieldStrength": 3,
    "Manufacturer": "GE",
    "ManufacturersModelName": "DISCOVERY_MR750",
    "PhaseEncodingLines": 128,
    "ProcedureStepDescription": "Fibromialgia",
    "ProtocolName": "fMRI_pre1",
    "RepetitionTime": 3,
    "ScanningSequence": "EP_GR",
    "SequenceVariant": "SS",
    "SeriesDescription": "fMRI_pre1",
    "SliceTiming": [
      0.0,
      1.535,
      0.07,
      1.605,
      0.14,
      1.674,
      0.209,
      1.744,
      0.279,
      1.814,
      0.349,
      1.884,
      0.419,
      1.953,
      0.488,
      2.023,
      0.558,
      2.093,
      0.628,
      2.163,
      0.698,
      2.233,
      0.767,
      2.302,
      0.837,
      2.372,
      0.907,
      2.442,
      0.977,
      2.512,
      1.047,
      2.581,
      1.116,
      2.651,
      1.186,
      2.721,
      1.256,
      2.791,
      1.326,
      2.86,
      1.395,
      2.93,
      1.465
    ],
    "SoftwareVersions": "23_LX_MR_Software_release:DV22.0_V01_1040.a",
    "TaskName": "pre-control",
    "dataset": "ds001928",
    "modality": "bold",
    "subject_id": "02",
    "task_id": "rest1"
  },
  "dummy_trs": 0,
  "dvars_nstd": 22.91081378393939,
  "dvars_std": 1.0330393754545457,
  "dvars_vstd": 0.9836434428282823,
  "efc": 0.36712457077758104,
  "fber": 54763.03515625,
  "fd_mean": 0.04270990936901036,
  "fd_num": 3,
  "fd_perc": 3.0,
  "fwhm_avg": 2.814148888888889,
  "fwhm_x": 2.936565,
  "fwhm_y": 3.099195,
  "fwhm_z": 2.406686666666667,
  "gcor": 0.0176148,
  "gsr_x": -0.013520308770239353,
  "gsr_y": -0.0005886598373763263,
  "provenance": {
    "md5sum": "0b72c6109787c0156ba5122e9cee4dca",
    "settings": {
      "fd_thres": 0.2,
      "testing": false
    },
    "software": "mriqc",
    "version": "21.0.0rc2",
    "webapi_port": null,
    "webapi_url": "https://mriqc.nimh.nih.gov/api/v1"
  },
  "size_t": 100,
  "size_x": 128,
  "size_y": 128,
  "size_z": 43,
  "snr": 3.248634689891405,
  "spacing_tr": 3.0,
  "spacing_x": 2.0,
  "spacing_y": 2.0,
  "spacing_z": 3.0,
  "summary_bg_k": 91.0960621832829,
  "summary_bg_mad": 15.923147995536825,
  "summary_bg_mean": 57.94878005981445,
  "summary_bg_median": 10.880000114440918,
  "summary_bg_n": 537608.0,
  "summary_bg_p05": 0.03999999910593033,
  "summary_bg_p95": 262.47998046875,
  "summary_bg_stdv": 171.26431274414062,
  "summary_fg_k": 0.8753956030819636,
  "summary_fg_mad": 615.9766097960526,
  "summary_fg_mean": 2450.546630859375,
  "summary_fg_median": 2361.8447265625,
  "summary_fg_n": 82354.0,
  "summary_fg_p05": 1384.8159423828124,
  "summary_fg_p95": 3769.8854614257784,
  "summary_fg_stdv": 727.0224609375,
  "tsnr": 59.53126938128844
}