{
  "aor": 0.0021536999999999997,
  "aqi": 0.004873114100000001,
  "bids_meta": {
    "AcquisitionNumber": 1,
    "AcquisitionTime": "19:56:1.000000",
    "ConversionSoftware": "dcm2niix",
    "ConversionSoftwareVersion": "v1.0.20170724 (OpenJPEG build) GCC6.1.0",
    "DeviceSerialNumber": "000000000000GEHC",
    "EchoTime": 0.04,
    "FlipAngle": 90,
    "ImageType": [
      "ORIGINAL",
      "PRIMARY",
      "EPI",
      "NONE"
    ],
    "InstitutionName": "INSTITUTO_DE_NEUROBIOLOGIA",
    "MagneticFieldStrength": 3,
    "Manufacturer": "GE",
    "ManufacturersModelName": "DISCOVERY_MR750",
    "PhaseEncodingLines": 128,
    "ProcedureStepDescription": "Fibromialgia",
    "ProtocolName": "fMRI_post2",
    "RepetitionTime": 3,
    "ScanningSequence": "EP_GR",
    "SequenceVariant": "SS",
    "SeriesDescription": "fMRI_post2",
    "SliceTiming": [
      0.0,
      1.535,
      0.07,
      1.605,
      0.14,
      1.674,
      0.209,
      1.744,
      0.279,
      1.814,
      0.349,
      1.884,
      0.419,
      1.953,
      0.488,
      2.023,
      0.558,
      2.093,
      0.628,
      2.163,
      0.698,
      2.233,
      0.767,
      2.302,
      0.837,
      2.372,
      0.907,
      2.442,
      0.977,
      2.512,
      1.047,
      2.581,
      1.116,
      2.651,
      1.186,
      2.721,
      1.256,
      2.791,
      1.326,
      2.86,
      1.395,
      2.93,
      1.465
    ],
    "SoftwareVersions": "23_LX_MR_Software_release:DV22.0_V01_1040.a",
    "TaskName": "post-music",
    "dataset": "ds001928",
    "modality": "bold",
    "subject_id": "02",
    "task_id": "rest4"
  },
  "dummy_trs": 0,
  "dvars_nstd": 29.796987937777786,
  "dvars_std": 1.1017916304040407,
  "dvars_vstd": 0.9957145230303032,
  "efc": 0.368407173115602,
  "fber": 50995.50390625,
  "fd_mean": 0.13214946671249023,
  "fd_num": 11,
  "fd_perc": 11.0,
  "fwhm_avg": 2.822625,
  "fwhm_x": 2.930975,
  "fwhm_y": 3.13295,
  "fwhm_z": 2.40395,
  "gcor": 0.018101,
  "gsr_x": -0.012996938079595566,
  "gsr_y": 0.0011991220526397228,
  "provenance": {
    "md5sum": "effa26c4b4fbf24118b28b7c9102da02",
    "settings": {
      "fd_thres": 0.2,
      "testing": false
    },
    "software": "mriqc",
    "version": "21.0.0rc2",
    "webapi_port": null,
    "webapi_url": "https://mriqc.nimh.nih.gov/api/v1"
  },
  "size_t": 100,
  "size_x": 128,
  "size_y": 128,
  "size_z": 43,
  "snr": 3.2124991152293223,
  "spacing_tr": 3.0,
  "spacing_x": 2.0,
  "spacing_y": 2.0,
  "spacing_z": 3.0,
  "summary_bg_k": 95.92642703170206,
  "summary_bg_mad": 15.908321877028492,
  "summary_bg_mean": 58.08353805541992,
  "summary_bg_median": 10.960000038146973,
  "summary_bg_n": 536317.0,
  "summary_bg_p05": 0.09999999403953552,
  "summary_bg_p95": 263.5420043945308,
  "summary_bg_stdv": 171.12771606445312,
  "summary_fg_k": 0.917168558194513,
  "summary_fg_mad": 615.6060497322842,
  "summary_fg_mean": 2425.402587890625,
  "summary_fg_median": 2324.5,
  "summary_fg_n": 82145.0,
  "summary_fg_p05": 1393.203955078125,
  "summary_fg_p95": 3760.865869140625,
  "summary_fg_stdv": 723.5755615234375,
  "tsnr": 52.97367088822648
}