{
  "aor": 0.0009107999999999999,
  "aqi": 0.0034537960000000007,
  "bids_meta": {
    "AcquisitionNumber": 1,
    "AcquisitionTime": "20:20:51.000000",
    "ConversionSoftware": "dcm2niix",
    "ConversionSoftwareVersion": "v1.0.20170724 (OpenJPEG build) GCC6.1.0",
    "DeviceSerialNumber": "000000000000GEHC",
    "EchoTime": 0.04,
    "FlipAngle": 90,
    "ImageType": [
      "ORIGINAL",
      "PRIMARY",
      "EPI",
      "NONE"
    ],
    "InstitutionName": "INSTITUTO_DE_NEUROBIOLOGIA",
    "MagneticFieldStrength": 3,
    "Manufacturer": "GE",
    "ManufacturersModelName": "DISCOVERY_MR750",
    "PhaseEncodingLines": 128,
    "ProcedureStepDescription": "Fibromialgia",
    "ProtocolName": "fMRI_pre2",
    "RepetitionTime": 3,
    "ScanningSequence": "EP_GR",
    "SequenceVariant": "SS",
    "SeriesDescription": "fMRI_pre2",
    "SliceTiming": [
      0.0,
      1.535,
      0.07,
      1.605,
      0.14,
      1.674,
      0.209,
      1.744,
      0.279,
      1.814,
      0.349,
      1.884,
      0.419,
      1.953,
      0.488,
      2.023,
      0.558,
      2.093,
      0.628,
      2.163,
      0.698,
      2.233,
      0.767,
      2.302,
      0.837,
      2.372,
      0.907,
      2.442,
      0.977,
      2.512,
      1.047,
      2.581,
      1.116,
      2.651,
      1.186,
      2.721,
      1.256,
      2.791,
      1.326,
      2.86,
      1.395,
      2.93,
      1.465
    ],
    "SoftwareVersions": "24_LX_MR_Software_release:DV24.0_R01_1344.a",
    "TaskName": "pre-control",
    "dataset": "ds001928",
    "modality": "bold",
    "subject_id": "40",
    "task_id": "rest1"
  },
  "dummy_trs": 0,
  "dvars_nstd": 23.90337520141414,
  "dvars_std": 1.0453907343434343,
  "dvars_vstd": 0.9820434076767677,
  "efc": 0.3700840434722425,
  "fber": 24032.462890625,
  "fd_mean": 0.028303826563110954,
  "fd_num": 0,
  "fd_perc": 0.0,
  "fwhm_avg": 2.8563361111111107,
  "fwhm_x": 3.004025,
  "fwhm_y": 3.2254,
  "fwhm_z": 2.339583333333333,
  "gcor": 0.0108222,
  "gsr_x": -0.013823011890053749,
  "gsr_y": 9.990426042350009e-05,
  "provenance": {
    "md5sum": "7e2756f199379739350bde9be16d07e7",
    "settings": {
      "fd_thres": 0.2,
      "testing": false
    },
    "software": "mriqc",
    "version": "21.0.0rc2",
    "webapi_port": null,
    "webapi_url": "https://mriqc.nimh.nih.gov/api/v1"
  },
  "size_t": 100,
  "size_x": 128,
  "size_y": 128,
  "size_z": 43,
  "snr": 3.3843037423736884,
  "spacing_tr": 3.0,
  "spacing_x": 2.0,
  "spacing_y": 2.0,
  "spacing_z": 3.0,
  "summary_bg_k": 73.42446500125844,
  "summary_bg_mad": 16.278972033989987,
  "summary_bg_mean": 59.065303802490234,
  "summary_bg_median": 14.819999694824219,
  "summary_bg_n": 537801.0,
  "summary_bg_p05": 1.9399999380111694,
  "summary_bg_p95": 286.05999755859375,
  "summary_bg_stdv": 166.8130340576172,
  "summary_fg_k": 0.16144557963644468,
  "summary_fg_mad": 635.4137746354291,
  "summary_fg_mean": 2363.135986328125,
  "summary_fg_median": 2304.530029296875,
  "summary_fg_n": 77885.0,
  "summary_fg_p05": 1314.477978515625,
  "summary_fg_p95": 3555.825830078125,
  "summary_fg_stdv": 680.9421997070312,
  "tsnr": 60.5123773701489
}