{
  "bids_meta": {
    "AcquisitionNumber": 1,
    "AcquisitionTime": "21:17:3.000000",
    "ConversionSoftware": "dcm2niix",
    "ConversionSoftwareVersion": "v1.0.20170724 (OpenJPEG build) GCC6.1.0",
    "DeviceSerialNumber": "000000000000GEHC",
    "EchoTime": 0.003184,
    "FlipAngle": 12,
    "ImageType": [
      "ORIGINAL",
      "PRIMARY",
      "OTHER"
    ],
    "InstitutionName": "INSTITUTO_DE_NEUROBIOLOGIA",
    "InversionTime": 0.45,
    "MagneticFieldStrength": 3,
    "Manufacturer": "GE",
    "ManufacturersModelName": "DISCOVERY_MR750",
    "PhaseEncodingLines": 256,
    "ProcedureStepDescription": "Fibromialgia",
    "ProtocolName": "Sag_T1_FSPGR_BRAVO",
    "RepetitionTime": 0.008164,
    "ScanningSequence": "GR",
    "SequenceVariant": "SS_SK",
    "SeriesDescription": "Sag_T1_FSPGR_BRAVO",
    "SoftwareVersions": "24_LX_MR_Software_release:DV24.0_R01_1344.a",
    "dataset": "ds001928",
    "modality": "T1w",
    "subject_id": "44"
  },
  "cjv": 0.45402906865088444,
  "cnr": 1.4338045757463798,
  "efc": 0.8855685802133558,
  "fber": 32.35043716430664,
  "fwhm_avg": 3.1777345227674747,
  "fwhm_x": 3.140163568302424,
  "fwhm_y": 3.28549,
  "fwhm_z": 3.10755,
  "icvs_csf": 0.2031508943673924,
  "icvs_gm": 0.4470092952046638,
  "icvs_wm": 0.3498398104279438,
  "inu_med": 0.9971491694450378,
  "inu_range": 0.12973688840866093,
  "provenance": {
    "md5sum": "f27cc77163356dcab59a7f897729df0f",
    "settings": {
      "testing": false
    },
    "software": "mriqc",
    "version": "21.0.0rc2",
    "warnings": {
      "large_rot_frame": true,
      "small_air_mask": true
    },
    "webapi_port": null,
    "webapi_url": "https://mriqc.nimh.nih.gov/api/v1"
  },
  "qi_1": 0.0,
  "qi_2": 0.0005527333416974881,
  "rpve_csf": 12.796327289229586,
  "rpve_gm": 6.305016185898361,
  "rpve_wm": 9.521829147151774,
  "size_x": 153,
  "size_y": 192,
  "size_z": 153,
  "snr_csf": 3.566927322822397,
  "snr_gm": 11.097957045934479,
  "snr_total": 12.218659177776734,
  "snr_wm": 21.99109316457332,
  "snrd_csf": 1.7346907808117524,
  "snrd_gm": 3.198131154293622,
  "snrd_total": 3.039732345311293,
  "snrd_wm": 4.186375100828505,
  "spacing_x": 1.100000023841858,
  "spacing_y": 1.0,
  "spacing_z": 1.0,
  "summary_bg_k": 0.0,
  "summary_bg_mad": 156.49477138616962,
  "summary_bg_mean": 0.0,
  "summary_bg_median": 0.0,
  "summary_bg_n": 186355.0,
  "summary_bg_p05": 0.0,
  "summary_bg_p95": 0.0,
  "summary_bg_stdv": 142.4816500628974,
  "summary_csf_k": -0.5756708284238758,
  "summary_csf_mad": 136.23814939344695,
  "summary_csf_mean": 418.4342041015625,
  "summary_csf_median": 414.3717956542969,
  "summary_csf_n": 18077.0,
  "summary_csf_p05": 241.37700500488282,
  "summary_csf_p95": 601.8651123046875,
  "summary_csf_stdv": 116.16730499267578,
  "summary_gm_k": 0.5368753239150212,
  "summary_gm_mad": 63.2325231158878,
  "summary_gm_mean": 769.6429443359375,
  "summary_gm_median": 763.9490356445312,
  "summary_gm_n": 26844.0,
  "summary_gm_p05": 665.6921997070312,
  "summary_gm_p95": 895.3622131347654,
  "summary_gm_stdv": 68.83562469482422,
  "summary_wm_k": 0.6805488816778156,
  "summary_wm_mad": 43.94801635406353,
  "summary_wm_mean": 1002.4293823242188,
  "summary_wm_median": 1000.014404296875,
  "summary_wm_n": 141434.0,
  "summary_wm_p05": 932.4414611816406,
  "summary_wm_p95": 1079.953515625,
  "summary_wm_stdv": 45.47344970703125,
  "tpm_overlap_csf": 0.18104048073291779,
  "tpm_overlap_gm": 0.4672545790672302,
  "tpm_overlap_wm": 0.5143990516662598,
  "wm2max": 0.5466758589395266
}