{
  "aor": 0.0014839,
  "aqi": 0.007300602199999998,
  "bids_meta": {
    "AcquisitionNumber": 1,
    "AcquisitionTime": "16:03:20.000000",
    "ConversionSoftware": "dcm2niix",
    "ConversionSoftwareVersion": "v1.0.20170724 (OpenJPEG build) GCC6.1.0",
    "DeviceSerialNumber": "000000000000GEHC",
    "EchoTime": 0.04,
    "FlipAngle": 90,
    "ImageType": [
      "ORIGINAL",
      "PRIMARY",
      "EPI",
      "NONE"
    ],
    "InstitutionName": "INSTITUTO_DE_NEUROBIOLOGIA",
    "MagneticFieldStrength": 3,
    "Manufacturer": "GE",
    "ManufacturersModelName": "DISCOVERY_MR750",
    "PhaseEncodingLines": 128,
    "ProcedureStepDescription": "Fibromialgia",
    "ProtocolName": "fMRI_pre1",
    "RepetitionTime": 3,
    "ScanningSequence": "EP_GR",
    "SequenceVariant": "SS",
    "SeriesDescription": "fMRI_pre1",
    "SliceTiming": [
      0.0,
      1.535,
      0.07,
      1.605,
      0.14,
      1.674,
      0.209,
      1.744,
      0.279,
      1.814,
      0.349,
      1.884,
      0.419,
      1.953,
      0.488,
      2.023,
      0.558,
      2.093,
      0.628,
      2.163,
      0.698,
      2.233,
      0.767,
      2.302,
      0.837,
      2.372,
      0.907,
      2.442,
      0.977,
      2.512,
      1.047,
      2.581,
      1.116,
      2.651,
      1.186,
      2.721,
      1.256,
      2.791,
      1.326,
      2.86,
      1.395,
      2.93,
      1.465
    ],
    "SoftwareVersions": "23_LX_MR_Software_release:DV22.0_V01_1040.a",
    "TaskName": "pre-music",
    "dataset": "ds001928",
    "modality": "bold",
    "subject_id": "09",
    "task_id": "rest3"
  },
  "dummy_trs": 0,
  "dvars_nstd": 23.66999967111111,
  "dvars_std": 0.9351237826262624,
  "dvars_vstd": 0.9237548908080808,
  "efc": 0.3892362410762595,
  "fber": 97559.7265625,
  "fd_mean": 0.052612775637734976,
  "fd_num": 4,
  "fd_perc": 4.0,
  "fwhm_avg": 2.997732777777778,
  "fwhm_x": 3.127285,
  "fwhm_y": 3.40662,
  "fwhm_z": 2.4592933333333336,
  "gcor": 0.0123643,
  "gsr_x": -0.012578458525240421,
  "gsr_y": 0.006288725882768631,
  "provenance": {
    "md5sum": "f5a40bf135c0da00f769a8cb7e1f44ad",
    "settings": {
      "fd_thres": 0.2,
      "testing": false
    },
    "software": "mriqc",
    "version": "21.0.0rc2",
    "webapi_port": null,
    "webapi_url": "https://mriqc.nimh.nih.gov/api/v1"
  },
  "size_t": 100,
  "size_x": 128,
  "size_y": 128,
  "size_z": 43,
  "snr": 3.0922751908334396,
  "spacing_tr": 3.0,
  "spacing_x": 2.0,
  "spacing_y": 2.0,
  "spacing_z": 3.0,
  "summary_bg_k": 73.07800917956429,
  "summary_bg_mad": 11.327080751434046,
  "summary_bg_mean": 51.12408447265625,
  "summary_bg_median": 7.909999847412109,
  "summary_bg_n": 516613.0,
  "summary_bg_p05": 0.14999999105930328,
  "summary_bg_p95": 229.89399719238247,
  "summary_bg_stdv": 150.25741577148438,
  "summary_fg_k": 0.31414921691447484,
  "summary_fg_mad": 721.0339622632696,
  "summary_fg_mean": 2432.534912109375,
  "summary_fg_median": 2344.64990234375,
  "summary_fg_n": 98630.0,
  "summary_fg_p05": 1316.6404602050782,
  "summary_fg_p95": 3795.02001953125,
  "summary_fg_stdv": 758.2242431640625,
  "tsnr": 46.859758230973966
}