{
  "aor": 0.0008738,
  "aqi": 0.0051618643,
  "bids_meta": {
    "AcquisitionNumber": 1,
    "AcquisitionTime": "18:56:6.000000",
    "ConversionSoftware": "dcm2niix",
    "ConversionSoftwareVersion": "v1.0.20170724 (OpenJPEG build) GCC6.1.0",
    "DeviceSerialNumber": "000000000000GEHC",
    "EchoTime": 0.04,
    "FlipAngle": 90,
    "ImageType": [
      "ORIGINAL",
      "PRIMARY",
      "EPI",
      "NONE"
    ],
    "InstitutionName": "INSTITUTO_DE_NEUROBIOLOGIA",
    "MagneticFieldStrength": 3,
    "Manufacturer": "GE",
    "ManufacturersModelName": "DISCOVERY_MR750",
    "PhaseEncodingLines": 128,
    "ProcedureStepDescription": "Fibromialgia",
    "ProtocolName": "fMRI_pre2",
    "RepetitionTime": 3,
    "ScanningSequence": "EP_GR",
    "SequenceVariant": "SS",
    "SeriesDescription": "fMRI_pre2",
    "SliceTiming": [
      0.0,
      1.535,
      0.07,
      1.605,
      0.14,
      1.674,
      0.209,
      1.744,
      0.279,
      1.814,
      0.349,
      1.884,
      0.419,
      1.953,
      0.488,
      2.023,
      0.558,
      2.093,
      0.628,
      2.163,
      0.698,
      2.233,
      0.767,
      2.302,
      0.837,
      2.372,
      0.907,
      2.442,
      0.977,
      2.512,
      1.047,
      2.581,
      1.116,
      2.651,
      1.186,
      2.721,
      1.256,
      2.791,
      1.326,
      2.86,
      1.395,
      2.93,
      1.465
    ],
    "SoftwareVersions": "23_LX_MR_Software_release:DV22.0_V02_1122.a",
    "TaskName": "pre-music",
    "dataset": "ds001928",
    "modality": "bold",
    "subject_id": "20",
    "task_id": "rest3"
  },
  "dummy_trs": 0,
  "dvars_nstd": 25.007066668989907,
  "dvars_std": 1.0310242956565663,
  "dvars_vstd": 0.9724921033333332,
  "efc": 0.35932905046049457,
  "fber": 110277.6953125,
  "fd_mean": 0.08685109916009115,
  "fd_num": 3,
  "fd_perc": 3.0,
  "fwhm_avg": 2.8364433333333334,
  "fwhm_x": 3.0417,
  "fwhm_y": 3.10137,
  "fwhm_z": 2.36626,
  "gcor": 0.0226974,
  "gsr_x": -0.022965658456087112,
  "gsr_y": 0.0133594935759902,
  "provenance": {
    "md5sum": "968beba3aeb1a05dde233c82567ed272",
    "settings": {
      "fd_thres": 0.2,
      "testing": false
    },
    "software": "mriqc",
    "version": "21.0.0rc2",
    "webapi_port": null,
    "webapi_url": "https://mriqc.nimh.nih.gov/api/v1"
  },
  "size_t": 100,
  "size_x": 128,
  "size_y": 128,
  "size_z": 43,
  "snr": 3.3264218152770417,
  "spacing_tr": 3.0,
  "spacing_x": 2.0,
  "spacing_y": 2.0,
  "spacing_z": 3.0,
  "summary_bg_k": 112.36800330154993,
  "summary_bg_mad": 10.986082478009301,
  "summary_bg_mean": 54.5079231262207,
  "summary_bg_median": 7.730000019073486,
  "summary_bg_n": 540651.0,
  "summary_bg_p05": 0.17000000178813934,
  "summary_bg_p95": 271.54998779296875,
  "summary_bg_stdv": 158.28204345703125,
  "summary_fg_k": 0.7450514229834266,
  "summary_fg_mad": 641.5664290568545,
  "summary_fg_mean": 2489.9931640625,
  "summary_fg_median": 2385.97998046875,
  "summary_fg_n": 77402.0,
  "summary_fg_p05": 1482.25,
  "summary_fg_p95": 3811.3083251953117,
  "summary_fg_stdv": 717.276611328125,
  "tsnr": 52.4727532742545
}