{
  "aor": 0.005721600000000001,
  "aqi": 0.0068395335,
  "bids_meta": {
    "AcquisitionNumber": 1,
    "AcquisitionTime": "11:47:15.000000",
    "ConversionSoftware": "dcm2niix",
    "ConversionSoftwareVersion": "v1.0.20170724 (OpenJPEG build) GCC6.1.0",
    "DeviceSerialNumber": "000000000000GEHC",
    "EchoTime": 0.04,
    "FlipAngle": 90,
    "ImageType": [
      "ORIGINAL",
      "PRIMARY",
      "EPI",
      "NONE"
    ],
    "InstitutionName": "INSTITUTO_DE_NEUROBIOLOGIA",
    "MagneticFieldStrength": 3,
    "Manufacturer": "GE",
    "ManufacturersModelName": "DISCOVERY_MR750",
    "PhaseEncodingLines": 128,
    "ProcedureStepDescription": "Fibromialgia",
    "ProtocolName": "fMRI_post2",
    "RepetitionTime": 3,
    "ScanningSequence": "EP_GR",
    "SequenceVariant": "SS",
    "SeriesDescription": "fMRI_post2",
    "SliceTiming": [
      0.0,
      1.535,
      0.07,
      1.605,
      0.14,
      1.674,
      0.209,
      1.744,
      0.279,
      1.814,
      0.349,
      1.884,
      0.419,
      1.953,
      0.488,
      2.023,
      0.558,
      2.093,
      0.628,
      2.163,
      0.698,
      2.233,
      0.767,
      2.302,
      0.837,
      2.372,
      0.907,
      2.442,
      0.977,
      2.512,
      1.047,
      2.581,
      1.116,
      2.651,
      1.186,
      2.721,
      1.256,
      2.791,
      1.326,
      2.86,
      1.395,
      2.93,
      1.465
    ],
    "SoftwareVersions": "23_LX_MR_Software_release:DV22.0_V01_1040.a",
    "TaskName": "post-control",
    "dataset": "ds001928",
    "modality": "bold",
    "subject_id": "17",
    "task_id": "rest2"
  },
  "dummy_trs": 0,
  "dvars_nstd": 28.073560868484847,
  "dvars_std": 1.076737725252525,
  "dvars_vstd": 1.013364935656566,
  "efc": 0.37506704514521927,
  "fber": 31743.49609375,
  "fd_mean": 0.18309088372530138,
  "fd_num": 33,
  "fd_perc": 33.0,
  "fwhm_avg": 2.911683333333333,
  "fwhm_x": 3.02323,
  "fwhm_y": 3.25058,
  "fwhm_z": 2.46124,
  "gcor": 0.0215316,
  "gsr_x": -0.006586433853954077,
  "gsr_y": 0.0028249670285731554,
  "provenance": {
    "md5sum": "a9966862132d5cd8b4d0bc10ff79c2f6",
    "settings": {
      "fd_thres": 0.2,
      "testing": false
    },
    "software": "mriqc",
    "version": "21.0.0rc2",
    "webapi_port": null,
    "webapi_url": "https://mriqc.nimh.nih.gov/api/v1"
  },
  "size_t": 100,
  "size_x": 128,
  "size_y": 128,
  "size_z": 43,
  "snr": 3.6420415779072286,
  "spacing_tr": 3.0,
  "spacing_x": 2.0,
  "spacing_y": 2.0,
  "spacing_z": 3.0,
  "summary_bg_k": 70.47167146048655,
  "summary_bg_mad": 20.93434244866891,
  "summary_bg_mean": 62.595489501953125,
  "summary_bg_median": 14.389999389648438,
  "summary_bg_n": 534847.0,
  "summary_bg_p05": 0.09999999403953552,
  "summary_bg_p95": 259.39800109863097,
  "summary_bg_stdv": 189.74554443359375,
  "summary_fg_k": 0.20729010676200987,
  "summary_fg_mad": 620.3653259212541,
  "summary_fg_mean": 2487.193115234375,
  "summary_fg_median": 2413.989990234375,
  "summary_fg_n": 83687.0,
  "summary_fg_p05": 1512.054931640625,
  "summary_fg_p95": 3689.3508544921874,
  "summary_fg_stdv": 662.808349609375,
  "tsnr": 47.177049385383725
}