{
  "bids_meta": {
    "AcquisitionNumber": 1,
    "AcquisitionTime": "19:04:6.000000",
    "ConversionSoftware": "dcm2niix",
    "ConversionSoftwareVersion": "v1.0.20170724 (OpenJPEG build) GCC6.1.0",
    "DeviceSerialNumber": "000000000000GEHC",
    "EchoTime": 0.003184,
    "FlipAngle": 12,
    "ImageType": [
      "ORIGINAL",
      "PRIMARY",
      "OTHER"
    ],
    "InstitutionName": "INSTITUTO_DE_NEUROBIOLOGIA",
    "InversionTime": 0.45,
    "MagneticFieldStrength": 3,
    "Manufacturer": "GE",
    "ManufacturersModelName": "DISCOVERY_MR750",
    "PhaseEncodingLines": 256,
    "ProcedureStepDescription": "Fibromialgia",
    "ProtocolName": "Sag_T1_FSPGR_BRAVO",
    "RepetitionTime": 0.008164,
    "ScanningSequence": "GR",
    "SequenceVariant": "SS_SK",
    "SeriesDescription": "Sag_T1_FSPGR_BRAVO",
    "SoftwareVersions": "23_LX_MR_Software_release:DV22.0_V01_1040.a",
    "dataset": "ds001928",
    "modality": "T1w",
    "subject_id": "10"
  },
  "cjv": 0.5185720326492018,
  "cnr": 1.1740168416365078,
  "efc": 0.8617542747913922,
  "fber": 20.95772933959961,
  "fwhm_avg": 3.1584908869911494,
  "fwhm_x": 3.058872660973448,
  "fwhm_y": 3.37402,
  "fwhm_z": 3.04258,
  "icvs_csf": 0.20916014408315584,
  "icvs_gm": 0.40235068088459064,
  "icvs_wm": 0.3884891750322535,
  "inu_med": 1.0016244649887085,
  "inu_range": 0.16085694134235395,
  "provenance": {
    "md5sum": "653d012809ca05d73384a36703e0b908",
    "settings": {
      "testing": false
    },
    "software": "mriqc",
    "version": "21.0.0rc2",
    "warnings": {
      "large_rot_frame": true,
      "small_air_mask": true
    },
    "webapi_port": null,
    "webapi_url": "https://mriqc.nimh.nih.gov/api/v1"
  },
  "qi_1": 0.0,
  "qi_2": 0.0,
  "rpve_csf": 15.949796737113333,
  "rpve_gm": 8.32472914199515,
  "rpve_wm": 10.668755465529241,
  "size_x": 151,
  "size_y": 199,
  "size_z": 161,
  "snr_csf": 2.5346081002992515,
  "snr_gm": 10.320843101583694,
  "snr_total": 10.484463877213278,
  "snr_wm": 18.59794042975689,
  "snrd_csf": 1.2635470308005354,
  "snrd_gm": 2.556423102420427,
  "snrd_total": 2.3836735638091837,
  "snrd_wm": 3.3310505582065892,
  "spacing_x": 1.100000023841858,
  "spacing_y": 1.0,
  "spacing_z": 1.0,
  "summary_bg_k": 0.0,
  "summary_bg_mad": 196.68256551423963,
  "summary_bg_mean": 0.0,
  "summary_bg_median": 0.0,
  "summary_bg_n": 150197.0,
  "summary_bg_p05": 0.0,
  "summary_bg_p95": 0.0,
  "summary_bg_stdv": 175.5494304542128,
  "summary_csf_k": -0.8245602499875995,
  "summary_csf_mad": 176.72529763545873,
  "summary_csf_mean": 405.67578125,
  "summary_csf_median": 379.3373107910156,
  "summary_csf_n": 13111.0,
  "summary_csf_p05": 206.26376342773438,
  "summary_csf_p95": 660.8280334472656,
  "summary_csf_stdv": 149.6573944091797,
  "summary_gm_k": 0.4108357362124937,
  "summary_gm_mad": 69.79568931491634,
  "summary_gm_mean": 772.876953125,
  "summary_gm_median": 767.4796752929688,
  "summary_gm_n": 7027.0,
  "summary_gm_p05": 658.8833923339844,
  "summary_gm_p95": 904.3113098144531,
  "summary_gm_stdv": 74.35681915283203,
  "summary_wm_k": 0.9404360554136386,
  "summary_wm_mad": 50.80120575318426,
  "summary_wm_mean": 1005.0537109375,
  "summary_wm_median": 1000.035400390625,
  "summary_wm_n": 130059.0,
  "summary_wm_p05": 926.4432739257812,
  "summary_wm_p95": 1101.2320190429687,
  "summary_wm_stdv": 53.77109146118164,
  "tpm_overlap_csf": 0.17664523422718048,
  "tpm_overlap_gm": 0.43330201506614685,
  "tpm_overlap_wm": 0.49174556136131287,
  "wm2max": 0.4328381417034936
}