{
  "bids_meta": {
    "AcquisitionNumber": 1,
    "AcquisitionTime": "18:50:6.000000",
    "ConversionSoftware": "dcm2niix",
    "ConversionSoftwareVersion": "v1.0.20170724 (OpenJPEG build) GCC6.1.0",
    "DeviceSerialNumber": "000000000000GEHC",
    "EchoTime": 0.003184,
    "FlipAngle": 12,
    "ImageType": [
      "ORIGINAL",
      "PRIMARY",
      "OTHER"
    ],
    "InstitutionName": "INSTITUTO_DE_NEUROBIOLOGIA",
    "InversionTime": 0.45,
    "MagneticFieldStrength": 3,
    "Manufacturer": "GE",
    "ManufacturersModelName": "DISCOVERY_MR750",
    "PhaseEncodingLines": 256,
    "ProcedureStepDescription": "Fibromialgia",
    "ProtocolName": "Sag_T1_FSPGR_BRAVO",
    "RepetitionTime": 0.008164,
    "ScanningSequence": "GR",
    "SequenceVariant": "SS_SK",
    "SeriesDescription": "Sag_T1_FSPGR_BRAVO",
    "SoftwareVersions": "23_LX_MR_Software_release:DV22.0_V02_1122.a",
    "dataset": "ds001928",
    "modality": "T1w",
    "subject_id": "23"
  },
  "cjv": 0.5377099672654468,
  "cnr": 1.196821371752909,
  "efc": 0.8810224511965005,
  "fber": 24.975805282592773,
  "fwhm_avg": 2.9775499792185705,
  "fwhm_x": 2.87639993765571,
  "fwhm_y": 3.17595,
  "fwhm_z": 2.8803,
  "icvs_csf": 0.1745437912351074,
  "icvs_gm": 0.44656402035729076,
  "icvs_wm": 0.3788921884076018,
  "inu_med": 1.0213944911956787,
  "inu_range": 0.15014472603797901,
  "provenance": {
    "md5sum": "898191ea1fe9f0611d7a36844ac84e64",
    "settings": {
      "testing": false
    },
    "software": "mriqc",
    "version": "21.0.0rc2",
    "warnings": {
      "large_rot_frame": true,
      "small_air_mask": true
    },
    "webapi_port": null,
    "webapi_url": "https://mriqc.nimh.nih.gov/api/v1"
  },
  "qi_1": 0.0,
  "qi_2": 0.0,
  "rpve_csf": 16.816250648624244,
  "rpve_gm": 7.227960937454157,
  "rpve_wm": 9.933346413795439,
  "size_x": 152,
  "size_y": 209,
  "size_z": 159,
  "snr_csf": 2.472966366134428,
  "snr_gm": 11.1401182597666,
  "snr_total": 10.668732403522254,
  "snr_wm": 18.39311258466573,
  "snrd_csf": 1.6320650872942608,
  "snrd_gm": 3.8616096947174623,
  "snrd_total": 3.4797742369356803,
  "snrd_wm": 4.945647928795318,
  "spacing_x": 1.100000023841858,
  "spacing_y": 1.0,
  "spacing_z": 1.0,
  "summary_bg_k": 0.0,
  "summary_bg_mad": 132.4705885573726,
  "summary_bg_mean": 0.0,
  "summary_bg_median": 0.0,
  "summary_bg_n": 161489.0,
  "summary_bg_p05": 0.0,
  "summary_bg_p95": 0.0,
  "summary_bg_stdv": 160.23345545774404,
  "summary_csf_k": 1.648275396647966,
  "summary_csf_mad": 102.45736913334855,
  "summary_csf_mean": 372.7215881347656,
  "summary_csf_median": 330.0085754394531,
  "summary_csf_n": 10161.0,
  "summary_csf_p05": 214.75518798828125,
  "summary_csf_p95": 630.859375,
  "summary_csf_stdv": 133.43988037109375,
  "summary_gm_k": 0.39032243924215315,
  "summary_gm_mad": 66.17781956412513,
  "summary_gm_mean": 785.4232177734375,
  "summary_gm_median": 780.829345703125,
  "summary_gm_n": 15970.0,
  "summary_gm_p05": 677.0841766357422,
  "summary_gm_p95": 908.7601623535156,
  "summary_gm_stdv": 70.08946228027344,
  "summary_wm_k": 1.101087550524297,
  "summary_wm_mad": 51.68598011789608,
  "summary_wm_mean": 1004.6377563476562,
  "summary_wm_median": 1000.0252075195312,
  "summary_wm_n": 135358.0,
  "summary_wm_p05": 924.9328460693359,
  "summary_wm_p95": 1099.9559692382813,
  "summary_wm_stdv": 54.369346618652344,
  "tpm_overlap_csf": 0.17643551528453827,
  "tpm_overlap_gm": 0.45017847418785095,
  "tpm_overlap_wm": 0.49352139234542847,
  "wm2max": 0.4809652306426744
}