{
  "bids_meta": {
    "AcquisitionNumber": 1,
    "AcquisitionTime": "14:36:15.000000",
    "ConversionSoftware": "dcm2niix",
    "ConversionSoftwareVersion": "v1.0.20170724 (OpenJPEG build) GCC6.1.0",
    "DeviceSerialNumber": "000000000000GEHC",
    "EchoTime": 0.003184,
    "FlipAngle": 12,
    "ImageType": [
      "ORIGINAL",
      "PRIMARY",
      "OTHER"
    ],
    "InstitutionName": "INSTITUTO_DE_NEUROBIOLOGIA",
    "InversionTime": 0.45,
    "MagneticFieldStrength": 3,
    "Manufacturer": "GE",
    "ManufacturersModelName": "DISCOVERY_MR750",
    "PhaseEncodingLines": 256,
    "ProcedureStepDescription": "Fibromialgia",
    "ProtocolName": "Sag_T1_FSPGR_BRAVO",
    "RepetitionTime": 0.008164,
    "ScanningSequence": "GR",
    "SequenceVariant": "SS_SK",
    "SeriesDescription": "Sag_T1_FSPGR_BRAVO",
    "SoftwareVersions": "24_LX_MR_Software_release:DV24.0_R01_1344.a",
    "dataset": "ds001928",
    "modality": "T1w",
    "subject_id": "42"
  },
  "cjv": 0.6813702657461258,
  "cnr": 0.9507027732797743,
  "efc": 0.8788239164210052,
  "fber": 38.012168884277344,
  "fwhm_avg": 3.0300590696802487,
  "fwhm_x": 2.9383272090407457,
  "fwhm_y": 3.21688,
  "fwhm_z": 2.93497,
  "icvs_csf": 0.18199653863297696,
  "icvs_gm": 0.4416299478163323,
  "icvs_wm": 0.3763735135506907,
  "inu_med": 1.0666530132293701,
  "inu_range": 0.17214632630348203,
  "provenance": {
    "md5sum": "f029a337df49e2d957c19ee07f6e5d84",
    "settings": {
      "testing": false
    },
    "software": "mriqc",
    "version": "21.0.0rc2",
    "warnings": {
      "large_rot_frame": true,
      "small_air_mask": true
    },
    "webapi_port": null,
    "webapi_url": "https://mriqc.nimh.nih.gov/api/v1"
  },
  "qi_1": 0.0,
  "qi_2": 0.0,
  "rpve_csf": 14.636240901620098,
  "rpve_gm": 6.472140532802063,
  "rpve_wm": 8.772641455853005,
  "size_x": 146,
  "size_y": 209,
  "size_z": 149,
  "snr_csf": 3.3594855343108603,
  "snr_gm": 12.422355370913646,
  "snr_total": 10.822781677976982,
  "snr_wm": 16.68650412870644,
  "snrd_csf": 1.8748412743112906,
  "snrd_gm": 3.632228708309916,
  "snrd_total": 3.2960135175672653,
  "snrd_wm": 4.380970570080588,
  "spacing_x": 1.100000023841858,
  "spacing_y": 1.0,
  "spacing_z": 1.0,
  "summary_bg_k": 0.0,
  "summary_bg_mad": 149.5495107580405,
  "summary_bg_mean": 0.0,
  "summary_bg_median": 0.0,
  "summary_bg_n": 168327.0,
  "summary_bg_p05": 0.0,
  "summary_bg_p95": 0.0,
  "summary_bg_stdv": 155.80189394490756,
  "summary_csf_k": 0.30963617831248413,
  "summary_csf_mad": 124.77680353832164,
  "summary_csf_mean": 455.2797546386719,
  "summary_csf_median": 427.9743957519531,
  "summary_csf_n": 13379.0,
  "summary_csf_p05": 288.0698211669922,
  "summary_csf_p95": 687.0694335937496,
  "summary_csf_stdv": 127.38807678222656,
  "summary_gm_k": 0.40769463703588693,
  "summary_gm_mad": 60.93039044133386,
  "summary_gm_mean": 834.4920043945312,
  "summary_gm_median": 829.1373291015625,
  "summary_gm_n": 16212.0,
  "summary_gm_p05": 733.7398254394532,
  "summary_gm_p95": 955.6936187744141,
  "summary_gm_stdv": 66.74352264404297,
  "summary_wm_k": 1.4156385285749975,
  "summary_wm_mad": 55.527407533532156,
  "summary_wm_mean": 1007.308837890625,
  "summary_wm_median": 1000.0543823242188,
  "summary_wm_n": 138736.0,
  "summary_wm_p05": 924.2458953857422,
  "summary_wm_p95": 1116.39697265625,
  "summary_wm_stdv": 59.93171310424805,
  "tpm_overlap_csf": 0.16997966170310974,
  "tpm_overlap_gm": 0.45852646231651306,
  "tpm_overlap_wm": 0.49308881163597107,
  "wm2max": 0.4531781451195263
}