{
  "bids_meta": {
    "AcquisitionNumber": 1,
    "AcquisitionTime": "18:55:30.000000",
    "ConversionSoftware": "dcm2niix",
    "ConversionSoftwareVersion": "v1.0.20170724 (OpenJPEG build) GCC6.1.0",
    "DeviceSerialNumber": "000000000000GEHC",
    "EchoTime": 0.003184,
    "FlipAngle": 12,
    "ImageType": [
      "ORIGINAL",
      "PRIMARY",
      "OTHER"
    ],
    "InstitutionName": "INSTITUTO_DE_NEUROBIOLOGIA",
    "InversionTime": 0.45,
    "MagneticFieldStrength": 3,
    "Manufacturer": "GE",
    "ManufacturersModelName": "DISCOVERY_MR750",
    "PhaseEncodingLines": 256,
    "ProcedureStepDescription": "Fibromialgia",
    "ProtocolName": "Sag_T1_FSPGR_BRAVO",
    "RepetitionTime": 0.008164,
    "ScanningSequence": "GR",
    "SequenceVariant": "SS_SK",
    "SeriesDescription": "Sag_T1_FSPGR_BRAVO",
    "SoftwareVersions": "23_LX_MR_Software_release:DV22.0_V01_1040.a",
    "dataset": "ds001928",
    "modality": "T1w",
    "subject_id": "05"
  },
  "cjv": 0.5241069806556372,
  "cnr": 1.2576129838692673,
  "efc": 0.8738558759235592,
  "fber": 17.54857063293457,
  "fwhm_avg": 3.1871927051531324,
  "fwhm_x": 3.0616181154593964,
  "fwhm_y": 3.46099,
  "fwhm_z": 3.03897,
  "icvs_csf": 0.19858176758083787,
  "icvs_gm": 0.38621807039023914,
  "icvs_wm": 0.415200162028923,
  "inu_med": 1.3319592475891113,
  "inu_range": 0.17523732185363783,
  "provenance": {
    "md5sum": "75871978f5502a1b18b0469b1f83371c",
    "settings": {
      "testing": false
    },
    "software": "mriqc",
    "version": "21.0.0rc2",
    "warnings": {
      "large_rot_frame": true,
      "small_air_mask": true
    },
    "webapi_port": null,
    "webapi_url": "https://mriqc.nimh.nih.gov/api/v1"
  },
  "qi_1": 0.0,
  "qi_2": 2.555193568773568e-05,
  "rpve_csf": 16.06619029654115,
  "rpve_gm": 8.189241303625389,
  "rpve_wm": 9.478503043973216,
  "size_x": 159,
  "size_y": 207,
  "size_z": 165,
  "snr_csf": 2.8505461086486763,
  "snr_gm": 11.623267214059448,
  "snr_total": 10.24553173103214,
  "snr_wm": 16.262781870388295,
  "snrd_csf": 1.6177621261058222,
  "snrd_gm": 3.3045159797616335,
  "snrd_total": 3.0732404786445255,
  "snrd_wm": 4.297443330066121,
  "spacing_x": 1.100000023841858,
  "spacing_y": 1.0,
  "spacing_z": 1.0,
  "summary_bg_k": 0.0,
  "summary_bg_mad": 152.45378209105732,
  "summary_bg_mean": 0.0,
  "summary_bg_median": 0.0,
  "summary_bg_n": 194236.0,
  "summary_bg_p05": 0.0,
  "summary_bg_p95": 0.0,
  "summary_bg_stdv": 159.99499890630787,
  "summary_csf_k": 6.250666360313669,
  "summary_csf_mad": 126.01955973753104,
  "summary_csf_mean": 400.7281799316406,
  "summary_csf_median": 376.4620056152344,
  "summary_csf_n": 17080.0,
  "summary_csf_p05": 225.7815269470215,
  "summary_csf_p95": 634.4543609619141,
  "summary_csf_stdv": 132.06275939941406,
  "summary_gm_k": 0.10421173488957347,
  "summary_gm_mad": 64.3334348950833,
  "summary_gm_mean": 771.63232421875,
  "summary_gm_median": 768.978759765625,
  "summary_gm_n": 10218.0,
  "summary_gm_p05": 664.2949523925781,
  "summary_gm_p95": 883.2481292724609,
  "summary_gm_stdv": 66.15533447265625,
  "summary_wm_k": 0.8392567560260344,
  "summary_wm_mad": 56.76649885298998,
  "summary_wm_mean": 1008.0574340820312,
  "summary_wm_median": 1000.038330078125,
  "summary_wm_n": 166938.0,
  "summary_wm_p05": 922.0928161621093,
  "summary_wm_p95": 1122.5131958007812,
  "summary_wm_stdv": 61.49226760864258,
  "tpm_overlap_csf": 0.1754366159439087,
  "tpm_overlap_gm": 0.4242159426212311,
  "tpm_overlap_wm": 0.49643027782440186,
  "wm2max": 0.42712030321839817
}