{
  "bids_meta": {
    "AcquisitionNumber": 1,
    "AcquisitionTime": "19:47:41.000000",
    "ConversionSoftware": "dcm2niix",
    "ConversionSoftwareVersion": "v1.0.20170724 (OpenJPEG build) GCC6.1.0",
    "DeviceSerialNumber": "000000000000GEHC",
    "EchoTime": 0.003184,
    "FlipAngle": 12,
    "ImageType": [
      "ORIGINAL",
      "PRIMARY",
      "OTHER"
    ],
    "InstitutionName": "INSTITUTO_DE_NEUROBIOLOGIA",
    "InversionTime": 0.45,
    "MagneticFieldStrength": 3,
    "Manufacturer": "GE",
    "ManufacturersModelName": "DISCOVERY_MR750",
    "PhaseEncodingLines": 256,
    "ProcedureStepDescription": "Fibromialgia",
    "ProtocolName": "Sag_T1_FSPGR_BRAVO",
    "RepetitionTime": 0.008164,
    "ScanningSequence": "GR",
    "SequenceVariant": "SS_SK",
    "SeriesDescription": "Sag_T1_FSPGR_BRAVO",
    "SoftwareVersions": "24_LX_MR_Software_release:DV24.0_R01_1344.a",
    "dataset": "ds001928",
    "modality": "T1w",
    "subject_id": "33"
  },
  "cjv": 0.40409442384307553,
  "cnr": 1.6986528435667168,
  "efc": 0.8695751549092309,
  "fber": 36.172122955322266,
  "fwhm_avg": 3.291064522193825,
  "fwhm_x": 3.219563566581475,
  "fwhm_y": 3.46978,
  "fwhm_z": 3.18385,
  "icvs_csf": 0.18605795244326526,
  "icvs_gm": 0.44318573255166926,
  "icvs_wm": 0.37075631500506545,
  "inu_med": 0.9932961463928223,
  "inu_range": 0.09025366306304938,
  "provenance": {
    "md5sum": "51bac285dfc9146625985a3e47e64a9b",
    "settings": {
      "testing": false
    },
    "software": "mriqc",
    "version": "21.0.0rc2",
    "warnings": {
      "large_rot_frame": true,
      "small_air_mask": true
    },
    "webapi_port": null,
    "webapi_url": "https://mriqc.nimh.nih.gov/api/v1"
  },
  "qi_1": 0.0,
  "qi_2": 0.0,
  "rpve_csf": 14.45442046521112,
  "rpve_gm": 6.7238316786793275,
  "rpve_wm": 9.562925301462592,
  "size_x": 149,
  "size_y": 200,
  "size_z": 164,
  "snr_csf": 3.073861233501305,
  "snr_gm": 11.627248670073328,
  "snr_total": 12.870024476203431,
  "snr_wm": 23.908963525035663,
  "snrd_csf": 2.022348878112395,
  "snrd_gm": 4.6880692110384805,
  "snrd_total": 4.335659718941108,
  "snrd_wm": 6.296561067672448,
  "spacing_x": 1.100000023841858,
  "spacing_y": 1.0,
  "spacing_z": 1.0,
  "summary_bg_k": 0.0,
  "summary_bg_mad": 104.04613117155905,
  "summary_bg_mean": 0.0,
  "summary_bg_median": 0.0,
  "summary_bg_n": 200652.0,
  "summary_bg_p05": 0.0,
  "summary_bg_p95": 0.0,
  "summary_bg_stdv": 129.48576636152023,
  "summary_csf_k": 0.43677877004156196,
  "summary_csf_mad": 72.38825239842376,
  "summary_csf_mean": 356.8111267089844,
  "summary_csf_median": 321.18133544921875,
  "summary_csf_n": 16689.0,
  "summary_csf_p05": 238.7613708496094,
  "summary_csf_p95": 566.7695068359374,
  "summary_csf_stdv": 104.48477935791016,
  "summary_gm_k": 0.06159473901968893,
  "summary_gm_mad": 62.96209118656627,
  "summary_gm_mean": 746.2900390625,
  "summary_gm_median": 744.5403442382812,
  "summary_gm_n": 20685.0,
  "summary_gm_p05": 644.8540161132812,
  "summary_gm_p95": 855.4239013671875,
  "summary_gm_stdv": 64.03254699707031,
  "summary_wm_k": 0.7141476914392761,
  "summary_wm_mad": 40.265536130615274,
  "summary_wm_mean": 1001.8049926757812,
  "summary_wm_median": 999.9945678710938,
  "summary_wm_n": 163278.0,
  "summary_wm_p05": 936.8819946289062,
  "summary_wm_p95": 1072.2859436035155,
  "summary_wm_stdv": 41.8249626159668,
  "tpm_overlap_csf": 0.20615486800670624,
  "tpm_overlap_gm": 0.4835774898529053,
  "tpm_overlap_wm": 0.5331856608390808,
  "wm2max": 0.5328977679307417
}