{
  "aor": 0.0009402999999999999,
  "aqi": 0.0031264806000000003,
  "bids_meta": {
    "AcquisitionNumber": 1,
    "AcquisitionTime": "18:28:51.000000",
    "ConversionSoftware": "dcm2niix",
    "ConversionSoftwareVersion": "v1.0.20170724 (OpenJPEG build) GCC6.1.0",
    "DeviceSerialNumber": "000000000000GEHC",
    "EchoTime": 0.04,
    "FlipAngle": 90,
    "ImageType": [
      "ORIGINAL",
      "PRIMARY",
      "EPI",
      "NONE"
    ],
    "InstitutionName": "INSTITUTO_DE_NEUROBIOLOGIA",
    "MagneticFieldStrength": 3,
    "Manufacturer": "GE",
    "ManufacturersModelName": "DISCOVERY_MR750",
    "PhaseEncodingLines": 128,
    "ProcedureStepDescription": "Fibromialgia",
    "ProtocolName": "fMRI_post1",
    "RepetitionTime": 3,
    "ScanningSequence": "EP_GR",
    "SequenceVariant": "SS",
    "SeriesDescription": "fMRI_post1",
    "SliceTiming": [
      0.0,
      1.535,
      0.07,
      1.605,
      0.14,
      1.674,
      0.209,
      1.744,
      0.279,
      1.814,
      0.349,
      1.884,
      0.419,
      1.953,
      0.488,
      2.023,
      0.558,
      2.093,
      0.628,
      2.163,
      0.698,
      2.233,
      0.767,
      2.302,
      0.837,
      2.372,
      0.907,
      2.442,
      0.977,
      2.512,
      1.047,
      2.581,
      1.116,
      2.651,
      1.186,
      2.721,
      1.256,
      2.791,
      1.326,
      2.86,
      1.395,
      2.93,
      1.465
    ],
    "SoftwareVersions": "24_LX_MR_Software_release:DV24.0_R01_1344.a",
    "TaskName": "post-music",
    "dataset": "ds001928",
    "modality": "bold",
    "subject_id": "37",
    "task_id": "rest4"
  },
  "dummy_trs": 0,
  "dvars_nstd": 25.265524430808078,
  "dvars_std": 1.0777996725252526,
  "dvars_vstd": 0.985220463737374,
  "efc": 0.38854482475257024,
  "fber": 10968.7939453125,
  "fd_mean": 0.0769548719481123,
  "fd_num": 6,
  "fd_perc": 6.0,
  "fwhm_avg": 3.042691666666667,
  "fwhm_x": 3.241225,
  "fwhm_y": 3.30438,
  "fwhm_z": 2.5824700000000003,
  "gcor": 0.0339634,
  "gsr_x": -0.016512323170900345,
  "gsr_y": 0.020441913977265358,
  "provenance": {
    "md5sum": "db9b76f126eecd0f19c51f9cf017dc5b",
    "settings": {
      "fd_thres": 0.2,
      "testing": false
    },
    "software": "mriqc",
    "version": "21.0.0rc2",
    "webapi_port": null,
    "webapi_url": "https://mriqc.nimh.nih.gov/api/v1"
  },
  "size_t": 100,
  "size_x": 128,
  "size_y": 128,
  "size_z": 43,
  "snr": 3.2285475516082363,
  "spacing_tr": 3.0,
  "spacing_x": 2.0,
  "spacing_y": 2.0,
  "spacing_z": 3.0,
  "summary_bg_k": 52.72289076276839,
  "summary_bg_mad": 27.30953297798676,
  "summary_bg_mean": 65.13870239257812,
  "summary_bg_median": 23.010000228881836,
  "summary_bg_n": 526206.0,
  "summary_bg_p05": 1.3799999952316284,
  "summary_bg_p95": 297.4574890136719,
  "summary_bg_stdv": 157.72401428222656,
  "summary_fg_k": 1.460481875625602,
  "summary_fg_mad": 670.047159760198,
  "summary_fg_mean": 2518.93017578125,
  "summary_fg_median": 2422.739990234375,
  "summary_fg_n": 89131.0,
  "summary_fg_p05": 1467.1900024414062,
  "summary_fg_p95": 3858.789794921875,
  "summary_fg_stdv": 750.4075317382812,
  "tsnr": 61.509873159229755
}