{
  "aor": 0.0011154000000000001,
  "aqi": 0.0030315930999999996,
  "bids_meta": {
    "AcquisitionNumber": 1,
    "AcquisitionTime": "16:53:34.000000",
    "ConversionSoftware": "dcm2niix",
    "ConversionSoftwareVersion": "v1.0.20170724 (OpenJPEG build) GCC6.1.0",
    "DeviceSerialNumber": "000000000000GEHC",
    "EchoTime": 0.04,
    "FlipAngle": 90,
    "ImageType": [
      "ORIGINAL",
      "PRIMARY",
      "EPI",
      "NONE"
    ],
    "InstitutionName": "INSTITUTO_DE_NEUROBIOLOGIA",
    "MagneticFieldStrength": 3,
    "Manufacturer": "GE",
    "ManufacturersModelName": "DISCOVERY_MR750",
    "PhaseEncodingLines": 128,
    "ProcedureStepDescription": "Fibromialgia",
    "ProtocolName": "fMRI_post2",
    "RepetitionTime": 3,
    "ScanningSequence": "EP_GR",
    "SequenceVariant": "SS",
    "SeriesDescription": "fMRI_post2",
    "SliceTiming": [
      0.0,
      1.535,
      0.07,
      1.605,
      0.14,
      1.674,
      0.209,
      1.744,
      0.279,
      1.814,
      0.349,
      1.884,
      0.419,
      1.953,
      0.488,
      2.023,
      0.558,
      2.093,
      0.628,
      2.163,
      0.698,
      2.233,
      0.767,
      2.302,
      0.837,
      2.372,
      0.907,
      2.442,
      0.977,
      2.512,
      1.047,
      2.581,
      1.116,
      2.651,
      1.186,
      2.721,
      1.256,
      2.791,
      1.326,
      2.86,
      1.395,
      2.93,
      1.465
    ],
    "SoftwareVersions": "23_LX_MR_Software_release:DV22.0_V01_1040.a",
    "TaskName": "post-control",
    "dataset": "ds001928",
    "modality": "bold",
    "subject_id": "09",
    "task_id": "rest2"
  },
  "dummy_trs": 0,
  "dvars_nstd": 25.22294212090909,
  "dvars_std": 1.0588649415151514,
  "dvars_vstd": 0.9969968041414142,
  "efc": 0.3882778751484665,
  "fber": 94054.28125,
  "fd_mean": 0.05665709911427615,
  "fd_num": 2,
  "fd_perc": 2.0,
  "fwhm_avg": 2.916836111111111,
  "fwhm_x": 3.04303,
  "fwhm_y": 3.321435,
  "fwhm_z": 2.3860433333333333,
  "gcor": 0.0164879,
  "gsr_x": -0.012963393703103065,
  "gsr_y": 0.006498370785266161,
  "provenance": {
    "md5sum": "1636c65920112addbd700d79e66ddf20",
    "settings": {
      "fd_thres": 0.2,
      "testing": false
    },
    "software": "mriqc",
    "version": "21.0.0rc2",
    "webapi_port": null,
    "webapi_url": "https://mriqc.nimh.nih.gov/api/v1"
  },
  "size_t": 100,
  "size_x": 128,
  "size_y": 128,
  "size_z": 43,
  "snr": 3.107600026669334,
  "spacing_tr": 3.0,
  "spacing_x": 2.0,
  "spacing_y": 2.0,
  "spacing_z": 3.0,
  "summary_bg_k": 72.18967419025745,
  "summary_bg_mad": 11.860817129454965,
  "summary_bg_mean": 53.02008056640625,
  "summary_bg_median": 8.1899995803833,
  "summary_bg_n": 518697.0,
  "summary_bg_p05": 0.05999999865889549,
  "summary_bg_p95": 244.70999145507812,
  "summary_bg_stdv": 151.70217895507812,
  "summary_fg_k": 0.21828047431348985,
  "summary_fg_mad": 721.8195134021153,
  "summary_fg_mean": 2452.081787109375,
  "summary_fg_median": 2360.599853515625,
  "summary_fg_n": 97275.0,
  "summary_fg_p05": 1341.993994140625,
  "summary_fg_p95": 3830.67392578125,
  "summary_fg_stdv": 759.6176147460938,
  "tsnr": 58.118969073402695
}