{
  "aor": 0.0083136,
  "aqi": 0.0090584249,
  "bids_meta": {
    "AcquisitionNumber": 1,
    "AcquisitionTime": "16:16:27.000000",
    "ConversionSoftware": "dcm2niix",
    "ConversionSoftwareVersion": "v1.0.20170724 (OpenJPEG build) GCC6.1.0",
    "DeviceSerialNumber": "000000000000GEHC",
    "EchoTime": 0.04,
    "FlipAngle": 90,
    "ImageType": [
      "ORIGINAL",
      "PRIMARY",
      "EPI",
      "NONE"
    ],
    "InstitutionName": "INSTITUTO_DE_NEUROBIOLOGIA",
    "MagneticFieldStrength": 3,
    "Manufacturer": "GE",
    "ManufacturersModelName": "DISCOVERY_MR750",
    "PhaseEncodingLines": 128,
    "ProcedureStepDescription": "Fibromialgia",
    "ProtocolName": "fMRI_post1",
    "RepetitionTime": 3,
    "ScanningSequence": "EP_GR",
    "SequenceVariant": "SS",
    "SeriesDescription": "fMRI_post1",
    "SliceTiming": [
      0.0,
      1.535,
      0.07,
      1.605,
      0.14,
      1.674,
      0.209,
      1.744,
      0.279,
      1.814,
      0.349,
      1.884,
      0.419,
      1.953,
      0.488,
      2.023,
      0.558,
      2.093,
      0.628,
      2.163,
      0.698,
      2.233,
      0.767,
      2.302,
      0.837,
      2.372,
      0.907,
      2.442,
      0.977,
      2.512,
      1.047,
      2.581,
      1.116,
      2.651,
      1.186,
      2.721,
      1.256,
      2.791,
      1.326,
      2.86,
      1.395,
      2.93,
      1.465
    ],
    "SoftwareVersions": "23_LX_MR_Software_release:DV22.0_V01_1040.a",
    "TaskName": "post-music",
    "dataset": "ds001928",
    "modality": "bold",
    "subject_id": "09",
    "task_id": "rest4"
  },
  "dummy_trs": 0,
  "dvars_nstd": 32.71246781050503,
  "dvars_std": 1.0153583081818178,
  "dvars_vstd": 0.9850400040404041,
  "efc": 0.38814770535446025,
  "fber": 95039.7890625,
  "fd_mean": 0.13280912592779315,
  "fd_num": 20,
  "fd_perc": 20.0,
  "fwhm_avg": 2.9839533333333335,
  "fwhm_x": 3.10987,
  "fwhm_y": 3.39598,
  "fwhm_z": 2.44601,
  "gcor": 0.044285,
  "gsr_x": -0.013157349079847336,
  "gsr_y": 0.006827642675489187,
  "provenance": {
    "md5sum": "828c5dd869c05190bc93a79f05fab0f5",
    "settings": {
      "fd_thres": 0.2,
      "testing": false
    },
    "software": "mriqc",
    "version": "21.0.0rc2",
    "webapi_port": null,
    "webapi_url": "https://mriqc.nimh.nih.gov/api/v1"
  },
  "size_t": 100,
  "size_x": 128,
  "size_y": 128,
  "size_z": 43,
  "snr": 3.0890098029427437,
  "spacing_tr": 3.0,
  "spacing_x": 2.0,
  "spacing_y": 2.0,
  "spacing_z": 3.0,
  "summary_bg_k": 68.37905488114843,
  "summary_bg_mad": 11.653253679587772,
  "summary_bg_mean": 52.275848388671875,
  "summary_bg_median": 8.09000015258789,
  "summary_bg_n": 518265.0,
  "summary_bg_p05": 0.11999999731779099,
  "summary_bg_p95": 237.0399932861328,
  "summary_bg_stdv": 150.35572814941406,
  "summary_fg_k": 0.25611813721796084,
  "summary_fg_mad": 725.4373379074775,
  "summary_fg_mean": 2445.813232421875,
  "summary_fg_median": 2355.074951171875,
  "summary_fg_n": 97276.0,
  "summary_fg_p05": 1330.0175170898438,
  "summary_fg_p95": 3826.389892578125,
  "summary_fg_stdv": 762.4005737304688,
  "tsnr": 38.88659007870592
}