{
  "aor": 0.0008541999999999998,
  "aqi": 0.0031396309000000008,
  "bids_meta": {
    "AcquisitionNumber": 1,
    "AcquisitionTime": "16:41:12.000000",
    "ConversionSoftware": "dcm2niix",
    "ConversionSoftwareVersion": "v1.0.20170724 (OpenJPEG build) GCC6.1.0",
    "DeviceSerialNumber": "000000000000GEHC",
    "EchoTime": 0.04,
    "FlipAngle": 90,
    "ImageType": [
      "ORIGINAL",
      "PRIMARY",
      "EPI",
      "NONE"
    ],
    "InstitutionName": "INSTITUTO_DE_NEUROBIOLOGIA",
    "MagneticFieldStrength": 3,
    "Manufacturer": "GE",
    "ManufacturersModelName": "DISCOVERY_MR750",
    "PhaseEncodingLines": 128,
    "ProcedureStepDescription": "Fibromialgia",
    "ProtocolName": "fMRI_pre2",
    "RepetitionTime": 3,
    "ScanningSequence": "EP_GR",
    "SequenceVariant": "SS",
    "SeriesDescription": "fMRI_pre2",
    "SliceTiming": [
      0.0,
      1.535,
      0.07,
      1.605,
      0.14,
      1.674,
      0.209,
      1.744,
      0.279,
      1.814,
      0.349,
      1.884,
      0.419,
      1.953,
      0.488,
      2.023,
      0.558,
      2.093,
      0.628,
      2.163,
      0.698,
      2.233,
      0.767,
      2.302,
      0.837,
      2.372,
      0.907,
      2.442,
      0.977,
      2.512,
      1.047,
      2.581,
      1.116,
      2.651,
      1.186,
      2.721,
      1.256,
      2.791,
      1.326,
      2.86,
      1.395,
      2.93,
      1.465
    ],
    "SoftwareVersions": "23_LX_MR_Software_release:DV22.0_V01_1040.a",
    "TaskName": "pre-control",
    "dataset": "ds001928",
    "modality": "bold",
    "subject_id": "09",
    "task_id": "rest1"
  },
  "dummy_trs": 0,
  "dvars_nstd": 23.770370714848482,
  "dvars_std": 1.0306802803030302,
  "dvars_vstd": 0.9813902646464647,
  "efc": 0.38962592960660675,
  "fber": 95455.5,
  "fd_mean": 0.031143975759319858,
  "fd_num": 0,
  "fd_perc": 0.0,
  "fwhm_avg": 2.951268333333333,
  "fwhm_x": 3.07579,
  "fwhm_y": 3.351855,
  "fwhm_z": 2.42616,
  "gcor": 0.011183,
  "gsr_x": -0.01288040354847908,
  "gsr_y": 0.008052664808928967,
  "provenance": {
    "md5sum": "d597f0d0d5bf2021ff137dbbcc9bfb46",
    "settings": {
      "fd_thres": 0.2,
      "testing": false
    },
    "software": "mriqc",
    "version": "21.0.0rc2",
    "webapi_port": null,
    "webapi_url": "https://mriqc.nimh.nih.gov/api/v1"
  },
  "size_t": 100,
  "size_x": 128,
  "size_y": 128,
  "size_z": 43,
  "snr": 3.0744760424092203,
  "spacing_tr": 3.0,
  "spacing_x": 2.0,
  "spacing_y": 2.0,
  "spacing_z": 3.0,
  "summary_bg_k": 73.12043993052636,
  "summary_bg_mad": 11.712556695516456,
  "summary_bg_mean": 52.565208435058594,
  "summary_bg_median": 8.09999942779541,
  "summary_bg_n": 516858.0,
  "summary_bg_p05": 0.07000000029802322,
  "summary_bg_p95": 239.03149795532192,
  "summary_bg_stdv": 151.85325622558594,
  "summary_fg_k": 0.2411330606799611,
  "summary_fg_mad": 728.5802663897246,
  "summary_fg_mean": 2455.671142578125,
  "summary_fg_median": 2357.08984375,
  "summary_fg_n": 98739.0,
  "summary_fg_p05": 1345.827978515625,
  "summary_fg_p95": 3855.2389648437493,
  "summary_fg_stdv": 766.6600341796875,
  "tsnr": 58.6807148437947
}