{
  "bids_meta": {
    "AcquisitionNumber": 1,
    "AcquisitionTime": "20:44:2.000000",
    "ConversionSoftware": "dcm2niix",
    "ConversionSoftwareVersion": "v1.0.20170724 (OpenJPEG build) GCC6.1.0",
    "DeviceSerialNumber": "000000000000GEHC",
    "EchoTime": 0.003184,
    "FlipAngle": 12,
    "ImageType": [
      "ORIGINAL",
      "PRIMARY",
      "OTHER"
    ],
    "InstitutionName": "INSTITUTO_DE_NEUROBIOLOGIA",
    "InversionTime": 0.45,
    "MagneticFieldStrength": 3,
    "Manufacturer": "GE",
    "ManufacturersModelName": "DISCOVERY_MR750",
    "PhaseEncodingLines": 256,
    "ProcedureStepDescription": "Fibromialgia",
    "ProtocolName": "Sag_T1_FSPGR_BRAVO",
    "RepetitionTime": 0.008164,
    "ScanningSequence": "GR",
    "SequenceVariant": "SS_SK",
    "SeriesDescription": "Sag_T1_FSPGR_BRAVO",
    "SoftwareVersions": "23_LX_MR_Software_release:DV22.0_V01_1040.a",
    "dataset": "ds001928",
    "modality": "T1w",
    "subject_id": "12"
  },
  "cjv": 0.5978137552529835,
  "cnr": 1.1356002918950996,
  "efc": 0.8434231939473084,
  "fber": 28.172517776489258,
  "fwhm_avg": 3.193685735417805,
  "fwhm_x": 3.0669272062534154,
  "fwhm_y": 3.40362,
  "fwhm_z": 3.11051,
  "icvs_csf": 0.19980646540816027,
  "icvs_gm": 0.44278378481092545,
  "icvs_wm": 0.3574097497809143,
  "inu_med": 0.9654207229614258,
  "inu_range": 0.19108742475509644,
  "provenance": {
    "md5sum": "f358fa6ae178b1fe64ea163174e4eb2d",
    "settings": {
      "testing": false
    },
    "software": "mriqc",
    "version": "21.0.0rc2",
    "warnings": {
      "large_rot_frame": true,
      "small_air_mask": true
    },
    "webapi_port": null,
    "webapi_url": "https://mriqc.nimh.nih.gov/api/v1"
  },
  "qi_1": 0.0,
  "qi_2": 0.0,
  "rpve_csf": 13.7398566574281,
  "rpve_gm": 6.725469054533216,
  "rpve_wm": 9.902287486470735,
  "size_x": 154,
  "size_y": 206,
  "size_z": 167,
  "snr_csf": 3.5545691988190624,
  "snr_gm": 9.95562192379133,
  "snr_total": 10.930473144230211,
  "snr_wm": 19.281228310080238,
  "snrd_csf": 1.7640304961481839,
  "snrd_gm": 2.9004770100359862,
  "snrd_total": 2.786492302695452,
  "snrd_wm": 3.6949694019021844,
  "spacing_x": 1.100000023841858,
  "spacing_y": 1.0,
  "spacing_z": 1.0,
  "summary_bg_k": 0.0,
  "summary_bg_mad": 177.31028854958402,
  "summary_bg_mean": 0.0,
  "summary_bg_median": 0.0,
  "summary_bg_n": 205067.0,
  "summary_bg_p05": 0.0,
  "summary_bg_p95": 0.0,
  "summary_bg_stdv": 164.153857560243,
  "summary_csf_k": -0.6878334053413249,
  "summary_csf_mad": 150.12845086070163,
  "summary_csf_mean": 461.96893310546875,
  "summary_csf_median": 477.428466796875,
  "summary_csf_n": 20245.0,
  "summary_csf_p05": 245.86317749023436,
  "summary_csf_p95": 669.039013671875,
  "summary_csf_stdv": 134.31069946289062,
  "summary_gm_k": -0.203765942917991,
  "summary_gm_mad": 82.13873284557934,
  "summary_gm_mean": 790.378173828125,
  "summary_gm_median": 785.0036010742188,
  "summary_gm_n": 24581.0,
  "summary_gm_p05": 669.2976684570312,
  "summary_gm_p95": 924.8088989257812,
  "summary_gm_stdv": 78.84867858886719,
  "summary_wm_k": 1.535645432425456,
  "summary_wm_mad": 46.40706017649887,
  "summary_wm_mean": 1005.9796142578125,
  "summary_wm_median": 1000.0300903320312,
  "summary_wm_n": 160241.0,
  "summary_wm_p05": 932.6478271484375,
  "summary_wm_p95": 1100.171142578125,
  "summary_wm_stdv": 51.86531448364258,
  "tpm_overlap_csf": 0.17679183185100555,
  "tpm_overlap_gm": 0.45278555154800415,
  "tpm_overlap_wm": 0.49903881549835205,
  "wm2max": 0.3943970713703808
}