{
  "aor": 0.0010197,
  "aqi": 0.0045131852,
  "bids_meta": {
    "AcquisitionNumber": 1,
    "AcquisitionTime": "19:45:42.000000",
    "ConversionSoftware": "dcm2niix",
    "ConversionSoftwareVersion": "v1.0.20170724 (OpenJPEG build) GCC6.1.0",
    "DeviceSerialNumber": "000000000000GEHC",
    "EchoTime": 0.04,
    "FlipAngle": 90,
    "ImageType": [
      "ORIGINAL",
      "PRIMARY",
      "EPI",
      "NONE"
    ],
    "InstitutionName": "INSTITUTO_DE_NEUROBIOLOGIA",
    "MagneticFieldStrength": 3,
    "Manufacturer": "GE",
    "ManufacturersModelName": "DISCOVERY_MR750",
    "PhaseEncodingLines": 128,
    "ProcedureStepDescription": "Fibromialgia",
    "ProtocolName": "fMRI_pre2",
    "RepetitionTime": 3,
    "ScanningSequence": "EP_GR",
    "SequenceVariant": "SS",
    "SeriesDescription": "fMRI_pre2",
    "SliceTiming": [
      0.0,
      1.535,
      0.07,
      1.605,
      0.14,
      1.674,
      0.209,
      1.744,
      0.279,
      1.814,
      0.349,
      1.884,
      0.419,
      1.953,
      0.488,
      2.023,
      0.558,
      2.093,
      0.628,
      2.163,
      0.698,
      2.233,
      0.767,
      2.302,
      0.837,
      2.372,
      0.907,
      2.442,
      0.977,
      2.512,
      1.047,
      2.581,
      1.116,
      2.651,
      1.186,
      2.721,
      1.256,
      2.791,
      1.326,
      2.86,
      1.395,
      2.93,
      1.465
    ],
    "SoftwareVersions": "23_LX_MR_Software_release:DV22.0_V01_1040.a",
    "TaskName": "pre-control",
    "dataset": "ds001928",
    "modality": "bold",
    "subject_id": "13",
    "task_id": "rest1"
  },
  "dummy_trs": 0,
  "dvars_nstd": 27.216613923232323,
  "dvars_std": 1.1227778248484848,
  "dvars_vstd": 0.9544027580808075,
  "efc": 0.3543215312441728,
  "fber": 96780.3671875,
  "fd_mean": 0.056058594792945206,
  "fd_num": 0,
  "fd_perc": 0.0,
  "fwhm_avg": 3.2898083333333332,
  "fwhm_x": 3.472125,
  "fwhm_y": 3.60222,
  "fwhm_z": 2.79508,
  "gcor": 0.0142296,
  "gsr_x": -0.015630874782800674,
  "gsr_y": 0.005353070795536041,
  "provenance": {
    "md5sum": "d239c5bba74f608b51e536bc0f773562",
    "settings": {
      "fd_thres": 0.2,
      "testing": false
    },
    "software": "mriqc",
    "version": "21.0.0rc2",
    "webapi_port": null,
    "webapi_url": "https://mriqc.nimh.nih.gov/api/v1"
  },
  "size_t": 100,
  "size_x": 128,
  "size_y": 128,
  "size_z": 43,
  "snr": 2.7184886675388014,
  "spacing_tr": 3.0,
  "spacing_x": 2.0,
  "spacing_y": 2.0,
  "spacing_z": 3.0,
  "summary_bg_k": 74.3475178263028,
  "summary_bg_mad": 12.157337732222047,
  "summary_bg_mean": 52.64509201049805,
  "summary_bg_median": 8.569999694824219,
  "summary_bg_n": 538645.0,
  "summary_bg_p05": 0.22999998927116394,
  "summary_bg_p95": 246.5,
  "summary_bg_stdv": 149.08363342285156,
  "summary_fg_k": 0.8078736454788045,
  "summary_fg_mad": 754.9854987725331,
  "summary_fg_mean": 2691.785888671875,
  "summary_fg_median": 2499.330078125,
  "summary_fg_n": 80224.0,
  "summary_fg_p05": 1506.9804626464843,
  "summary_fg_p95": 4523.020483398436,
  "summary_fg_stdv": 919.37646484375,
  "tsnr": 56.03108765557408
}