{
  "aor": 0.0009036,
  "aqi": 0.0031981397,
  "bids_meta": {
    "AcquisitionNumber": 1,
    "AcquisitionTime": "19:17:41.000000",
    "ConversionSoftware": "dcm2niix",
    "ConversionSoftwareVersion": "v1.0.20170724 (OpenJPEG build) GCC6.1.0",
    "DeviceSerialNumber": "000000000000GEHC",
    "EchoTime": 0.04,
    "FlipAngle": 90,
    "ImageType": [
      "ORIGINAL",
      "PRIMARY",
      "EPI",
      "NONE"
    ],
    "InstitutionName": "INSTITUTO_DE_NEUROBIOLOGIA",
    "MagneticFieldStrength": 3,
    "Manufacturer": "GE",
    "ManufacturersModelName": "DISCOVERY_MR750",
    "PhaseEncodingLines": 128,
    "ProcedureStepDescription": "Fibromialgia",
    "ProtocolName": "fMRI_post1",
    "RepetitionTime": 3,
    "ScanningSequence": "EP_GR",
    "SequenceVariant": "SS",
    "SeriesDescription": "fMRI_post1",
    "SliceTiming": [
      0.0,
      1.535,
      0.07,
      1.605,
      0.14,
      1.674,
      0.209,
      1.744,
      0.279,
      1.814,
      0.349,
      1.884,
      0.419,
      1.953,
      0.488,
      2.023,
      0.558,
      2.093,
      0.628,
      2.163,
      0.698,
      2.233,
      0.767,
      2.302,
      0.837,
      2.372,
      0.907,
      2.442,
      0.977,
      2.512,
      1.047,
      2.581,
      1.116,
      2.651,
      1.186,
      2.721,
      1.256,
      2.791,
      1.326,
      2.86,
      1.395,
      2.93,
      1.465
    ],
    "SoftwareVersions": "23_LX_MR_Software_release:DV22.0_V01_1040.a",
    "TaskName": "post-music",
    "dataset": "ds001928",
    "modality": "bold",
    "subject_id": "13",
    "task_id": "rest4"
  },
  "dummy_trs": 0,
  "dvars_nstd": 27.28937979434344,
  "dvars_std": 1.157020112828283,
  "dvars_vstd": 0.9782825052525246,
  "efc": 0.35381811155460835,
  "fber": 99242.0078125,
  "fd_mean": 0.02854916301205927,
  "fd_num": 0,
  "fd_perc": 0.0,
  "fwhm_avg": 3.2807833333333334,
  "fwhm_x": 3.45812,
  "fwhm_y": 3.59948,
  "fwhm_z": 2.7847500000000003,
  "gcor": 0.0134775,
  "gsr_x": -0.015872996300458908,
  "gsr_y": 0.003726392751559615,
  "provenance": {
    "md5sum": "5134cd62b6150218eeac74c1b82c5ba0",
    "settings": {
      "fd_thres": 0.2,
      "testing": false
    },
    "software": "mriqc",
    "version": "21.0.0rc2",
    "webapi_port": null,
    "webapi_url": "https://mriqc.nimh.nih.gov/api/v1"
  },
  "size_t": 100,
  "size_x": 128,
  "size_y": 128,
  "size_z": 43,
  "snr": 2.7811842974714844,
  "spacing_tr": 3.0,
  "spacing_x": 2.0,
  "spacing_y": 2.0,
  "spacing_z": 3.0,
  "summary_bg_k": 79.59929788040911,
  "summary_bg_mad": 12.05355572008602,
  "summary_bg_mean": 52.33842849731445,
  "summary_bg_median": 8.489999771118164,
  "summary_bg_n": 539449.0,
  "summary_bg_p05": 0.2199999988079071,
  "summary_bg_p95": 244.74599609374977,
  "summary_bg_stdv": 150.47933959960938,
  "summary_fg_k": 0.8145547388548158,
  "summary_fg_mad": 742.3091774116238,
  "summary_fg_mean": 2687.905029296875,
  "summary_fg_median": 2505.679931640625,
  "summary_fg_n": 79797.0,
  "summary_fg_p05": 1508.2419921875,
  "summary_fg_p95": 4483.833984374999,
  "summary_fg_stdv": 900.9342651367188,
  "tsnr": 60.80237738904543
}