{
  "aor": 0.0018654000000000001,
  "aqi": 0.0044910613999999995,
  "bids_meta": {
    "AcquisitionNumber": 1,
    "AcquisitionTime": "19:04:59.000000",
    "ConversionSoftware": "dcm2niix",
    "ConversionSoftwareVersion": "v1.0.20170724 (OpenJPEG build) GCC6.1.0",
    "DeviceSerialNumber": "000000000000GEHC",
    "EchoTime": 0.04,
    "FlipAngle": 90,
    "ImageType": [
      "ORIGINAL",
      "PRIMARY",
      "EPI",
      "NONE"
    ],
    "InstitutionName": "INSTITUTO_DE_NEUROBIOLOGIA",
    "MagneticFieldStrength": 3,
    "Manufacturer": "GE",
    "ManufacturersModelName": "DISCOVERY_MR750",
    "PhaseEncodingLines": 128,
    "ProcedureStepDescription": "Fibromialgia",
    "ProtocolName": "fMRI_pre1",
    "RepetitionTime": 3,
    "ScanningSequence": "EP_GR",
    "SequenceVariant": "SS",
    "SeriesDescription": "fMRI_pre1",
    "SliceTiming": [
      0.0,
      1.535,
      0.07,
      1.605,
      0.14,
      1.674,
      0.209,
      1.744,
      0.279,
      1.814,
      0.349,
      1.884,
      0.419,
      1.953,
      0.488,
      2.023,
      0.558,
      2.093,
      0.628,
      2.163,
      0.698,
      2.233,
      0.767,
      2.302,
      0.837,
      2.372,
      0.907,
      2.442,
      0.977,
      2.512,
      1.047,
      2.581,
      1.116,
      2.651,
      1.186,
      2.721,
      1.256,
      2.791,
      1.326,
      2.86,
      1.395,
      2.93,
      1.465
    ],
    "SoftwareVersions": "23_LX_MR_Software_release:DV22.0_V01_1040.a",
    "TaskName": "pre-music",
    "dataset": "ds001928",
    "modality": "bold",
    "subject_id": "13",
    "task_id": "rest3"
  },
  "dummy_trs": 0,
  "dvars_nstd": 27.729128577676768,
  "dvars_std": 1.1495760670707071,
  "dvars_vstd": 0.979445922323232,
  "efc": 0.35312531274389347,
  "fber": 101516.6796875,
  "fd_mean": 0.03208733083105543,
  "fd_num": 0,
  "fd_perc": 0.0,
  "fwhm_avg": 3.2285633333333337,
  "fwhm_x": 3.43473,
  "fwhm_y": 3.53235,
  "fwhm_z": 2.71861,
  "gcor": 0.0130984,
  "gsr_x": -0.015368024818599224,
  "gsr_y": 0.0034462076146155596,
  "provenance": {
    "md5sum": "c57b55419ecb518a483fb29faa43b8c0",
    "settings": {
      "fd_thres": 0.2,
      "testing": false
    },
    "software": "mriqc",
    "version": "21.0.0rc2",
    "webapi_port": null,
    "webapi_url": "https://mriqc.nimh.nih.gov/api/v1"
  },
  "size_t": 100,
  "size_x": 128,
  "size_y": 128,
  "size_z": 43,
  "snr": 2.8434682036333303,
  "spacing_tr": 3.0,
  "spacing_x": 2.0,
  "spacing_y": 2.0,
  "spacing_z": 3.0,
  "summary_bg_k": 76.0553993720648,
  "summary_bg_mad": 11.845990900484159,
  "summary_bg_mean": 50.858177185058594,
  "summary_bg_median": 8.34999942779541,
  "summary_bg_n": 539664.0,
  "summary_bg_p05": 0.23999999463558197,
  "summary_bg_p95": 233.88999938964844,
  "summary_bg_stdv": 145.49472045898438,
  "summary_fg_k": 0.8611590475821989,
  "summary_fg_mad": 728.0465513088685,
  "summary_fg_mean": 2664.830322265625,
  "summary_fg_median": 2499.579833984375,
  "summary_fg_n": 79197.0,
  "summary_fg_p05": 1495.002001953125,
  "summary_fg_p95": 4398.16611328125,
  "summary_fg_stdv": 879.0546875,
  "tsnr": 55.70809413399547
}