{
  "aor": 0.0016677,
  "aqi": 0.003316486500000001,
  "bids_meta": {
    "AcquisitionNumber": 1,
    "AcquisitionTime": "19:58:54.000000",
    "ConversionSoftware": "dcm2niix",
    "ConversionSoftwareVersion": "v1.0.20170724 (OpenJPEG build) GCC6.1.0",
    "DeviceSerialNumber": "000000000000GEHC",
    "EchoTime": 0.04,
    "FlipAngle": 90,
    "ImageType": [
      "ORIGINAL",
      "PRIMARY",
      "EPI",
      "NONE"
    ],
    "InstitutionName": "INSTITUTO_DE_NEUROBIOLOGIA",
    "MagneticFieldStrength": 3,
    "Manufacturer": "GE",
    "ManufacturersModelName": "DISCOVERY_MR750",
    "PhaseEncodingLines": 128,
    "ProcedureStepDescription": "Fibromialgia",
    "ProtocolName": "fMRI_post2",
    "RepetitionTime": 3,
    "ScanningSequence": "EP_GR",
    "SequenceVariant": "SS",
    "SeriesDescription": "fMRI_post2",
    "SliceTiming": [
      0.0,
      1.535,
      0.07,
      1.605,
      0.14,
      1.674,
      0.209,
      1.744,
      0.279,
      1.814,
      0.349,
      1.884,
      0.419,
      1.953,
      0.488,
      2.023,
      0.558,
      2.093,
      0.628,
      2.163,
      0.698,
      2.233,
      0.767,
      2.302,
      0.837,
      2.372,
      0.907,
      2.442,
      0.977,
      2.512,
      1.047,
      2.581,
      1.116,
      2.651,
      1.186,
      2.721,
      1.256,
      2.791,
      1.326,
      2.86,
      1.395,
      2.93,
      1.465
    ],
    "SoftwareVersions": "23_LX_MR_Software_release:DV22.0_V01_1040.a",
    "TaskName": "post-control",
    "dataset": "ds001928",
    "modality": "bold",
    "subject_id": "13",
    "task_id": "rest2"
  },
  "dummy_trs": 0,
  "dvars_nstd": 24.88883949050505,
  "dvars_std": 1.1165987157575759,
  "dvars_vstd": 0.9865627924242425,
  "efc": 0.35633780216560357,
  "fber": 97938.515625,
  "fd_mean": 0.041754933125002745,
  "fd_num": 0,
  "fd_perc": 0.0,
  "fwhm_avg": 3.297184444444445,
  "fwhm_x": 3.468735,
  "fwhm_y": 3.629215,
  "fwhm_z": 2.7936033333333334,
  "gcor": 0.0171427,
  "gsr_x": -0.015232009813189507,
  "gsr_y": 0.00638033589348197,
  "provenance": {
    "md5sum": "1909188ad9827b2a1d9d8acf3ac6b80f",
    "settings": {
      "fd_thres": 0.2,
      "testing": false
    },
    "software": "mriqc",
    "version": "21.0.0rc2",
    "webapi_port": null,
    "webapi_url": "https://mriqc.nimh.nih.gov/api/v1"
  },
  "size_t": 100,
  "size_x": 128,
  "size_y": 128,
  "size_z": 43,
  "snr": 2.680869361967934,
  "spacing_tr": 3.0,
  "spacing_x": 2.0,
  "spacing_y": 2.0,
  "spacing_z": 3.0,
  "summary_bg_k": 85.53240491955775,
  "summary_bg_mad": 11.89046998506148,
  "summary_bg_mean": 52.845314025878906,
  "summary_bg_median": 8.380000114440918,
  "summary_bg_n": 536949.0,
  "summary_bg_p05": 0.22999998927116394,
  "summary_bg_p95": 246.47999572753906,
  "summary_bg_stdv": 152.2681121826172,
  "summary_fg_k": 0.8397357170341633,
  "summary_fg_mad": 752.73191444333,
  "summary_fg_mean": 2653.416748046875,
  "summary_fg_median": 2463.409912109375,
  "summary_fg_n": 81494.0,
  "summary_fg_p05": 1464.43994140625,
  "summary_fg_p95": 4486.4403564453105,
  "summary_fg_stdv": 918.8790893554688,
  "tsnr": 60.70538056152873
}