{
  "bids_meta": {
    "AcquisitionNumber": 1,
    "AcquisitionTime": "19:31:26.000000",
    "ConversionSoftware": "dcm2niix",
    "ConversionSoftwareVersion": "v1.0.20170724 (OpenJPEG build) GCC6.1.0",
    "DeviceSerialNumber": "000000000000GEHC",
    "EchoTime": 0.003184,
    "FlipAngle": 12,
    "ImageType": [
      "ORIGINAL",
      "PRIMARY",
      "OTHER"
    ],
    "InstitutionName": "INSTITUTO_DE_NEUROBIOLOGIA",
    "InversionTime": 0.45,
    "MagneticFieldStrength": 3,
    "Manufacturer": "GE",
    "ManufacturersModelName": "DISCOVERY_MR750",
    "PhaseEncodingLines": 256,
    "ProcedureStepDescription": "Fibromialgia",
    "ProtocolName": "Sag_T1_FSPGR_BRAVO",
    "RepetitionTime": 0.008164,
    "ScanningSequence": "GR",
    "SequenceVariant": "SS_SK",
    "SeriesDescription": "Sag_T1_FSPGR_BRAVO",
    "SoftwareVersions": "24_LX_MR_Software_release:DV24.0_R01_1344.a",
    "dataset": "ds001928",
    "modality": "T1w",
    "subject_id": "29"
  },
  "cjv": 0.4366112296814482,
  "cnr": 1.621415816187551,
  "efc": 0.8661416585022451,
  "fber": 31.243282318115234,
  "fwhm_avg": 3.180923310947996,
  "fwhm_x": 3.09839993284399,
  "fwhm_y": 3.30508,
  "fwhm_z": 3.13929,
  "icvs_csf": 0.19932440161605378,
  "icvs_gm": 0.43030303022402366,
  "icvs_wm": 0.3703725681599226,
  "inu_med": 0.9353416562080383,
  "inu_range": 0.08522979617118842,
  "provenance": {
    "md5sum": "af637f27e618af14f7bf8e894ff9d89d",
    "settings": {
      "testing": false
    },
    "software": "mriqc",
    "version": "21.0.0rc2",
    "warnings": {
      "large_rot_frame": true,
      "small_air_mask": true
    },
    "webapi_port": null,
    "webapi_url": "https://mriqc.nimh.nih.gov/api/v1"
  },
  "qi_1": 0.0,
  "qi_2": 0.0,
  "rpve_csf": 14.404863881229646,
  "rpve_gm": 7.044895985449091,
  "rpve_wm": 9.687314775959342,
  "size_x": 155,
  "size_y": 202,
  "size_z": 168,
  "snr_csf": 3.5950586627499908,
  "snr_gm": 12.802949197683738,
  "snr_total": 12.763263809145021,
  "snr_wm": 21.89178356700133,
  "snrd_csf": 2.126927461288755,
  "snrd_gm": 4.959779161301136,
  "snrd_total": 4.505716349667182,
  "snrd_wm": 6.430442426411654,
  "spacing_x": 1.100000023841858,
  "spacing_y": 1.0,
  "spacing_z": 1.0,
  "summary_bg_k": 0.0,
  "summary_bg_mad": 101.8817697484726,
  "summary_bg_mean": 0.0,
  "summary_bg_median": 0.0,
  "summary_bg_n": 195796.0,
  "summary_bg_p05": 0.0,
  "summary_bg_p95": 0.0,
  "summary_bg_stdv": 119.0809926246406,
  "summary_csf_k": 1.070247652996243,
  "summary_csf_mad": 72.62574565541033,
  "summary_csf_mean": 354.8162536621094,
  "summary_csf_median": 330.7633972167969,
  "summary_csf_n": 20081.0,
  "summary_csf_p05": 245.277587890625,
  "summary_csf_p95": 543.2807006835938,
  "summary_csf_stdv": 92.00271606445312,
  "summary_gm_k": 0.3778388367990395,
  "summary_gm_mad": 57.66783304472735,
  "summary_gm_mean": 773.39013671875,
  "summary_gm_median": 771.3067016601562,
  "summary_gm_n": 14801.0,
  "summary_gm_p05": 678.7404174804688,
  "summary_gm_p95": 879.0028686523438,
  "summary_gm_stdv": 60.2424201965332,
  "summary_wm_k": 1.8410325220416803,
  "summary_wm_mad": 42.187878673878444,
  "summary_wm_mean": 1002.9376220703125,
  "summary_wm_median": 1000.012939453125,
  "summary_wm_n": 160914.0,
  "summary_wm_p05": 934.8082550048828,
  "summary_wm_p95": 1080.3162109375,
  "summary_wm_stdv": 45.6796875,
  "tpm_overlap_csf": 0.18256776034832,
  "tpm_overlap_gm": 0.4453066885471344,
  "tpm_overlap_wm": 0.5112191438674927,
  "wm2max": 0.5091027140805018
}