{
  "aor": 0.0010416000000000002,
  "aqi": 0.0031444433999999995,
  "bids_meta": {
    "AcquisitionNumber": 1,
    "AcquisitionTime": "11:07:35.000000",
    "ConversionSoftware": "dcm2niix",
    "ConversionSoftwareVersion": "v1.0.20170724 (OpenJPEG build) GCC6.1.0",
    "DeviceSerialNumber": "000000000000GEHC",
    "EchoTime": 0.04,
    "FlipAngle": 90,
    "ImageType": [
      "ORIGINAL",
      "PRIMARY",
      "EPI",
      "NONE"
    ],
    "InstitutionName": "INSTITUTO_DE_NEUROBIOLOGIA",
    "MagneticFieldStrength": 3,
    "Manufacturer": "GE",
    "ManufacturersModelName": "DISCOVERY_MR750",
    "PhaseEncodingLines": 128,
    "ProcedureStepDescription": "Fibromialgia",
    "ProtocolName": "fMRI_post1",
    "RepetitionTime": 3,
    "ScanningSequence": "EP_GR",
    "SequenceVariant": "SS",
    "SeriesDescription": "fMRI_post1",
    "SliceTiming": [
      0.0,
      1.535,
      0.07,
      1.605,
      0.14,
      1.674,
      0.209,
      1.744,
      0.279,
      1.814,
      0.349,
      1.884,
      0.419,
      1.953,
      0.488,
      2.023,
      0.558,
      2.093,
      0.628,
      2.163,
      0.698,
      2.233,
      0.767,
      2.302,
      0.837,
      2.372,
      0.907,
      2.442,
      0.977,
      2.512,
      1.047,
      2.581,
      1.116,
      2.651,
      1.186,
      2.721,
      1.256,
      2.791,
      1.326,
      2.86,
      1.395,
      2.93,
      1.465
    ],
    "SoftwareVersions": "23_LX_MR_Software_release:DV22.0_V01_1040.a",
    "TaskName": "post-music",
    "dataset": "ds001928",
    "modality": "bold",
    "subject_id": "17",
    "task_id": "rest4"
  },
  "dummy_trs": 0,
  "dvars_nstd": 25.07130002464646,
  "dvars_std": 1.1174721824242426,
  "dvars_vstd": 0.9868362244444449,
  "efc": 0.37243180886078575,
  "fber": 37604.32421875,
  "fd_mean": 0.03379192802663679,
  "fd_num": 0,
  "fd_perc": 0.0,
  "fwhm_avg": 2.922953888888889,
  "fwhm_x": 3.029225,
  "fwhm_y": 3.23596,
  "fwhm_z": 2.5036766666666668,
  "gcor": 0.010344,
  "gsr_x": -0.008542049676179886,
  "gsr_y": -0.0010281777940690517,
  "provenance": {
    "md5sum": "c266e30c058f2491349b75251a8d8403",
    "settings": {
      "fd_thres": 0.2,
      "testing": false
    },
    "software": "mriqc",
    "version": "21.0.0rc2",
    "webapi_port": null,
    "webapi_url": "https://mriqc.nimh.nih.gov/api/v1"
  },
  "size_t": 100,
  "size_x": 128,
  "size_y": 128,
  "size_z": 43,
  "snr": 3.4774337558752864,
  "spacing_tr": 3.0,
  "spacing_x": 2.0,
  "spacing_y": 2.0,
  "spacing_z": 3.0,
  "summary_bg_k": 69.89115495327061,
  "summary_bg_mad": 19.61482706981258,
  "summary_bg_mean": 64.72486877441406,
  "summary_bg_median": 13.449999809265137,
  "summary_bg_n": 536569.0,
  "summary_bg_p05": 0.07000000029802322,
  "summary_bg_p95": 281.225988769531,
  "summary_bg_stdv": 197.1605224609375,
  "summary_fg_k": 0.10280807291399308,
  "summary_fg_mad": 668.7868030890953,
  "summary_fg_mean": 2534.436279296875,
  "summary_fg_median": 2463.83984375,
  "summary_fg_n": 82179.0,
  "summary_fg_p05": 1470.6979614257814,
  "summary_fg_p95": 3809.6509033203124,
  "summary_fg_stdv": 708.5181274414062,
  "tsnr": 62.139997305348516
}