{
  "aor": 0.0026008999999999997,
  "aqi": 0.0062609662,
  "bids_meta": {
    "AcquisitionNumber": 1,
    "AcquisitionTime": "10:54:29.000000",
    "ConversionSoftware": "dcm2niix",
    "ConversionSoftwareVersion": "v1.0.20170724 (OpenJPEG build) GCC6.1.0",
    "DeviceSerialNumber": "000000000000GEHC",
    "EchoTime": 0.04,
    "FlipAngle": 90,
    "ImageType": [
      "ORIGINAL",
      "PRIMARY",
      "EPI",
      "NONE"
    ],
    "InstitutionName": "INSTITUTO_DE_NEUROBIOLOGIA",
    "MagneticFieldStrength": 3,
    "Manufacturer": "GE",
    "ManufacturersModelName": "DISCOVERY_MR750",
    "PhaseEncodingLines": 128,
    "ProcedureStepDescription": "Fibromialgia",
    "ProtocolName": "fMRI_pre1",
    "RepetitionTime": 3,
    "ScanningSequence": "EP_GR",
    "SequenceVariant": "SS",
    "SeriesDescription": "fMRI_pre1",
    "SliceTiming": [
      0.0,
      1.535,
      0.07,
      1.605,
      0.14,
      1.674,
      0.209,
      1.744,
      0.279,
      1.814,
      0.349,
      1.884,
      0.419,
      1.953,
      0.488,
      2.023,
      0.558,
      2.093,
      0.628,
      2.163,
      0.698,
      2.233,
      0.767,
      2.302,
      0.837,
      2.372,
      0.907,
      2.442,
      0.977,
      2.512,
      1.047,
      2.581,
      1.116,
      2.651,
      1.186,
      2.721,
      1.256,
      2.791,
      1.326,
      2.86,
      1.395,
      2.93,
      1.465
    ],
    "SoftwareVersions": "23_LX_MR_Software_release:DV22.0_V01_1040.a",
    "TaskName": "pre-music",
    "dataset": "ds001928",
    "modality": "bold",
    "subject_id": "17",
    "task_id": "rest3"
  },
  "dummy_trs": 0,
  "dvars_nstd": 26.160882159797993,
  "dvars_std": 1.0824827162626258,
  "dvars_vstd": 0.9617474490909086,
  "efc": 0.37462089066041926,
  "fber": 40594.1640625,
  "fd_mean": 0.057241426776673834,
  "fd_num": 2,
  "fd_perc": 2.0,
  "fwhm_avg": 2.982149444444445,
  "fwhm_x": 3.09178,
  "fwhm_y": 3.304225,
  "fwhm_z": 2.5504433333333334,
  "gcor": 0.00940174,
  "gsr_x": -0.009349405765533447,
  "gsr_y": -0.0016855462454259396,
  "provenance": {
    "md5sum": "6b2541cc64d32f4d41b0354bd4571b83",
    "settings": {
      "fd_thres": 0.2,
      "testing": false
    },
    "software": "mriqc",
    "version": "21.0.0rc2",
    "webapi_port": null,
    "webapi_url": "https://mriqc.nimh.nih.gov/api/v1"
  },
  "size_t": 100,
  "size_x": 128,
  "size_y": 128,
  "size_z": 43,
  "snr": 3.4516314922852076,
  "spacing_tr": 3.0,
  "spacing_x": 2.0,
  "spacing_y": 2.0,
  "spacing_z": 3.0,
  "summary_bg_k": 66.29610849513715,
  "summary_bg_mad": 18.695613422159575,
  "summary_bg_mean": 65.48299407958984,
  "summary_bg_median": 12.899999618530273,
  "summary_bg_n": 535388.0,
  "summary_bg_p05": 0.12999999523162842,
  "summary_bg_p95": 286.79998779296875,
  "summary_bg_stdv": 199.4994354248047,
  "summary_fg_k": 0.017701955948363324,
  "summary_fg_mad": 679.6100526585888,
  "summary_fg_mean": 2513.56396484375,
  "summary_fg_median": 2449.449951171875,
  "summary_fg_n": 83051.0,
  "summary_fg_p05": 1432.9899291992188,
  "summary_fg_p95": 3768.4249267578125,
  "summary_fg_stdv": 709.6456298828125,
  "tsnr": 50.089481823379174
}