{
  "aor": 0.0031972000000000007,
  "aqi": 0.006245423899999999,
  "bids_meta": {
    "AcquisitionNumber": 1,
    "AcquisitionTime": "11:32:52.000000",
    "ConversionSoftware": "dcm2niix",
    "ConversionSoftwareVersion": "v1.0.20170724 (OpenJPEG build) GCC6.1.0",
    "DeviceSerialNumber": "000000000000GEHC",
    "EchoTime": 0.04,
    "FlipAngle": 90,
    "ImageType": [
      "ORIGINAL",
      "PRIMARY",
      "EPI",
      "NONE"
    ],
    "InstitutionName": "INSTITUTO_DE_NEUROBIOLOGIA",
    "MagneticFieldStrength": 3,
    "Manufacturer": "GE",
    "ManufacturersModelName": "DISCOVERY_MR750",
    "PhaseEncodingLines": 128,
    "ProcedureStepDescription": "Fibromialgia",
    "ProtocolName": "fMRI_pre2",
    "RepetitionTime": 3,
    "ScanningSequence": "EP_GR",
    "SequenceVariant": "SS",
    "SeriesDescription": "fMRI_pre2",
    "SliceTiming": [
      0.0,
      1.535,
      0.07,
      1.605,
      0.14,
      1.674,
      0.209,
      1.744,
      0.279,
      1.814,
      0.349,
      1.884,
      0.419,
      1.953,
      0.488,
      2.023,
      0.558,
      2.093,
      0.628,
      2.163,
      0.698,
      2.233,
      0.767,
      2.302,
      0.837,
      2.372,
      0.907,
      2.442,
      0.977,
      2.512,
      1.047,
      2.581,
      1.116,
      2.651,
      1.186,
      2.721,
      1.256,
      2.791,
      1.326,
      2.86,
      1.395,
      2.93,
      1.465
    ],
    "SoftwareVersions": "23_LX_MR_Software_release:DV22.0_V01_1040.a",
    "TaskName": "pre-control",
    "dataset": "ds001928",
    "modality": "bold",
    "subject_id": "17",
    "task_id": "rest1"
  },
  "dummy_trs": 0,
  "dvars_nstd": 25.558295953030303,
  "dvars_std": 1.0402542253535356,
  "dvars_vstd": 0.9877494980808083,
  "efc": 0.37391962411667246,
  "fber": 33894.34375,
  "fd_mean": 0.12028132790026848,
  "fd_num": 17,
  "fd_perc": 17.0,
  "fwhm_avg": 3.0252916666666665,
  "fwhm_x": 3.139075,
  "fwhm_y": 3.34595,
  "fwhm_z": 2.59085,
  "gcor": 0.0262519,
  "gsr_x": -0.007695341482758522,
  "gsr_y": 0.0004678891273215413,
  "provenance": {
    "md5sum": "d9970f54ac9881063169f85bb3020e2f",
    "settings": {
      "fd_thres": 0.2,
      "testing": false
    },
    "software": "mriqc",
    "version": "21.0.0rc2",
    "webapi_port": null,
    "webapi_url": "https://mriqc.nimh.nih.gov/api/v1"
  },
  "size_t": 100,
  "size_x": 128,
  "size_y": 128,
  "size_z": 43,
  "snr": 3.362149812109903,
  "spacing_tr": 3.0,
  "spacing_x": 2.0,
  "spacing_y": 2.0,
  "spacing_z": 3.0,
  "summary_bg_k": 66.44994561552888,
  "summary_bg_mad": 20.074433186679258,
  "summary_bg_mean": 65.21853637695312,
  "summary_bg_median": 13.84999942779541,
  "summary_bg_n": 535470.0,
  "summary_bg_p05": 0.14000000059604645,
  "summary_bg_p95": 282.3709960937498,
  "summary_bg_stdv": 194.01046752929688,
  "summary_fg_k": 0.06660762514938057,
  "summary_fg_mad": 682.3083090643139,
  "summary_fg_mean": 2503.578369140625,
  "summary_fg_median": 2428.93994140625,
  "summary_fg_n": 82675.0,
  "summary_fg_p05": 1419.9609619140624,
  "summary_fg_p95": 3806.3418457031253,
  "summary_fg_stdv": 722.4321899414062,
  "tsnr": 48.20024998532608
}