{
  "bids_meta": {
    "AcquisitionNumber": 1,
    "AcquisitionTime": "16:59:10.000000",
    "ConversionSoftware": "dcm2niix",
    "ConversionSoftwareVersion": "v1.0.20170724 (OpenJPEG build) GCC6.1.0",
    "DeviceSerialNumber": "000000000000GEHC",
    "EchoTime": 0.003184,
    "FlipAngle": 12,
    "ImageType": [
      "ORIGINAL",
      "PRIMARY",
      "OTHER"
    ],
    "InstitutionName": "INSTITUTO_DE_NEUROBIOLOGIA",
    "InversionTime": 0.45,
    "MagneticFieldStrength": 3,
    "Manufacturer": "GE",
    "ManufacturersModelName": "DISCOVERY_MR750",
    "PhaseEncodingLines": 256,
    "ProcedureStepDescription": "Fibromialgia",
    "ProtocolName": "Sag_T1_FSPGR_BRAVO",
    "RepetitionTime": 0.008164,
    "ScanningSequence": "GR",
    "SequenceVariant": "SS_SK",
    "SeriesDescription": "Sag_T1_FSPGR_BRAVO",
    "SoftwareVersions": "24_LX_MR_Software_release:DV24.0_R01_1344.a",
    "dataset": "ds001928",
    "modality": "T1w",
    "subject_id": "46"
  },
  "cjv": 0.42999842027994456,
  "cnr": 1.5219493541988107,
  "efc": 0.8775804418321265,
  "fber": 23.35837745666504,
  "fwhm_avg": 3.1231390688443383,
  "fwhm_x": 3.0540272065330156,
  "fwhm_y": 3.25346,
  "fwhm_z": 3.06193,
  "icvs_csf": 0.18292750755233975,
  "icvs_gm": 0.4241755626365925,
  "icvs_wm": 0.3928969298110677,
  "inu_med": 0.9248664379119873,
  "inu_range": 0.08293135166168208,
  "provenance": {
    "md5sum": "59cc0b3d2ad5574521bddf0d388d65f1",
    "settings": {
      "testing": false
    },
    "software": "mriqc",
    "version": "21.0.0rc2",
    "warnings": {
      "large_rot_frame": true,
      "small_air_mask": true
    },
    "webapi_port": null,
    "webapi_url": "https://mriqc.nimh.nih.gov/api/v1"
  },
  "qi_1": 0.0,
  "qi_2": 0.0,
  "rpve_csf": 16.298180156047366,
  "rpve_gm": 7.541466777068324,
  "rpve_wm": 9.76049607557029,
  "size_x": 152,
  "size_y": 203,
  "size_z": 176,
  "snr_csf": 3.2733522139352678,
  "snr_gm": 12.946803963127623,
  "snr_total": 12.983435546728037,
  "snr_wm": 22.730150463121216,
  "snrd_csf": 1.7998219753838869,
  "snrd_gm": 3.7678078752026987,
  "snrd_total": 3.493170811238631,
  "snrd_wm": 4.911882583129308,
  "spacing_x": 1.100000023841858,
  "spacing_y": 1.0,
  "spacing_z": 1.0,
  "summary_bg_k": 0.0,
  "summary_bg_mad": 133.37785797490565,
  "summary_bg_mean": 0.0,
  "summary_bg_median": 0.0,
  "summary_bg_n": 200790.0,
  "summary_bg_p05": 0.0,
  "summary_bg_p95": 0.0,
  "summary_bg_stdv": 134.07334243956456,
  "summary_csf_k": 2.955675924783546,
  "summary_csf_mad": 112.53891038472794,
  "summary_csf_mean": 392.7195129394531,
  "summary_csf_median": 366.4220275878906,
  "summary_csf_n": 15251.0,
  "summary_csf_p05": 248.44676208496094,
  "summary_csf_p95": 586.4743957519531,
  "summary_csf_stdv": 111.93724060058594,
  "summary_gm_k": 0.19090109938490052,
  "summary_gm_mad": 57.46404763236929,
  "summary_gm_mean": 768.7720947265625,
  "summary_gm_median": 767.0802001953125,
  "summary_gm_n": 19373.0,
  "summary_gm_p05": 674.3703735351562,
  "summary_gm_p95": 869.0563354492188,
  "summary_gm_stdv": 59.24708557128906,
  "summary_wm_k": 0.41319690739894055,
  "summary_wm_mad": 42.69109833556727,
  "summary_wm_mean": 1001.6510009765625,
  "summary_wm_median": 1000.0,
  "summary_wm_n": 166166.0,
  "summary_wm_p05": 932.7310485839844,
  "summary_wm_p95": 1076.3953857421875,
  "summary_wm_stdv": 43.99429702758789,
  "tpm_overlap_csf": 0.17850592732429504,
  "tpm_overlap_gm": 0.4450751841068268,
  "tpm_overlap_wm": 0.5180593729019165,
  "wm2max": 0.5004155545111741
}