{
  "bids_meta": {
    "AcquisitionNumber": 1,
    "AcquisitionTime": "20:38:19.000000",
    "ConversionSoftware": "dcm2niix",
    "ConversionSoftwareVersion": "v1.0.20170724 (OpenJPEG build) GCC6.1.0",
    "DeviceSerialNumber": "000000000000GEHC",
    "EchoTime": 0.003184,
    "FlipAngle": 12,
    "ImageType": [
      "ORIGINAL",
      "PRIMARY",
      "OTHER"
    ],
    "InstitutionName": "INSTITUTO_DE_NEUROBIOLOGIA",
    "InversionTime": 0.45,
    "MagneticFieldStrength": 3,
    "Manufacturer": "GE",
    "ManufacturersModelName": "DISCOVERY_MR750",
    "PhaseEncodingLines": 256,
    "ProcedureStepDescription": "Fibromialgia",
    "ProtocolName": "Sag_T1_FSPGR_BRAVO",
    "RepetitionTime": 0.008164,
    "ScanningSequence": "GR",
    "SequenceVariant": "SS_SK",
    "SeriesDescription": "Sag_T1_FSPGR_BRAVO",
    "SoftwareVersions": "24_LX_MR_Software_release:DV24.0_R01_1344.a",
    "dataset": "ds001928",
    "modality": "T1w",
    "subject_id": "41"
  },
  "cjv": 0.3883445121985208,
  "cnr": 1.6193719954294759,
  "efc": 0.8483233598527045,
  "fber": 43.45935821533203,
  "fwhm_avg": 3.2850851284944262,
  "fwhm_x": 3.1863453854832784,
  "fwhm_y": 3.47483,
  "fwhm_z": 3.19408,
  "icvs_csf": 0.18405785469867686,
  "icvs_gm": 0.4181555679036765,
  "icvs_wm": 0.39778657739764667,
  "inu_med": 0.8042311668395996,
  "inu_range": 0.06237094700336454,
  "provenance": {
    "md5sum": "47bb3be1e2fbc3d10c6bbe59912ead06",
    "settings": {
      "testing": false
    },
    "software": "mriqc",
    "version": "21.0.0rc2",
    "warnings": {
      "large_rot_frame": true,
      "small_air_mask": true
    },
    "webapi_port": null,
    "webapi_url": "https://mriqc.nimh.nih.gov/api/v1"
  },
  "qi_1": 0.0,
  "qi_2": 0.0001717831077899863,
  "rpve_csf": 15.376058796964323,
  "rpve_gm": 7.239739968457945,
  "rpve_wm": 9.205227244633072,
  "size_x": 157,
  "size_y": 221,
  "size_z": 163,
  "snr_csf": 3.1965382296805775,
  "snr_gm": 13.420956371391512,
  "snr_total": 13.801045529841764,
  "snr_wm": 24.7856419884532,
  "snrd_csf": 1.9928669845434526,
  "snrd_gm": 4.3059298651002,
  "snrd_total": 3.9861460771774575,
  "snrd_wm": 5.659641381888721,
  "spacing_x": 1.100000023841858,
  "spacing_y": 1.0,
  "spacing_z": 1.0,
  "summary_bg_k": 0.0,
  "summary_bg_mad": 115.75535166339071,
  "summary_bg_mean": 0.0,
  "summary_bg_median": 0.0,
  "summary_bg_n": 241120.0,
  "summary_bg_p05": 0.0,
  "summary_bg_p95": 0.0,
  "summary_bg_stdv": 130.28791758513898,
  "summary_csf_k": 11.145186749705658,
  "summary_csf_mad": 94.62466144112395,
  "summary_csf_mean": 378.9502868652344,
  "summary_csf_median": 352.1175537109375,
  "summary_csf_n": 21267.0,
  "summary_csf_p05": 244.10848541259764,
  "summary_csf_p95": 578.4572204589844,
  "summary_csf_stdv": 110.15331268310547,
  "summary_gm_k": 0.14937489117203917,
  "summary_gm_mad": 54.55259476504755,
  "summary_gm_mean": 760.6782836914062,
  "summary_gm_median": 760.8101806640625,
  "summary_gm_n": 23091.0,
  "summary_gm_p05": 665.9438171386719,
  "summary_gm_p95": 853.3431396484375,
  "summary_gm_stdv": 56.68699645996094,
  "summary_wm_k": 0.7888395695469574,
  "summary_wm_mad": 38.333918274400645,
  "summary_wm_mean": 1001.6631469726562,
  "summary_wm_median": 999.9960327148438,
  "summary_wm_n": 196762.0,
  "summary_wm_p05": 938.5947448730469,
  "summary_wm_p95": 1069.8504150390625,
  "summary_wm_stdv": 40.34567642211914,
  "tpm_overlap_csf": 0.1830252707004547,
  "tpm_overlap_gm": 0.4509231746196747,
  "tpm_overlap_wm": 0.5161668062210083,
  "wm2max": 0.5981955598860618
}