{
  "aor": 0.000897,
  "aqi": 0.004404780799999999,
  "bids_meta": {
    "AcquisitionNumber": 1,
    "AcquisitionTime": "19:09:18.000000",
    "ConversionSoftware": "dcm2niix",
    "ConversionSoftwareVersion": "v1.0.20170724 (OpenJPEG build) GCC6.1.0",
    "DeviceSerialNumber": "000000000000GEHC",
    "EchoTime": 0.04,
    "FlipAngle": 90,
    "ImageType": [
      "ORIGINAL",
      "PRIMARY",
      "EPI",
      "NONE"
    ],
    "InstitutionName": "INSTITUTO_DE_NEUROBIOLOGIA",
    "MagneticFieldStrength": 3,
    "Manufacturer": "GE",
    "ManufacturersModelName": "DISCOVERY_MR750",
    "PhaseEncodingLines": 128,
    "ProcedureStepDescription": "Fibromialgia",
    "ProtocolName": "fMRI_post2",
    "RepetitionTime": 3,
    "ScanningSequence": "EP_GR",
    "SequenceVariant": "SS",
    "SeriesDescription": "fMRI_post2",
    "SliceTiming": [
      0.0,
      1.535,
      0.07,
      1.605,
      0.14,
      1.674,
      0.209,
      1.744,
      0.279,
      1.814,
      0.349,
      1.884,
      0.419,
      1.953,
      0.488,
      2.023,
      0.558,
      2.093,
      0.628,
      2.163,
      0.698,
      2.233,
      0.767,
      2.302,
      0.837,
      2.372,
      0.907,
      2.442,
      0.977,
      2.512,
      1.047,
      2.581,
      1.116,
      2.651,
      1.186,
      2.721,
      1.256,
      2.791,
      1.326,
      2.86,
      1.395,
      2.93,
      1.465
    ],
    "SoftwareVersions": "23_LX_MR_Software_release:DV22.0_V02_1122.a",
    "TaskName": "post-music",
    "dataset": "ds001928",
    "modality": "bold",
    "subject_id": "20",
    "task_id": "rest4"
  },
  "dummy_trs": 0,
  "dvars_nstd": 24.57781681868688,
  "dvars_std": 1.0210038964646464,
  "dvars_vstd": 0.972913704646465,
  "efc": 0.36044506311192803,
  "fber": 116506.609375,
  "fd_mean": 0.08096359904002808,
  "fd_num": 3,
  "fd_perc": 3.0,
  "fwhm_avg": 2.8453022222222217,
  "fwhm_x": 3.042715,
  "fwhm_y": 3.122135,
  "fwhm_z": 2.3710566666666666,
  "gcor": 0.0155978,
  "gsr_x": -0.02312491089105606,
  "gsr_y": 0.012509174644947052,
  "provenance": {
    "md5sum": "eb3c3077c863ad0103760027ffb2605e",
    "settings": {
      "fd_thres": 0.2,
      "testing": false
    },
    "software": "mriqc",
    "version": "21.0.0rc2",
    "webapi_port": null,
    "webapi_url": "https://mriqc.nimh.nih.gov/api/v1"
  },
  "size_t": 100,
  "size_x": 128,
  "size_y": 128,
  "size_z": 43,
  "snr": 3.329322639868857,
  "spacing_tr": 3.0,
  "spacing_x": 2.0,
  "spacing_y": 2.0,
  "spacing_z": 3.0,
  "summary_bg_k": 106.93271038387206,
  "summary_bg_mad": 10.63025793142876,
  "summary_bg_mean": 54.83680725097656,
  "summary_bg_median": 7.5,
  "summary_bg_n": 540125.0,
  "summary_bg_p05": 0.17999999225139618,
  "summary_bg_p95": 276.81800537109365,
  "summary_bg_stdv": 159.38430786132812,
  "summary_fg_k": 0.7181808612139595,
  "summary_fg_mad": 641.3586620467418,
  "summary_fg_mean": 2485.607421875,
  "summary_fg_median": 2383.97998046875,
  "summary_fg_n": 77941.0,
  "summary_fg_p05": 1476.93994140625,
  "summary_fg_p95": 3799.280029296875,
  "summary_fg_stdv": 716.0509643554688,
  "tsnr": 55.238130124867894
}