{
  "aor": 0.0009009000000000002,
  "aqi": 0.0037764702,
  "bids_meta": {
    "AcquisitionNumber": 1,
    "AcquisitionTime": "18:29:20.000000",
    "ConversionSoftware": "dcm2niix",
    "ConversionSoftwareVersion": "v1.0.20170724 (OpenJPEG build) GCC6.1.0",
    "DeviceSerialNumber": "000000000000GEHC",
    "EchoTime": 0.04,
    "FlipAngle": 90,
    "ImageType": [
      "ORIGINAL",
      "PRIMARY",
      "EPI",
      "NONE"
    ],
    "InstitutionName": "INSTITUTO_DE_NEUROBIOLOGIA",
    "MagneticFieldStrength": 3,
    "Manufacturer": "GE",
    "ManufacturersModelName": "DISCOVERY_MR750",
    "PhaseEncodingLines": 128,
    "ProcedureStepDescription": "Fibromialgia",
    "ProtocolName": "fMRI_post1",
    "RepetitionTime": 3,
    "ScanningSequence": "EP_GR",
    "SequenceVariant": "SS",
    "SeriesDescription": "fMRI_post1",
    "SliceTiming": [
      0.0,
      1.535,
      0.07,
      1.605,
      0.14,
      1.674,
      0.209,
      1.744,
      0.279,
      1.814,
      0.349,
      1.884,
      0.419,
      1.953,
      0.488,
      2.023,
      0.558,
      2.093,
      0.628,
      2.163,
      0.698,
      2.233,
      0.767,
      2.302,
      0.837,
      2.372,
      0.907,
      2.442,
      0.977,
      2.512,
      1.047,
      2.581,
      1.116,
      2.651,
      1.186,
      2.721,
      1.256,
      2.791,
      1.326,
      2.86,
      1.395,
      2.93,
      1.465
    ],
    "SoftwareVersions": "23_LX_MR_Software_release:DV22.0_V02_1122.a",
    "TaskName": "post-control",
    "dataset": "ds001928",
    "modality": "bold",
    "subject_id": "20",
    "task_id": "rest2"
  },
  "dummy_trs": 0,
  "dvars_nstd": 22.347396503838368,
  "dvars_std": 1.0143466646464645,
  "dvars_vstd": 0.9838263936363637,
  "efc": 0.36007177001365026,
  "fber": 119784.921875,
  "fd_mean": 0.07481820729354784,
  "fd_num": 3,
  "fd_perc": 3.0,
  "fwhm_avg": 2.8406949999999997,
  "fwhm_x": 3.02649,
  "fwhm_y": 3.136905,
  "fwhm_z": 2.3586899999999997,
  "gcor": 0.0210337,
  "gsr_x": -0.022700030356645584,
  "gsr_y": 0.013645295985043049,
  "provenance": {
    "md5sum": "9286eac790e8416fdab598ca2387c4b7",
    "settings": {
      "fd_thres": 0.2,
      "testing": false
    },
    "software": "mriqc",
    "version": "21.0.0rc2",
    "webapi_port": null,
    "webapi_url": "https://mriqc.nimh.nih.gov/api/v1"
  },
  "size_t": 100,
  "size_x": 128,
  "size_y": 128,
  "size_z": 43,
  "snr": 3.352350317141794,
  "spacing_tr": 3.0,
  "spacing_x": 2.0,
  "spacing_y": 2.0,
  "spacing_z": 3.0,
  "summary_bg_k": 121.0979668074977,
  "summary_bg_mad": 10.570953236470483,
  "summary_bg_mean": 53.548301696777344,
  "summary_bg_median": 7.419999599456787,
  "summary_bg_n": 539424.0,
  "summary_bg_p05": 0.14000000059604645,
  "summary_bg_p95": 264.87850341796855,
  "summary_bg_stdv": 156.7182159423828,
  "summary_fg_k": 0.6387066301691533,
  "summary_fg_mad": 641.6554720611887,
  "summary_fg_mean": 2492.1640625,
  "summary_fg_median": 2393.550048828125,
  "summary_fg_n": 78221.0,
  "summary_fg_p05": 1476.6099853515625,
  "summary_fg_p95": 3799.219970703125,
  "summary_fg_stdv": 713.987060546875,
  "tsnr": 57.78191452904139
}