{
  "aor": 0.001573265306122449,
  "aqi": 0.004902033775510204,
  "bids_meta": {
    "AcquisitionNumber": 1,
    "AcquisitionTime": "14:49:26.000000",
    "ConversionSoftware": "dcm2niix",
    "ConversionSoftwareVersion": "v1.0.20170724 (OpenJPEG build) GCC6.1.0",
    "DeviceSerialNumber": "000000000000GEHC",
    "EchoTime": 0.04,
    "FlipAngle": 90,
    "ImageType": [
      "ORIGINAL",
      "PRIMARY",
      "EPI",
      "NONE"
    ],
    "InstitutionName": "INSTITUTO_DE_NEUROBIOLOGIA",
    "MagneticFieldStrength": 3,
    "Manufacturer": "GE",
    "ManufacturersModelName": "DISCOVERY_MR750",
    "PhaseEncodingLines": 128,
    "ProcedureStepDescription": "Fibromialgia",
    "ProtocolName": "fMRI_pre2",
    "RepetitionTime": 3,
    "ScanningSequence": "EP_GR",
    "SequenceVariant": "SS",
    "SeriesDescription": "fMRI_pre2",
    "SliceTiming": [
      0.0,
      1.535,
      0.07,
      1.605,
      0.14,
      1.674,
      0.209,
      1.744,
      0.279,
      1.814,
      0.349,
      1.884,
      0.419,
      1.953,
      0.488,
      2.023,
      0.558,
      2.093,
      0.628,
      2.163,
      0.698,
      2.233,
      0.767,
      2.302,
      0.837,
      2.372,
      0.907,
      2.442,
      0.977,
      2.512,
      1.047,
      2.581,
      1.116,
      2.651,
      1.186,
      2.721,
      1.256,
      2.791,
      1.326,
      2.86,
      1.395,
      2.93,
      1.465
    ],
    "SoftwareVersions": "24_LX_MR_Software_release:DV24.0_R01_1344.a",
    "TaskName": "pre-music",
    "dataset": "ds001928",
    "modality": "bold",
    "subject_id": "42",
    "task_id": "rest3"
  },
  "dummy_trs": 2,
  "dvars_nstd": 23.980508194536085,
  "dvars_std": 1.0570937637113396,
  "dvars_vstd": 1.016461757216495,
  "efc": 0.3648414798602052,
  "fber": 19147.94140625,
  "fd_mean": 0.03432189144212318,
  "fd_num": 0,
  "fd_perc": 0.0,
  "fwhm_avg": 3.1037161111111113,
  "fwhm_x": 3.21336,
  "fwhm_y": 3.565135,
  "fwhm_z": 2.532653333333333,
  "gcor": 0.0275074,
  "gsr_x": -0.02703668735921383,
  "gsr_y": 0.01782633177936077,
  "provenance": {
    "md5sum": "03c3fead770b063be4cc8ccf6ed1a6ec",
    "settings": {
      "fd_thres": 0.2,
      "testing": false
    },
    "software": "mriqc",
    "version": "21.0.0rc2",
    "webapi_port": null,
    "webapi_url": "https://mriqc.nimh.nih.gov/api/v1"
  },
  "size_t": 98,
  "size_x": 128,
  "size_y": 128,
  "size_z": 43,
  "snr": 3.0966489206916865,
  "spacing_tr": 3.0,
  "spacing_x": 2.0,
  "spacing_y": 2.0,
  "spacing_z": 3.0,
  "summary_bg_k": 245.094480993573,
  "summary_bg_mad": 18.381241155835117,
  "summary_bg_mean": 53.07770538330078,
  "summary_bg_median": 15.561223983764648,
  "summary_bg_n": 538265.0,
  "summary_bg_p05": 1.204081654548645,
  "summary_bg_p95": 221.87754821777344,
  "summary_bg_stdv": 158.06224060058594,
  "summary_fg_k": 1.2704723686746968,
  "summary_fg_mad": 618.6838247967258,
  "summary_fg_mean": 2215.962646484375,
  "summary_fg_median": 2136.540771484375,
  "summary_fg_n": 79243.0,
  "summary_fg_p05": 1232.8397338867187,
  "summary_fg_p95": 3460.0794921875,
  "summary_fg_stdv": 689.9481811523438,
  "tsnr": 58.036024706903845
}