{
  "aor": 0.0037543999999999998,
  "aqi": 0.0042234116,
  "bids_meta": {
    "AcquisitionNumber": 1,
    "AcquisitionTime": "17:42:55.000000",
    "ConversionSoftware": "dcm2niix",
    "ConversionSoftwareVersion": "v1.0.20170724 (OpenJPEG build) GCC6.1.0",
    "DeviceSerialNumber": "000000000000GEHC",
    "EchoTime": 0.04,
    "FlipAngle": 90,
    "ImageType": [
      "ORIGINAL",
      "PRIMARY",
      "EPI",
      "NONE"
    ],
    "InstitutionName": "INSTITUTO_DE_NEUROBIOLOGIA",
    "MagneticFieldStrength": 3,
    "Manufacturer": "GE",
    "ManufacturersModelName": "DISCOVERY_MR750",
    "PhaseEncodingLines": 128,
    "ProcedureStepDescription": "Fibromialgia",
    "ProtocolName": "fMRI_post2",
    "RepetitionTime": 3,
    "ScanningSequence": "EP_GR",
    "SequenceVariant": "SS",
    "SeriesDescription": "fMRI_post2",
    "SliceTiming": [
      0.0,
      1.535,
      0.07,
      1.605,
      0.14,
      1.674,
      0.209,
      1.744,
      0.279,
      1.814,
      0.349,
      1.884,
      0.419,
      1.953,
      0.488,
      2.023,
      0.558,
      2.093,
      0.628,
      2.163,
      0.698,
      2.233,
      0.767,
      2.302,
      0.837,
      2.372,
      0.907,
      2.442,
      0.977,
      2.512,
      1.047,
      2.581,
      1.116,
      2.651,
      1.186,
      2.721,
      1.256,
      2.791,
      1.326,
      2.86,
      1.395,
      2.93,
      1.465
    ],
    "SoftwareVersions": "23_LX_MR_Software_release:DV22.0_V01_1040.a",
    "TaskName": "post-music",
    "dataset": "ds001928",
    "modality": "bold",
    "subject_id": "06",
    "task_id": "rest4"
  },
  "dummy_trs": 0,
  "dvars_nstd": 31.66925416767677,
  "dvars_std": 1.1417085165656564,
  "dvars_vstd": 1.023882489393939,
  "efc": 0.3608255926657305,
  "fber": 42656.17578125,
  "fd_mean": 0.25995990399570046,
  "fd_num": 52,
  "fd_perc": 52.0,
  "fwhm_avg": 3.1922743720232156,
  "fwhm_x": 3.338905,
  "fwhm_y": 3.445615,
  "fwhm_z": 2.7923031160696463,
  "gcor": 0.0137008,
  "gsr_x": -0.015122126787900925,
  "gsr_y": 0.005716376937925816,
  "provenance": {
    "md5sum": "989e091a48247428e1a62c2ba50a3477",
    "settings": {
      "fd_thres": 0.2,
      "testing": false
    },
    "software": "mriqc",
    "version": "21.0.0rc2",
    "webapi_port": null,
    "webapi_url": "https://mriqc.nimh.nih.gov/api/v1"
  },
  "size_t": 100,
  "size_x": 128,
  "size_y": 128,
  "size_z": 43,
  "snr": 3.1460341687579754,
  "spacing_tr": 3.0,
  "spacing_x": 2.0,
  "spacing_y": 2.0,
  "spacing_z": 3.0000038146972656,
  "summary_bg_k": 46.711229308738204,
  "summary_bg_mad": 19.73343548765937,
  "summary_bg_mean": 56.579437255859375,
  "summary_bg_median": 13.539999961853027,
  "summary_bg_n": 539968.0,
  "summary_bg_p05": 0.07999999821186066,
  "summary_bg_p95": 264.4599914550781,
  "summary_bg_stdv": 141.13214111328125,
  "summary_fg_k": 1.0927841583265865,
  "summary_fg_mad": 669.9805584886635,
  "summary_fg_mean": 2761.89501953125,
  "summary_fg_median": 2621.23486328125,
  "summary_fg_n": 80028.0,
  "summary_fg_p05": 1625.076953125,
  "summary_fg_p95": 4385.6722656249985,
  "summary_fg_stdv": 833.1818237304688,
  "tsnr": 54.24025399319362
}