{
  "aor": 0.0037589,
  "aqi": 0.004784497299999999,
  "bids_meta": {
    "AcquisitionNumber": 1,
    "AcquisitionTime": "19:53:47.000000",
    "ConversionSoftware": "dcm2niix",
    "ConversionSoftwareVersion": "v1.0.20170724 (OpenJPEG build) GCC6.1.0",
    "DeviceSerialNumber": "000000000000GEHC",
    "EchoTime": 0.04,
    "FlipAngle": 90,
    "ImageType": [
      "ORIGINAL",
      "PRIMARY",
      "EPI",
      "NONE"
    ],
    "InstitutionName": "INSTITUTO_DE_NEUROBIOLOGIA",
    "MagneticFieldStrength": 3,
    "Manufacturer": "GE",
    "ManufacturersModelName": "DISCOVERY_MR750",
    "PhaseEncodingLines": 128,
    "ProcedureStepDescription": "Fibromialgia",
    "ProtocolName": "fMRI_pre1",
    "RepetitionTime": 3,
    "ScanningSequence": "EP_GR",
    "SequenceVariant": "SS",
    "SeriesDescription": "fMRI_pre1",
    "SliceTiming": [
      0.0,
      1.535,
      0.07,
      1.605,
      0.14,
      1.674,
      0.209,
      1.744,
      0.279,
      1.814,
      0.349,
      1.884,
      0.419,
      1.953,
      0.488,
      2.023,
      0.558,
      2.093,
      0.628,
      2.163,
      0.698,
      2.233,
      0.767,
      2.302,
      0.837,
      2.372,
      0.907,
      2.442,
      0.977,
      2.512,
      1.047,
      2.581,
      1.116,
      2.651,
      1.186,
      2.721,
      1.256,
      2.791,
      1.326,
      2.86,
      1.395,
      2.93,
      1.465
    ],
    "SoftwareVersions": "23_LX_MR_Software_release:DV22.0_V01_1040.a",
    "TaskName": "pre-control",
    "dataset": "ds001928",
    "modality": "bold",
    "subject_id": "06",
    "task_id": "rest1"
  },
  "dummy_trs": 0,
  "dvars_nstd": 28.491353333232315,
  "dvars_std": 1.080602466464646,
  "dvars_vstd": 1.0073970254545452,
  "efc": 0.3577375270763264,
  "fber": 54545.484375,
  "fd_mean": 0.20687189419281024,
  "fd_num": 36,
  "fd_perc": 36.0,
  "fwhm_avg": 2.8928461111111115,
  "fwhm_x": 3.068925,
  "fwhm_y": 3.19442,
  "fwhm_z": 2.4151933333333333,
  "gcor": 0.021603,
  "gsr_x": -0.012264794670045376,
  "gsr_y": 0.005674158688634634,
  "provenance": {
    "md5sum": "7c582a4cc4e2d981e13c2e864a94c45b",
    "settings": {
      "fd_thres": 0.2,
      "testing": false
    },
    "software": "mriqc",
    "version": "21.0.0rc2",
    "webapi_port": null,
    "webapi_url": "https://mriqc.nimh.nih.gov/api/v1"
  },
  "size_t": 100,
  "size_x": 128,
  "size_y": 128,
  "size_z": 43,
  "snr": 3.710687331142417,
  "spacing_tr": 3.0,
  "spacing_x": 2.0,
  "spacing_y": 2.0,
  "spacing_z": 3.0,
  "summary_bg_k": 74.49738910953077,
  "summary_bg_mad": 15.789712796406862,
  "summary_bg_mean": 48.69916534423828,
  "summary_bg_median": 11.09999942779541,
  "summary_bg_n": 541211.0,
  "summary_bg_p05": 0.22999998927116394,
  "summary_bg_p95": 203.4949951171875,
  "summary_bg_stdv": 138.10330200195312,
  "summary_fg_k": 0.41524901220062826,
  "summary_fg_mad": 597.5777370620916,
  "summary_fg_mean": 2489.706298828125,
  "summary_fg_median": 2440.989990234375,
  "summary_fg_n": 77949.0,
  "summary_fg_p05": 1442.1400146484375,
  "summary_fg_p95": 3645.9939941406246,
  "summary_fg_stdv": 657.8226928710938,
  "tsnr": 53.041594832669944
}