{
  "bids_meta": {
    "AcquisitionNumber": 1,
    "AcquisitionTime": "18:52:46.000000",
    "ConversionSoftware": "dcm2niix",
    "ConversionSoftwareVersion": "v1.0.20170724 (OpenJPEG build) GCC6.1.0",
    "DeviceSerialNumber": "000000000000GEHC",
    "EchoTime": 0.003184,
    "FlipAngle": 12,
    "ImageType": [
      "ORIGINAL",
      "PRIMARY",
      "OTHER"
    ],
    "InstitutionName": "INSTITUTO_DE_NEUROBIOLOGIA",
    "InversionTime": 0.45,
    "MagneticFieldStrength": 3,
    "Manufacturer": "GE",
    "ManufacturersModelName": "DISCOVERY_MR750",
    "PhaseEncodingLines": 256,
    "ProtocolName": "Sag_T1_FSPGR_BRAVO",
    "RepetitionTime": 0.008164,
    "ScanningSequence": "GR",
    "SequenceVariant": "SS_SK",
    "SeriesDescription": "Sag_T1_FSPGR_BRAVO",
    "SoftwareVersions": "23_LX_MR_Software_release:DV22.0_V01_1040.a",
    "dataset": "ds001928",
    "modality": "T1w",
    "subject_id": "01"
  },
  "cjv": 0.40175965279934356,
  "cnr": 1.5902104379550885,
  "efc": 0.85351118481139,
  "fber": 19.929174423217773,
  "fwhm_avg": 3.2469590678328655,
  "fwhm_x": 3.1940272034985977,
  "fwhm_y": 3.4445,
  "fwhm_z": 3.10235,
  "icvs_csf": 0.21157736233455476,
  "icvs_gm": 0.398388498752283,
  "icvs_wm": 0.39003413891316224,
  "inu_med": 1.0054707527160645,
  "inu_range": 0.14861075878143304,
  "provenance": {
    "md5sum": "0fea829ea7d5358350491192019cef2b",
    "settings": {
      "testing": false
    },
    "software": "mriqc",
    "version": "21.0.0rc2",
    "warnings": {
      "large_rot_frame": true,
      "small_air_mask": true
    },
    "webapi_port": null,
    "webapi_url": "https://mriqc.nimh.nih.gov/api/v1"
  },
  "qi_1": 0.0,
  "qi_2": 4.8980483364628266e-05,
  "rpve_csf": 17.407301306599912,
  "rpve_gm": 9.338336049825923,
  "rpve_wm": 12.052331426518828,
  "size_x": 160,
  "size_y": 207,
  "size_z": 178,
  "snr_csf": 4.14637218052377,
  "snr_gm": 12.662525620009859,
  "snr_total": 12.550582791785516,
  "snr_wm": 20.84285057482292,
  "snrd_csf": 2.376217315163644,
  "snrd_gm": 3.835313050058328,
  "snrd_total": 3.7701988958131167,
  "snrd_wm": 5.099066322217378,
  "spacing_x": 1.100000023841858,
  "spacing_y": 1.0,
  "spacing_z": 1.0,
  "summary_bg_k": 0.0,
  "summary_bg_mad": 128.48518728311288,
  "summary_bg_mean": 0.0,
  "summary_bg_median": 0.0,
  "summary_bg_n": 171937.0,
  "summary_bg_p05": 0.0,
  "summary_bg_p95": 0.0,
  "summary_bg_stdv": 135.87280654640483,
  "summary_csf_k": -0.1748501510443048,
  "summary_csf_mad": 107.138461220952,
  "summary_csf_mean": 450.28973388671875,
  "summary_csf_median": 466.0231628417969,
  "summary_csf_n": 11980.0,
  "summary_csf_p05": 239.57532653808593,
  "summary_csf_p95": 610.5256500244141,
  "summary_csf_stdv": 112.38829803466797,
  "summary_gm_k": 0.5541452532227158,
  "summary_gm_mad": 55.79625587283758,
  "summary_gm_mean": 754.2166137695312,
  "summary_gm_median": 752.1806640625,
  "summary_gm_n": 10752.0,
  "summary_gm_p05": 660.5028900146484,
  "summary_gm_p95": 855.7027954101562,
  "summary_gm_stdv": 59.39934158325195,
  "summary_wm_k": 1.1991668033549754,
  "summary_wm_mad": 43.778662713198464,
  "summary_wm_mean": 1003.7518920898438,
  "summary_wm_median": 1000.0276489257812,
  "summary_wm_n": 149205.0,
  "summary_wm_p05": 932.561767578125,
  "summary_wm_p95": 1088.0434814453124,
  "summary_wm_stdv": 47.979248046875,
  "tpm_overlap_csf": 0.14884725213050842,
  "tpm_overlap_gm": 0.40679144859313965,
  "tpm_overlap_wm": 0.478539377450943,
  "wm2max": 0.4881827532784969
}