{
  "aor": 0.0056226,
  "aqi": 0.006579270300000002,
  "bids_meta": {
    "AcquisitionNumber": 1,
    "AcquisitionTime": "15:03:53.000000",
    "ConversionSoftware": "dcm2niix",
    "ConversionSoftwareVersion": "v1.0.20170724 (OpenJPEG build) GCC6.1.0",
    "DeviceSerialNumber": "000000000000GEHC",
    "EchoTime": 0.04,
    "FlipAngle": 90,
    "ImageType": [
      "ORIGINAL",
      "PRIMARY",
      "EPI",
      "NONE"
    ],
    "InstitutionName": "INSTITUTO_DE_NEUROBIOLOGIA",
    "MagneticFieldStrength": 3,
    "Manufacturer": "GE",
    "ManufacturersModelName": "DISCOVERY_MR750",
    "PhaseEncodingLines": 128,
    "ProcedureStepDescription": "Fibromialgia",
    "ProtocolName": "fMRI_post2",
    "RepetitionTime": 3,
    "ScanningSequence": "EP_GR",
    "SequenceVariant": "SS",
    "SeriesDescription": "fMRI_post2",
    "SliceTiming": [
      0.0,
      1.535,
      0.07,
      1.605,
      0.14,
      1.674,
      0.209,
      1.744,
      0.279,
      1.814,
      0.349,
      1.884,
      0.419,
      1.953,
      0.488,
      2.023,
      0.558,
      2.093,
      0.628,
      2.163,
      0.698,
      2.233,
      0.767,
      2.302,
      0.837,
      2.372,
      0.907,
      2.442,
      0.977,
      2.512,
      1.047,
      2.581,
      1.116,
      2.651,
      1.186,
      2.721,
      1.256,
      2.791,
      1.326,
      2.86,
      1.395,
      2.93,
      1.465
    ],
    "SoftwareVersions": "24_LX_MR_Software_release:DV24.0_R01_1344.a",
    "TaskName": "post-music",
    "dataset": "ds001928",
    "modality": "bold",
    "subject_id": "42",
    "task_id": "rest4"
  },
  "dummy_trs": 0,
  "dvars_nstd": 24.18848047383839,
  "dvars_std": 1.0483146867676763,
  "dvars_vstd": 1.0186697644444451,
  "efc": 0.3644518777352971,
  "fber": 18498.666015625,
  "fd_mean": 0.06070226541335401,
  "fd_num": 5,
  "fd_perc": 5.0,
  "fwhm_avg": 3.091106111111111,
  "fwhm_x": 3.212675,
  "fwhm_y": 3.54409,
  "fwhm_z": 2.5165533333333334,
  "gcor": 0.0209835,
  "gsr_x": -0.027903493493795395,
  "gsr_y": 0.016987551003694534,
  "provenance": {
    "md5sum": "008d71c683fd01a640775df296c544c7",
    "settings": {
      "fd_thres": 0.2,
      "testing": false
    },
    "software": "mriqc",
    "version": "21.0.0rc2",
    "webapi_port": null,
    "webapi_url": "https://mriqc.nimh.nih.gov/api/v1"
  },
  "size_t": 100,
  "size_x": 128,
  "size_y": 128,
  "size_z": 43,
  "snr": 3.1142909719935608,
  "spacing_tr": 3.0,
  "spacing_x": 2.0,
  "spacing_y": 2.0,
  "spacing_z": 3.0,
  "summary_bg_k": 232.4324174551482,
  "summary_bg_mad": 18.628896606878154,
  "summary_bg_mean": 54.779632568359375,
  "summary_bg_median": 15.78499984741211,
  "summary_bg_n": 539758.0,
  "summary_bg_p05": 1.3799999952316284,
  "summary_bg_p95": 225.70149612426724,
  "summary_bg_stdv": 166.49168395996094,
  "summary_fg_k": 1.2064075536051684,
  "summary_fg_mad": 616.6809001443575,
  "summary_fg_mean": 2200.4794921875,
  "summary_fg_median": 2124.6650390625,
  "summary_fg_n": 78200.0,
  "summary_fg_p05": 1221.9274353027345,
  "summary_fg_p95": 3422.376379394532,
  "summary_fg_stdv": 682.2263793945312,
  "tsnr": 52.671829293016344
}