{
  "aor": 0.0010783,
  "aqi": 0.0036053441999999995,
  "bids_meta": {
    "AcquisitionNumber": 1,
    "AcquisitionTime": "14:25:52.000000",
    "ConversionSoftware": "dcm2niix",
    "ConversionSoftwareVersion": "v1.0.20170724 (OpenJPEG build) GCC6.1.0",
    "DeviceSerialNumber": "000000000000GEHC",
    "EchoTime": 0.04,
    "FlipAngle": 90,
    "ImageType": [
      "ORIGINAL",
      "PRIMARY",
      "EPI",
      "NONE"
    ],
    "InstitutionName": "INSTITUTO_DE_NEUROBIOLOGIA",
    "MagneticFieldStrength": 3,
    "Manufacturer": "GE",
    "ManufacturersModelName": "DISCOVERY_MR750",
    "PhaseEncodingLines": 128,
    "ProcedureStepDescription": "Fibromialgia",
    "ProtocolName": "fMRI_post1",
    "RepetitionTime": 3,
    "ScanningSequence": "EP_GR",
    "SequenceVariant": "SS",
    "SeriesDescription": "fMRI_post1",
    "SliceTiming": [
      0.0,
      1.535,
      0.07,
      1.605,
      0.14,
      1.674,
      0.209,
      1.744,
      0.279,
      1.814,
      0.349,
      1.884,
      0.419,
      1.953,
      0.488,
      2.023,
      0.558,
      2.093,
      0.628,
      2.163,
      0.698,
      2.233,
      0.767,
      2.302,
      0.837,
      2.372,
      0.907,
      2.442,
      0.977,
      2.512,
      1.047,
      2.581,
      1.116,
      2.651,
      1.186,
      2.721,
      1.256,
      2.791,
      1.326,
      2.86,
      1.395,
      2.93,
      1.465
    ],
    "SoftwareVersions": "24_LX_MR_Software_release:DV24.0_R01_1344.a",
    "TaskName": "post-control",
    "dataset": "ds001928",
    "modality": "bold",
    "subject_id": "42",
    "task_id": "rest2"
  },
  "dummy_trs": 0,
  "dvars_nstd": 23.925905554949498,
  "dvars_std": 1.0506132785858584,
  "dvars_vstd": 0.9955122257575757,
  "efc": 0.36244454977681334,
  "fber": 19899.205078125,
  "fd_mean": 0.02654941831298704,
  "fd_num": 0,
  "fd_perc": 0.0,
  "fwhm_avg": 3.1281727777777775,
  "fwhm_x": 3.23785,
  "fwhm_y": 3.590235,
  "fwhm_z": 2.556433333333333,
  "gcor": 0.0143926,
  "gsr_x": -0.02634129673242569,
  "gsr_y": 0.01437661238014698,
  "provenance": {
    "md5sum": "57bdc9234a6aff0402b21f61cf14e480",
    "settings": {
      "fd_thres": 0.2,
      "testing": false
    },
    "software": "mriqc",
    "version": "21.0.0rc2",
    "webapi_port": null,
    "webapi_url": "https://mriqc.nimh.nih.gov/api/v1"
  },
  "size_t": 100,
  "size_x": 128,
  "size_y": 128,
  "size_z": 43,
  "snr": 3.112750259899758,
  "spacing_tr": 3.0,
  "spacing_x": 2.0,
  "spacing_y": 2.0,
  "spacing_z": 3.0,
  "summary_bg_k": 229.0271684356622,
  "summary_bg_mad": 18.236007570402837,
  "summary_bg_mean": 52.52883529663086,
  "summary_bg_median": 15.460000038146973,
  "summary_bg_n": 539201.0,
  "summary_bg_p05": 1.3600000143051147,
  "summary_bg_p95": 212.69000244140625,
  "summary_bg_stdv": 156.58465576171875,
  "summary_fg_k": 1.3221318892182383,
  "summary_fg_mad": 628.1563173279117,
  "summary_fg_mean": 2241.864990234375,
  "summary_fg_median": 2163.7099609375,
  "summary_fg_n": 78550.0,
  "summary_fg_p05": 1251.4289306640626,
  "summary_fg_p95": 3488.7458618164064,
  "summary_fg_stdv": 695.1075439453125,
  "tsnr": 61.851725689833984
}