{
  "aor": 0.006194300000000001,
  "aqi": 0.0032476766000000003,
  "bids_meta": {
    "AcquisitionNumber": 1,
    "AcquisitionTime": "14:14:0.000000",
    "ConversionSoftware": "dcm2niix",
    "ConversionSoftwareVersion": "v1.0.20170724 (OpenJPEG build) GCC6.1.0",
    "DeviceSerialNumber": "000000000000GEHC",
    "EchoTime": 0.04,
    "FlipAngle": 90,
    "ImageType": [
      "ORIGINAL",
      "PRIMARY",
      "EPI",
      "NONE"
    ],
    "InstitutionName": "INSTITUTO_DE_NEUROBIOLOGIA",
    "MagneticFieldStrength": 3,
    "Manufacturer": "GE",
    "ManufacturersModelName": "DISCOVERY_MR750",
    "PhaseEncodingLines": 128,
    "ProcedureStepDescription": "Fibromialgia",
    "ProtocolName": "fMRI_pre1",
    "RepetitionTime": 3,
    "ScanningSequence": "EP_GR",
    "SequenceVariant": "SS",
    "SeriesDescription": "fMRI_pre1",
    "SliceTiming": [
      0.0,
      1.535,
      0.07,
      1.605,
      0.14,
      1.674,
      0.209,
      1.744,
      0.279,
      1.814,
      0.349,
      1.884,
      0.419,
      1.953,
      0.488,
      2.023,
      0.558,
      2.093,
      0.628,
      2.163,
      0.698,
      2.233,
      0.767,
      2.302,
      0.837,
      2.372,
      0.907,
      2.442,
      0.977,
      2.512,
      1.047,
      2.581,
      1.116,
      2.651,
      1.186,
      2.721,
      1.256,
      2.791,
      1.326,
      2.86,
      1.395,
      2.93,
      1.465
    ],
    "SoftwareVersions": "24_LX_MR_Software_release:DV24.0_R01_1344.a",
    "TaskName": "pre-control",
    "dataset": "ds001928",
    "modality": "bold",
    "subject_id": "42",
    "task_id": "rest1"
  },
  "dummy_trs": 0,
  "dvars_nstd": 26.839731813939387,
  "dvars_std": 1.0938967034343439,
  "dvars_vstd": 1.0397691341414144,
  "efc": 0.36459587239955954,
  "fber": 22676.888671875,
  "fd_mean": 0.043585498569225556,
  "fd_num": 1,
  "fd_perc": 1.0,
  "fwhm_avg": 3.14345,
  "fwhm_x": 3.228005,
  "fwhm_y": 3.635645,
  "fwhm_z": 2.5667,
  "gcor": 0.0700903,
  "gsr_x": -0.026645448058843613,
  "gsr_y": 0.014316427521407604,
  "provenance": {
    "md5sum": "f420a350e0fa71f9f44be9bccdc317b9",
    "settings": {
      "fd_thres": 0.2,
      "testing": false
    },
    "software": "mriqc",
    "version": "21.0.0rc2",
    "webapi_port": null,
    "webapi_url": "https://mriqc.nimh.nih.gov/api/v1"
  },
  "size_t": 100,
  "size_x": 128,
  "size_y": 128,
  "size_z": 43,
  "snr": 3.1464125453661467,
  "spacing_tr": 3.0,
  "spacing_x": 2.0,
  "spacing_y": 2.0,
  "spacing_z": 3.0,
  "summary_bg_k": 122.51316546866974,
  "summary_bg_mad": 17.450227730052628,
  "summary_bg_mean": 53.822532653808594,
  "summary_bg_median": 14.819999694824219,
  "summary_bg_n": 537811.0,
  "summary_bg_p05": 1.3399999141693115,
  "summary_bg_p95": 217.70499420166016,
  "summary_bg_stdv": 161.49578857421875,
  "summary_fg_k": 1.5162749267695173,
  "summary_fg_mad": 637.6966780026447,
  "summary_fg_mean": 2282.900634765625,
  "summary_fg_median": 2213.739990234375,
  "summary_fg_n": 79725.0,
  "summary_fg_p05": 1269.3979736328126,
  "summary_fg_p95": 3527.0958984375,
  "summary_fg_stdv": 703.5714721679688,
  "tsnr": 52.19267955981195
}