{
  "bids_meta": {
    "AcquisitionNumber": 1,
    "AcquisitionTime": "19:27:26.000000",
    "ConversionSoftware": "dcm2niix",
    "ConversionSoftwareVersion": "v1.0.20170724 (OpenJPEG build) GCC6.1.0",
    "DeviceSerialNumber": "000000000000GEHC",
    "EchoTime": 0.003184,
    "FlipAngle": 12,
    "ImageType": [
      "ORIGINAL",
      "PRIMARY",
      "OTHER"
    ],
    "InstitutionName": "INSTITUTO_DE_NEUROBIOLOGIA",
    "InversionTime": 0.45,
    "MagneticFieldStrength": 3,
    "Manufacturer": "GE",
    "ManufacturersModelName": "DISCOVERY_MR750",
    "PhaseEncodingLines": 256,
    "ProcedureStepDescription": "Fibromialgia",
    "ProtocolName": "Sag_T1_FSPGR_BRAVO",
    "RepetitionTime": 0.008164,
    "ScanningSequence": "GR",
    "SequenceVariant": "SS_SK",
    "SeriesDescription": "Sag_T1_FSPGR_BRAVO",
    "SoftwareVersions": "23_LX_MR_Software_release:DV22.0_V01_1040.a",
    "dataset": "ds001928",
    "modality": "T1w",
    "subject_id": "13"
  },
  "cjv": 0.5976483099322305,
  "cnr": 1.11834081366358,
  "efc": 0.8665330213432065,
  "fber": 27.088794708251953,
  "fwhm_avg": 3.2525057341917556,
  "fwhm_x": 3.2366272025752676,
  "fwhm_y": 3.401,
  "fwhm_z": 3.11989,
  "icvs_csf": 0.21491176920477598,
  "icvs_gm": 0.4141161376828008,
  "icvs_wm": 0.37097209311242324,
  "inu_med": 1.0143808126449585,
  "inu_range": 0.1664631962776184,
  "provenance": {
    "md5sum": "e98d0010727987be699451436c28a49a",
    "settings": {
      "testing": false
    },
    "software": "mriqc",
    "version": "21.0.0rc2",
    "warnings": {
      "large_rot_frame": true,
      "small_air_mask": true
    },
    "webapi_port": null,
    "webapi_url": "https://mriqc.nimh.nih.gov/api/v1"
  },
  "qi_1": 0.0,
  "qi_2": 0.0,
  "rpve_csf": 14.27706619348695,
  "rpve_gm": 7.544305634751957,
  "rpve_wm": 9.90724017119806,
  "size_x": 152,
  "size_y": 202,
  "size_z": 170,
  "snr_csf": 3.356987894205551,
  "snr_gm": 13.378842126528443,
  "snr_total": 11.560313277074059,
  "snr_wm": 17.945109810488184,
  "snrd_csf": 2.1552634457532047,
  "snrd_gm": 4.613598430638529,
  "snrd_total": 4.13739073383642,
  "snrd_wm": 5.643310325117528,
  "spacing_x": 1.100000023841858,
  "spacing_y": 1.0,
  "spacing_z": 1.0,
  "summary_bg_k": 0.0,
  "summary_bg_mad": 116.09809947434437,
  "summary_bg_mean": 0.0,
  "summary_bg_median": 0.0,
  "summary_bg_n": 189838.0,
  "summary_bg_p05": 0.0,
  "summary_bg_p95": 0.0,
  "summary_bg_stdv": 140.65545768637787,
  "summary_csf_k": 0.8168655808198473,
  "summary_csf_mad": 86.6956262304912,
  "summary_csf_mean": 412.0588073730469,
  "summary_csf_median": 381.93878173828125,
  "summary_csf_n": 28398.0,
  "summary_csf_p05": 276.0256561279297,
  "summary_csf_p95": 650.7431640625,
  "summary_csf_stdv": 113.77224731445312,
  "summary_gm_k": 0.7368026796872131,
  "summary_gm_mad": 57.34713344375178,
  "summary_gm_mean": 820.3792724609375,
  "summary_gm_median": 817.5855102539062,
  "summary_gm_n": 10997.0,
  "summary_gm_p05": 726.3091918945313,
  "summary_gm_p95": 926.8578979492186,
  "summary_gm_stdv": 61.1075553894043,
  "summary_wm_k": 0.7266587180762603,
  "summary_wm_mad": 51.71018642242796,
  "summary_wm_mean": 1008.49658203125,
  "summary_wm_median": 1000.0629272460938,
  "summary_wm_n": 150443.0,
  "summary_wm_p05": 933.0568420410157,
  "summary_wm_p95": 1114.818359375,
  "summary_wm_stdv": 55.72880935668945,
  "tpm_overlap_csf": 0.17472316324710846,
  "tpm_overlap_gm": 0.44306597113609314,
  "tpm_overlap_wm": 0.504655659198761,
  "wm2max": 0.47025352476230997
}