{
  "aor": 0.007410700000000001,
  "aqi": 0.0055392168,
  "bids_meta": {
    "AcquisitionNumber": 1,
    "AcquisitionTime": "18:06:9.000000",
    "ConversionSoftware": "dcm2niix",
    "ConversionSoftwareVersion": "v1.0.20170724 (OpenJPEG build) GCC6.1.0",
    "DeviceSerialNumber": "000000000000GEHC",
    "EchoTime": 0.04,
    "FlipAngle": 90,
    "ImageType": [
      "ORIGINAL",
      "PRIMARY",
      "EPI",
      "NONE"
    ],
    "InstitutionName": "INSTITUTO_DE_NEUROBIOLOGIA",
    "MagneticFieldStrength": 3,
    "Manufacturer": "GE",
    "ManufacturersModelName": "DISCOVERY_MR750",
    "PhaseEncodingLines": 128,
    "ProcedureStepDescription": "Fibromilagia",
    "ProtocolName": "fMRI_pre1",
    "RepetitionTime": 3,
    "ScanningSequence": "EP_GR",
    "SequenceVariant": "SS",
    "SeriesDescription": "fMRI_pre1",
    "SliceTiming": [
      0.0,
      1.535,
      0.07,
      1.605,
      0.14,
      1.674,
      0.209,
      1.744,
      0.279,
      1.814,
      0.349,
      1.884,
      0.419,
      1.953,
      0.488,
      2.023,
      0.558,
      2.093,
      0.628,
      2.163,
      0.698,
      2.233,
      0.767,
      2.302,
      0.837,
      2.372,
      0.907,
      2.442,
      0.977,
      2.512,
      1.047,
      2.581,
      1.116,
      2.651,
      1.186,
      2.721,
      1.256,
      2.791,
      1.326,
      2.86,
      1.395,
      2.93,
      1.465
    ],
    "SoftwareVersions": "24_LX_MR_Software_release:DV24.0_R01_1344.a",
    "TaskName": "pre-music",
    "dataset": "ds001928",
    "modality": "bold",
    "subject_id": "24",
    "task_id": "rest3"
  },
  "dummy_trs": 0,
  "dvars_nstd": 35.182158865555564,
  "dvars_std": 1.2087984422222224,
  "dvars_vstd": 1.0375485029292932,
  "efc": 0.36890983675757427,
  "fber": 18787.31640625,
  "fd_mean": 0.12597836470608964,
  "fd_num": 17,
  "fd_perc": 17.0,
  "fwhm_avg": 2.801242777777778,
  "fwhm_x": 2.88351,
  "fwhm_y": 3.114525,
  "fwhm_z": 2.4056933333333332,
  "gcor": 0.0479265,
  "gsr_x": -0.013842975720763206,
  "gsr_y": 0.0009823001455515623,
  "provenance": {
    "md5sum": "941b33ca2e7b5b8aff2ed9777742d081",
    "settings": {
      "fd_thres": 0.2,
      "testing": false
    },
    "software": "mriqc",
    "version": "21.0.0rc2",
    "webapi_port": null,
    "webapi_url": "https://mriqc.nimh.nih.gov/api/v1"
  },
  "size_t": 100,
  "size_x": 128,
  "size_y": 128,
  "size_z": 43,
  "snr": 3.654375782300424,
  "spacing_tr": 3.0,
  "spacing_x": 2.0,
  "spacing_y": 2.0,
  "spacing_z": 3.0,
  "summary_bg_k": 110.31210716126768,
  "summary_bg_mad": 19.79274018261765,
  "summary_bg_mean": 49.49186325073242,
  "summary_bg_median": 17.559999465942383,
  "summary_bg_n": 536281.0,
  "summary_bg_p05": 2.069999933242798,
  "summary_bg_p95": 203.09999084472656,
  "summary_bg_stdv": 127.00820922851562,
  "summary_fg_k": 0.5300572431488701,
  "summary_fg_mad": 575.35354428523,
  "summary_fg_mean": 2396.701171875,
  "summary_fg_median": 2347.9951171875,
  "summary_fg_n": 83452.0,
  "summary_fg_p05": 1406.7099609375,
  "summary_fg_p95": 3512.7690185546876,
  "summary_fg_stdv": 642.51220703125,
  "tsnr": 49.812149367062375
}