{
  "aor": 0.0029244,
  "aqi": 0.0050050326,
  "bids_meta": {
    "AcquisitionNumber": 1,
    "AcquisitionTime": "14:03:44.000000",
    "ConversionSoftware": "dcm2niix",
    "ConversionSoftwareVersion": "v1.0.20170724 (OpenJPEG build) GCC6.1.0",
    "DeviceSerialNumber": "000000000000GEHC",
    "EchoTime": 0.04,
    "FlipAngle": 90,
    "ImageType": [
      "ORIGINAL",
      "PRIMARY",
      "EPI",
      "NONE"
    ],
    "InstitutionName": "INSTITUTO_DE_NEUROBIOLOGIA",
    "MagneticFieldStrength": 3,
    "Manufacturer": "GE",
    "ManufacturersModelName": "DISCOVERY_MR750",
    "PhaseEncodingLines": 128,
    "ProcedureStepDescription": "Fibromialgia",
    "ProtocolName": "fMRI_post1",
    "RepetitionTime": 3,
    "ScanningSequence": "EP_GR",
    "SequenceVariant": "SS",
    "SeriesDescription": "fMRI_post1",
    "SliceTiming": [
      0.0,
      1.535,
      0.07,
      1.605,
      0.14,
      1.674,
      0.209,
      1.744,
      0.279,
      1.814,
      0.349,
      1.884,
      0.419,
      1.953,
      0.488,
      2.023,
      0.558,
      2.093,
      0.628,
      2.163,
      0.698,
      2.233,
      0.767,
      2.302,
      0.837,
      2.372,
      0.907,
      2.442,
      0.977,
      2.512,
      1.047,
      2.581,
      1.116,
      2.651,
      1.186,
      2.721,
      1.256,
      2.791,
      1.326,
      2.86,
      1.395,
      2.93,
      1.465
    ],
    "SoftwareVersions": "24_LX_MR_Software_release:DV24.0_R01_1344.a",
    "TaskName": "post-control",
    "dataset": "ds001928",
    "modality": "bold",
    "subject_id": "34",
    "task_id": "rest2"
  },
  "dummy_trs": 0,
  "dvars_nstd": 31.17665583747474,
  "dvars_std": 1.1345962003030303,
  "dvars_vstd": 1.0182375231313132,
  "efc": 0.3527244563105424,
  "fber": 21492.75,
  "fd_mean": 0.21945533924179608,
  "fd_num": 36,
  "fd_perc": 36.0,
  "fwhm_avg": 3.0570355555555557,
  "fwhm_x": 3.187065,
  "fwhm_y": 3.406015,
  "fwhm_z": 2.5780266666666667,
  "gcor": 0.0344772,
  "gsr_x": -0.020773353055119514,
  "gsr_y": 0.008727514185011387,
  "provenance": {
    "md5sum": "923923800de47387c0640e68330ff2f4",
    "settings": {
      "fd_thres": 0.2,
      "testing": false
    },
    "software": "mriqc",
    "version": "21.0.0rc2",
    "webapi_port": null,
    "webapi_url": "https://mriqc.nimh.nih.gov/api/v1"
  },
  "size_t": 100,
  "size_x": 128,
  "size_y": 128,
  "size_z": 43,
  "snr": 3.247060077379203,
  "spacing_tr": 3.0,
  "spacing_x": 2.0,
  "spacing_y": 2.0,
  "spacing_z": 3.0,
  "summary_bg_k": 161.56836394636798,
  "summary_bg_mad": 18.947656310084003,
  "summary_bg_mean": 57.07461166381836,
  "summary_bg_median": 16.75,
  "summary_bg_n": 546397.0,
  "summary_bg_p05": 1.909999966621399,
  "summary_bg_p95": 237.64199829101517,
  "summary_bg_stdv": 173.23382568359375,
  "summary_fg_k": 1.4469602654520806,
  "summary_fg_mad": 602.7816853275837,
  "summary_fg_mean": 2563.5107421875,
  "summary_fg_median": 2433.530029296875,
  "summary_fg_n": 73067.0,
  "summary_fg_p05": 1558.195947265625,
  "summary_fg_p95": 3988.418823242186,
  "summary_fg_stdv": 749.4512939453125,
  "tsnr": 55.68109251558781
}