{
  "aor": 0.001421,
  "aqi": 0.0031079797999999993,
  "bids_meta": {
    "AcquisitionNumber": 1,
    "AcquisitionTime": "18:28:7.000000",
    "ConversionSoftware": "dcm2niix",
    "ConversionSoftwareVersion": "v1.0.20170724 (OpenJPEG build) GCC6.1.0",
    "DeviceSerialNumber": "000000000000GEHC",
    "EchoTime": 0.04,
    "FlipAngle": 90,
    "ImageType": [
      "ORIGINAL",
      "PRIMARY",
      "EPI",
      "NONE"
    ],
    "InstitutionName": "INSTITUTO_DE_NEUROBIOLOGIA",
    "MagneticFieldStrength": 3,
    "Manufacturer": "GE",
    "ManufacturersModelName": "DISCOVERY_MR750",
    "PhaseEncodingLines": 128,
    "ProtocolName": "fMRI_pre1",
    "RepetitionTime": 3,
    "ScanningSequence": "EP_GR",
    "SequenceVariant": "SS",
    "SeriesDescription": "fMRI_pre1",
    "SliceTiming": [
      0.0,
      1.535,
      0.07,
      1.605,
      0.14,
      1.674,
      0.209,
      1.744,
      0.279,
      1.814,
      0.349,
      1.884,
      0.419,
      1.953,
      0.488,
      2.023,
      0.558,
      2.093,
      0.628,
      2.163,
      0.698,
      2.233,
      0.767,
      2.302,
      0.837,
      2.372,
      0.907,
      2.442,
      0.977,
      2.512,
      1.047,
      2.581,
      1.116,
      2.651,
      1.186,
      2.721,
      1.256,
      2.791,
      1.326,
      2.86,
      1.395,
      2.93,
      1.465
    ],
    "SoftwareVersions": "23_LX_MR_Software_release:DV22.0_V01_1040.a",
    "TaskName": "pre-music",
    "dataset": "ds001928",
    "modality": "bold",
    "subject_id": "01",
    "task_id": "rest3"
  },
  "dummy_trs": 0,
  "dvars_nstd": 23.08159564222221,
  "dvars_std": 1.0503193575757577,
  "dvars_vstd": 0.984413096262626,
  "efc": 0.3488235531541518,
  "fber": 143110.53125,
  "fd_mean": 0.1251127631334766,
  "fd_num": 9,
  "fd_perc": 9.0,
  "fwhm_avg": 3.4444733333333333,
  "fwhm_x": 3.531875,
  "fwhm_y": 3.719525,
  "fwhm_z": 3.08202,
  "gcor": 0.0196346,
  "gsr_x": -0.014326231554150581,
  "gsr_y": 0.007143530063331127,
  "provenance": {
    "md5sum": "19be9ab71a1a123f470da5bb2704d931",
    "settings": {
      "fd_thres": 0.2,
      "testing": false
    },
    "software": "mriqc",
    "version": "21.0.0rc2",
    "webapi_port": null,
    "webapi_url": "https://mriqc.nimh.nih.gov/api/v1"
  },
  "size_t": 100,
  "size_x": 128,
  "size_y": 128,
  "size_z": 43,
  "snr": 2.6151097922612827,
  "spacing_tr": 3.0,
  "spacing_x": 2.0,
  "spacing_y": 2.0,
  "spacing_z": 3.0,
  "summary_bg_k": 107.14491071865159,
  "summary_bg_mad": 11.297428989406017,
  "summary_bg_mean": 50.55228042602539,
  "summary_bg_median": 7.690000057220459,
  "summary_bg_n": 539337.0,
  "summary_bg_p05": 0.04999999701976776,
  "summary_bg_p95": 229.67399902343658,
  "summary_bg_stdv": 145.821533203125,
  "summary_fg_k": 1.704565539166187,
  "summary_fg_mad": 776.157101888405,
  "summary_fg_mean": 2783.8486328125,
  "summary_fg_median": 2579.7099609375,
  "summary_fg_n": 80415.0,
  "summary_fg_p05": 1529.6340087890626,
  "summary_fg_p95": 4762.987841796878,
  "summary_fg_stdv": 986.4572143554688,
  "tsnr": 63.24692334467545
}