{
  "aor": 0.0015911,
  "aqi": 0.0046634736,
  "bids_meta": {
    "AcquisitionNumber": 1,
    "AcquisitionTime": "18:29:46.000000",
    "ConversionSoftware": "dcm2niix",
    "ConversionSoftwareVersion": "v1.0.20170724 (OpenJPEG build) GCC6.1.0",
    "DeviceSerialNumber": "000000000000GEHC",
    "EchoTime": 0.04,
    "FlipAngle": 90,
    "ImageType": [
      "ORIGINAL",
      "PRIMARY",
      "EPI",
      "NONE"
    ],
    "InstitutionName": "INSTITUTO_DE_NEUROBIOLOGIA",
    "MagneticFieldStrength": 3,
    "Manufacturer": "GE",
    "ManufacturersModelName": "DISCOVERY_MR750",
    "PhaseEncodingLines": 128,
    "ProcedureStepDescription": "Fibromialgia",
    "ProtocolName": "fMRI_post1",
    "RepetitionTime": 3,
    "ScanningSequence": "EP_GR",
    "SequenceVariant": "SS",
    "SeriesDescription": "fMRI_post1",
    "SliceTiming": [
      0.0,
      1.535,
      0.07,
      1.605,
      0.14,
      1.674,
      0.209,
      1.744,
      0.279,
      1.814,
      0.349,
      1.884,
      0.419,
      1.953,
      0.488,
      2.023,
      0.558,
      2.093,
      0.628,
      2.163,
      0.698,
      2.233,
      0.767,
      2.302,
      0.837,
      2.372,
      0.907,
      2.442,
      0.977,
      2.512,
      1.047,
      2.581,
      1.116,
      2.651,
      1.186,
      2.721,
      1.256,
      2.791,
      1.326,
      2.86,
      1.395,
      2.93,
      1.465
    ],
    "SoftwareVersions": "23_LX_MR_Software_release:DV22.0_V02_1122.a",
    "TaskName": "post-control",
    "dataset": "ds001928",
    "modality": "bold",
    "subject_id": "22",
    "task_id": "rest2"
  },
  "dummy_trs": 0,
  "dvars_nstd": 26.549129274040396,
  "dvars_std": 1.0669194690909094,
  "dvars_vstd": 0.9910143844444445,
  "efc": 0.371731492776869,
  "fber": 56511.21484375,
  "fd_mean": 0.084270509025243,
  "fd_num": 4,
  "fd_perc": 4.0,
  "fwhm_avg": 2.8217972222222225,
  "fwhm_x": 2.95807,
  "fwhm_y": 3.093705,
  "fwhm_z": 2.4136166666666665,
  "gcor": 0.0124662,
  "gsr_x": -0.012985091656446457,
  "gsr_y": 0.005970877595245838,
  "provenance": {
    "md5sum": "583136974f05d6efcf4e2fc1e774d4b5",
    "settings": {
      "fd_thres": 0.2,
      "testing": false
    },
    "software": "mriqc",
    "version": "21.0.0rc2",
    "webapi_port": null,
    "webapi_url": "https://mriqc.nimh.nih.gov/api/v1"
  },
  "size_t": 100,
  "size_x": 128,
  "size_y": 128,
  "size_z": 43,
  "snr": 3.2865295511005765,
  "spacing_tr": 3.0,
  "spacing_x": 2.0,
  "spacing_y": 2.0,
  "spacing_z": 3.0,
  "summary_bg_k": 198.10948411399792,
  "summary_bg_mad": 16.1307121413176,
  "summary_bg_mean": 62.94683074951172,
  "summary_bg_median": 11.0,
  "summary_bg_n": 537821.0,
  "summary_bg_p05": 0.03999999910593033,
  "summary_bg_p95": 291.1999816894531,
  "summary_bg_stdv": 192.42420959472656,
  "summary_fg_k": 1.1749684042640602,
  "summary_fg_mad": 633.6789743955018,
  "summary_fg_mean": 2531.818603515625,
  "summary_fg_median": 2434.01513671875,
  "summary_fg_n": 83124.0,
  "summary_fg_p05": 1517.4759765625,
  "summary_fg_p95": 3927.698449707031,
  "summary_fg_stdv": 740.5989990234375,
  "tsnr": 55.45909576211125
}