{
  "aor": 0.0014108,
  "aqi": 0.009041241799999999,
  "bids_meta": {
    "AcquisitionNumber": 1,
    "AcquisitionTime": "19:05:37.000000",
    "ConversionSoftware": "dcm2niix",
    "ConversionSoftwareVersion": "v1.0.20170724 (OpenJPEG build) GCC6.1.0",
    "DeviceSerialNumber": "000000000000GEHC",
    "EchoTime": 0.04,
    "FlipAngle": 90,
    "ImageType": [
      "ORIGINAL",
      "PRIMARY",
      "EPI",
      "NONE"
    ],
    "InstitutionName": "INSTITUTO_DE_NEUROBIOLOGIA",
    "MagneticFieldStrength": 3,
    "Manufacturer": "GE",
    "ManufacturersModelName": "DISCOVERY_MR750",
    "PhaseEncodingLines": 128,
    "ProcedureStepDescription": "Fibromialgia",
    "ProtocolName": "fMRI_pre2",
    "RepetitionTime": 3,
    "ScanningSequence": "EP_GR",
    "SequenceVariant": "SS",
    "SeriesDescription": "fMRI_pre2",
    "SliceTiming": [
      0.0,
      1.535,
      0.07,
      1.605,
      0.14,
      1.674,
      0.209,
      1.744,
      0.279,
      1.814,
      0.349,
      1.884,
      0.419,
      1.953,
      0.488,
      2.023,
      0.558,
      2.093,
      0.628,
      2.163,
      0.698,
      2.233,
      0.767,
      2.302,
      0.837,
      2.372,
      0.907,
      2.442,
      0.977,
      2.512,
      1.047,
      2.581,
      1.116,
      2.651,
      1.186,
      2.721,
      1.256,
      2.791,
      1.326,
      2.86,
      1.395,
      2.93,
      1.465
    ],
    "SoftwareVersions": "23_LX_MR_Software_release:DV22.0_V02_1122.a",
    "TaskName": "pre-music",
    "dataset": "ds001928",
    "modality": "bold",
    "subject_id": "22",
    "task_id": "rest3"
  },
  "dummy_trs": 0,
  "dvars_nstd": 50.75742209111111,
  "dvars_std": 1.0207590652525251,
  "dvars_vstd": 0.9985239174747469,
  "efc": 0.4064606469284855,
  "fber": 3668.156982421875,
  "fd_mean": 0.08015717770871586,
  "fd_num": 5,
  "fd_perc": 5.0,
  "fwhm_avg": 3.391505,
  "fwhm_x": 3.47016,
  "fwhm_y": 3.683155,
  "fwhm_z": 3.0212,
  "gcor": 0.00557267,
  "gsr_x": -0.0352349616587162,
  "gsr_y": 0.10445038229227066,
  "provenance": {
    "md5sum": "46dd85b16e208cd4fd4e7e094a5f7697",
    "settings": {
      "fd_thres": 0.2,
      "testing": false
    },
    "software": "mriqc",
    "version": "21.0.0rc2",
    "webapi_port": null,
    "webapi_url": "https://mriqc.nimh.nih.gov/api/v1"
  },
  "size_t": 100,
  "size_x": 128,
  "size_y": 128,
  "size_z": 43,
  "snr": 1.970561990426128,
  "spacing_tr": 3.0,
  "spacing_x": 2.0,
  "spacing_y": 2.0,
  "spacing_z": 3.0,
  "summary_bg_k": 81.55590197513456,
  "summary_bg_mad": 21.94251278527942,
  "summary_bg_mean": 48.448455810546875,
  "summary_bg_median": 15.039999961853027,
  "summary_bg_n": 533289.0,
  "summary_bg_p05": 0.019999999552965164,
  "summary_bg_p95": 218.489990234375,
  "summary_bg_stdv": 97.46410369873047,
  "summary_fg_k": 4.098534369137952,
  "summary_fg_mad": 271.9240330801349,
  "summary_fg_mean": 972.034912109375,
  "summary_fg_median": 853.6599731445312,
  "summary_fg_n": 85748.0,
  "summary_fg_p05": 519.900503540039,
  "summary_fg_p95": 1879.28291015625,
  "summary_fg_stdv": 433.2038269042969,
  "tsnr": 28.053589215269312
}