{
  "aor": 0.0008236999999999998,
  "aqi": 0.0042325519,
  "bids_meta": {
    "AcquisitionNumber": 1,
    "AcquisitionTime": "20:24:3.000000",
    "ConversionSoftware": "dcm2niix",
    "ConversionSoftwareVersion": "v1.0.20170724 (OpenJPEG build) GCC6.1.0",
    "DeviceSerialNumber": "000000000000GEHC",
    "EchoTime": 0.04,
    "FlipAngle": 90,
    "ImageType": [
      "ORIGINAL",
      "PRIMARY",
      "EPI",
      "NONE"
    ],
    "InstitutionName": "INSTITUTO_DE_NEUROBIOLOGIA",
    "MagneticFieldStrength": 3,
    "Manufacturer": "GE",
    "ManufacturersModelName": "DISCOVERY_MR750",
    "PhaseEncodingLines": 128,
    "ProtocolName": "fMRI_pre2",
    "RepetitionTime": 3,
    "ScanningSequence": "EP_GR",
    "SequenceVariant": "SS",
    "SeriesDescription": "fMRI_pre2",
    "SliceTiming": [
      0.0,
      1.535,
      0.07,
      1.605,
      0.14,
      1.674,
      0.209,
      1.744,
      0.279,
      1.814,
      0.349,
      1.884,
      0.419,
      1.953,
      0.488,
      2.023,
      0.558,
      2.093,
      0.628,
      2.163,
      0.698,
      2.233,
      0.767,
      2.302,
      0.837,
      2.372,
      0.907,
      2.442,
      0.977,
      2.512,
      1.047,
      2.581,
      1.116,
      2.651,
      1.186,
      2.721,
      1.256,
      2.791,
      1.326,
      2.86,
      1.395,
      2.93,
      1.465
    ],
    "SoftwareVersions": "23_LX_MR_Software_release:DV22.0_V01_1040.a",
    "TaskName": "pre-music",
    "dataset": "ds001928",
    "modality": "bold",
    "subject_id": "04",
    "task_id": "rest3"
  },
  "dummy_trs": 0,
  "dvars_nstd": 24.632938250606053,
  "dvars_std": 1.0703473993939394,
  "dvars_vstd": 0.987828272020202,
  "efc": 0.37794071723885303,
  "fber": 85044.125,
  "fd_mean": 0.048493408534497094,
  "fd_num": 2,
  "fd_perc": 2.0,
  "fwhm_avg": 3.1491449999999994,
  "fwhm_x": 3.311645,
  "fwhm_y": 3.35996,
  "fwhm_z": 2.7758299999999996,
  "gcor": 0.0131439,
  "gsr_x": -0.011831434443593025,
  "gsr_y": 0.010693117044866085,
  "provenance": {
    "md5sum": "f016312c4816a4c3417473a31e547dcf",
    "settings": {
      "fd_thres": 0.2,
      "testing": false
    },
    "software": "mriqc",
    "version": "21.0.0rc2",
    "webapi_port": null,
    "webapi_url": "https://mriqc.nimh.nih.gov/api/v1"
  },
  "size_t": 100,
  "size_x": 128,
  "size_y": 128,
  "size_z": 43,
  "snr": 2.978514959942185,
  "spacing_tr": 3.0,
  "spacing_x": 2.0,
  "spacing_y": 2.0,
  "spacing_z": 3.0,
  "summary_bg_k": 100.64523533489859,
  "summary_bg_mad": 13.973526081736756,
  "summary_bg_mean": 73.33203887939453,
  "summary_bg_median": 9.505000114440918,
  "summary_bg_n": 532026.0,
  "summary_bg_p05": 0.029999999329447746,
  "summary_bg_p95": 363.9149856567383,
  "summary_bg_stdv": 221.0300750732422,
  "summary_fg_k": 1.1939881698935704,
  "summary_fg_mad": 647.3337734046472,
  "summary_fg_mean": 2742.9609375,
  "summary_fg_median": 2553.32470703125,
  "summary_fg_n": 86526.0,
  "summary_fg_p05": 1651.2699890136719,
  "summary_fg_p95": 4498.7823486328125,
  "summary_fg_stdv": 857.2426147460938,
  "tsnr": 63.0970627698116
}