{
  "aor": 0.0010279,
  "aqi": 0.0041499142,
  "bids_meta": {
    "AcquisitionNumber": 1,
    "AcquisitionTime": "19:41:17.000000",
    "ConversionSoftware": "dcm2niix",
    "ConversionSoftwareVersion": "v1.0.20170724 (OpenJPEG build) GCC6.1.0",
    "DeviceSerialNumber": "000000000000GEHC",
    "EchoTime": 0.04,
    "FlipAngle": 90,
    "ImageType": [
      "ORIGINAL",
      "PRIMARY",
      "EPI",
      "NONE"
    ],
    "InstitutionName": "INSTITUTO_DE_NEUROBIOLOGIA",
    "MagneticFieldStrength": 3,
    "Manufacturer": "GE",
    "ManufacturersModelName": "DISCOVERY_MR750",
    "PhaseEncodingLines": 128,
    "ProtocolName": "fMRI_pre1",
    "RepetitionTime": 3,
    "ScanningSequence": "EP_GR",
    "SequenceVariant": "SS",
    "SeriesDescription": "fMRI_pre1",
    "SliceTiming": [
      0.0,
      1.535,
      0.07,
      1.605,
      0.14,
      1.674,
      0.209,
      1.744,
      0.279,
      1.814,
      0.349,
      1.884,
      0.419,
      1.953,
      0.488,
      2.023,
      0.558,
      2.093,
      0.628,
      2.163,
      0.698,
      2.233,
      0.767,
      2.302,
      0.837,
      2.372,
      0.907,
      2.442,
      0.977,
      2.512,
      1.047,
      2.581,
      1.116,
      2.651,
      1.186,
      2.721,
      1.256,
      2.791,
      1.326,
      2.86,
      1.395,
      2.93,
      1.465
    ],
    "SoftwareVersions": "23_LX_MR_Software_release:DV22.0_V01_1040.a",
    "TaskName": "pre-control",
    "dataset": "ds001928",
    "modality": "bold",
    "subject_id": "04",
    "task_id": "rest1"
  },
  "dummy_trs": 0,
  "dvars_nstd": 23.335559864343438,
  "dvars_std": 1.0628849462626262,
  "dvars_vstd": 0.9917351917171715,
  "efc": 0.3751300347103242,
  "fber": 87637.3828125,
  "fd_mean": 0.05256652190820028,
  "fd_num": 0,
  "fd_perc": 0.0,
  "fwhm_avg": 3.111957222222222,
  "fwhm_x": 3.25194,
  "fwhm_y": 3.345985,
  "fwhm_z": 2.7379466666666663,
  "gcor": 0.0134149,
  "gsr_x": -0.01170845702290535,
  "gsr_y": 0.010061027482151985,
  "provenance": {
    "md5sum": "7d734108cc5832292853239105b9f28d",
    "settings": {
      "fd_thres": 0.2,
      "testing": false
    },
    "software": "mriqc",
    "version": "21.0.0rc2",
    "webapi_port": null,
    "webapi_url": "https://mriqc.nimh.nih.gov/api/v1"
  },
  "size_t": 100,
  "size_x": 128,
  "size_y": 128,
  "size_z": 43,
  "snr": 3.061974389878446,
  "spacing_tr": 3.0,
  "spacing_x": 2.0,
  "spacing_y": 2.0,
  "spacing_z": 3.0,
  "summary_bg_k": 96.68077880674454,
  "summary_bg_mad": 13.921634887882538,
  "summary_bg_mean": 69.97515869140625,
  "summary_bg_median": 9.460000038146973,
  "summary_bg_n": 532739.0,
  "summary_bg_p05": 0.019999999552965164,
  "summary_bg_p95": 338.04998779296875,
  "summary_bg_stdv": 213.23297119140625,
  "summary_fg_k": 1.272291080532388,
  "summary_fg_mad": 632.8192207530444,
  "summary_fg_mean": 2763.92724609375,
  "summary_fg_median": 2582.579833984375,
  "summary_fg_n": 85749.0,
  "summary_fg_p05": 1669.8939697265625,
  "summary_fg_p95": 4480.43994140625,
  "summary_fg_stdv": 843.4312133789062,
  "tsnr": 64.49731483589858
}