{
  "aor": 0.0008517999999999999,
  "aqi": 0.003952155199999999,
  "bids_meta": {
    "AcquisitionNumber": 1,
    "AcquisitionTime": "19:55:36.000000",
    "ConversionSoftware": "dcm2niix",
    "ConversionSoftwareVersion": "v1.0.20170724 (OpenJPEG build) GCC6.1.0",
    "DeviceSerialNumber": "000000000000GEHC",
    "EchoTime": 0.04,
    "FlipAngle": 90,
    "ImageType": [
      "ORIGINAL",
      "PRIMARY",
      "EPI",
      "NONE"
    ],
    "InstitutionName": "INSTITUTO_DE_NEUROBIOLOGIA",
    "MagneticFieldStrength": 3,
    "Manufacturer": "GE",
    "ManufacturersModelName": "DISCOVERY_MR750",
    "PhaseEncodingLines": 128,
    "ProtocolName": "fMRI_post1",
    "RepetitionTime": 3,
    "ScanningSequence": "EP_GR",
    "SequenceVariant": "SS",
    "SeriesDescription": "fMRI_post1",
    "SliceTiming": [
      0.0,
      1.535,
      0.07,
      1.605,
      0.14,
      1.674,
      0.209,
      1.744,
      0.279,
      1.814,
      0.349,
      1.884,
      0.419,
      1.953,
      0.488,
      2.023,
      0.558,
      2.093,
      0.628,
      2.163,
      0.698,
      2.233,
      0.767,
      2.302,
      0.837,
      2.372,
      0.907,
      2.442,
      0.977,
      2.512,
      1.047,
      2.581,
      1.116,
      2.651,
      1.186,
      2.721,
      1.256,
      2.791,
      1.326,
      2.86,
      1.395,
      2.93,
      1.465
    ],
    "SoftwareVersions": "23_LX_MR_Software_release:DV22.0_V01_1040.a",
    "TaskName": "post-control",
    "dataset": "ds001928",
    "modality": "bold",
    "subject_id": "04",
    "task_id": "rest2"
  },
  "dummy_trs": 0,
  "dvars_nstd": 23.193298840606058,
  "dvars_std": 1.0368435341414144,
  "dvars_vstd": 0.9758368902020199,
  "efc": 0.3775263599556424,
  "fber": 86184.9140625,
  "fd_mean": 0.05656443434544263,
  "fd_num": 2,
  "fd_perc": 2.0,
  "fwhm_avg": 3.148391111111111,
  "fwhm_x": 3.280735,
  "fwhm_y": 3.388355,
  "fwhm_z": 2.7760833333333337,
  "gcor": 0.0142315,
  "gsr_x": -0.011798594146966934,
  "gsr_y": 0.009815898723900318,
  "provenance": {
    "md5sum": "0e835fb9e9e00307d275d5ceccc9efcc",
    "settings": {
      "fd_thres": 0.2,
      "testing": false
    },
    "software": "mriqc",
    "version": "21.0.0rc2",
    "webapi_port": null,
    "webapi_url": "https://mriqc.nimh.nih.gov/api/v1"
  },
  "size_t": 100,
  "size_x": 128,
  "size_y": 128,
  "size_z": 43,
  "snr": 3.0700202722773886,
  "spacing_tr": 3.0,
  "spacing_x": 2.0,
  "spacing_y": 2.0,
  "spacing_z": 3.0,
  "summary_bg_k": 90.72527300540325,
  "summary_bg_mad": 14.025417275590975,
  "summary_bg_mean": 71.85901641845703,
  "summary_bg_median": 9.550000190734863,
  "summary_bg_n": 531750.0,
  "summary_bg_p05": 0.03999999910593033,
  "summary_bg_p95": 353.29998779296875,
  "summary_bg_stdv": 214.87002563476562,
  "summary_fg_k": 1.1970778838994214,
  "summary_fg_mad": 641.7517543341678,
  "summary_fg_mean": 2765.102783203125,
  "summary_fg_median": 2589.8798828125,
  "summary_fg_n": 86454.0,
  "summary_fg_p05": 1665.4929931640625,
  "summary_fg_p95": 4475.588085937499,
  "summary_fg_stdv": 843.5986328125,
  "tsnr": 61.326266437768936
}