{
  "bids_meta": {
    "AcquisitionNumber": 1,
    "AcquisitionTime": "14:59:37.000000",
    "ConversionSoftware": "dcm2niix",
    "ConversionSoftwareVersion": "v1.0.20170724 (OpenJPEG build) GCC6.1.0",
    "DeviceSerialNumber": "000000000000GEHC",
    "EchoTime": 0.003184,
    "FlipAngle": 12,
    "ImageType": [
      "ORIGINAL",
      "PRIMARY",
      "OTHER"
    ],
    "InstitutionName": "INSTITUTO_DE_NEUROBIOLOGIA",
    "InversionTime": 0.45,
    "MagneticFieldStrength": 3,
    "Manufacturer": "GE",
    "ManufacturersModelName": "DISCOVERY_MR750",
    "PhaseEncodingLines": 256,
    "ProcedureStepDescription": "Fibromialgia",
    "ProtocolName": "Sag_T1_FSPGR_BRAVO",
    "RepetitionTime": 0.008164,
    "ScanningSequence": "GR",
    "SequenceVariant": "SS_SK",
    "SeriesDescription": "Sag_T1_FSPGR_BRAVO",
    "SoftwareVersions": "23_LX_MR_Software_release:DV22.0_V01_1040.a",
    "dataset": "ds001928",
    "modality": "T1w",
    "subject_id": "08"
  },
  "cjv": 0.4885322092716413,
  "cnr": 1.222347252125177,
  "efc": 0.8779665633947478,
  "fber": 29.674732208251953,
  "fwhm_avg": 3.1316708871009666,
  "fwhm_x": 3.043672661302899,
  "fwhm_y": 3.33349,
  "fwhm_z": 3.01785,
  "icvs_csf": 0.21800825503900337,
  "icvs_gm": 0.375354494081669,
  "icvs_wm": 0.4066372508793276,
  "inu_med": 0.9667277336120605,
  "inu_range": 0.1275833934545516,
  "provenance": {
    "md5sum": "e8c9526dbde1db06e24d9a27f7102576",
    "settings": {
      "testing": false
    },
    "software": "mriqc",
    "version": "21.0.0rc2",
    "warnings": {
      "large_rot_frame": true,
      "small_air_mask": true
    },
    "webapi_port": null,
    "webapi_url": "https://mriqc.nimh.nih.gov/api/v1"
  },
  "qi_1": 0.0,
  "qi_2": 0.0,
  "rpve_csf": 15.072211518701192,
  "rpve_gm": 8.45662444118698,
  "rpve_wm": 9.77950650753794,
  "size_x": 154,
  "size_y": 219,
  "size_z": 176,
  "snr_csf": 3.0476625236969603,
  "snr_gm": 12.357153774932804,
  "snr_total": 11.416981895864987,
  "snr_wm": 18.846129388965203,
  "snrd_csf": 1.5221210862508823,
  "snrd_gm": 2.916924799334623,
  "snrd_total": 2.7219743815518562,
  "snrd_wm": 3.7268772590700627,
  "spacing_x": 1.100000023841858,
  "spacing_y": 1.0,
  "spacing_z": 1.0,
  "summary_bg_k": 0.0,
  "summary_bg_mad": 175.79564899765737,
  "summary_bg_mean": 0.0,
  "summary_bg_median": 0.0,
  "summary_bg_n": 216517.0,
  "summary_bg_p05": 0.0,
  "summary_bg_p95": 0.0,
  "summary_bg_stdv": 157.43895649408566,
  "summary_csf_k": -0.6877912732629143,
  "summary_csf_mad": 158.7837430754342,
  "summary_csf_mean": 417.1200866699219,
  "summary_csf_median": 408.4375,
  "summary_csf_n": 27846.0,
  "summary_csf_p05": 224.6622085571289,
  "summary_csf_p95": 641.2746734619141,
  "summary_csf_stdv": 134.0142364501953,
  "summary_gm_k": 0.6633561807648367,
  "summary_gm_mad": 58.33665097667163,
  "summary_gm_mean": 786.2252807617188,
  "summary_gm_median": 782.7113647460938,
  "summary_gm_n": 6631.0,
  "summary_gm_p05": 689.0219116210938,
  "summary_gm_p95": 898.9376831054688,
  "summary_gm_stdv": 63.33597183227539,
  "summary_wm_k": 1.1294496030890766,
  "summary_wm_mad": 47.84002815935686,
  "summary_wm_mean": 1006.449462890625,
  "summary_wm_median": 1000.0494995117188,
  "summary_wm_n": 182040.0,
  "summary_wm_p05": 931.0694000244141,
  "summary_wm_p95": 1104.0681457519531,
  "summary_wm_stdv": 53.06377410888672,
  "tpm_overlap_csf": 0.1683920919895172,
  "tpm_overlap_gm": 0.4124610424041748,
  "tpm_overlap_wm": 0.4850999116897583,
  "wm2max": 0.4646432766437509
}