{
  "bids_meta": {
    "AcquisitionNumber": 1,
    "AcquisitionTime": "18:20:31.000000",
    "ConversionSoftware": "dcm2niix",
    "ConversionSoftwareVersion": "v1.0.20170724 (OpenJPEG build) GCC6.1.0",
    "DeviceSerialNumber": "000000000000GEHC",
    "EchoTime": 0.003184,
    "FlipAngle": 12,
    "ImageType": [
      "ORIGINAL",
      "PRIMARY",
      "OTHER"
    ],
    "InstitutionName": "INSTITUTO_DE_NEUROBIOLOGIA",
    "InversionTime": 0.45,
    "MagneticFieldStrength": 3,
    "Manufacturer": "GE",
    "ManufacturersModelName": "DISCOVERY_MR750",
    "PhaseEncodingLines": 256,
    "ProcedureStepDescription": "Fibromialgia",
    "ProtocolName": "Sag_T1_FSPGR_BRAVO",
    "RepetitionTime": 0.008164,
    "ScanningSequence": "GR",
    "SequenceVariant": "SS_SK",
    "SeriesDescription": "Sag_T1_FSPGR_BRAVO",
    "SoftwareVersions": "24_LX_MR_Software_release:DV24.0_R01_1344.a",
    "dataset": "ds001928",
    "modality": "T1w",
    "subject_id": "38"
  },
  "cjv": 0.3880964175386824,
  "cnr": 1.7225186395667345,
  "efc": 0.8685957674170954,
  "fber": 36.32925796508789,
  "fwhm_avg": 3.458317551382725,
  "fwhm_x": 3.373772654148174,
  "fwhm_y": 3.57282,
  "fwhm_z": 3.42836,
  "icvs_csf": 0.1753927926834852,
  "icvs_gm": 0.4316141817337487,
  "icvs_wm": 0.39299302558276605,
  "inu_med": 0.8130044341087341,
  "inu_range": 0.0775776356458664,
  "provenance": {
    "md5sum": "e72b9756cb4960f86b96e3ce25948326",
    "settings": {
      "testing": false
    },
    "software": "mriqc",
    "version": "21.0.0rc2",
    "warnings": {
      "large_rot_frame": true,
      "small_air_mask": true
    },
    "webapi_port": null,
    "webapi_url": "https://mriqc.nimh.nih.gov/api/v1"
  },
  "qi_1": 0.0,
  "qi_2": 0.0,
  "rpve_csf": 14.572240651968327,
  "rpve_gm": 6.606434018793409,
  "rpve_wm": 8.631858169422982,
  "size_x": 153,
  "size_y": 201,
  "size_z": 162,
  "snr_csf": 3.413144586113512,
  "snr_gm": 12.891994220370652,
  "snr_total": 13.456335769017782,
  "snr_wm": 24.063868500569182,
  "snrd_csf": 1.9401479329387528,
  "snrd_gm": 4.114449980700017,
  "snrd_total": 3.8456389055363283,
  "snrd_wm": 5.482318802970217,
  "spacing_x": 1.100000023841858,
  "spacing_y": 1.0,
  "spacing_z": 1.0,
  "summary_bg_k": 0.0,
  "summary_bg_mad": 119.49979584251494,
  "summary_bg_mean": 0.0,
  "summary_bg_median": 0.0,
  "summary_bg_n": 249397.0,
  "summary_bg_p05": 0.0,
  "summary_bg_p95": 0.0,
  "summary_bg_stdv": 125.95887125950063,
  "summary_csf_k": 2.049214390838661,
  "summary_csf_mad": 97.25880507391136,
  "summary_csf_mean": 377.53009033203125,
  "summary_csf_median": 353.8916320800781,
  "summary_csf_n": 18972.0,
  "summary_csf_p05": 243.90137634277343,
  "summary_csf_p95": 560.8513916015627,
  "summary_csf_stdv": 103.68218994140625,
  "summary_gm_k": 0.08579877287924376,
  "summary_gm_mad": 56.56144656861903,
  "summary_gm_mean": 752.22021484375,
  "summary_gm_median": 750.4940185546875,
  "summary_gm_n": 27952.0,
  "summary_gm_p05": 658.4726257324219,
  "summary_gm_p95": 851.814886474609,
  "summary_gm_stdv": 58.21291732788086,
  "summary_wm_k": 0.6891914005739967,
  "summary_wm_mad": 40.270694109524875,
  "summary_wm_mean": 1002.0604248046875,
  "summary_wm_median": 999.9993896484375,
  "summary_wm_n": 202473.0,
  "summary_wm_p05": 938.2177978515625,
  "summary_wm_p95": 1072.6205322265625,
  "summary_wm_stdv": 41.55595016479492,
  "tpm_overlap_csf": 0.18559828400611877,
  "tpm_overlap_gm": 0.4524833858013153,
  "tpm_overlap_wm": 0.5163056254386902,
  "wm2max": 0.6033961708324864
}