{
  "aor": 0.0086283,
  "aqi": 0.011566172899999998,
  "bids_meta": {
    "AcquisitionNumber": 1,
    "AcquisitionTime": "13:00:43.000000",
    "ConversionSoftware": "dcm2niix",
    "ConversionSoftwareVersion": "v1.0.20170724 (OpenJPEG build) GCC6.1.0",
    "DeviceSerialNumber": "000000000000GEHC",
    "EchoTime": 0.04,
    "FlipAngle": 90,
    "ImageType": [
      "ORIGINAL",
      "PRIMARY",
      "EPI",
      "NONE"
    ],
    "InstitutionName": "INSTITUTO_DE_NEUROBIOLOGIA",
    "MagneticFieldStrength": 3,
    "Manufacturer": "GE",
    "ManufacturersModelName": "DISCOVERY_MR750",
    "PhaseEncodingLines": 128,
    "ProcedureStepDescription": "Fibromialgia",
    "ProtocolName": "fMRI_post2",
    "RepetitionTime": 3,
    "ScanningSequence": "EP_GR",
    "SequenceVariant": "SS",
    "SeriesDescription": "fMRI_post2",
    "SliceTiming": [
      0.0,
      1.535,
      0.07,
      1.605,
      0.14,
      1.674,
      0.209,
      1.744,
      0.279,
      1.814,
      0.349,
      1.884,
      0.419,
      1.953,
      0.488,
      2.023,
      0.558,
      2.093,
      0.628,
      2.163,
      0.698,
      2.233,
      0.767,
      2.302,
      0.837,
      2.372,
      0.907,
      2.442,
      0.977,
      2.512,
      1.047,
      2.581,
      1.116,
      2.651,
      1.186,
      2.721,
      1.256,
      2.791,
      1.326,
      2.86,
      1.395,
      2.93,
      1.465
    ],
    "SoftwareVersions": "23_LX_MR_Software_release:DV22.0_V01_1040.a",
    "TaskName": "post-music",
    "dataset": "ds001928",
    "modality": "bold",
    "subject_id": "18",
    "task_id": "rest4"
  },
  "dummy_trs": 0,
  "dvars_nstd": 35.03926097979799,
  "dvars_std": 1.0868976743434344,
  "dvars_vstd": 1.0226445254545453,
  "efc": 0.3837854403559879,
  "fber": 25870.88671875,
  "fd_mean": 0.2542051816298203,
  "fd_num": 41,
  "fd_perc": 41.0,
  "fwhm_avg": 2.872927222222222,
  "fwhm_x": 2.97955,
  "fwhm_y": 3.167465,
  "fwhm_z": 2.471766666666667,
  "gcor": 0.0208303,
  "gsr_x": -0.013714478351175785,
  "gsr_y": 0.011377282440662384,
  "provenance": {
    "md5sum": "cbfe37196d3cd740b4d2eeba3512d7de",
    "settings": {
      "fd_thres": 0.2,
      "testing": false
    },
    "software": "mriqc",
    "version": "21.0.0rc2",
    "webapi_port": null,
    "webapi_url": "https://mriqc.nimh.nih.gov/api/v1"
  },
  "size_t": 100,
  "size_x": 128,
  "size_y": 128,
  "size_z": 43,
  "snr": 3.279141596138054,
  "spacing_tr": 3.0,
  "spacing_x": 2.0,
  "spacing_y": 2.0,
  "spacing_z": 3.0,
  "summary_bg_k": 408.3161571935629,
  "summary_bg_mad": 22.031467927762296,
  "summary_bg_mean": 58.84605026245117,
  "summary_bg_median": 15.25999927520752,
  "summary_bg_n": 527837.0,
  "summary_bg_p05": 0.14999999105930328,
  "summary_bg_p95": 246.1899871826172,
  "summary_bg_stdv": 185.09190368652344,
  "summary_fg_k": 1.0112660705398762,
  "summary_fg_mad": 619.5127210565837,
  "summary_fg_mean": 2443.41455078125,
  "summary_fg_median": 2335.919921875,
  "summary_fg_n": 90692.0,
  "summary_fg_p05": 1475.5130004882812,
  "summary_fg_p95": 3787.3638916015616,
  "summary_fg_stdv": 712.3532104492188,
  "tsnr": 36.52301872399403
}