{
  "aor": 0.0008124,
  "aqi": 0.0076423929,
  "bids_meta": {
    "AcquisitionNumber": 1,
    "AcquisitionTime": "12:47:56.000000",
    "ConversionSoftware": "dcm2niix",
    "ConversionSoftwareVersion": "v1.0.20170724 (OpenJPEG build) GCC6.1.0",
    "DeviceSerialNumber": "000000000000GEHC",
    "EchoTime": 0.04,
    "FlipAngle": 90,
    "ImageType": [
      "ORIGINAL",
      "PRIMARY",
      "EPI",
      "NONE"
    ],
    "InstitutionName": "INSTITUTO_DE_NEUROBIOLOGIA",
    "MagneticFieldStrength": 3,
    "Manufacturer": "GE",
    "ManufacturersModelName": "DISCOVERY_MR750",
    "PhaseEncodingLines": 128,
    "ProcedureStepDescription": "Fibromialgia",
    "ProtocolName": "fMRI_pre2",
    "RepetitionTime": 3,
    "ScanningSequence": "EP_GR",
    "SequenceVariant": "SS",
    "SeriesDescription": "fMRI_pre2",
    "SliceTiming": [
      0.0,
      1.535,
      0.07,
      1.605,
      0.14,
      1.674,
      0.209,
      1.744,
      0.279,
      1.814,
      0.349,
      1.884,
      0.419,
      1.953,
      0.488,
      2.023,
      0.558,
      2.093,
      0.628,
      2.163,
      0.698,
      2.233,
      0.767,
      2.302,
      0.837,
      2.372,
      0.907,
      2.442,
      0.977,
      2.512,
      1.047,
      2.581,
      1.116,
      2.651,
      1.186,
      2.721,
      1.256,
      2.791,
      1.326,
      2.86,
      1.395,
      2.93,
      1.465
    ],
    "SoftwareVersions": "23_LX_MR_Software_release:DV22.0_V01_1040.a",
    "TaskName": "pre-music",
    "dataset": "ds001928",
    "modality": "bold",
    "subject_id": "18",
    "task_id": "rest3"
  },
  "dummy_trs": 0,
  "dvars_nstd": 30.894828969191924,
  "dvars_std": 1.0309174317171717,
  "dvars_vstd": 0.955876281010101,
  "efc": 0.38025888876450403,
  "fber": 24966.048828125,
  "fd_mean": 0.15493199568316354,
  "fd_num": 31,
  "fd_perc": 31.0,
  "fwhm_avg": 2.826982222222222,
  "fwhm_x": 2.959085,
  "fwhm_y": 3.121315,
  "fwhm_z": 2.4005466666666666,
  "gcor": 0.0137162,
  "gsr_x": -0.01304180733859539,
  "gsr_y": 0.009526195004582405,
  "provenance": {
    "md5sum": "35be72c5f606d5d4964ff33c40623d34",
    "settings": {
      "fd_thres": 0.2,
      "testing": false
    },
    "software": "mriqc",
    "version": "21.0.0rc2",
    "webapi_port": null,
    "webapi_url": "https://mriqc.nimh.nih.gov/api/v1"
  },
  "size_t": 100,
  "size_x": 128,
  "size_y": 128,
  "size_z": 43,
  "snr": 3.2727936473860484,
  "spacing_tr": 3.0,
  "spacing_x": 2.0,
  "spacing_y": 2.0,
  "spacing_z": 3.0,
  "summary_bg_k": 399.6327484916587,
  "summary_bg_mad": 22.846899872574202,
  "summary_bg_mean": 57.87068557739258,
  "summary_bg_median": 15.739999771118164,
  "summary_bg_n": 529781.0,
  "summary_bg_p05": 0.05999999865889549,
  "summary_bg_p95": 238.8199920654297,
  "summary_bg_stdv": 178.79336547851562,
  "summary_fg_k": 0.9602156336094483,
  "summary_fg_mad": 632.5670227316225,
  "summary_fg_mean": 2462.77197265625,
  "summary_fg_median": 2355.199951171875,
  "summary_fg_n": 89038.0,
  "summary_fg_p05": 1479.5539489746093,
  "summary_fg_p95": 3814.5908447265615,
  "summary_fg_stdv": 719.6257934570312,
  "tsnr": 46.30961684708018
}