{
  "aor": 0.0018321000000000004,
  "aqi": 0.003247726300000001,
  "bids_meta": {
    "AcquisitionNumber": 1,
    "AcquisitionTime": "17:10:18.000000",
    "ConversionSoftware": "dcm2niix",
    "ConversionSoftwareVersion": "v1.0.20170724 (OpenJPEG build) GCC6.1.0",
    "DeviceSerialNumber": "000000000000GEHC",
    "EchoTime": 0.04,
    "FlipAngle": 90,
    "ImageType": [
      "ORIGINAL",
      "PRIMARY",
      "EPI",
      "NONE"
    ],
    "InstitutionName": "INSTITUTO_DE_NEUROBIOLOGIA",
    "MagneticFieldStrength": 3,
    "Manufacturer": "GE",
    "ManufacturersModelName": "DISCOVERY_MR750",
    "PhaseEncodingLines": 128,
    "ProcedureStepDescription": "Fibromialgia",
    "ProtocolName": "fMRI_pre1",
    "RepetitionTime": 3,
    "ScanningSequence": "EP_GR",
    "SequenceVariant": "SS",
    "SeriesDescription": "fMRI_pre1",
    "SliceTiming": [
      0.0,
      1.535,
      0.07,
      1.605,
      0.14,
      1.674,
      0.209,
      1.744,
      0.279,
      1.814,
      0.349,
      1.884,
      0.419,
      1.953,
      0.488,
      2.023,
      0.558,
      2.093,
      0.628,
      2.163,
      0.698,
      2.233,
      0.767,
      2.302,
      0.837,
      2.372,
      0.907,
      2.442,
      0.977,
      2.512,
      1.047,
      2.581,
      1.116,
      2.651,
      1.186,
      2.721,
      1.256,
      2.791,
      1.326,
      2.86,
      1.395,
      2.93,
      1.465
    ],
    "SoftwareVersions": "24_LX_MR_Software_release:DV24.0_R01_1344.a",
    "TaskName": "pre-music",
    "dataset": "ds001928",
    "modality": "bold",
    "subject_id": "36",
    "task_id": "rest3"
  },
  "dummy_trs": 0,
  "dvars_nstd": 26.97208907373736,
  "dvars_std": 1.1166685941414143,
  "dvars_vstd": 0.994430924444444,
  "efc": 0.36535209280257486,
  "fber": 12343.740234375,
  "fd_mean": 0.03877535873431708,
  "fd_num": 2,
  "fd_perc": 2.0,
  "fwhm_avg": 2.9675372222222225,
  "fwhm_x": 3.100635,
  "fwhm_y": 3.33764,
  "fwhm_z": 2.4643366666666666,
  "gcor": 0.0243715,
  "gsr_x": -0.016688019037246704,
  "gsr_y": 0.0077167474664747715,
  "provenance": {
    "md5sum": "c2631cdf5375d720ee27a7dd466ffb18",
    "settings": {
      "fd_thres": 0.2,
      "testing": false
    },
    "software": "mriqc",
    "version": "21.0.0rc2",
    "webapi_port": null,
    "webapi_url": "https://mriqc.nimh.nih.gov/api/v1"
  },
  "size_t": 100,
  "size_x": 128,
  "size_y": 128,
  "size_z": 43,
  "snr": 3.209407406842772,
  "spacing_tr": 3.0,
  "spacing_x": 2.0,
  "spacing_y": 2.0,
  "spacing_z": 3.0,
  "summary_bg_k": 82.18136265533343,
  "summary_bg_mad": 22.69863917352576,
  "summary_bg_mean": 53.832916259765625,
  "summary_bg_median": 20.299999237060547,
  "summary_bg_n": 539678.0,
  "summary_bg_p05": 1.6999999284744263,
  "summary_bg_p95": 207.62299575805594,
  "summary_bg_stdv": 145.32089233398438,
  "summary_fg_k": 0.5376332269402644,
  "summary_fg_mad": 635.7992656907779,
  "summary_fg_mean": 2292.655517578125,
  "summary_fg_median": 2230.469970703125,
  "summary_fg_n": 79121.0,
  "summary_fg_p05": 1242.239990234375,
  "summary_fg_p95": 3523.919921875,
  "summary_fg_stdv": 694.974365234375,
  "tsnr": 58.42747059231624
}