{
  "aor": 0.0014619,
  "aqi": 0.0053765367,
  "bids_meta": {
    "AcquisitionNumber": 1,
    "AcquisitionTime": "12:10:35.000000",
    "ConversionSoftware": "dcm2niix",
    "ConversionSoftwareVersion": "v1.0.20170724 (OpenJPEG build) GCC6.1.0",
    "DeviceSerialNumber": "000000000000GEHC",
    "EchoTime": 0.04,
    "FlipAngle": 90,
    "ImageType": [
      "ORIGINAL",
      "PRIMARY",
      "EPI",
      "NONE"
    ],
    "InstitutionName": "INSTITUTO_DE_NEUROBIOLOGIA",
    "MagneticFieldStrength": 3,
    "Manufacturer": "GE",
    "ManufacturersModelName": "DISCOVERY_MR750",
    "PhaseEncodingLines": 128,
    "ProcedureStepDescription": "Fibromialgia",
    "ProtocolName": "fMRI_pre1",
    "RepetitionTime": 3,
    "ScanningSequence": "EP_GR",
    "SequenceVariant": "SS",
    "SeriesDescription": "fMRI_pre1",
    "SliceTiming": [
      0.0,
      1.535,
      0.07,
      1.605,
      0.14,
      1.674,
      0.209,
      1.744,
      0.279,
      1.814,
      0.349,
      1.884,
      0.419,
      1.953,
      0.488,
      2.023,
      0.558,
      2.093,
      0.628,
      2.163,
      0.698,
      2.233,
      0.767,
      2.302,
      0.837,
      2.372,
      0.907,
      2.442,
      0.977,
      2.512,
      1.047,
      2.581,
      1.116,
      2.651,
      1.186,
      2.721,
      1.256,
      2.791,
      1.326,
      2.86,
      1.395,
      2.93,
      1.465
    ],
    "SoftwareVersions": "23_LX_MR_Software_release:DV22.0_V01_1040.a",
    "TaskName": "pre-control",
    "dataset": "ds001928",
    "modality": "bold",
    "subject_id": "18",
    "task_id": "rest1"
  },
  "dummy_trs": 0,
  "dvars_nstd": 28.138121306161608,
  "dvars_std": 1.0735881273737373,
  "dvars_vstd": 0.9734121655555554,
  "efc": 0.3814642878426879,
  "fber": 27605.447265625,
  "fd_mean": 0.08851860623463008,
  "fd_num": 7,
  "fd_perc": 7.0,
  "fwhm_avg": 2.7944011111111116,
  "fwhm_x": 2.896035,
  "fwhm_y": 3.113935,
  "fwhm_z": 2.3732333333333333,
  "gcor": 0.00834021,
  "gsr_x": -0.013285085558891296,
  "gsr_y": 0.010574322193861008,
  "provenance": {
    "md5sum": "75b5c18c56d1dee664e8f44746ce670e",
    "settings": {
      "fd_thres": 0.2,
      "testing": false
    },
    "software": "mriqc",
    "version": "21.0.0rc2",
    "webapi_port": null,
    "webapi_url": "https://mriqc.nimh.nih.gov/api/v1"
  },
  "size_t": 100,
  "size_x": 128,
  "size_y": 128,
  "size_z": 43,
  "snr": 3.2625640987876388,
  "spacing_tr": 3.0,
  "spacing_x": 2.0,
  "spacing_y": 2.0,
  "spacing_z": 3.0,
  "summary_bg_k": 436.4509138620923,
  "summary_bg_mad": 21.423601067662187,
  "summary_bg_mean": 55.31324768066406,
  "summary_bg_median": 14.719999313354492,
  "summary_bg_n": 527014.0,
  "summary_bg_p05": 0.04999999701976776,
  "summary_bg_p95": 224.38349304199195,
  "summary_bg_stdv": 178.5472412109375,
  "summary_fg_k": 1.0664223080060866,
  "summary_fg_mad": 614.4792575676826,
  "summary_fg_mean": 2428.951416015625,
  "summary_fg_median": 2322.659912109375,
  "summary_fg_n": 90933.0,
  "summary_fg_p05": 1462.5919677734375,
  "summary_fg_p95": 3774.4539550781246,
  "summary_fg_stdv": 711.9085083007812,
  "tsnr": 51.64386288821697
}