{
  "aor": 0.0095954,
  "aqi": 0.0198556508,
  "bids_meta": {
    "AcquisitionNumber": 1,
    "AcquisitionTime": "19:00:11.000000",
    "ConversionSoftware": "dcm2niix",
    "ConversionSoftwareVersion": "v1.0.20170724 (OpenJPEG build) GCC6.1.0",
    "DeviceSerialNumber": "000000000000GEHC",
    "EchoTime": 0.04,
    "FlipAngle": 90,
    "ImageType": [
      "ORIGINAL",
      "PRIMARY",
      "EPI",
      "NONE"
    ],
    "InstitutionName": "INSTITUTO_DE_NEUROBIOLOGIA",
    "MagneticFieldStrength": 3,
    "Manufacturer": "GE",
    "ManufacturersModelName": "DISCOVERY_MR750",
    "PhaseEncodingLines": 128,
    "ProcedureStepDescription": "Fibromialgia",
    "ProtocolName": "fMRI_pre2",
    "RepetitionTime": 3,
    "ScanningSequence": "EP_GR",
    "SequenceVariant": "SS",
    "SeriesDescription": "fMRI_pre2",
    "SliceTiming": [
      0.0,
      1.535,
      0.07,
      1.605,
      0.14,
      1.674,
      0.209,
      1.744,
      0.279,
      1.814,
      0.349,
      1.884,
      0.419,
      1.953,
      0.488,
      2.023,
      0.558,
      2.093,
      0.628,
      2.163,
      0.698,
      2.233,
      0.767,
      2.302,
      0.837,
      2.372,
      0.907,
      2.442,
      0.977,
      2.512,
      1.047,
      2.581,
      1.116,
      2.651,
      1.186,
      2.721,
      1.256,
      2.791,
      1.326,
      2.86,
      1.395
    ],
    "SoftwareVersions": "23_LX_MR_Software_release:DV22.0_V01_1040.a",
    "TaskName": "pre-control",
    "dataset": "ds001928",
    "modality": "bold",
    "subject_id": "15",
    "task_id": "rest1"
  },
  "dummy_trs": 0,
  "dvars_nstd": 46.019728303737374,
  "dvars_std": 1.049641169494949,
  "dvars_vstd": 0.9342391805050504,
  "efc": 0.36697704152848726,
  "fber": 50005.625,
  "fd_mean": 0.33899469467098753,
  "fd_num": 40,
  "fd_perc": 40.0,
  "fwhm_avg": 2.924746666666667,
  "fwhm_x": 2.974935,
  "fwhm_y": 3.266125,
  "fwhm_z": 2.53318,
  "gcor": 0.0450606,
  "gsr_x": -0.020879633724689484,
  "gsr_y": 0.015769505873322487,
  "provenance": {
    "md5sum": "51c60bdb944958f60c27ff0f15f48223",
    "settings": {
      "fd_thres": 0.2,
      "testing": false
    },
    "software": "mriqc",
    "version": "21.0.0rc2",
    "webapi_port": null,
    "webapi_url": "https://mriqc.nimh.nih.gov/api/v1"
  },
  "size_t": 100,
  "size_x": 128,
  "size_y": 128,
  "size_z": 41,
  "snr": 3.2579959400332323,
  "spacing_tr": 3.0,
  "spacing_x": 2.0,
  "spacing_y": 2.0,
  "spacing_z": 3.0,
  "summary_bg_k": 158.78850939194072,
  "summary_bg_mad": 17.198185902567943,
  "summary_bg_mean": 55.68048858642578,
  "summary_bg_median": 11.880000114440918,
  "summary_bg_n": 509753.0,
  "summary_bg_p05": 0.17999999225139618,
  "summary_bg_p95": 229.4039916992184,
  "summary_bg_stdv": 162.53497314453125,
  "summary_fg_k": 0.9144611162971326,
  "summary_fg_mad": 615.0279941309772,
  "summary_fg_mean": 2514.62646484375,
  "summary_fg_median": 2407.139892578125,
  "summary_fg_n": 80184.0,
  "summary_fg_p05": 1482.0689453125,
  "summary_fg_p95": 3911.8138549804685,
  "summary_fg_stdv": 738.8360595703125,
  "tsnr": 25.56458113307599
}