{
  "aor": 0.005961299999999999,
  "aqi": 0.018479578999999996,
  "bids_meta": {
    "AcquisitionNumber": 1,
    "AcquisitionTime": "18:30:27.000000",
    "ConversionSoftware": "dcm2niix",
    "ConversionSoftwareVersion": "v1.0.20170724 (OpenJPEG build) GCC6.1.0",
    "DeviceSerialNumber": "000000000000GEHC",
    "EchoTime": 0.04,
    "FlipAngle": 90,
    "ImageType": [
      "ORIGINAL",
      "PRIMARY",
      "EPI",
      "NONE"
    ],
    "InstitutionName": "INSTITUTO_DE_NEUROBIOLOGIA",
    "MagneticFieldStrength": 3,
    "Manufacturer": "GE",
    "ManufacturersModelName": "DISCOVERY_MR750",
    "PhaseEncodingLines": 128,
    "ProcedureStepDescription": "Fibromialgia",
    "ProtocolName": "fMRI_post1",
    "RepetitionTime": 3,
    "ScanningSequence": "EP_GR",
    "SequenceVariant": "SS",
    "SeriesDescription": "fMRI_post1",
    "SliceTiming": [
      0.0,
      1.535,
      0.07,
      1.605,
      0.14,
      1.674,
      0.209,
      1.744,
      0.279,
      1.814,
      0.349,
      1.884,
      0.419,
      1.953,
      0.488,
      2.023,
      0.558,
      2.093,
      0.628,
      2.163,
      0.698,
      2.233,
      0.767,
      2.302,
      0.837,
      2.372,
      0.907,
      2.442,
      0.977,
      2.512,
      1.047,
      2.581,
      1.116,
      2.651,
      1.186,
      2.721,
      1.256,
      2.791,
      1.326,
      2.86,
      1.395
    ],
    "SoftwareVersions": "23_LX_MR_Software_release:DV22.0_V01_1040.a",
    "TaskName": "post-music",
    "dataset": "ds001928",
    "modality": "bold",
    "subject_id": "15",
    "task_id": "rest4"
  },
  "dummy_trs": 0,
  "dvars_nstd": 39.512083188383826,
  "dvars_std": 0.9375255660606064,
  "dvars_vstd": 0.8834276699999999,
  "efc": 0.36157326841408693,
  "fber": 49758.62890625,
  "fd_mean": 0.2947269285162218,
  "fd_num": 28,
  "fd_perc": 28.0,
  "fwhm_avg": 2.8874566666666666,
  "fwhm_x": 2.955535,
  "fwhm_y": 3.180215,
  "fwhm_z": 2.52662,
  "gcor": 0.0407299,
  "gsr_x": -0.020394757390022278,
  "gsr_y": 0.014093137346208096,
  "provenance": {
    "md5sum": "5eb93770e3a7819bdbe147cd3f085ce8",
    "settings": {
      "fd_thres": 0.2,
      "testing": false
    },
    "software": "mriqc",
    "version": "21.0.0rc2",
    "webapi_port": null,
    "webapi_url": "https://mriqc.nimh.nih.gov/api/v1"
  },
  "size_t": 100,
  "size_x": 128,
  "size_y": 128,
  "size_z": 41,
  "snr": 3.2812886746219645,
  "spacing_tr": 3.0,
  "spacing_x": 2.0,
  "spacing_y": 2.0,
  "spacing_z": 3.0,
  "summary_bg_k": 171.50016316242372,
  "summary_bg_mad": 18.028441955471166,
  "summary_bg_mean": 54.94523239135742,
  "summary_bg_median": 12.469999313354492,
  "summary_bg_n": 513010.0,
  "summary_bg_p05": 0.17000000178813934,
  "summary_bg_p95": 222.9499969482422,
  "summary_bg_stdv": 159.3875732421875,
  "summary_fg_k": 0.8992197758237466,
  "summary_fg_mad": 622.4037229899832,
  "summary_fg_mean": 2552.778564453125,
  "summary_fg_median": 2444.349853515625,
  "summary_fg_n": 77846.0,
  "summary_fg_p05": 1516.294921875,
  "summary_fg_p95": 3975.9500122070312,
  "summary_fg_stdv": 744.93115234375,
  "tsnr": 25.949923547334038
}