{
  "aor": 0.013015899999999995,
  "aqi": 0.027569332000000002,
  "bids_meta": {
    "AcquisitionNumber": 1,
    "AcquisitionTime": "19:12:52.000000",
    "ConversionSoftware": "dcm2niix",
    "ConversionSoftwareVersion": "v1.0.20170724 (OpenJPEG build) GCC6.1.0",
    "DeviceSerialNumber": "000000000000GEHC",
    "EchoTime": 0.04,
    "FlipAngle": 90,
    "ImageType": [
      "ORIGINAL",
      "PRIMARY",
      "EPI",
      "NONE"
    ],
    "InstitutionName": "INSTITUTO_DE_NEUROBIOLOGIA",
    "MagneticFieldStrength": 3,
    "Manufacturer": "GE",
    "ManufacturersModelName": "DISCOVERY_MR750",
    "PhaseEncodingLines": 128,
    "ProcedureStepDescription": "Fibromialgia",
    "ProtocolName": "fMRI_post2",
    "RepetitionTime": 3,
    "ScanningSequence": "EP_GR",
    "SequenceVariant": "SS",
    "SeriesDescription": "fMRI_post2",
    "SliceTiming": [
      0.0,
      1.535,
      0.07,
      1.605,
      0.14,
      1.674,
      0.209,
      1.744,
      0.279,
      1.814,
      0.349,
      1.884,
      0.419,
      1.953,
      0.488,
      2.023,
      0.558,
      2.093,
      0.628,
      2.163,
      0.698,
      2.233,
      0.767,
      2.302,
      0.837,
      2.372,
      0.907,
      2.442,
      0.977,
      2.512,
      1.047,
      2.581,
      1.116,
      2.651,
      1.186,
      2.721,
      1.256,
      2.791,
      1.326,
      2.86,
      1.395
    ],
    "SoftwareVersions": "23_LX_MR_Software_release:DV22.0_V01_1040.a",
    "TaskName": "post-control",
    "dataset": "ds001928",
    "modality": "bold",
    "subject_id": "15",
    "task_id": "rest2"
  },
  "dummy_trs": 0,
  "dvars_nstd": 62.52646521373739,
  "dvars_std": 1.0435268243434344,
  "dvars_vstd": 0.9554808597979798,
  "efc": 0.36662829427345,
  "fber": 48194.0625,
  "fd_mean": 0.8410220763646674,
  "fd_num": 73,
  "fd_perc": 73.0,
  "fwhm_avg": 2.9395683333333333,
  "fwhm_x": 2.99423,
  "fwhm_y": 3.261355,
  "fwhm_z": 2.56312,
  "gcor": 0.0625582,
  "gsr_x": -0.02114226669073105,
  "gsr_y": 0.01572536490857601,
  "provenance": {
    "md5sum": "b5878f117d08c465ea75fabaffab2469",
    "settings": {
      "fd_thres": 0.2,
      "testing": false
    },
    "software": "mriqc",
    "version": "21.0.0rc2",
    "webapi_port": null,
    "webapi_url": "https://mriqc.nimh.nih.gov/api/v1"
  },
  "size_t": 100,
  "size_x": 128,
  "size_y": 128,
  "size_z": 41,
  "snr": 3.2353668255018126,
  "spacing_tr": 3.0,
  "spacing_x": 2.0,
  "spacing_y": 2.0,
  "spacing_z": 3.0,
  "summary_bg_k": 166.88789150225287,
  "summary_bg_mad": 17.19818479794321,
  "summary_bg_mean": 56.14546585083008,
  "summary_bg_median": 11.929999351501465,
  "summary_bg_n": 510245.0,
  "summary_bg_p05": 0.22999998927116394,
  "summary_bg_p95": 231.66599731445288,
  "summary_bg_stdv": 163.1501007080078,
  "summary_fg_k": 1.0144153265483098,
  "summary_fg_mad": 611.1285620753226,
  "summary_fg_mean": 2516.056884765625,
  "summary_fg_median": 2399.10986328125,
  "summary_fg_n": 79639.0,
  "summary_fg_p05": 1490.8559814453124,
  "summary_fg_p95": 3928.523974609371,
  "summary_fg_stdv": 741.521728515625,
  "tsnr": 20.2174723057542
}