{
  "aor": 0.0033728000000000005,
  "aqi": 0.0065906728,
  "bids_meta": {
    "AcquisitionNumber": 1,
    "AcquisitionTime": "19:10:48.000000",
    "ConversionSoftware": "dcm2niix",
    "ConversionSoftwareVersion": "v1.0.20170724 (OpenJPEG build) GCC6.1.0",
    "DeviceSerialNumber": "000000000000GEHC",
    "EchoTime": 0.04,
    "FlipAngle": 90,
    "ImageType": [
      "ORIGINAL",
      "PRIMARY",
      "EPI",
      "NONE"
    ],
    "InstitutionName": "INSTITUTO_DE_NEUROBIOLOGIA",
    "MagneticFieldStrength": 3,
    "Manufacturer": "GE",
    "ManufacturersModelName": "DISCOVERY_MR750",
    "PhaseEncodingLines": 128,
    "ProcedureStepDescription": "Fibromialgia",
    "ProtocolName": "fMRI_pre2",
    "RepetitionTime": 3,
    "ScanningSequence": "EP_GR",
    "SequenceVariant": "SS",
    "SeriesDescription": "fMRI_pre2",
    "SliceTiming": [
      0.0,
      1.535,
      0.07,
      1.605,
      0.14,
      1.674,
      0.209,
      1.744,
      0.279,
      1.814,
      0.349,
      1.884,
      0.419,
      1.953,
      0.488,
      2.023,
      0.558,
      2.093,
      0.628,
      2.163,
      0.698,
      2.233,
      0.767,
      2.302,
      0.837,
      2.372,
      0.907,
      2.442,
      0.977,
      2.512,
      1.047,
      2.581,
      1.116,
      2.651,
      1.186,
      2.721,
      1.256,
      2.791,
      1.326,
      2.86,
      1.395,
      2.93,
      1.465
    ],
    "SoftwareVersions": "23_LX_MR_Software_release:DV22.0_V02_1122.a",
    "TaskName": "pre-control",
    "dataset": "ds001928",
    "modality": "bold",
    "subject_id": "21",
    "task_id": "rest1"
  },
  "dummy_trs": 0,
  "dvars_nstd": 32.45311367121213,
  "dvars_std": 1.0898647044444447,
  "dvars_vstd": 0.9839661402020204,
  "efc": 0.38683628680249904,
  "fber": 42226.9296875,
  "fd_mean": 0.17180874550132919,
  "fd_num": 20,
  "fd_perc": 20.0,
  "fwhm_avg": 2.9436488888888888,
  "fwhm_x": 3.04608,
  "fwhm_y": 3.26653,
  "fwhm_z": 2.518336666666667,
  "gcor": 0.0228028,
  "gsr_x": -0.010786561295390129,
  "gsr_y": 0.01012585498392582,
  "provenance": {
    "md5sum": "fa1b3cd112b9ad66e554efbd184ae9c5",
    "settings": {
      "fd_thres": 0.2,
      "testing": false
    },
    "software": "mriqc",
    "version": "21.0.0rc2",
    "webapi_port": null,
    "webapi_url": "https://mriqc.nimh.nih.gov/api/v1"
  },
  "size_t": 100,
  "size_x": 128,
  "size_y": 128,
  "size_z": 43,
  "snr": 3.3429465672376995,
  "spacing_tr": 3.0,
  "spacing_x": 2.0,
  "spacing_y": 2.0,
  "spacing_z": 3.0,
  "summary_bg_k": 101.19825167634481,
  "summary_bg_mad": 18.191529236970332,
  "summary_bg_mean": 65.7700424194336,
  "summary_bg_median": 12.5,
  "summary_bg_n": 525278.0,
  "summary_bg_p05": 0.07999999821186066,
  "summary_bg_p95": 284.6114868164059,
  "summary_bg_stdv": 202.09979248046875,
  "summary_fg_k": 0.8277276525053447,
  "summary_fg_mad": 641.3588430284578,
  "summary_fg_mean": 2543.77197265625,
  "summary_fg_median": 2460.669921875,
  "summary_fg_n": 90819.0,
  "summary_fg_p05": 1473.5289184570313,
  "summary_fg_p95": 3885.18193359375,
  "summary_fg_stdv": 736.0740966796875,
  "tsnr": 48.72849695174955
}