{
  "aor": 0.0019732,
  "aqi": 0.0048549911,
  "bids_meta": {
    "AcquisitionNumber": 1,
    "AcquisitionTime": "19:27:44.000000",
    "ConversionSoftware": "dcm2niix",
    "ConversionSoftwareVersion": "v1.0.20170724 (OpenJPEG build) GCC6.1.0",
    "DeviceSerialNumber": "000000000000GEHC",
    "EchoTime": 0.04,
    "FlipAngle": 90,
    "ImageType": [
      "ORIGINAL",
      "PRIMARY",
      "EPI",
      "NONE"
    ],
    "InstitutionName": "INSTITUTO_DE_NEUROBIOLOGIA",
    "MagneticFieldStrength": 3,
    "Manufacturer": "GE",
    "ManufacturersModelName": "DISCOVERY_MR750",
    "PhaseEncodingLines": 128,
    "ProcedureStepDescription": "Fibromialgia",
    "ProtocolName": "fMRI_post2",
    "RepetitionTime": 3,
    "ScanningSequence": "EP_GR",
    "SequenceVariant": "SS",
    "SeriesDescription": "fMRI_post2",
    "SliceTiming": [
      0.0,
      1.535,
      0.07,
      1.605,
      0.14,
      1.674,
      0.209,
      1.744,
      0.279,
      1.814,
      0.349,
      1.884,
      0.419,
      1.953,
      0.488,
      2.023,
      0.558,
      2.093,
      0.628,
      2.163,
      0.698,
      2.233,
      0.767,
      2.302,
      0.837,
      2.372,
      0.907,
      2.442,
      0.977,
      2.512,
      1.047,
      2.581,
      1.116,
      2.651,
      1.186,
      2.721,
      1.256,
      2.791,
      1.326,
      2.86,
      1.395,
      2.93,
      1.465
    ],
    "SoftwareVersions": "23_LX_MR_Software_release:DV22.0_V02_1122.a",
    "TaskName": "post-control",
    "dataset": "ds001928",
    "modality": "bold",
    "subject_id": "21",
    "task_id": "rest2"
  },
  "dummy_trs": 0,
  "dvars_nstd": 29.849042583838393,
  "dvars_std": 1.1127114066666668,
  "dvars_vstd": 0.9989593683838385,
  "efc": 0.38623715148777005,
  "fber": 40678.96875,
  "fd_mean": 0.13158947907704824,
  "fd_num": 11,
  "fd_perc": 11.0,
  "fwhm_avg": 2.9421605555555552,
  "fwhm_x": 3.0486,
  "fwhm_y": 3.236955,
  "fwhm_z": 2.5409266666666666,
  "gcor": 0.021983,
  "gsr_x": -0.010494358837604523,
  "gsr_y": 0.01046555582433939,
  "provenance": {
    "md5sum": "b0cd5db35ec37a9983e0d807904f6916",
    "settings": {
      "fd_thres": 0.2,
      "testing": false
    },
    "software": "mriqc",
    "version": "21.0.0rc2",
    "webapi_port": null,
    "webapi_url": "https://mriqc.nimh.nih.gov/api/v1"
  },
  "size_t": 100,
  "size_x": 128,
  "size_y": 128,
  "size_z": 43,
  "snr": 3.3047685434742875,
  "spacing_tr": 3.0,
  "spacing_x": 2.0,
  "spacing_y": 2.0,
  "spacing_z": 3.0,
  "summary_bg_k": 102.0497055283769,
  "summary_bg_mad": 18.754917277603056,
  "summary_bg_mean": 65.8728256225586,
  "summary_bg_median": 12.809999465942383,
  "summary_bg_n": 525572.0,
  "summary_bg_p05": 0.03999999910593033,
  "summary_bg_p95": 288.7699890136719,
  "summary_bg_stdv": 201.0384521484375,
  "summary_fg_k": 0.9354516133963289,
  "summary_fg_mad": 639.728197766161,
  "summary_fg_mean": 2554.44384765625,
  "summary_fg_median": 2466.02001953125,
  "summary_fg_n": 90711.0,
  "summary_fg_p05": 1470.2049560546875,
  "summary_fg_p95": 3922.409912109375,
  "summary_fg_stdv": 746.1964111328125,
  "tsnr": 55.39360565668903
}