{
  "bids_meta": {
    "AcquisitionNumber": 2,
    "AcquisitionTime": "18:11:18.000000",
    "ConversionSoftware": "dcm2niix",
    "ConversionSoftwareVersion": "v1.0.20170724 (OpenJPEG build) GCC6.1.0",
    "DeviceSerialNumber": "000000000000GEHC",
    "EchoTime": 0.003184,
    "FlipAngle": 12,
    "ImageType": [
      "ORIGINAL",
      "PRIMARY",
      "OTHER"
    ],
    "InstitutionName": "INSTITUTO_DE_NEUROBIOLOGIA",
    "InversionTime": 0.45,
    "MagneticFieldStrength": 3,
    "Manufacturer": "GE",
    "ManufacturersModelName": "DISCOVERY_MR750",
    "PhaseEncodingLines": 256,
    "ProcedureStepDescription": "Fibromialgia",
    "ProtocolName": "Sag_T1_FSPGR_BRAVO",
    "RepetitionTime": 0.008164,
    "ScanningSequence": "GR",
    "SequenceVariant": "SS_SK",
    "SeriesDescription": "Sag_T1_FSPGR_BRAVO",
    "SoftwareVersions": "24_LX_MR_Software_release:DV24.0_R01_1344.a",
    "dataset": "ds001928",
    "modality": "T1w",
    "subject_id": "43"
  },
  "cjv": 0.41290681541539626,
  "cnr": 1.5904218265594579,
  "efc": 0.8821957193836312,
  "fber": 49.470272064208984,
  "fwhm_avg": 3.217391189262191,
  "fwhm_x": 3.163963567786573,
  "fwhm_y": 3.31773,
  "fwhm_z": 3.17048,
  "icvs_csf": 0.1748344606232194,
  "icvs_gm": 0.4550716240345178,
  "icvs_wm": 0.3700939153422628,
  "inu_med": 0.9554291367530823,
  "inu_range": 0.10133506655693059,
  "provenance": {
    "md5sum": "88bc1df6f6c4d660a978103c1c0b1a5d",
    "settings": {
      "testing": false
    },
    "software": "mriqc",
    "version": "21.0.0rc2",
    "warnings": {
      "large_rot_frame": true,
      "small_air_mask": true
    },
    "webapi_port": null,
    "webapi_url": "https://mriqc.nimh.nih.gov/api/v1"
  },
  "qi_1": 0.0,
  "qi_2": 0.0,
  "rpve_csf": 14.947899036631432,
  "rpve_gm": 6.5036735089078235,
  "rpve_wm": 9.331931199532317,
  "size_x": 156,
  "size_y": 194,
  "size_z": 171,
  "snr_csf": 3.2479264592751984,
  "snr_gm": 12.19975719819616,
  "snr_total": 12.607085157996806,
  "snr_wm": 22.37357181651906,
  "snrd_csf": 2.018565769576154,
  "snrd_gm": 4.313743805020642,
  "snrd_total": 4.01277879439315,
  "snrd_wm": 5.7060268085826555,
  "spacing_x": 1.100000023841858,
  "spacing_y": 1.0,
  "spacing_z": 1.0,
  "summary_bg_k": 0.0,
  "summary_bg_mad": 114.8163085486656,
  "summary_bg_mean": 0.0,
  "summary_bg_median": 0.0,
  "summary_bg_n": 216998.0,
  "summary_bg_p05": 0.0,
  "summary_bg_p95": 0.0,
  "summary_bg_stdv": 133.0431019270842,
  "summary_csf_k": 1.8408974426639606,
  "summary_csf_mad": 89.25968469370873,
  "summary_csf_mean": 380.0770263671875,
  "summary_csf_median": 353.7649230957031,
  "summary_csf_n": 12737.0,
  "summary_csf_p05": 241.8871856689453,
  "summary_csf_p95": 591.6338378906249,
  "summary_csf_stdv": 108.91596221923828,
  "summary_gm_k": 0.26994604403315225,
  "summary_gm_mad": 58.744221801387766,
  "summary_gm_mean": 758.9150390625,
  "summary_gm_median": 756.0076904296875,
  "summary_gm_n": 31281.0,
  "summary_gm_p05": 662.0127563476562,
  "summary_gm_p95": 868.5051879882812,
  "summary_gm_stdv": 61.96808624267578,
  "summary_wm_k": 0.9363210366591752,
  "summary_wm_mad": 42.00725892118453,
  "summary_wm_mean": 1003.017578125,
  "summary_wm_median": 1000.0130615234375,
  "summary_wm_n": 172980.0,
  "summary_wm_p05": 935.8486480712891,
  "summary_wm_p95": 1081.13681640625,
  "summary_wm_stdv": 44.696044921875,
  "tpm_overlap_csf": 0.1798209697008133,
  "tpm_overlap_gm": 0.4701489508152008,
  "tpm_overlap_wm": 0.5175091624259949,
  "wm2max": 0.4917590783947527
}