{
  "aor": 0.0023785000000000004,
  "aqi": 0.0061722336,
  "bids_meta": {
    "AcquisitionNumber": 1,
    "AcquisitionTime": "15:30:14.000000",
    "ConversionSoftware": "dcm2niix",
    "ConversionSoftwareVersion": "v1.0.20170724 (OpenJPEG build) GCC6.1.0",
    "DeviceSerialNumber": "000000000000GEHC",
    "EchoTime": 0.04,
    "FlipAngle": 90,
    "ImageType": [
      "ORIGINAL",
      "PRIMARY",
      "EPI",
      "NONE"
    ],
    "InstitutionName": "INSTITUTO_DE_NEUROBIOLOGIA",
    "MagneticFieldStrength": 3,
    "Manufacturer": "GE",
    "ManufacturersModelName": "DISCOVERY_MR750",
    "PhaseEncodingLines": 128,
    "ProcedureStepDescription": "Fibromialgia",
    "ProtocolName": "fMRI_post2",
    "RepetitionTime": 3,
    "ScanningSequence": "EP_GR",
    "SequenceVariant": "SS",
    "SeriesDescription": "fMRI_post2",
    "SliceTiming": [
      0.0,
      1.535,
      0.07,
      1.605,
      0.14,
      1.674,
      0.209,
      1.744,
      0.279,
      1.814,
      0.349,
      1.884,
      0.419,
      1.953,
      0.488,
      2.023,
      0.558,
      2.093,
      0.628,
      2.163,
      0.698,
      2.233,
      0.767,
      2.302,
      0.837,
      2.372,
      0.907,
      2.442,
      0.977,
      2.512,
      1.047,
      2.581,
      1.116,
      2.651,
      1.186,
      2.721,
      1.256,
      2.791,
      1.326,
      2.86,
      1.395,
      2.93,
      1.465
    ],
    "SoftwareVersions": "23_LX_MR_Software_release:DV22.0_V01_1040.a",
    "TaskName": "post-music",
    "dataset": "ds001928",
    "modality": "bold",
    "subject_id": "08",
    "task_id": "rest4"
  },
  "dummy_trs": 0,
  "dvars_nstd": 27.61873457191919,
  "dvars_std": 1.0614506792929292,
  "dvars_vstd": 0.9778309924242425,
  "efc": 0.36670204818037533,
  "fber": 44712.5625,
  "fd_mean": 0.1241431690368746,
  "fd_num": 16,
  "fd_perc": 16.0,
  "fwhm_avg": 3.1306588888888887,
  "fwhm_x": 3.24324,
  "fwhm_y": 3.47458,
  "fwhm_z": 2.6741566666666667,
  "gcor": 0.00982257,
  "gsr_x": -0.01320840697735548,
  "gsr_y": 0.003156585618853569,
  "provenance": {
    "md5sum": "2ba75db76bcdb8c9fef1b3e10d0edf66",
    "settings": {
      "fd_thres": 0.2,
      "testing": false
    },
    "software": "mriqc",
    "version": "21.0.0rc2",
    "webapi_port": null,
    "webapi_url": "https://mriqc.nimh.nih.gov/api/v1"
  },
  "size_t": 100,
  "size_x": 128,
  "size_y": 128,
  "size_z": 43,
  "snr": 3.0955796852994952,
  "spacing_tr": 3.0,
  "spacing_x": 2.0,
  "spacing_y": 2.0,
  "spacing_z": 3.0,
  "summary_bg_k": 66.95126951493022,
  "summary_bg_mad": 17.420575846515877,
  "summary_bg_mean": 48.24570846557617,
  "summary_bg_median": 12.15999984741211,
  "summary_bg_n": 532894.0,
  "summary_bg_p05": 0.20999999344348907,
  "summary_bg_p95": 212.59349441528298,
  "summary_bg_stdv": 127.70793914794922,
  "summary_fg_k": 1.155185546634094,
  "summary_fg_mad": 646.0216559627326,
  "summary_fg_mean": 2506.326904296875,
  "summary_fg_median": 2409.68505859375,
  "summary_fg_n": 85160.0,
  "summary_fg_p05": 1368.456964111328,
  "summary_fg_p95": 3928.4504516601564,
  "summary_fg_stdv": 778.4231567382812,
  "tsnr": 46.39582062838599
}