{
  "aor": 0.0022620999999999995,
  "aqi": 0.0039624707999999995,
  "bids_meta": {
    "AcquisitionNumber": 1,
    "AcquisitionTime": "14:36:10.000000",
    "ConversionSoftware": "dcm2niix",
    "ConversionSoftwareVersion": "v1.0.20170724 (OpenJPEG build) GCC6.1.0",
    "DeviceSerialNumber": "000000000000GEHC",
    "EchoTime": 0.04,
    "FlipAngle": 90,
    "ImageType": [
      "ORIGINAL",
      "PRIMARY",
      "EPI",
      "NONE"
    ],
    "InstitutionName": "INSTITUTO_DE_NEUROBIOLOGIA",
    "MagneticFieldStrength": 3,
    "Manufacturer": "GE",
    "ManufacturersModelName": "DISCOVERY_MR750",
    "PhaseEncodingLines": 128,
    "ProcedureStepDescription": "Fibromialgia",
    "ProtocolName": "fMRI_pre1",
    "RepetitionTime": 3,
    "ScanningSequence": "EP_GR",
    "SequenceVariant": "SS",
    "SeriesDescription": "fMRI_pre1",
    "SliceTiming": [
      0.0,
      1.535,
      0.07,
      1.605,
      0.14,
      1.674,
      0.209,
      1.744,
      0.279,
      1.814,
      0.349,
      1.884,
      0.419,
      1.953,
      0.488,
      2.023,
      0.558,
      2.093,
      0.628,
      2.163,
      0.698,
      2.233,
      0.767,
      2.302,
      0.837,
      2.372,
      0.907,
      2.442,
      0.977,
      2.512,
      1.047,
      2.581,
      1.116,
      2.651,
      1.186,
      2.721,
      1.256,
      2.791,
      1.326,
      2.86,
      1.395,
      2.93,
      1.465
    ],
    "SoftwareVersions": "23_LX_MR_Software_release:DV22.0_V01_1040.a",
    "TaskName": "pre-control",
    "dataset": "ds001928",
    "modality": "bold",
    "subject_id": "08",
    "task_id": "rest1"
  },
  "dummy_trs": 0,
  "dvars_nstd": 28.98163028636363,
  "dvars_std": 1.1215396325252527,
  "dvars_vstd": 1.0027997941414137,
  "efc": 0.3671661317937888,
  "fber": 47032.875,
  "fd_mean": 0.0947863535389298,
  "fd_num": 6,
  "fd_perc": 6.0,
  "fwhm_avg": 3.0669605555555557,
  "fwhm_x": 3.178645,
  "fwhm_y": 3.4082,
  "fwhm_z": 2.614036666666667,
  "gcor": 0.0284367,
  "gsr_x": -0.013284648768603802,
  "gsr_y": 0.002909958828240633,
  "provenance": {
    "md5sum": "906b377f202233efe8f30ce6ef04c0a4",
    "settings": {
      "fd_thres": 0.2,
      "testing": false
    },
    "software": "mriqc",
    "version": "21.0.0rc2",
    "webapi_port": null,
    "webapi_url": "https://mriqc.nimh.nih.gov/api/v1"
  },
  "size_t": 100,
  "size_x": 128,
  "size_y": 128,
  "size_z": 43,
  "snr": 3.1632224935472406,
  "spacing_tr": 3.0,
  "spacing_x": 2.0,
  "spacing_y": 2.0,
  "spacing_z": 3.0,
  "summary_bg_k": 71.65963107984304,
  "summary_bg_mad": 16.901664239361118,
  "summary_bg_mean": 46.35073471069336,
  "summary_bg_median": 11.75999927520752,
  "summary_bg_n": 531475.0,
  "summary_bg_p05": 0.1599999964237213,
  "summary_bg_p95": 199.11000061035156,
  "summary_bg_stdv": 123.79202270507812,
  "summary_fg_k": 1.0787149974417884,
  "summary_fg_mad": 639.1348492098414,
  "summary_fg_mean": 2511.984619140625,
  "summary_fg_median": 2414.10986328125,
  "summary_fg_n": 85606.0,
  "summary_fg_p05": 1401.5400085449219,
  "summary_fg_p95": 3911.3573608398438,
  "summary_fg_stdv": 763.1760864257812,
  "tsnr": 53.956877337768674
}