{
  "aor": 0.0007854000000000001,
  "aqi": 0.0028437647999999993,
  "bids_meta": {
    "AcquisitionNumber": 1,
    "AcquisitionTime": "18:05:29.000000",
    "ConversionSoftware": "dcm2niix",
    "ConversionSoftwareVersion": "v1.0.20170724 (OpenJPEG build) GCC6.1.0",
    "DeviceSerialNumber": "000000000000GEHC",
    "EchoTime": 0.04,
    "FlipAngle": 90,
    "ImageType": [
      "ORIGINAL",
      "PRIMARY",
      "EPI",
      "NONE"
    ],
    "InstitutionName": "INSTITUTO_DE_NEUROBIOLOGIA",
    "MagneticFieldStrength": 3,
    "Manufacturer": "GE",
    "ManufacturersModelName": "DISCOVERY_MR750",
    "PhaseEncodingLines": 128,
    "ProcedureStepDescription": "Fibromialgia",
    "ProtocolName": "fMRI_pre1",
    "RepetitionTime": 3,
    "ScanningSequence": "EP_GR",
    "SequenceVariant": "SS",
    "SeriesDescription": "fMRI_pre1",
    "SliceTiming": [
      0.0,
      1.535,
      0.07,
      1.605,
      0.14,
      1.674,
      0.209,
      1.744,
      0.279,
      1.814,
      0.349,
      1.884,
      0.419,
      1.953,
      0.488,
      2.023,
      0.558,
      2.093,
      0.628,
      2.163,
      0.698,
      2.233,
      0.767,
      2.302,
      0.837,
      2.372,
      0.907,
      2.442,
      0.977,
      2.512,
      1.047,
      2.581,
      1.116,
      2.651,
      1.186,
      2.721,
      1.256,
      2.791,
      1.326,
      2.86,
      1.395,
      2.93,
      1.465
    ],
    "SoftwareVersions": "24_LX_MR_Software_release:DV24.0_R01_1344.a",
    "TaskName": "pre-music",
    "dataset": "ds001928",
    "modality": "bold",
    "subject_id": "32",
    "task_id": "rest3"
  },
  "dummy_trs": 0,
  "dvars_nstd": 23.733213058282832,
  "dvars_std": 1.0421948821212121,
  "dvars_vstd": 0.9773240615151518,
  "efc": 0.37116406825829024,
  "fber": 19524.8203125,
  "fd_mean": 0.04519434330091495,
  "fd_num": 0,
  "fd_perc": 0.0,
  "fwhm_avg": 3.431807222222222,
  "fwhm_x": 3.615745,
  "fwhm_y": 3.8421,
  "fwhm_z": 2.8375766666666666,
  "gcor": 0.024396,
  "gsr_x": -0.011822073720395565,
  "gsr_y": 0.006815996952354908,
  "provenance": {
    "md5sum": "db25091eca2ed74ed884a4d3877ada21",
    "settings": {
      "fd_thres": 0.2,
      "testing": false
    },
    "software": "mriqc",
    "version": "21.0.0rc2",
    "webapi_port": null,
    "webapi_url": "https://mriqc.nimh.nih.gov/api/v1"
  },
  "size_t": 100,
  "size_x": 128,
  "size_y": 128,
  "size_z": 43,
  "snr": 2.716136893408923,
  "spacing_tr": 3.0,
  "spacing_x": 2.0,
  "spacing_y": 2.0,
  "spacing_z": 3.0,
  "summary_bg_k": 130.2892381817232,
  "summary_bg_mad": 21.379122690044696,
  "summary_bg_mean": 55.92045974731445,
  "summary_bg_median": 17.8799991607666,
  "summary_bg_n": 527160.0,
  "summary_bg_p05": 1.2200000286102295,
  "summary_bg_p95": 236.17099761962868,
  "summary_bg_stdv": 161.68341064453125,
  "summary_fg_k": 1.929984527757786,
  "summary_fg_mad": 763.5772437821909,
  "summary_fg_mean": 2645.080810546875,
  "summary_fg_median": 2485.955078125,
  "summary_fg_n": 88142.0,
  "summary_fg_p05": 1430.79091796875,
  "summary_fg_p95": 4379.256762695312,
  "summary_fg_stdv": 915.248779296875,
  "tsnr": 61.0934129729867
}