{
  "aor": 0.0007837000000000001,
  "aqi": 0.005374454399999999,
  "bids_meta": {
    "AcquisitionNumber": 1,
    "AcquisitionTime": "18:17:7.000000",
    "ConversionSoftware": "dcm2niix",
    "ConversionSoftwareVersion": "v1.0.20170724 (OpenJPEG build) GCC6.1.0",
    "DeviceSerialNumber": "000000000000GEHC",
    "EchoTime": 0.04,
    "FlipAngle": 90,
    "ImageType": [
      "ORIGINAL",
      "PRIMARY",
      "EPI",
      "NONE"
    ],
    "InstitutionName": "INSTITUTO_DE_NEUROBIOLOGIA",
    "MagneticFieldStrength": 3,
    "Manufacturer": "GE",
    "ManufacturersModelName": "DISCOVERY_MR750",
    "PhaseEncodingLines": 128,
    "ProcedureStepDescription": "Fibromialgia",
    "ProtocolName": "fMRI_post1",
    "RepetitionTime": 3,
    "ScanningSequence": "EP_GR",
    "SequenceVariant": "SS",
    "SeriesDescription": "fMRI_post1",
    "SliceTiming": [
      0.0,
      1.535,
      0.07,
      1.605,
      0.14,
      1.674,
      0.209,
      1.744,
      0.279,
      1.814,
      0.349,
      1.884,
      0.419,
      1.953,
      0.488,
      2.023,
      0.558,
      2.093,
      0.628,
      2.163,
      0.698,
      2.233,
      0.767,
      2.302,
      0.837,
      2.372,
      0.907,
      2.442,
      0.977,
      2.512,
      1.047,
      2.581,
      1.116,
      2.651,
      1.186,
      2.721,
      1.256,
      2.791,
      1.326,
      2.86,
      1.395,
      2.93,
      1.465
    ],
    "SoftwareVersions": "24_LX_MR_Software_release:DV24.0_R01_1344.a",
    "TaskName": "post-music",
    "dataset": "ds001928",
    "modality": "bold",
    "subject_id": "32",
    "task_id": "rest4"
  },
  "dummy_trs": 0,
  "dvars_nstd": 25.80436072636363,
  "dvars_std": 1.0483147206060606,
  "dvars_vstd": 0.9659469301010101,
  "efc": 0.37260025626431387,
  "fber": 19517.052734375,
  "fd_mean": 0.06405018705024473,
  "fd_num": 0,
  "fd_perc": 0.0,
  "fwhm_avg": 3.4542766666666664,
  "fwhm_x": 3.66559,
  "fwhm_y": 3.84948,
  "fwhm_z": 2.8477599999999996,
  "gcor": 0.0282371,
  "gsr_x": -0.01220853254199028,
  "gsr_y": 0.007555217947810888,
  "provenance": {
    "md5sum": "fe75d36e5020c33c1fab630ea4871511",
    "settings": {
      "fd_thres": 0.2,
      "testing": false
    },
    "software": "mriqc",
    "version": "21.0.0rc2",
    "webapi_port": null,
    "webapi_url": "https://mriqc.nimh.nih.gov/api/v1"
  },
  "size_t": 100,
  "size_x": 128,
  "size_y": 128,
  "size_z": 43,
  "snr": 2.719082359418297,
  "spacing_tr": 3.0,
  "spacing_x": 2.0,
  "spacing_y": 2.0,
  "spacing_z": 3.0,
  "summary_bg_k": 75.79693722325094,
  "summary_bg_mad": 21.364298095918492,
  "summary_bg_mean": 57.299564361572266,
  "summary_bg_median": 17.829999923706055,
  "summary_bg_n": 527095.0,
  "summary_bg_p05": 0.9699999690055847,
  "summary_bg_p95": 242.41598968505835,
  "summary_bg_stdv": 163.9029541015625,
  "summary_fg_k": 1.8877161803130589,
  "summary_fg_mad": 763.4215995063223,
  "summary_fg_mean": 2630.826904296875,
  "summary_fg_median": 2477.5,
  "summary_fg_n": 88379.0,
  "summary_fg_p05": 1417.868994140625,
  "summary_fg_p95": 4336.098828124997,
  "summary_fg_stdv": 911.1478271484375,
  "tsnr": 54.65769526781514
}