{
  "aor": 0.0008838999999999999,
  "aqi": 0.0035805180000000004,
  "bids_meta": {
    "AcquisitionNumber": 1,
    "AcquisitionTime": "19:15:54.000000",
    "ConversionSoftware": "dcm2niix",
    "ConversionSoftwareVersion": "v1.0.20170724 (OpenJPEG build) GCC6.1.0",
    "DeviceSerialNumber": "000000000000GEHC",
    "EchoTime": 0.04,
    "FlipAngle": 90,
    "ImageType": [
      "ORIGINAL",
      "PRIMARY",
      "EPI",
      "NONE"
    ],
    "InstitutionName": "INSTITUTO_DE_NEUROBIOLOGIA",
    "MagneticFieldStrength": 3,
    "Manufacturer": "GE",
    "ManufacturersModelName": "DISCOVERY_MR750",
    "PhaseEncodingLines": 128,
    "ProcedureStepDescription": "Fibromialgia",
    "ProtocolName": "fMRI_post1",
    "RepetitionTime": 3,
    "ScanningSequence": "EP_GR",
    "SequenceVariant": "SS",
    "SeriesDescription": "fMRI_post1",
    "SliceTiming": [
      0.0,
      1.535,
      0.07,
      1.605,
      0.14,
      1.674,
      0.209,
      1.744,
      0.279,
      1.814,
      0.349,
      1.884,
      0.419,
      1.953,
      0.488,
      2.023,
      0.558,
      2.093,
      0.628,
      2.163,
      0.698,
      2.233,
      0.767,
      2.302,
      0.837,
      2.372,
      0.907,
      2.442,
      0.977,
      2.512,
      1.047,
      2.581,
      1.116,
      2.651,
      1.186,
      2.721,
      1.256,
      2.791,
      1.326,
      2.86,
      1.395,
      2.93,
      1.465
    ],
    "SoftwareVersions": "23_LX_MR_Software_release:DV22.0_V01_1040.a",
    "TaskName": "post-control",
    "dataset": "ds001928",
    "modality": "bold",
    "subject_id": "02",
    "task_id": "rest2"
  },
  "dummy_trs": 0,
  "dvars_nstd": 24.74860515020201,
  "dvars_std": 1.0711966741414143,
  "dvars_vstd": 0.9834439032323231,
  "efc": 0.36843115062495263,
  "fber": 54723.07421875,
  "fd_mean": 0.043307480104954416,
  "fd_num": 2,
  "fd_perc": 2.0,
  "fwhm_avg": 2.8010983333333335,
  "fwhm_x": 2.911885,
  "fwhm_y": 3.09806,
  "fwhm_z": 2.39335,
  "gcor": 0.0142194,
  "gsr_x": -0.013801587745547295,
  "gsr_y": 3.011310036526993e-05,
  "provenance": {
    "md5sum": "6b7ab6263c0e7d58735bb63ba81b4f0b",
    "settings": {
      "fd_thres": 0.2,
      "testing": false
    },
    "software": "mriqc",
    "version": "21.0.0rc2",
    "webapi_port": null,
    "webapi_url": "https://mriqc.nimh.nih.gov/api/v1"
  },
  "size_t": 100,
  "size_x": 128,
  "size_y": 128,
  "size_z": 43,
  "snr": 3.2450557563003044,
  "spacing_tr": 3.0,
  "spacing_x": 2.0,
  "spacing_y": 2.0,
  "spacing_z": 3.0,
  "summary_bg_k": 83.551602642421,
  "summary_bg_mad": 15.81936523225598,
  "summary_bg_mean": 58.22718811035156,
  "summary_bg_median": 10.819999694824219,
  "summary_bg_n": 536881.0,
  "summary_bg_p05": 0.03999999910593033,
  "summary_bg_p95": 264.2799987792969,
  "summary_bg_stdv": 172.1458282470703,
  "summary_fg_k": 0.8320776326037413,
  "summary_fg_mad": 609.4457940787815,
  "summary_fg_mean": 2434.55078125,
  "summary_fg_median": 2350.53515625,
  "summary_fg_n": 83026.0,
  "summary_fg_p05": 1357.5699462890625,
  "summary_fg_p95": 3741.6474609375,
  "summary_fg_stdv": 724.3391723632812,
  "tsnr": 60.564371824264526
}