{
  "aor": 0.0015619000000000002,
  "aqi": 0.006249498499999999,
  "bids_meta": {
    "AcquisitionNumber": 1,
    "AcquisitionTime": "19:43:10.000000",
    "ConversionSoftware": "dcm2niix",
    "ConversionSoftwareVersion": "v1.0.20170724 (OpenJPEG build) GCC6.1.0",
    "DeviceSerialNumber": "000000000000GEHC",
    "EchoTime": 0.04,
    "FlipAngle": 90,
    "ImageType": [
      "ORIGINAL",
      "PRIMARY",
      "EPI",
      "NONE"
    ],
    "InstitutionName": "INSTITUTO_DE_NEUROBIOLOGIA",
    "MagneticFieldStrength": 3,
    "Manufacturer": "GE",
    "ManufacturersModelName": "DISCOVERY_MR750",
    "PhaseEncodingLines": 128,
    "ProcedureStepDescription": "Fibromialgia",
    "ProtocolName": "fMRI_pre2",
    "RepetitionTime": 3,
    "ScanningSequence": "EP_GR",
    "SequenceVariant": "SS",
    "SeriesDescription": "fMRI_pre2",
    "SliceTiming": [
      0.0,
      1.535,
      0.07,
      1.605,
      0.14,
      1.674,
      0.209,
      1.744,
      0.279,
      1.814,
      0.349,
      1.884,
      0.419,
      1.953,
      0.488,
      2.023,
      0.558,
      2.093,
      0.628,
      2.163,
      0.698,
      2.233,
      0.767,
      2.302,
      0.837,
      2.372,
      0.907,
      2.442,
      0.977,
      2.512,
      1.047,
      2.581,
      1.116,
      2.651,
      1.186,
      2.721,
      1.256,
      2.791,
      1.326,
      2.86,
      1.395,
      2.93,
      1.465
    ],
    "SoftwareVersions": "23_LX_MR_Software_release:DV22.0_V01_1040.a",
    "TaskName": "pre-music",
    "dataset": "ds001928",
    "modality": "bold",
    "subject_id": "02",
    "task_id": "rest3"
  },
  "dummy_trs": 0,
  "dvars_nstd": 29.966578762525245,
  "dvars_std": 1.0454271740404044,
  "dvars_vstd": 0.9601730881818181,
  "efc": 0.3685211418897767,
  "fber": 51780.52734375,
  "fd_mean": 0.15930845862515036,
  "fd_num": 23,
  "fd_perc": 23.0,
  "fwhm_avg": 2.808557777777778,
  "fwhm_x": 2.92382,
  "fwhm_y": 3.09428,
  "fwhm_z": 2.407573333333333,
  "gcor": 0.0174589,
  "gsr_x": -0.012744968757033348,
  "gsr_y": 0.001027674414217472,
  "provenance": {
    "md5sum": "a40b3a787215c74ce0e025c5d6d46d8f",
    "settings": {
      "fd_thres": 0.2,
      "testing": false
    },
    "software": "mriqc",
    "version": "21.0.0rc2",
    "webapi_port": null,
    "webapi_url": "https://mriqc.nimh.nih.gov/api/v1"
  },
  "size_t": 100,
  "size_x": 128,
  "size_y": 128,
  "size_z": 43,
  "snr": 3.244671269765106,
  "spacing_tr": 3.0,
  "spacing_x": 2.0,
  "spacing_y": 2.0,
  "spacing_z": 3.0,
  "summary_bg_k": 92.7212043439291,
  "summary_bg_mad": 15.834190798451946,
  "summary_bg_mean": 57.845985412597656,
  "summary_bg_median": 10.889999389648438,
  "summary_bg_n": 536042.0,
  "summary_bg_p05": 0.09999999403953552,
  "summary_bg_p95": 260.6000061035156,
  "summary_bg_stdv": 171.61875915527344,
  "summary_fg_k": 0.8859728236789528,
  "summary_fg_mad": 610.8617950257527,
  "summary_fg_mean": 2431.891845703125,
  "summary_fg_median": 2334.02001953125,
  "summary_fg_n": 82519.0,
  "summary_fg_p05": 1399.8690063476563,
  "summary_fg_p95": 3754.2689941406243,
  "summary_fg_stdv": 719.3350830078125,
  "tsnr": 49.85691091325134
}