{
  "bids_meta": {
    "AcquisitionNumber": 1,
    "AcquisitionTime": "15:52:52.000000",
    "ConversionSoftware": "dcm2niix",
    "ConversionSoftwareVersion": "v1.0.20170724 (OpenJPEG build) GCC6.1.0",
    "DeviceSerialNumber": "000000000000GEHC",
    "EchoTime": 0.003184,
    "FlipAngle": 12,
    "ImageType": [
      "ORIGINAL",
      "PRIMARY",
      "OTHER"
    ],
    "InstitutionName": "INSTITUTO_DE_NEUROBIOLOGIA",
    "InversionTime": 0.45,
    "MagneticFieldStrength": 3,
    "Manufacturer": "GE",
    "ManufacturersModelName": "DISCOVERY_MR750",
    "PhaseEncodingLines": 256,
    "ProcedureStepDescription": "Fibromialgia",
    "ProtocolName": "Sag_T1_FSPGR_BRAVO",
    "RepetitionTime": 0.008164,
    "ScanningSequence": "GR",
    "SequenceVariant": "SS_SK",
    "SeriesDescription": "Sag_T1_FSPGR_BRAVO",
    "SoftwareVersions": "24_LX_MR_Software_release:DV24.0_R01_1344.a",
    "dataset": "ds001928",
    "modality": "T1w",
    "subject_id": "27"
  },
  "cjv": 0.41026037787936165,
  "cnr": 1.532519394961249,
  "efc": 0.8759952778668847,
  "fber": 39.259944915771484,
  "fwhm_avg": 3.280895734467743,
  "fwhm_x": 3.19842720340323,
  "fwhm_y": 3.4431,
  "fwhm_z": 3.20116,
  "icvs_csf": 0.19338941027686232,
  "icvs_gm": 0.41798206726097825,
  "icvs_wm": 0.38862852246215945,
  "inu_med": 0.9137747287750244,
  "inu_range": 0.08697706758975976,
  "provenance": {
    "md5sum": "89b057a1989aafcddb77cfd11b7a231e",
    "settings": {
      "testing": false
    },
    "software": "mriqc",
    "version": "21.0.0rc2",
    "warnings": {
      "large_rot_frame": true,
      "small_air_mask": true
    },
    "webapi_port": null,
    "webapi_url": "https://mriqc.nimh.nih.gov/api/v1"
  },
  "qi_1": 0.0,
  "qi_2": 0.0,
  "rpve_csf": 13.67585118921496,
  "rpve_gm": 6.6999143708972815,
  "rpve_wm": 8.783536255152685,
  "size_x": 150,
  "size_y": 185,
  "size_z": 151,
  "snr_csf": 3.0837428531133257,
  "snr_gm": 12.081625961180148,
  "snr_total": 13.161584108424577,
  "snr_wm": 24.31938351098026,
  "snrd_csf": 1.6711394715648136,
  "snrd_gm": 3.5055855701826246,
  "snrd_total": 3.2675389264471586,
  "snrd_wm": 4.625891737594038,
  "spacing_x": 1.100000023841858,
  "spacing_y": 1.0,
  "spacing_z": 1.0,
  "summary_bg_k": 0.0,
  "summary_bg_mad": 141.6245371843973,
  "summary_bg_mean": 0.0,
  "summary_bg_median": 0.0,
  "summary_bg_n": 183230.0,
  "summary_bg_p05": 0.0,
  "summary_bg_p95": 0.0,
  "summary_bg_stdv": 139.09806263641295,
  "summary_csf_k": -0.3384263332270123,
  "summary_csf_mad": 122.0991564255204,
  "summary_csf_mean": 386.0137023925781,
  "summary_csf_median": 361.2596740722656,
  "summary_csf_n": 17824.0,
  "summary_csf_p05": 229.0353858947754,
  "summary_csf_p95": 594.1964385986328,
  "summary_csf_stdv": 117.14645385742188,
  "summary_gm_k": 0.20049728194213312,
  "summary_gm_mad": 60.00602632621944,
  "summary_gm_mean": 758.6951293945312,
  "summary_gm_median": 757.822265625,
  "summary_gm_n": 13730.0,
  "summary_gm_p05": 656.9677856445312,
  "summary_gm_p95": 865.7637023925781,
  "summary_gm_stdv": 62.722904205322266,
  "summary_wm_k": 0.862667900618058,
  "summary_wm_mad": 39.35203091846842,
  "summary_wm_mean": 1002.0248413085938,
  "summary_wm_median": 1000.0051879882812,
  "summary_wm_n": 151676.0,
  "summary_wm_p05": 938.8905639648438,
  "summary_wm_p95": 1071.4244079589844,
  "summary_wm_stdv": 41.11954116821289,
  "tpm_overlap_csf": 0.17681099474430084,
  "tpm_overlap_gm": 0.44542285799980164,
  "tpm_overlap_wm": 0.5127134919166565,
  "wm2max": 0.6328848445859026
}