{
  "aor": 0.0031125999999999997,
  "aqi": 0.0072460614,
  "bids_meta": {
    "AcquisitionNumber": 1,
    "AcquisitionTime": "19:43:44.000000",
    "ConversionSoftware": "dcm2niix",
    "ConversionSoftwareVersion": "v1.0.20170724 (OpenJPEG build) GCC6.1.0",
    "DeviceSerialNumber": "000000000000GEHC",
    "EchoTime": 0.04,
    "FlipAngle": 90,
    "ImageType": [
      "ORIGINAL",
      "PRIMARY",
      "EPI",
      "NONE"
    ],
    "InstitutionName": "INSTITUTO_DE_NEUROBIOLOGIA",
    "MagneticFieldStrength": 3,
    "Manufacturer": "GE",
    "ManufacturersModelName": "DISCOVERY_MR750",
    "PhaseEncodingLines": 128,
    "ProcedureStepDescription": "Fibromialgia",
    "ProtocolName": "fMRI_post2",
    "RepetitionTime": 3,
    "ScanningSequence": "EP_GR",
    "SequenceVariant": "SS",
    "SeriesDescription": "fMRI_post2",
    "SliceTiming": [
      0.0,
      1.535,
      0.07,
      1.605,
      0.14,
      1.674,
      0.209,
      1.744,
      0.279,
      1.814,
      0.349,
      1.884,
      0.419,
      1.953,
      0.488,
      2.023,
      0.558,
      2.093,
      0.628,
      2.163,
      0.698,
      2.233,
      0.767,
      2.302,
      0.837,
      2.372,
      0.907,
      2.442,
      0.977,
      2.512,
      1.047,
      2.581,
      1.116,
      2.651,
      1.186,
      2.721,
      1.256,
      2.791,
      1.326,
      2.86,
      1.395,
      2.93,
      1.465
    ],
    "SoftwareVersions": "24_LX_MR_Software_release:DV24.0_R01_1344.a",
    "TaskName": "post-control",
    "dataset": "ds001928",
    "modality": "bold",
    "subject_id": "45",
    "task_id": "rest2"
  },
  "dummy_trs": 0,
  "dvars_nstd": 42.83981804929291,
  "dvars_std": 1.242130647777778,
  "dvars_vstd": 0.9938248691919196,
  "efc": 0.33836197141223234,
  "fber": 26040.197265625,
  "fd_mean": 0.22761200667438772,
  "fd_num": 41,
  "fd_perc": 41.0,
  "fwhm_avg": 2.9013444444444443,
  "fwhm_x": 3.01008,
  "fwhm_y": 3.17617,
  "fwhm_z": 2.5177833333333335,
  "gcor": 0.0212445,
  "gsr_x": -0.01602005958557129,
  "gsr_y": 0.009171881712973118,
  "provenance": {
    "md5sum": "0c6a37d2f2be83defd55ed52bee7b4c2",
    "settings": {
      "fd_thres": 0.2,
      "testing": false
    },
    "software": "mriqc",
    "version": "21.0.0rc2",
    "webapi_port": null,
    "webapi_url": "https://mriqc.nimh.nih.gov/api/v1"
  },
  "size_t": 100,
  "size_x": 128,
  "size_y": 128,
  "size_z": 43,
  "snr": 2.9694959696954997,
  "spacing_tr": 3.0,
  "spacing_x": 2.0,
  "spacing_y": 2.0,
  "spacing_z": 3.0,
  "summary_bg_k": 311.81132255533805,
  "summary_bg_mad": 14.158850762552602,
  "summary_bg_mean": 41.01107406616211,
  "summary_bg_median": 14.319999694824219,
  "summary_bg_n": 547871.0,
  "summary_bg_p05": 2.3999998569488525,
  "summary_bg_p95": 144.55999755859375,
  "summary_bg_stdv": 127.7433090209961,
  "summary_fg_k": 1.570136762737186,
  "summary_fg_mad": 625.5988646973327,
  "summary_fg_mean": 2402.055908203125,
  "summary_fg_median": 2272.75,
  "summary_fg_n": 72372.0,
  "summary_fg_p05": 1364.0884643554687,
  "summary_fg_p95": 3856.6614135742184,
  "summary_fg_stdv": 765.3602905273438,
  "tsnr": 47.658185047563165
}