{
  "aor": 0.0014711000000000001,
  "aqi": 0.004879639,
  "bids_meta": {
    "AcquisitionNumber": 1,
    "AcquisitionTime": "19:01:44.000000",
    "ConversionSoftware": "dcm2niix",
    "ConversionSoftwareVersion": "v1.0.20170724 (OpenJPEG build) GCC6.1.0",
    "DeviceSerialNumber": "000000000000GEHC",
    "EchoTime": 0.04,
    "FlipAngle": 90,
    "ImageType": [
      "ORIGINAL",
      "PRIMARY",
      "EPI",
      "NONE"
    ],
    "InstitutionName": "INSTITUTO_DE_NEUROBIOLOGIA",
    "MagneticFieldStrength": 3,
    "Manufacturer": "GE",
    "ManufacturersModelName": "DISCOVERY_MR750",
    "PhaseEncodingLines": 128,
    "ProcedureStepDescription": "Fibromialgia",
    "ProtocolName": "fMRI_post1",
    "RepetitionTime": 3,
    "ScanningSequence": "EP_GR",
    "SequenceVariant": "SS",
    "SeriesDescription": "fMRI_post1",
    "SliceTiming": [
      0.0,
      1.535,
      0.07,
      1.605,
      0.14,
      1.674,
      0.209,
      1.744,
      0.279,
      1.814,
      0.349,
      1.884,
      0.419,
      1.953,
      0.488,
      2.023,
      0.558,
      2.093,
      0.628,
      2.163,
      0.698,
      2.233,
      0.767,
      2.302,
      0.837,
      2.372,
      0.907,
      2.442,
      0.977,
      2.512,
      1.047,
      2.581,
      1.116,
      2.651,
      1.186,
      2.721,
      1.256,
      2.791,
      1.326,
      2.86,
      1.395,
      2.93,
      1.465
    ],
    "SoftwareVersions": "24_LX_MR_Software_release:DV24.0_R01_1344.a",
    "TaskName": "post-music",
    "dataset": "ds001928",
    "modality": "bold",
    "subject_id": "45",
    "task_id": "rest4"
  },
  "dummy_trs": 0,
  "dvars_nstd": 34.90987224737373,
  "dvars_std": 1.1878904473737373,
  "dvars_vstd": 0.9917819301010098,
  "efc": 0.33899614413251694,
  "fber": 26401.08203125,
  "fd_mean": 0.14219530764772934,
  "fd_num": 18,
  "fd_perc": 18.0,
  "fwhm_avg": 2.8790011111111116,
  "fwhm_x": 2.986095,
  "fwhm_y": 3.164025,
  "fwhm_z": 2.4868833333333336,
  "gcor": 0.0121512,
  "gsr_x": -0.01614122837781906,
  "gsr_y": 0.008019286207854748,
  "provenance": {
    "md5sum": "e740f2d89e420d4ce011daccfd34f93b",
    "settings": {
      "fd_thres": 0.2,
      "testing": false
    },
    "software": "mriqc",
    "version": "21.0.0rc2",
    "webapi_port": null,
    "webapi_url": "https://mriqc.nimh.nih.gov/api/v1"
  },
  "size_t": 100,
  "size_x": 128,
  "size_y": 128,
  "size_z": 43,
  "snr": 3.0239464511996905,
  "spacing_tr": 3.0,
  "spacing_x": 2.0,
  "spacing_y": 2.0,
  "spacing_z": 3.0,
  "summary_bg_k": 292.81100768783153,
  "summary_bg_mad": 14.232980449301984,
  "summary_bg_mean": 40.46828079223633,
  "summary_bg_median": 14.309999465942383,
  "summary_bg_n": 547122.0,
  "summary_bg_p05": 2.440000057220459,
  "summary_bg_p95": 138.00999450683594,
  "summary_bg_stdv": 126.3417739868164,
  "summary_fg_k": 1.429625734794449,
  "summary_fg_mad": 627.6522832485002,
  "summary_fg_mean": 2410.6142578125,
  "summary_fg_median": 2290.489990234375,
  "summary_fg_n": 72756.0,
  "summary_fg_p05": 1362.8900146484375,
  "summary_fg_p95": 3837.8923950195312,
  "summary_fg_stdv": 757.4453735351562,
  "tsnr": 56.76638725632802
}