{
  "bids_meta": {
    "AcquisitionNumber": 1,
    "AcquisitionTime": "18:38:49.000000",
    "ConversionSoftware": "dcm2niix",
    "ConversionSoftwareVersion": "v1.0.20170724 (OpenJPEG build) GCC6.1.0",
    "DeviceSerialNumber": "000000000000GEHC",
    "EchoTime": 0.003184,
    "FlipAngle": 12,
    "ImageType": [
      "ORIGINAL",
      "PRIMARY",
      "OTHER"
    ],
    "InstitutionName": "INSTITUTO_DE_NEUROBIOLOGIA",
    "InversionTime": 0.45,
    "MagneticFieldStrength": 3,
    "Manufacturer": "GE",
    "ManufacturersModelName": "DISCOVERY_MR750",
    "PhaseEncodingLines": 256,
    "ProcedureStepDescription": "Fibromialgia",
    "ProtocolName": "Sag_T1_FSPGR_BRAVO",
    "RepetitionTime": 0.008164,
    "ScanningSequence": "GR",
    "SequenceVariant": "SS_SK",
    "SeriesDescription": "Sag_T1_FSPGR_BRAVO",
    "SoftwareVersions": "24_LX_MR_Software_release:DV24.0_R01_1344.a",
    "dataset": "ds001928",
    "modality": "T1w",
    "subject_id": "37"
  },
  "cjv": 0.43903444620354615,
  "cnr": 1.4799904301931395,
  "efc": 0.8632062331732856,
  "fber": 31.812328338623047,
  "fwhm_avg": 3.167787553262619,
  "fwhm_x": 3.1135726597878572,
  "fwhm_y": 3.31171,
  "fwhm_z": 3.07808,
  "icvs_csf": 0.18059153561410826,
  "icvs_gm": 0.4156644608420493,
  "icvs_wm": 0.40374400354384243,
  "inu_med": 0.8981904983520508,
  "inu_range": 0.06979452073574066,
  "provenance": {
    "md5sum": "e4dcc901462bd167b2e2529da00f64b9",
    "settings": {
      "testing": false
    },
    "software": "mriqc",
    "version": "21.0.0rc2",
    "warnings": {
      "large_rot_frame": true,
      "small_air_mask": true
    },
    "webapi_port": null,
    "webapi_url": "https://mriqc.nimh.nih.gov/api/v1"
  },
  "qi_1": 0.0,
  "qi_2": 0.00029313360003285923,
  "rpve_csf": 16.015500887868683,
  "rpve_gm": 7.4663205479750765,
  "rpve_wm": 9.364372408135985,
  "size_x": 161,
  "size_y": 204,
  "size_z": 171,
  "snr_csf": 3.4055445781846103,
  "snr_gm": 12.537489199921799,
  "snr_total": 12.920062850475595,
  "snr_wm": 22.817154773320375,
  "snrd_csf": 1.7992998896808672,
  "snrd_gm": 3.579366409845894,
  "snrd_total": 3.343554339911433,
  "snrd_wm": 4.651996720207537,
  "spacing_x": 1.100000023841858,
  "spacing_y": 1.0,
  "spacing_z": 1.0,
  "summary_bg_k": 0.0,
  "summary_bg_mad": 140.8320796829184,
  "summary_bg_mean": 0.0,
  "summary_bg_median": 0.0,
  "summary_bg_n": 226782.0,
  "summary_bg_p05": 0.0,
  "summary_bg_p95": 0.0,
  "summary_bg_stdv": 136.3298733953054,
  "summary_csf_k": 1.0171814713231342,
  "summary_csf_mad": 120.66596221551725,
  "summary_csf_mean": 408.77166748046875,
  "summary_csf_median": 386.78839111328125,
  "summary_csf_n": 16560.0,
  "summary_csf_p05": 251.04602966308593,
  "summary_csf_p95": 598.6357482910156,
  "summary_csf_stdv": 113.57264709472656,
  "summary_gm_k": 0.11634224150845363,
  "summary_gm_mad": 59.25970297434414,
  "summary_gm_mean": 771.0677490234375,
  "summary_gm_median": 769.4422607421875,
  "summary_gm_n": 18826.0,
  "summary_gm_p05": 671.31640625,
  "summary_gm_p95": 876.3167572021484,
  "summary_gm_stdv": 61.36968994140625,
  "summary_wm_k": 0.7224818812964711,
  "summary_wm_mad": 41.97246518625927,
  "summary_wm_mean": 1002.6155395507812,
  "summary_wm_median": 1000.0213623046875,
  "summary_wm_n": 191396.0,
  "summary_wm_p05": 935.6952056884766,
  "summary_wm_p95": 1077.9043273925781,
  "summary_wm_stdv": 43.82749557495117,
  "tpm_overlap_csf": 0.17703469097614288,
  "tpm_overlap_gm": 0.44284528493881226,
  "tpm_overlap_wm": 0.5175942182540894,
  "wm2max": 0.6335768632014771
}