{
  "aor": 0.0022813000000000004,
  "aqi": 0.0100810986,
  "bids_meta": {
    "AcquisitionNumber": 1,
    "AcquisitionTime": "19:20:26.000000",
    "ConversionSoftware": "dcm2niix",
    "ConversionSoftwareVersion": "v1.0.20170724 (OpenJPEG build) GCC6.1.0",
    "DeviceSerialNumber": "000000000000GEHC",
    "EchoTime": 0.04,
    "FlipAngle": 90,
    "ImageType": [
      "ORIGINAL",
      "PRIMARY",
      "EPI",
      "NONE"
    ],
    "InstitutionName": "INSTITUTO_DE_NEUROBIOLOGIA",
    "MagneticFieldStrength": 3,
    "Manufacturer": "GE",
    "ManufacturersModelName": "DISCOVERY_MR750",
    "PhaseEncodingLines": 128,
    "ProcedureStepDescription": "Fibromialgia",
    "ProtocolName": "fMRI_post1",
    "RepetitionTime": 3,
    "ScanningSequence": "EP_GR",
    "SequenceVariant": "SS",
    "SeriesDescription": "fMRI_post1",
    "SliceTiming": [
      0.0,
      1.535,
      0.07,
      1.605,
      0.14,
      1.674,
      0.209,
      1.744,
      0.279,
      1.814,
      0.349,
      1.884,
      0.419,
      1.953,
      0.488,
      2.023,
      0.558,
      2.093,
      0.628,
      2.163,
      0.698,
      2.233,
      0.767,
      2.302,
      0.837,
      2.372,
      0.907,
      2.442,
      0.977,
      2.512,
      1.047,
      2.581,
      1.116,
      2.651,
      1.186,
      2.721,
      1.256,
      2.791,
      1.326,
      2.86,
      1.395,
      2.93,
      1.465
    ],
    "SoftwareVersions": "24_LX_MR_Software_release:DV24.0_R01_1344.a",
    "TaskName": "post-music",
    "dataset": "ds001928",
    "modality": "bold",
    "subject_id": "29",
    "task_id": "rest4"
  },
  "dummy_trs": 0,
  "dvars_nstd": 22.732315584141418,
  "dvars_std": 0.8972392577777781,
  "dvars_vstd": 0.9005164439393938,
  "efc": 0.3780128657805027,
  "fber": 26864.173828125,
  "fd_mean": 0.08458005488156668,
  "fd_num": 3,
  "fd_perc": 3.0,
  "fwhm_avg": 2.947333333333333,
  "fwhm_x": 3.05425,
  "fwhm_y": 3.24137,
  "fwhm_z": 2.54638,
  "gcor": 0.00935528,
  "gsr_x": -0.008715035393834114,
  "gsr_y": 0.003993230406194925,
  "provenance": {
    "md5sum": "830472a99ad227ea94def81ac60a68de",
    "settings": {
      "fd_thres": 0.2,
      "testing": false
    },
    "software": "mriqc",
    "version": "21.0.0rc2",
    "webapi_port": null,
    "webapi_url": "https://mriqc.nimh.nih.gov/api/v1"
  },
  "size_t": 100,
  "size_x": 128,
  "size_y": 128,
  "size_z": 43,
  "snr": 3.179987807865079,
  "spacing_tr": 3.0,
  "spacing_x": 2.0,
  "spacing_y": 2.0,
  "spacing_z": 3.0,
  "summary_bg_k": 76.39817354735288,
  "summary_bg_mad": 16.560665833381403,
  "summary_bg_mean": 50.40283203125,
  "summary_bg_median": 14.429999351501465,
  "summary_bg_n": 524417.0,
  "summary_bg_p05": 1.5,
  "summary_bg_p95": 200.76998901367188,
  "summary_bg_stdv": 151.74407958984375,
  "summary_fg_k": 0.7448565384699517,
  "summary_fg_mad": 665.7551783622658,
  "summary_fg_mean": 2435.70458984375,
  "summary_fg_median": 2341.205078125,
  "summary_fg_n": 91388.0,
  "summary_fg_p05": 1394.078454589844,
  "summary_fg_p95": 3778.0719116210935,
  "summary_fg_stdv": 736.226806640625,
  "tsnr": 39.50382738234475
}