{
  "aor": 0.0044571,
  "aqi": 0.0042762663000000005,
  "bids_meta": {
    "AcquisitionNumber": 1,
    "AcquisitionTime": "20:06:42.000000",
    "ConversionSoftware": "dcm2niix",
    "ConversionSoftwareVersion": "v1.0.20170724 (OpenJPEG build) GCC6.1.0",
    "DeviceSerialNumber": "000000000000GEHC",
    "EchoTime": 0.04,
    "FlipAngle": 90,
    "ImageType": [
      "ORIGINAL",
      "PRIMARY",
      "EPI",
      "NONE"
    ],
    "InstitutionName": "INSTITUTO_DE_NEUROBIOLOGIA",
    "MagneticFieldStrength": 3,
    "Manufacturer": "GE",
    "ManufacturersModelName": "DISCOVERY_MR750",
    "PhaseEncodingLines": 128,
    "ProcedureStepDescription": "Fibromialgia",
    "ProtocolName": "fMRI_post1",
    "RepetitionTime": 3,
    "ScanningSequence": "EP_GR",
    "SequenceVariant": "SS",
    "SeriesDescription": "fMRI_post1",
    "SliceTiming": [
      0.0,
      1.535,
      0.07,
      1.605,
      0.14,
      1.674,
      0.209,
      1.744,
      0.279,
      1.814,
      0.349,
      1.884,
      0.419,
      1.953,
      0.488,
      2.023,
      0.558,
      2.093,
      0.628,
      2.163,
      0.698,
      2.233,
      0.767,
      2.302,
      0.837,
      2.372,
      0.907,
      2.442,
      0.977,
      2.512,
      1.047,
      2.581,
      1.116,
      2.651,
      1.186,
      2.721,
      1.256,
      2.791,
      1.326,
      2.86,
      1.395,
      2.93,
      1.465
    ],
    "SoftwareVersions": "23_LX_MR_Software_release:DV22.0_V01_1040.a",
    "TaskName": "post-control",
    "dataset": "ds001928",
    "modality": "bold",
    "subject_id": "06",
    "task_id": "rest2"
  },
  "dummy_trs": 0,
  "dvars_nstd": 29.680130313333333,
  "dvars_std": 1.0961081984848486,
  "dvars_vstd": 1.020256036767677,
  "efc": 0.3584561827146924,
  "fber": 58201.07421875,
  "fd_mean": 0.2237148794000882,
  "fd_num": 46,
  "fd_perc": 46.0,
  "fwhm_avg": 2.9035377777777778,
  "fwhm_x": 3.04846,
  "fwhm_y": 3.22838,
  "fwhm_z": 2.4337733333333333,
  "gcor": 0.0201916,
  "gsr_x": -0.012123786844313145,
  "gsr_y": 0.006921290885657072,
  "provenance": {
    "md5sum": "4d864be7825e2f87ac06ea594db09cd2",
    "settings": {
      "fd_thres": 0.2,
      "testing": false
    },
    "software": "mriqc",
    "version": "21.0.0rc2",
    "webapi_port": null,
    "webapi_url": "https://mriqc.nimh.nih.gov/api/v1"
  },
  "size_t": 100,
  "size_x": 128,
  "size_y": 128,
  "size_z": 43,
  "snr": 3.6624389995605457,
  "spacing_tr": 3.0,
  "spacing_x": 2.0,
  "spacing_y": 2.0,
  "spacing_z": 3.0,
  "summary_bg_k": 71.2430404734277,
  "summary_bg_mad": 15.344932643401057,
  "summary_bg_mean": 47.80255889892578,
  "summary_bg_median": 10.739999771118164,
  "summary_bg_n": 539988.0,
  "summary_bg_p05": 0.1599999964237213,
  "summary_bg_p95": 203.4199981689453,
  "summary_bg_stdv": 133.18099975585938,
  "summary_fg_k": 0.3804265445826083,
  "summary_fg_mad": 601.6326324118985,
  "summary_fg_mean": 2490.845458984375,
  "summary_fg_median": 2436.875,
  "summary_fg_n": 79034.0,
  "summary_fg_p05": 1433.6024780273438,
  "summary_fg_p95": 3662.1433959960937,
  "summary_fg_stdv": 665.365234375,
  "tsnr": 53.409119084477425
}