{
  "aor": 0.0010416000000000002,
  "aqi": 0.004842677700000001,
  "bids_meta": {
    "AcquisitionNumber": 1,
    "AcquisitionTime": "17:30:21.000000",
    "ConversionSoftware": "dcm2niix",
    "ConversionSoftwareVersion": "v1.0.20170724 (OpenJPEG build) GCC6.1.0",
    "DeviceSerialNumber": "000000000000GEHC",
    "EchoTime": 0.04,
    "FlipAngle": 90,
    "ImageType": [
      "ORIGINAL",
      "PRIMARY",
      "EPI",
      "NONE"
    ],
    "InstitutionName": "INSTITUTO_DE_NEUROBIOLOGIA",
    "MagneticFieldStrength": 3,
    "Manufacturer": "GE",
    "ManufacturersModelName": "DISCOVERY_MR750",
    "PhaseEncodingLines": 128,
    "ProcedureStepDescription": "Fibromialgia",
    "ProtocolName": "fMRI_pre2",
    "RepetitionTime": 3,
    "ScanningSequence": "EP_GR",
    "SequenceVariant": "SS",
    "SeriesDescription": "fMRI_pre2",
    "SliceTiming": [
      0.0,
      1.535,
      0.07,
      1.605,
      0.14,
      1.674,
      0.209,
      1.744,
      0.279,
      1.814,
      0.349,
      1.884,
      0.419,
      1.953,
      0.488,
      2.023,
      0.558,
      2.093,
      0.628,
      2.163,
      0.698,
      2.233,
      0.767,
      2.302,
      0.837,
      2.372,
      0.907,
      2.442,
      0.977,
      2.512,
      1.047,
      2.581,
      1.116,
      2.651,
      1.186,
      2.721,
      1.256,
      2.791,
      1.326,
      2.86,
      1.395,
      2.93,
      1.465
    ],
    "SoftwareVersions": "23_LX_MR_Software_release:DV22.0_V01_1040.a",
    "TaskName": "pre-music",
    "dataset": "ds001928",
    "modality": "bold",
    "subject_id": "06",
    "task_id": "rest3"
  },
  "dummy_trs": 0,
  "dvars_nstd": 28.664150334545468,
  "dvars_std": 1.0539613220202018,
  "dvars_vstd": 0.9566558658585856,
  "efc": 0.35980175301645845,
  "fber": 44022.48046875,
  "fd_mean": 0.16876743033282612,
  "fd_num": 33,
  "fd_perc": 33.0,
  "fwhm_avg": 3.198670481670615,
  "fwhm_x": 3.36398,
  "fwhm_y": 3.436275,
  "fwhm_z": 2.7957564450118446,
  "gcor": 0.00959347,
  "gsr_x": -0.014851858839392662,
  "gsr_y": 0.005172265227884054,
  "provenance": {
    "md5sum": "f632a68f82482eb24373c77ab2aba2ea",
    "settings": {
      "fd_thres": 0.2,
      "testing": false
    },
    "software": "mriqc",
    "version": "21.0.0rc2",
    "webapi_port": null,
    "webapi_url": "https://mriqc.nimh.nih.gov/api/v1"
  },
  "size_t": 100,
  "size_x": 128,
  "size_y": 128,
  "size_z": 43,
  "snr": 3.148230564425785,
  "spacing_tr": 3.0,
  "spacing_x": 2.0,
  "spacing_y": 2.0,
  "spacing_z": 3.0000038146972656,
  "summary_bg_k": 49.796971611472145,
  "summary_bg_mad": 19.466567033538976,
  "summary_bg_mean": 55.58261489868164,
  "summary_bg_median": 13.329999923706055,
  "summary_bg_n": 540095.0,
  "summary_bg_p05": 0.04999999701976776,
  "summary_bg_p95": 255.4929931640624,
  "summary_bg_stdv": 140.0021209716797,
  "summary_fg_k": 1.155363262213963,
  "summary_fg_mad": 671.1442709233548,
  "summary_fg_mean": 2760.248046875,
  "summary_fg_median": 2622.719970703125,
  "summary_fg_n": 79953.0,
  "summary_fg_p05": 1617.016015625,
  "summary_fg_p95": 4375.661914062498,
  "summary_fg_stdv": 833.072265625,
  "tsnr": 51.944652180187404
}