{
  "bids_meta": {
    "AcquisitionNumber": 1,
    "AcquisitionTime": "18:33:12.000000",
    "ConversionSoftware": "dcm2niix",
    "ConversionSoftwareVersion": "v1.0.20170724 (OpenJPEG build) GCC6.1.0",
    "DeviceSerialNumber": "000000000000GEHC",
    "EchoTime": 0.003184,
    "FlipAngle": 12,
    "ImageType": [
      "ORIGINAL",
      "PRIMARY",
      "OTHER"
    ],
    "InstitutionName": "INSTITUTO_DE_NEUROBIOLOGIA",
    "InversionTime": 0.45,
    "MagneticFieldStrength": 3,
    "Manufacturer": "GE",
    "ManufacturersModelName": "DISCOVERY_MR750",
    "PhaseEncodingLines": 256,
    "ProcedureStepDescription": "Fibromilagia",
    "ProtocolName": "Sag_T1_FSPGR_BRAVO",
    "RepetitionTime": 0.008164,
    "ScanningSequence": "GR",
    "SequenceVariant": "SS_SK",
    "SeriesDescription": "Sag_T1_FSPGR_BRAVO",
    "SoftwareVersions": "24_LX_MR_Software_release:DV24.0_R01_1344.a",
    "dataset": "ds001928",
    "modality": "T1w",
    "subject_id": "24"
  },
  "cjv": 0.5971086101454788,
  "cnr": 1.088495185617355,
  "efc": 0.8859967269480808,
  "fber": 16.65575408935547,
  "fwhm_avg": 3.0750357360817646,
  "fwhm_x": 2.9750272082452947,
  "fwhm_y": 3.2644,
  "fwhm_z": 2.98568,
  "icvs_csf": 0.19502982825096243,
  "icvs_gm": 0.40661021443939294,
  "icvs_wm": 0.39835995730964463,
  "inu_med": 1.0344527959823608,
  "inu_range": 0.15499069690704337,
  "provenance": {
    "md5sum": "ac4bb7a1c8a833a72d84bdbbaedd94d8",
    "settings": {
      "testing": false
    },
    "software": "mriqc",
    "version": "21.0.0rc2",
    "warnings": {
      "large_rot_frame": true,
      "small_air_mask": true
    },
    "webapi_port": null,
    "webapi_url": "https://mriqc.nimh.nih.gov/api/v1"
  },
  "qi_1": 0.0,
  "qi_2": 0.00025597620443389125,
  "rpve_csf": 15.46133644988313,
  "rpve_gm": 7.703765386619152,
  "rpve_wm": 9.4516138075392,
  "size_x": 159,
  "size_y": 194,
  "size_z": 166,
  "snr_csf": 3.406451739897077,
  "snr_gm": 10.937396985195472,
  "snr_total": 10.971803708497283,
  "snr_wm": 18.5715624003993,
  "snrd_csf": 1.91291469012967,
  "snrd_gm": 3.8794538109366354,
  "snrd_total": 3.5275038154135907,
  "snrd_wm": 4.790142945174467,
  "spacing_x": 1.100000023841858,
  "spacing_y": 1.0,
  "spacing_z": 1.0,
  "summary_bg_k": 0.0,
  "summary_bg_mad": 136.77229623207594,
  "summary_bg_mean": 0.0,
  "summary_bg_median": 0.0,
  "summary_bg_n": 190444.0,
  "summary_bg_p05": 0.0,
  "summary_bg_p95": 0.0,
  "summary_bg_stdv": 148.74799026490828,
  "summary_csf_k": 1.5852339752893014,
  "summary_csf_mad": 109.69288240778582,
  "summary_csf_mean": 418.08966064453125,
  "summary_csf_median": 399.357666015625,
  "summary_csf_n": 19005.0,
  "summary_csf_p05": 255.29217529296875,
  "summary_csf_p95": 630.4633544921875,
  "summary_csf_stdv": 117.23258972167969,
  "summary_gm_k": 0.3952660734139877,
  "summary_gm_mad": 67.49115863262372,
  "summary_gm_mean": 815.055908203125,
  "summary_gm_median": 809.9104614257812,
  "summary_gm_n": 13251.0,
  "summary_gm_p05": 700.3426513671875,
  "summary_gm_p95": 949.7904968261719,
  "summary_gm_stdv": 74.04685974121094,
  "summary_wm_k": 2.85578983892347,
  "summary_wm_mad": 46.033423423556386,
  "summary_wm_mean": 1007.0720825195312,
  "summary_wm_median": 1000.0343017578125,
  "summary_wm_n": 158188.0,
  "summary_wm_p05": 933.8933349609375,
  "summary_wm_p95": 1105.0205688476562,
  "summary_wm_stdv": 53.847442626953125,
  "tpm_overlap_csf": 0.17174336314201355,
  "tpm_overlap_gm": 0.44349953532218933,
  "tpm_overlap_wm": 0.5131970047950745,
  "wm2max": 0.4837786891107292
}