{
  "aor": 0.0029067,
  "aqi": 0.0037994015999999998,
  "bids_meta": {
    "AcquisitionNumber": 1,
    "AcquisitionTime": "16:15:41.000000",
    "ConversionSoftware": "dcm2niix",
    "ConversionSoftwareVersion": "v1.0.20170724 (OpenJPEG build) GCC6.1.0",
    "DeviceSerialNumber": "000000000000GEHC",
    "EchoTime": 0.04,
    "FlipAngle": 90,
    "ImageType": [
      "ORIGINAL",
      "PRIMARY",
      "EPI",
      "NONE"
    ],
    "InstitutionName": "INSTITUTO_DE_NEUROBIOLOGIA",
    "MagneticFieldStrength": 3,
    "Manufacturer": "GE",
    "ManufacturersModelName": "DISCOVERY_MR750",
    "PhaseEncodingLines": 128,
    "ProcedureStepDescription": "Fibromialgia",
    "ProtocolName": "fMRI_post1",
    "RepetitionTime": 3,
    "ScanningSequence": "EP_GR",
    "SequenceVariant": "SS",
    "SeriesDescription": "fMRI_post1",
    "SliceTiming": [
      0.0,
      1.535,
      0.07,
      1.605,
      0.14,
      1.674,
      0.209,
      1.744,
      0.279,
      1.814,
      0.349,
      1.884,
      0.419,
      1.953,
      0.488,
      2.023,
      0.558,
      2.093,
      0.628,
      2.163,
      0.698,
      2.233,
      0.767,
      2.302,
      0.837,
      2.372,
      0.907,
      2.442,
      0.977,
      2.512,
      1.047,
      2.581,
      1.116,
      2.651,
      1.186,
      2.721,
      1.256,
      2.791,
      1.326,
      2.86,
      1.395,
      2.93,
      1.465
    ],
    "SoftwareVersions": "24_LX_MR_Software_release:DV24.0_R01_1344.a",
    "TaskName": "post-control",
    "dataset": "ds001928",
    "modality": "bold",
    "subject_id": "30",
    "task_id": "rest2"
  },
  "dummy_trs": 0,
  "dvars_nstd": 23.600481611515157,
  "dvars_std": 1.0536459671717169,
  "dvars_vstd": 1.0141121435353537,
  "efc": 0.37016517817955874,
  "fber": 18149.021484375,
  "fd_mean": 0.05662287913078264,
  "fd_num": 3,
  "fd_perc": 3.0,
  "fwhm_avg": 2.8944150000000004,
  "fwhm_x": 3.035015,
  "fwhm_y": 3.21553,
  "fwhm_z": 2.4327,
  "gcor": 0.0176808,
  "gsr_x": -0.017736386507749557,
  "gsr_y": 0.004624563734978437,
  "provenance": {
    "md5sum": "32e8b697c7e4d8d5c2ba88c46b4b2d0f",
    "settings": {
      "fd_thres": 0.2,
      "testing": false
    },
    "software": "mriqc",
    "version": "21.0.0rc2",
    "webapi_port": null,
    "webapi_url": "https://mriqc.nimh.nih.gov/api/v1"
  },
  "size_t": 100,
  "size_x": 128,
  "size_y": 128,
  "size_z": 43,
  "snr": 3.1745958723335006,
  "spacing_tr": 3.0,
  "spacing_x": 2.0,
  "spacing_y": 2.0,
  "spacing_z": 3.0,
  "summary_bg_k": 61.58932585347968,
  "summary_bg_mad": 19.837217853275313,
  "summary_bg_mean": 59.235618591308594,
  "summary_bg_median": 17.0,
  "summary_bg_n": 539157.0,
  "summary_bg_p05": 1.459999918937683,
  "summary_bg_p95": 268.3540039062491,
  "summary_bg_stdv": 156.69305419921875,
  "summary_fg_k": 1.4772098143543415,
  "summary_fg_mad": 603.2115169033832,
  "summary_fg_mean": 2376.19140625,
  "summary_fg_median": 2257.2900390625,
  "summary_fg_n": 80458.0,
  "summary_fg_p05": 1436.8454711914062,
  "summary_fg_p95": 3707.8773803710933,
  "summary_fg_stdv": 711.0435791015625,
  "tsnr": 58.181215547025204
}