{
  "aor": 0.008698999999999998,
  "aqi": 0.0059548091000000015,
  "bids_meta": {
    "AcquisitionNumber": 1,
    "AcquisitionTime": "16:42:3.000000",
    "ConversionSoftware": "dcm2niix",
    "ConversionSoftwareVersion": "v1.0.20170724 (OpenJPEG build) GCC6.1.0",
    "DeviceSerialNumber": "000000000000GEHC",
    "EchoTime": 0.04,
    "FlipAngle": 90,
    "ImageType": [
      "ORIGINAL",
      "PRIMARY",
      "EPI",
      "NONE"
    ],
    "InstitutionName": "INSTITUTO_DE_NEUROBIOLOGIA",
    "MagneticFieldStrength": 3,
    "Manufacturer": "GE",
    "ManufacturersModelName": "DISCOVERY_MR750",
    "PhaseEncodingLines": 128,
    "ProcedureStepDescription": "Fibromialgia",
    "ProtocolName": "fMRI_pre2",
    "RepetitionTime": 3,
    "ScanningSequence": "EP_GR",
    "SequenceVariant": "SS",
    "SeriesDescription": "fMRI_pre2",
    "SliceTiming": [
      0.0,
      1.535,
      0.07,
      1.605,
      0.14,
      1.674,
      0.209,
      1.744,
      0.279,
      1.814,
      0.349,
      1.884,
      0.419,
      1.953,
      0.488,
      2.023,
      0.558,
      2.093,
      0.628,
      2.163,
      0.698,
      2.233,
      0.767,
      2.302,
      0.837,
      2.372,
      0.907,
      2.442,
      0.977,
      2.512,
      1.047,
      2.581,
      1.116,
      2.651,
      1.186,
      2.721,
      1.256,
      2.791,
      1.326,
      2.86,
      1.395,
      2.93,
      1.465
    ],
    "SoftwareVersions": "24_LX_MR_Software_release:DV24.0_R01_1344.a",
    "TaskName": "pre-music",
    "dataset": "ds001928",
    "modality": "bold",
    "subject_id": "30",
    "task_id": "rest3"
  },
  "dummy_trs": 0,
  "dvars_nstd": 29.868457466363612,
  "dvars_std": 1.1485299347474744,
  "dvars_vstd": 1.062802093030303,
  "efc": 0.3721666737709031,
  "fber": 17739.83203125,
  "fd_mean": 0.15473229526288426,
  "fd_num": 25,
  "fd_perc": 25.0,
  "fwhm_avg": 2.941044444444444,
  "fwhm_x": 3.08522,
  "fwhm_y": 3.24938,
  "fwhm_z": 2.4885333333333333,
  "gcor": 0.0294752,
  "gsr_x": -0.01814074069261551,
  "gsr_y": 0.005290289409458637,
  "provenance": {
    "md5sum": "4bf8e17bedc9a4ff2d2496523d194388",
    "settings": {
      "fd_thres": 0.2,
      "testing": false
    },
    "software": "mriqc",
    "version": "21.0.0rc2",
    "webapi_port": null,
    "webapi_url": "https://mriqc.nimh.nih.gov/api/v1"
  },
  "size_t": 100,
  "size_x": 128,
  "size_y": 128,
  "size_z": 43,
  "snr": 3.095341709138718,
  "spacing_tr": 3.0,
  "spacing_x": 2.0,
  "spacing_y": 2.0,
  "spacing_z": 3.0,
  "summary_bg_k": 54.84333935107108,
  "summary_bg_mad": 20.01512712198631,
  "summary_bg_mean": 62.27451705932617,
  "summary_bg_median": 17.100000381469727,
  "summary_bg_n": 539077.0,
  "summary_bg_p05": 1.4299999475479126,
  "summary_bg_p95": 286.3699951171875,
  "summary_bg_stdv": 164.47122192382812,
  "summary_fg_k": 1.672095684545548,
  "summary_fg_mad": 604.0713610366987,
  "summary_fg_mean": 2372.890625,
  "summary_fg_median": 2247.97998046875,
  "summary_fg_n": 80591.0,
  "summary_fg_p05": 1425.1749267578125,
  "summary_fg_p95": 3742.6298828125,
  "summary_fg_stdv": 726.2416381835938,
  "tsnr": 48.837643845705315
}