{
  "aor": 0.0014577000000000004,
  "aqi": 0.006321669500000001,
  "bids_meta": {
    "AcquisitionNumber": 1,
    "AcquisitionTime": "20:51:42.000000",
    "ConversionSoftware": "dcm2niix",
    "ConversionSoftwareVersion": "v1.0.20170724 (OpenJPEG build) GCC6.1.0",
    "DeviceSerialNumber": "000000000000GEHC",
    "EchoTime": 0.04,
    "FlipAngle": 90,
    "ImageType": [
      "ORIGINAL",
      "PRIMARY",
      "EPI",
      "NONE"
    ],
    "InstitutionName": "INSTITUTO_DE_NEUROBIOLOGIA",
    "MagneticFieldStrength": 3,
    "Manufacturer": "GE",
    "ManufacturersModelName": "DISCOVERY_MR750",
    "PhaseEncodingLines": 128,
    "ProcedureStepDescription": "Fibromialgia",
    "ProtocolName": "fMRI_pre2",
    "RepetitionTime": 3,
    "ScanningSequence": "EP_GR",
    "SequenceVariant": "SS",
    "SeriesDescription": "fMRI_pre2",
    "SliceTiming": [
      0.0,
      1.535,
      0.07,
      1.605,
      0.14,
      1.674,
      0.209,
      1.744,
      0.279,
      1.814,
      0.349,
      1.884,
      0.419,
      1.953,
      0.488,
      2.023,
      0.558,
      2.093,
      0.628,
      2.163,
      0.698,
      2.233,
      0.767,
      2.302,
      0.837,
      2.372,
      0.907,
      2.442,
      0.977,
      2.512,
      1.047,
      2.581,
      1.116,
      2.651,
      1.186,
      2.721,
      1.256,
      2.791,
      1.326,
      2.86,
      1.395,
      2.93,
      1.465
    ],
    "SoftwareVersions": "24_LX_MR_Software_release:DV24.0_R01_1344.a",
    "TaskName": "pre-control",
    "dataset": "ds001928",
    "modality": "bold",
    "subject_id": "41",
    "task_id": "rest1"
  },
  "dummy_trs": 0,
  "dvars_nstd": 24.492674933737383,
  "dvars_std": 1.025147796464646,
  "dvars_vstd": 0.9771562085858592,
  "efc": 0.3909908331253717,
  "fber": 10973.01171875,
  "fd_mean": 0.06417303845892089,
  "fd_num": 3,
  "fd_perc": 3.0,
  "fwhm_avg": 2.9528594444444445,
  "fwhm_x": 3.03802,
  "fwhm_y": 3.421135,
  "fwhm_z": 2.3994233333333335,
  "gcor": 0.0176943,
  "gsr_x": -0.017461882904171944,
  "gsr_y": 0.033360954374074936,
  "provenance": {
    "md5sum": "a02fe5adf8ac3810f6b7e4ad98877ba0",
    "settings": {
      "fd_thres": 0.2,
      "testing": false
    },
    "software": "mriqc",
    "version": "21.0.0rc2",
    "webapi_port": null,
    "webapi_url": "https://mriqc.nimh.nih.gov/api/v1"
  },
  "size_t": 100,
  "size_x": 128,
  "size_y": 128,
  "size_z": 43,
  "snr": 3.2266450742637187,
  "spacing_tr": 3.0,
  "spacing_x": 2.0,
  "spacing_y": 2.0,
  "spacing_z": 3.0,
  "summary_bg_k": 373.5769064509398,
  "summary_bg_mad": 25.545236253129914,
  "summary_bg_mean": 68.87289428710938,
  "summary_bg_median": 21.420000076293945,
  "summary_bg_n": 524823.0,
  "summary_bg_p05": 1.0299999713897705,
  "summary_bg_p95": 284.97898254394494,
  "summary_bg_stdv": 239.7515411376953,
  "summary_fg_k": 1.5935988938585002,
  "summary_fg_mad": 602.1737677431158,
  "summary_fg_mean": 2326.173828125,
  "summary_fg_median": 2250.849853515625,
  "summary_fg_n": 90478.0,
  "summary_fg_p05": 1316.8985229492187,
  "summary_fg_p95": 3552.952954101562,
  "summary_fg_stdv": 697.5782470703125,
  "tsnr": 53.47289731632918
}