{
  "aor": 0.0011411,
  "aqi": 0.0042198653,
  "bids_meta": {
    "AcquisitionNumber": 1,
    "AcquisitionTime": "21:04:55.000000",
    "ConversionSoftware": "dcm2niix",
    "ConversionSoftwareVersion": "v1.0.20170724 (OpenJPEG build) GCC6.1.0",
    "DeviceSerialNumber": "000000000000GEHC",
    "EchoTime": 0.04,
    "FlipAngle": 90,
    "ImageType": [
      "ORIGINAL",
      "PRIMARY",
      "EPI",
      "NONE"
    ],
    "InstitutionName": "INSTITUTO_DE_NEUROBIOLOGIA",
    "MagneticFieldStrength": 3,
    "Manufacturer": "GE",
    "ManufacturersModelName": "DISCOVERY_MR750",
    "PhaseEncodingLines": 128,
    "ProcedureStepDescription": "Fibromialgia",
    "ProtocolName": "fMRI_post2",
    "RepetitionTime": 3,
    "ScanningSequence": "EP_GR",
    "SequenceVariant": "SS",
    "SeriesDescription": "fMRI_post2",
    "SliceTiming": [
      0.0,
      1.535,
      0.07,
      1.605,
      0.14,
      1.674,
      0.209,
      1.744,
      0.279,
      1.814,
      0.349,
      1.884,
      0.419,
      1.953,
      0.488,
      2.023,
      0.558,
      2.093,
      0.628,
      2.163,
      0.698,
      2.233,
      0.767,
      2.302,
      0.837,
      2.372,
      0.907,
      2.442,
      0.977,
      2.512,
      1.047,
      2.581,
      1.116,
      2.651,
      1.186,
      2.721,
      1.256,
      2.791,
      1.326,
      2.86,
      1.395,
      2.93,
      1.465
    ],
    "SoftwareVersions": "24_LX_MR_Software_release:DV24.0_R01_1344.a",
    "TaskName": "post-control",
    "dataset": "ds001928",
    "modality": "bold",
    "subject_id": "41",
    "task_id": "rest2"
  },
  "dummy_trs": 0,
  "dvars_nstd": 24.30982668707071,
  "dvars_std": 1.04872425979798,
  "dvars_vstd": 0.9910361648484848,
  "efc": 0.39143413623068135,
  "fber": 10581.931640625,
  "fd_mean": 0.06257702719804747,
  "fd_num": 0,
  "fd_perc": 0.0,
  "fwhm_avg": 2.9409511111111115,
  "fwhm_x": 3.005075,
  "fwhm_y": 3.421385,
  "fwhm_z": 2.3963933333333336,
  "gcor": 0.0173265,
  "gsr_x": -0.0166848786175251,
  "gsr_y": 0.035293884575366974,
  "provenance": {
    "md5sum": "e290b64e741ec9215bc8c8bb83829b0a",
    "settings": {
      "fd_thres": 0.2,
      "testing": false
    },
    "software": "mriqc",
    "version": "21.0.0rc2",
    "webapi_port": null,
    "webapi_url": "https://mriqc.nimh.nih.gov/api/v1"
  },
  "size_t": 100,
  "size_x": 128,
  "size_y": 128,
  "size_z": 43,
  "snr": 3.239458712882443,
  "spacing_tr": 3.0,
  "spacing_x": 2.0,
  "spacing_y": 2.0,
  "spacing_z": 3.0,
  "summary_bg_k": 406.3009326052597,
  "summary_bg_mad": 25.767626020337893,
  "summary_bg_mean": 68.93848419189453,
  "summary_bg_median": 21.719999313354492,
  "summary_bg_n": 524007.0,
  "summary_bg_p05": 1.1299999952316284,
  "summary_bg_p95": 285.32000732421875,
  "summary_bg_stdv": 247.8699188232422,
  "summary_fg_k": 1.5392709840202716,
  "summary_fg_mad": 599.6236448720399,
  "summary_fg_mean": 2318.114990234375,
  "summary_fg_median": 2246.780029296875,
  "summary_fg_n": 90944.0,
  "summary_fg_p05": 1309.4329345703125,
  "summary_fg_p95": 3527.27001953125,
  "summary_fg_stdv": 693.5626831054688,
  "tsnr": 58.73713796865195
}