{
  "aor": 0.0011376,
  "aqi": 0.004509936,
  "bids_meta": {
    "AcquisitionNumber": 1,
    "AcquisitionTime": "20:28:27.000000",
    "ConversionSoftware": "dcm2niix",
    "ConversionSoftwareVersion": "v1.0.20170724 (OpenJPEG build) GCC6.1.0",
    "DeviceSerialNumber": "000000000000GEHC",
    "EchoTime": 0.04,
    "FlipAngle": 90,
    "ImageType": [
      "ORIGINAL",
      "PRIMARY",
      "EPI",
      "NONE"
    ],
    "InstitutionName": "INSTITUTO_DE_NEUROBIOLOGIA",
    "MagneticFieldStrength": 3,
    "Manufacturer": "GE",
    "ManufacturersModelName": "DISCOVERY_MR750",
    "PhaseEncodingLines": 128,
    "ProcedureStepDescription": "Fibromialgia",
    "ProtocolName": "fMRI_post1",
    "RepetitionTime": 3,
    "ScanningSequence": "EP_GR",
    "SequenceVariant": "SS",
    "SeriesDescription": "fMRI_post1",
    "SliceTiming": [
      0.0,
      1.535,
      0.07,
      1.605,
      0.14,
      1.674,
      0.209,
      1.744,
      0.279,
      1.814,
      0.349,
      1.884,
      0.419,
      1.953,
      0.488,
      2.023,
      0.558,
      2.093,
      0.628,
      2.163,
      0.698,
      2.233,
      0.767,
      2.302,
      0.837,
      2.372,
      0.907,
      2.442,
      0.977,
      2.512,
      1.047,
      2.581,
      1.116,
      2.651,
      1.186,
      2.721,
      1.256,
      2.791,
      1.326,
      2.86,
      1.395,
      2.93,
      1.465
    ],
    "SoftwareVersions": "24_LX_MR_Software_release:DV24.0_R01_1344.a",
    "TaskName": "post-music",
    "dataset": "ds001928",
    "modality": "bold",
    "subject_id": "41",
    "task_id": "rest4"
  },
  "dummy_trs": 0,
  "dvars_nstd": 25.17172460858586,
  "dvars_std": 1.0783461965656567,
  "dvars_vstd": 0.9996519201010101,
  "efc": 0.3902444197396944,
  "fber": 10672.263671875,
  "fd_mean": 0.03617122946263925,
  "fd_num": 0,
  "fd_perc": 0.0,
  "fwhm_avg": 2.9307255555555556,
  "fwhm_x": 3.019435,
  "fwhm_y": 3.392545,
  "fwhm_z": 2.380196666666667,
  "gcor": 0.0189087,
  "gsr_x": -0.015679359436035156,
  "gsr_y": 0.026845011860132217,
  "provenance": {
    "md5sum": "9ea81caaec77bd8cb3bed22dbd604085",
    "settings": {
      "fd_thres": 0.2,
      "testing": false
    },
    "software": "mriqc",
    "version": "21.0.0rc2",
    "webapi_port": null,
    "webapi_url": "https://mriqc.nimh.nih.gov/api/v1"
  },
  "size_t": 100,
  "size_x": 128,
  "size_y": 128,
  "size_z": 43,
  "snr": 3.239317924175945,
  "spacing_tr": 3.0,
  "spacing_x": 2.0,
  "spacing_y": 2.0,
  "spacing_z": 3.0,
  "summary_bg_k": 206.97536749912496,
  "summary_bg_mad": 25.66384361053696,
  "summary_bg_mean": 63.79703140258789,
  "summary_bg_median": 21.729999542236328,
  "summary_bg_n": 524958.0,
  "summary_bg_p05": 1.1399999856948853,
  "summary_bg_p95": 271.6099853515625,
  "summary_bg_stdv": 191.9715118408203,
  "summary_fg_k": 1.4117396265428566,
  "summary_fg_mad": 602.1142247585103,
  "summary_fg_mean": 2326.494384765625,
  "summary_fg_median": 2252.6298828125,
  "summary_fg_n": 90330.0,
  "summary_fg_p05": 1317.6335083007812,
  "summary_fg_p95": 3546.733459472658,
  "summary_fg_stdv": 695.398681640625,
  "tsnr": 60.898836275562644
}