{
  "aor": 0.0013768999999999995,
  "aqi": 0.005930468600000001,
  "bids_meta": {
    "AcquisitionNumber": 1,
    "AcquisitionTime": "18:41:52.000000",
    "ConversionSoftware": "dcm2niix",
    "ConversionSoftwareVersion": "v1.0.20170724 (OpenJPEG build) GCC6.1.0",
    "DeviceSerialNumber": "000000000000GEHC",
    "EchoTime": 0.04,
    "FlipAngle": 90,
    "ImageType": [
      "ORIGINAL",
      "PRIMARY",
      "EPI",
      "NONE"
    ],
    "InstitutionName": "INSTITUTO_DE_NEUROBIOLOGIA",
    "MagneticFieldStrength": 3,
    "Manufacturer": "GE",
    "ManufacturersModelName": "DISCOVERY_MR750",
    "PhaseEncodingLines": 128,
    "ProtocolName": "fMRI_post1",
    "RepetitionTime": 3,
    "ScanningSequence": "EP_GR",
    "SequenceVariant": "SS",
    "SeriesDescription": "fMRI_post1",
    "SliceTiming": [
      0.0,
      1.535,
      0.07,
      1.605,
      0.14,
      1.674,
      0.209,
      1.744,
      0.279,
      1.814,
      0.349,
      1.884,
      0.419,
      1.953,
      0.488,
      2.023,
      0.558,
      2.093,
      0.628,
      2.163,
      0.698,
      2.233,
      0.767,
      2.302,
      0.837,
      2.372,
      0.907,
      2.442,
      0.977,
      2.512,
      1.047,
      2.581,
      1.116,
      2.651,
      1.186,
      2.721,
      1.256,
      2.791,
      1.326,
      2.86,
      1.395,
      2.93,
      1.465
    ],
    "SoftwareVersions": "23_LX_MR_Software_release:DV22.0_V01_1040.a",
    "TaskName": "post-music",
    "dataset": "ds001928",
    "modality": "bold",
    "subject_id": "01",
    "task_id": "rest4"
  },
  "dummy_trs": 0,
  "dvars_nstd": 24.181865922828276,
  "dvars_std": 0.9710458535353533,
  "dvars_vstd": 0.9328534426262622,
  "efc": 0.34969449837893396,
  "fber": 139817.4375,
  "fd_mean": 0.16248878734350594,
  "fd_num": 30,
  "fd_perc": 30.0,
  "fwhm_avg": 3.4729016666666666,
  "fwhm_x": 3.56033,
  "fwhm_y": 3.744245,
  "fwhm_z": 3.11413,
  "gcor": 0.0133443,
  "gsr_x": -0.014517100527882576,
  "gsr_y": 0.007730910088866949,
  "provenance": {
    "md5sum": "02ceee236ae810330afbbeb22bf50aab",
    "settings": {
      "fd_thres": 0.2,
      "testing": false
    },
    "software": "mriqc",
    "version": "21.0.0rc2",
    "webapi_port": null,
    "webapi_url": "https://mriqc.nimh.nih.gov/api/v1"
  },
  "size_t": 100,
  "size_x": 128,
  "size_y": 128,
  "size_z": 43,
  "snr": 2.606172303156035,
  "spacing_tr": 3.0,
  "spacing_x": 2.0,
  "spacing_y": 2.0,
  "spacing_z": 3.0,
  "summary_bg_k": 111.80122013359762,
  "summary_bg_mad": 11.327080950266499,
  "summary_bg_mean": 51.03810501098633,
  "summary_bg_median": 7.75,
  "summary_bg_n": 539084.0,
  "summary_bg_p05": 0.07999999821186066,
  "summary_bg_p95": 234.75999450683594,
  "summary_bg_stdv": 144.22784423828125,
  "summary_fg_k": 1.6788783635542002,
  "summary_fg_mad": 778.3513242147187,
  "summary_fg_mean": 2786.8369140625,
  "summary_fg_median": 2576.56005859375,
  "summary_fg_n": 80795.0,
  "summary_fg_p05": 1547.0419555664062,
  "summary_fg_p95": 4770.4587890625,
  "summary_fg_stdv": 988.6315307617188,
  "tsnr": 48.40628456464037
}