{
  "aor": 0.0014778,
  "aqi": 0.0073108593,
  "bids_meta": {
    "AcquisitionNumber": 1,
    "AcquisitionTime": "19:21:23.000000",
    "ConversionSoftware": "dcm2niix",
    "ConversionSoftwareVersion": "v1.0.20170724 (OpenJPEG build) GCC6.1.0",
    "DeviceSerialNumber": "000000000000GEHC",
    "EchoTime": 0.04,
    "FlipAngle": 90,
    "ImageType": [
      "ORIGINAL",
      "PRIMARY",
      "EPI",
      "NONE"
    ],
    "InstitutionName": "INSTITUTO_DE_NEUROBIOLOGIA",
    "MagneticFieldStrength": 3,
    "Manufacturer": "GE",
    "ManufacturersModelName": "DISCOVERY_MR750",
    "PhaseEncodingLines": 128,
    "ProtocolName": "fMRI_post2",
    "RepetitionTime": 3,
    "ScanningSequence": "EP_GR",
    "SequenceVariant": "SS",
    "SeriesDescription": "fMRI_post2",
    "SliceTiming": [
      0.0,
      1.535,
      0.07,
      1.605,
      0.14,
      1.674,
      0.209,
      1.744,
      0.279,
      1.814,
      0.349,
      1.884,
      0.419,
      1.953,
      0.488,
      2.023,
      0.558,
      2.093,
      0.628,
      2.163,
      0.698,
      2.233,
      0.767,
      2.302,
      0.837,
      2.372,
      0.907,
      2.442,
      0.977,
      2.512,
      1.047,
      2.581,
      1.116,
      2.651,
      1.186,
      2.721,
      1.256,
      2.791,
      1.326,
      2.86,
      1.395,
      2.93,
      1.465
    ],
    "SoftwareVersions": "23_LX_MR_Software_release:DV22.0_V01_1040.a",
    "TaskName": "post-control",
    "dataset": "ds001928",
    "modality": "bold",
    "subject_id": "01",
    "task_id": "rest2"
  },
  "dummy_trs": 0,
  "dvars_nstd": 33.8875108588889,
  "dvars_std": 1.0428575224242425,
  "dvars_vstd": 0.9359997781818183,
  "efc": 0.3491511593765047,
  "fber": 122319.734375,
  "fd_mean": 0.26035158620202664,
  "fd_num": 54,
  "fd_perc": 54.0,
  "fwhm_avg": 3.4542105555555556,
  "fwhm_x": 3.559475,
  "fwhm_y": 3.70075,
  "fwhm_z": 3.1024066666666665,
  "gcor": 0.0211989,
  "gsr_x": -0.01491624303162098,
  "gsr_y": 0.006920553278177977,
  "provenance": {
    "md5sum": "397998c8e4303929a518e808e262e005",
    "settings": {
      "fd_thres": 0.2,
      "testing": false
    },
    "software": "mriqc",
    "version": "21.0.0rc2",
    "webapi_port": null,
    "webapi_url": "https://mriqc.nimh.nih.gov/api/v1"
  },
  "size_t": 100,
  "size_x": 128,
  "size_y": 128,
  "size_z": 43,
  "snr": 2.6086360366497514,
  "spacing_tr": 3.0,
  "spacing_x": 2.0,
  "spacing_y": 2.0,
  "spacing_z": 3.0,
  "summary_bg_k": 129.94477194474837,
  "summary_bg_mad": 12.023903659809312,
  "summary_bg_mean": 52.941131591796875,
  "summary_bg_median": 8.239999771118164,
  "summary_bg_n": 540738.0,
  "summary_bg_p05": 0.09999999403953552,
  "summary_bg_p95": 242.34999084472656,
  "summary_bg_stdv": 151.53172302246094,
  "summary_fg_k": 1.5500786229869012,
  "summary_fg_mad": 780.968138848187,
  "summary_fg_mean": 2776.344482421875,
  "summary_fg_median": 2567.97998046875,
  "summary_fg_n": 79492.0,
  "summary_fg_p05": 1540.2820190429688,
  "summary_fg_p95": 4760.0704345703125,
  "summary_fg_stdv": 984.4086303710938,
  "tsnr": 44.73517765570432
}