{
  "aor": 0.005941899999999999,
  "aqi": 0.005240092900000001,
  "bids_meta": {
    "AcquisitionNumber": 1,
    "AcquisitionTime": "19:08:39.000000",
    "ConversionSoftware": "dcm2niix",
    "ConversionSoftwareVersion": "v1.0.20170724 (OpenJPEG build) GCC6.1.0",
    "DeviceSerialNumber": "000000000000GEHC",
    "EchoTime": 0.04,
    "FlipAngle": 90,
    "ImageType": [
      "ORIGINAL",
      "PRIMARY",
      "EPI",
      "NONE"
    ],
    "InstitutionName": "INSTITUTO_DE_NEUROBIOLOGIA",
    "MagneticFieldStrength": 3,
    "Manufacturer": "GE",
    "ManufacturersModelName": "DISCOVERY_MR750",
    "PhaseEncodingLines": 128,
    "ProtocolName": "fMRI_pre2",
    "RepetitionTime": 3,
    "ScanningSequence": "EP_GR",
    "SequenceVariant": "SS",
    "SeriesDescription": "fMRI_pre2",
    "SliceTiming": [
      0.0,
      1.535,
      0.07,
      1.605,
      0.14,
      1.674,
      0.209,
      1.744,
      0.279,
      1.814,
      0.349,
      1.884,
      0.419,
      1.953,
      0.488,
      2.023,
      0.558,
      2.093,
      0.628,
      2.163,
      0.698,
      2.233,
      0.767,
      2.302,
      0.837,
      2.372,
      0.907,
      2.442,
      0.977,
      2.512,
      1.047,
      2.581,
      1.116,
      2.651,
      1.186,
      2.721,
      1.256,
      2.791,
      1.326,
      2.86,
      1.395,
      2.93,
      1.465
    ],
    "SoftwareVersions": "23_LX_MR_Software_release:DV22.0_V01_1040.a",
    "TaskName": "pre-control",
    "dataset": "ds001928",
    "modality": "bold",
    "subject_id": "01",
    "task_id": "rest1"
  },
  "dummy_trs": 0,
  "dvars_nstd": 34.86455894222222,
  "dvars_std": 1.1626091442424245,
  "dvars_vstd": 1.0170345622222219,
  "efc": 0.3510988027779292,
  "fber": 133271.484375,
  "fd_mean": 0.24765049811555367,
  "fd_num": 50,
  "fd_perc": 50.0,
  "fwhm_avg": 3.437678888888889,
  "fwhm_x": 3.54545,
  "fwhm_y": 3.69884,
  "fwhm_z": 3.0687466666666663,
  "gcor": 0.0323084,
  "gsr_x": -0.014889740385115147,
  "gsr_y": 0.008450721390545368,
  "provenance": {
    "md5sum": "1be6db5f8245dc822370ab7bb1358ada",
    "settings": {
      "fd_thres": 0.2,
      "testing": false
    },
    "software": "mriqc",
    "version": "21.0.0rc2",
    "webapi_port": null,
    "webapi_url": "https://mriqc.nimh.nih.gov/api/v1"
  },
  "size_t": 100,
  "size_x": 128,
  "size_y": 128,
  "size_z": 43,
  "snr": 2.604402470802607,
  "spacing_tr": 3.0,
  "spacing_x": 2.0,
  "spacing_y": 2.0,
  "spacing_z": 3.0,
  "summary_bg_k": 143.02336355950243,
  "summary_bg_mad": 11.623600801888763,
  "summary_bg_mean": 52.98798370361328,
  "summary_bg_median": 7.919999599456787,
  "summary_bg_n": 539138.0,
  "summary_bg_p05": 0.04999999701976776,
  "summary_bg_p95": 243.63149108886682,
  "summary_bg_stdv": 155.1645965576172,
  "summary_fg_k": 1.5810215645414303,
  "summary_fg_mad": 778.14382867718,
  "summary_fg_mean": 2770.14892578125,
  "summary_fg_median": 2564.69482421875,
  "summary_fg_n": 80908.0,
  "summary_fg_p05": 1530.0035034179687,
  "summary_fg_p95": 4752.797460937499,
  "summary_fg_stdv": 984.74755859375,
  "tsnr": 50.79179113032296
}