{
  "aor": 0.0012445000000000002,
  "aqi": 0.0036960334,
  "bids_meta": {
    "AcquisitionNumber": 1,
    "AcquisitionTime": "14:49:53.000000",
    "ConversionSoftware": "dcm2niix",
    "ConversionSoftwareVersion": "v1.0.20170724 (OpenJPEG build) GCC6.1.0",
    "DeviceSerialNumber": "000000000000GEHC",
    "EchoTime": 0.04,
    "FlipAngle": 90,
    "ImageType": [
      "ORIGINAL",
      "PRIMARY",
      "EPI",
      "NONE"
    ],
    "InstitutionName": "INSTITUTO_DE_NEUROBIOLOGIA",
    "MagneticFieldStrength": 3,
    "Manufacturer": "GE",
    "ManufacturersModelName": "DISCOVERY_MR750",
    "PhaseEncodingLines": 128,
    "ProcedureStepDescription": "Fibromialgia",
    "ProtocolName": "fMRI_post1",
    "RepetitionTime": 3,
    "ScanningSequence": "EP_GR",
    "SequenceVariant": "SS",
    "SeriesDescription": "fMRI_post1",
    "SliceTiming": [
      0.0,
      1.535,
      0.07,
      1.605,
      0.14,
      1.674,
      0.209,
      1.744,
      0.279,
      1.814,
      0.349,
      1.884,
      0.419,
      1.953,
      0.488,
      2.023,
      0.558,
      2.093,
      0.628,
      2.163,
      0.698,
      2.233,
      0.767,
      2.302,
      0.837,
      2.372,
      0.907,
      2.442,
      0.977,
      2.512,
      1.047,
      2.581,
      1.116,
      2.651,
      1.186,
      2.721,
      1.256,
      2.791,
      1.326,
      2.86,
      1.395,
      2.93,
      1.465
    ],
    "SoftwareVersions": "23_LX_MR_Software_release:DV22.0_V01_1040.a",
    "TaskName": "post-control",
    "dataset": "ds001928",
    "modality": "bold",
    "subject_id": "08",
    "task_id": "rest2"
  },
  "dummy_trs": 0,
  "dvars_nstd": 30.138839914141425,
  "dvars_std": 1.1267091392929294,
  "dvars_vstd": 0.9913128729292929,
  "efc": 0.36614948539732195,
  "fber": 46416.71875,
  "fd_mean": 0.09934556363375605,
  "fd_num": 5,
  "fd_perc": 5.0,
  "fwhm_avg": 3.049418888888889,
  "fwhm_x": 3.169475,
  "fwhm_y": 3.382795,
  "fwhm_z": 2.5959866666666667,
  "gcor": 0.0160032,
  "gsr_x": -0.01342685054987669,
  "gsr_y": 0.002828237134963274,
  "provenance": {
    "md5sum": "e766a40c8bd099126e7f56de55460d0c",
    "settings": {
      "fd_thres": 0.2,
      "testing": false
    },
    "software": "mriqc",
    "version": "21.0.0rc2",
    "webapi_port": null,
    "webapi_url": "https://mriqc.nimh.nih.gov/api/v1"
  },
  "size_t": 100,
  "size_x": 128,
  "size_y": 128,
  "size_z": 43,
  "snr": 3.1729672483438067,
  "spacing_tr": 3.0,
  "spacing_x": 2.0,
  "spacing_y": 2.0,
  "spacing_z": 3.0,
  "summary_bg_k": 70.3483954090909,
  "summary_bg_mad": 17.198185858382953,
  "summary_bg_mean": 46.90753173828125,
  "summary_bg_median": 11.920000076293945,
  "summary_bg_n": 532729.0,
  "summary_bg_p05": 0.10999999940395355,
  "summary_bg_p95": 200.94000244140625,
  "summary_bg_stdv": 125.78727722167969,
  "summary_fg_k": 1.1602693445505539,
  "summary_fg_mad": 636.7553920970724,
  "summary_fg_mean": 2509.49560546875,
  "summary_fg_median": 2417.18994140625,
  "summary_fg_n": 84906.0,
  "summary_fg_p05": 1393.3674621582031,
  "summary_fg_p95": 3896.9249877929688,
  "summary_fg_stdv": 761.8029174804688,
  "tsnr": 58.37146619334817
}