{
  "aor": 0.0026072,
  "aqi": 0.006259370599999998,
  "bids_meta": {
    "AcquisitionNumber": 1,
    "AcquisitionTime": "15:14:35.000000",
    "ConversionSoftware": "dcm2niix",
    "ConversionSoftwareVersion": "v1.0.20170724 (OpenJPEG build) GCC6.1.0",
    "DeviceSerialNumber": "000000000000GEHC",
    "EchoTime": 0.04,
    "FlipAngle": 90,
    "ImageType": [
      "ORIGINAL",
      "PRIMARY",
      "EPI",
      "NONE"
    ],
    "InstitutionName": "INSTITUTO_DE_NEUROBIOLOGIA",
    "MagneticFieldStrength": 3,
    "Manufacturer": "GE",
    "ManufacturersModelName": "DISCOVERY_MR750",
    "PhaseEncodingLines": 128,
    "ProcedureStepDescription": "Fibromialgia",
    "ProtocolName": "fMRI_pre2",
    "RepetitionTime": 3,
    "ScanningSequence": "EP_GR",
    "SequenceVariant": "SS",
    "SeriesDescription": "fMRI_pre2",
    "SliceTiming": [
      0.0,
      1.535,
      0.07,
      1.605,
      0.14,
      1.674,
      0.209,
      1.744,
      0.279,
      1.814,
      0.349,
      1.884,
      0.419,
      1.953,
      0.488,
      2.023,
      0.558,
      2.093,
      0.628,
      2.163,
      0.698,
      2.233,
      0.767,
      2.302,
      0.837,
      2.372,
      0.907,
      2.442,
      0.977,
      2.512,
      1.047,
      2.581,
      1.116,
      2.651,
      1.186,
      2.721,
      1.256,
      2.791,
      1.326,
      2.86,
      1.395,
      2.93,
      1.465
    ],
    "SoftwareVersions": "23_LX_MR_Software_release:DV22.0_V01_1040.a",
    "TaskName": "pre-music",
    "dataset": "ds001928",
    "modality": "bold",
    "subject_id": "08",
    "task_id": "rest3"
  },
  "dummy_trs": 0,
  "dvars_nstd": 26.53883880030303,
  "dvars_std": 1.0426151085858588,
  "dvars_vstd": 0.9584196456565659,
  "efc": 0.3684862772950993,
  "fber": 44551.16796875,
  "fd_mean": 0.08656178054744959,
  "fd_num": 2,
  "fd_perc": 2.0,
  "fwhm_avg": 3.0375811111111113,
  "fwhm_x": 3.15707,
  "fwhm_y": 3.38205,
  "fwhm_z": 2.5736233333333334,
  "gcor": 0.00775133,
  "gsr_x": -0.01329711265861988,
  "gsr_y": 0.002949849236756563,
  "provenance": {
    "md5sum": "b9b4f7e70f137654d38c387aecdfaee6",
    "settings": {
      "fd_thres": 0.2,
      "testing": false
    },
    "software": "mriqc",
    "version": "21.0.0rc2",
    "webapi_port": null,
    "webapi_url": "https://mriqc.nimh.nih.gov/api/v1"
  },
  "size_t": 100,
  "size_x": 128,
  "size_y": 128,
  "size_z": 43,
  "snr": 3.186059993286765,
  "spacing_tr": 3.0,
  "spacing_x": 2.0,
  "spacing_y": 2.0,
  "spacing_z": 3.0,
  "summary_bg_k": 70.248722950507,
  "summary_bg_mad": 17.19818470957323,
  "summary_bg_mean": 47.5777473449707,
  "summary_bg_median": 11.969999313354492,
  "summary_bg_n": 531879.0,
  "summary_bg_p05": 0.17000000178813934,
  "summary_bg_p95": 207.36100006103493,
  "summary_bg_stdv": 127.41407775878906,
  "summary_fg_k": 1.1418819059217657,
  "summary_fg_mad": 629.8983568364841,
  "summary_fg_mean": 2475.548583984375,
  "summary_fg_median": 2381.39990234375,
  "summary_fg_n": 85443.0,
  "summary_fg_p05": 1384.8719970703125,
  "summary_fg_p95": 3836.6519287109363,
  "summary_fg_stdv": 747.4391479492188,
  "tsnr": 47.92441849061288
}