{
  "aor": 0.0013106,
  "aqi": 0.005848407999999999,
  "bids_meta": {
    "AcquisitionNumber": 1,
    "AcquisitionTime": "19:30:39.000000",
    "ConversionSoftware": "dcm2niix",
    "ConversionSoftwareVersion": "v1.0.20170724 (OpenJPEG build) GCC6.1.0",
    "DeviceSerialNumber": "000000000000GEHC",
    "EchoTime": 0.04,
    "FlipAngle": 90,
    "ImageType": [
      "ORIGINAL",
      "PRIMARY",
      "EPI",
      "NONE"
    ],
    "InstitutionName": "INSTITUTO_DE_NEUROBIOLOGIA",
    "MagneticFieldStrength": 3,
    "Manufacturer": "GE",
    "ManufacturersModelName": "DISCOVERY_MR750",
    "PhaseEncodingLines": 128,
    "ProcedureStepDescription": "Fibromialgia",
    "ProtocolName": "fMRI_pre2",
    "RepetitionTime": 3,
    "ScanningSequence": "EP_GR",
    "SequenceVariant": "SS",
    "SeriesDescription": "fMRI_pre2",
    "SliceTiming": [
      0.0,
      1.535,
      0.07,
      1.605,
      0.14,
      1.674,
      0.209,
      1.744,
      0.279,
      1.814,
      0.349,
      1.884,
      0.419,
      1.953,
      0.488,
      2.023,
      0.558,
      2.093,
      0.628,
      2.163,
      0.698,
      2.233,
      0.767,
      2.302,
      0.837,
      2.372,
      0.907,
      2.442,
      0.977,
      2.512,
      1.047,
      2.581,
      1.116,
      2.651,
      1.186,
      2.721,
      1.256,
      2.791,
      1.326,
      2.86,
      1.395,
      2.93,
      1.465
    ],
    "SoftwareVersions": "24_LX_MR_Software_release:DV24.0_R01_1344.a",
    "TaskName": "pre-control",
    "dataset": "ds001928",
    "modality": "bold",
    "subject_id": "45",
    "task_id": "rest1"
  },
  "dummy_trs": 0,
  "dvars_nstd": 35.7063036060606,
  "dvars_std": 1.1572746025252525,
  "dvars_vstd": 0.9736322839393943,
  "efc": 0.33808571162206547,
  "fber": 25667.931640625,
  "fd_mean": 0.17412718106663708,
  "fd_num": 34,
  "fd_perc": 34.0,
  "fwhm_avg": 2.9275483333333336,
  "fwhm_x": 3.04075,
  "fwhm_y": 3.191645,
  "fwhm_z": 2.55025,
  "gcor": 0.0104642,
  "gsr_x": -0.016198094934225082,
  "gsr_y": 0.008554347790777683,
  "provenance": {
    "md5sum": "57b1b884ad5991493f2827f7f02a5758",
    "settings": {
      "fd_thres": 0.2,
      "testing": false
    },
    "software": "mriqc",
    "version": "21.0.0rc2",
    "webapi_port": null,
    "webapi_url": "https://mriqc.nimh.nih.gov/api/v1"
  },
  "size_t": 100,
  "size_x": 128,
  "size_y": 128,
  "size_z": 43,
  "snr": 2.964531279479034,
  "spacing_tr": 3.0,
  "spacing_x": 2.0,
  "spacing_y": 2.0,
  "spacing_z": 3.0,
  "summary_bg_k": 298.54894969588304,
  "summary_bg_mad": 14.381242650640065,
  "summary_bg_mean": 41.151527404785156,
  "summary_bg_median": 14.479999542236328,
  "summary_bg_n": 547924.0,
  "summary_bg_p05": 2.429999828338623,
  "summary_bg_p95": 142.9085021972654,
  "summary_bg_stdv": 129.7688751220703,
  "summary_fg_k": 1.4876919533472872,
  "summary_fg_mad": 634.0495344592701,
  "summary_fg_mean": 2412.6611328125,
  "summary_fg_median": 2284.409912109375,
  "summary_fg_n": 72185.0,
  "summary_fg_p05": 1356.4759521484375,
  "summary_fg_p95": 3868.555859375,
  "summary_fg_stdv": 770.5751342773438,
  "tsnr": 52.4384283227846
}