{
  "aor": 0.0012205,
  "aqi": 0.004773985499999999,
  "bids_meta": {
    "AcquisitionNumber": 1,
    "AcquisitionTime": "18:46:26.000000",
    "ConversionSoftware": "dcm2niix",
    "ConversionSoftwareVersion": "v1.0.20170724 (OpenJPEG build) GCC6.1.0",
    "DeviceSerialNumber": "000000000000GEHC",
    "EchoTime": 0.04,
    "FlipAngle": 90,
    "ImageType": [
      "ORIGINAL",
      "PRIMARY",
      "EPI",
      "NONE"
    ],
    "InstitutionName": "INSTITUTO_DE_NEUROBIOLOGIA",
    "MagneticFieldStrength": 3,
    "Manufacturer": "GE",
    "ManufacturersModelName": "DISCOVERY_MR750",
    "PhaseEncodingLines": 128,
    "ProcedureStepDescription": "Fibromialgia",
    "ProtocolName": "fMRI_pre1",
    "RepetitionTime": 3,
    "ScanningSequence": "EP_GR",
    "SequenceVariant": "SS",
    "SeriesDescription": "fMRI_pre1",
    "SliceTiming": [
      0.0,
      1.535,
      0.07,
      1.605,
      0.14,
      1.674,
      0.209,
      1.744,
      0.279,
      1.814,
      0.349,
      1.884,
      0.419,
      1.953,
      0.488,
      2.023,
      0.558,
      2.093,
      0.628,
      2.163,
      0.698,
      2.233,
      0.767,
      2.302,
      0.837,
      2.372,
      0.907,
      2.442,
      0.977,
      2.512,
      1.047,
      2.581,
      1.116,
      2.651,
      1.186,
      2.721,
      1.256,
      2.791,
      1.326,
      2.86,
      1.395,
      2.93,
      1.465
    ],
    "SoftwareVersions": "24_LX_MR_Software_release:DV24.0_R01_1344.a",
    "TaskName": "pre-music",
    "dataset": "ds001928",
    "modality": "bold",
    "subject_id": "45",
    "task_id": "rest3"
  },
  "dummy_trs": 0,
  "dvars_nstd": 29.746263272525244,
  "dvars_std": 1.1514100785858585,
  "dvars_vstd": 0.987132989292929,
  "efc": 0.3365302409073624,
  "fber": 27472.517578125,
  "fd_mean": 0.09108705326200664,
  "fd_num": 3,
  "fd_perc": 3.0,
  "fwhm_avg": 2.865733888888889,
  "fwhm_x": 2.98043,
  "fwhm_y": 3.140585,
  "fwhm_z": 2.4761866666666665,
  "gcor": 0.0101648,
  "gsr_x": -0.016040224581956863,
  "gsr_y": 0.006149936001747847,
  "provenance": {
    "md5sum": "d6c7e4b579e3eb3c07139037a6481c1a",
    "settings": {
      "fd_thres": 0.2,
      "testing": false
    },
    "software": "mriqc",
    "version": "21.0.0rc2",
    "webapi_port": null,
    "webapi_url": "https://mriqc.nimh.nih.gov/api/v1"
  },
  "size_t": 100,
  "size_x": 128,
  "size_y": 128,
  "size_z": 43,
  "snr": 3.0478902449330123,
  "spacing_tr": 3.0,
  "spacing_x": 2.0,
  "spacing_y": 2.0,
  "spacing_z": 3.0,
  "summary_bg_k": 313.5498873445526,
  "summary_bg_mad": 14.010590682094007,
  "summary_bg_mean": 40.19444274902344,
  "summary_bg_median": 14.130000114440918,
  "summary_bg_n": 548347.0,
  "summary_bg_p05": 2.4800000190734863,
  "summary_bg_p95": 134.86699676513626,
  "summary_bg_stdv": 130.7064208984375,
  "summary_fg_k": 1.3349210119537105,
  "summary_fg_mad": 631.7220190990295,
  "summary_fg_mean": 2426.97802734375,
  "summary_fg_median": 2309.6298828125,
  "summary_fg_n": 71816.0,
  "summary_fg_p05": 1374.5374450683594,
  "summary_fg_p95": 3851.3948974609375,
  "summary_fg_stdv": 757.7745971679688,
  "tsnr": 59.53935592691414
}