{
  "aor": 0.0035695000000000006,
  "aqi": 0.009030154299999999,
  "bids_meta": {
    "AcquisitionNumber": 1,
    "AcquisitionTime": "19:19:23.000000",
    "ConversionSoftware": "dcm2niix",
    "ConversionSoftwareVersion": "v1.0.20170724 (OpenJPEG build) GCC6.1.0",
    "DeviceSerialNumber": "000000000000GEHC",
    "EchoTime": 0.04,
    "FlipAngle": 90,
    "ImageType": [
      "ORIGINAL",
      "PRIMARY",
      "EPI",
      "NONE"
    ],
    "InstitutionName": "INSTITUTO_DE_NEUROBIOLOGIA",
    "MagneticFieldStrength": 3,
    "Manufacturer": "GE",
    "ManufacturersModelName": "DISCOVERY_MR750",
    "PhaseEncodingLines": 128,
    "ProcedureStepDescription": "Fibromialgia",
    "ProtocolName": "fMRI_pre2",
    "RepetitionTime": 3,
    "ScanningSequence": "EP_GR",
    "SequenceVariant": "SS",
    "SeriesDescription": "fMRI_pre2",
    "SliceTiming": [
      0.0,
      1.535,
      0.07,
      1.605,
      0.14,
      1.674,
      0.209,
      1.744,
      0.279,
      1.814,
      0.349,
      1.884,
      0.419,
      1.953,
      0.488,
      2.023,
      0.558,
      2.093,
      0.628,
      2.163,
      0.698,
      2.233,
      0.767,
      2.302,
      0.837,
      2.372,
      0.907,
      2.442,
      0.977,
      2.512,
      1.047,
      2.581,
      1.116,
      2.651,
      1.186,
      2.721,
      1.256,
      2.791,
      1.326,
      2.86,
      1.395
    ],
    "SoftwareVersions": "23_LX_MR_Software_release:DV22.0_V01_1040.a",
    "TaskName": "pre-music",
    "dataset": "ds001928",
    "modality": "bold",
    "subject_id": "10",
    "task_id": "rest3"
  },
  "dummy_trs": 0,
  "dvars_nstd": 38.071092682626265,
  "dvars_std": 1.1315196438383832,
  "dvars_vstd": 1.0008893464646464,
  "efc": 0.33839195467596966,
  "fber": 89584.1015625,
  "fd_mean": 0.24478258034121536,
  "fd_num": 49,
  "fd_perc": 49.0,
  "fwhm_avg": 3.041286111111111,
  "fwhm_x": 3.164405,
  "fwhm_y": 3.29794,
  "fwhm_z": 2.661513333333333,
  "gcor": 0.0208031,
  "gsr_x": -0.020903978496789932,
  "gsr_y": 0.0012013692175969481,
  "provenance": {
    "md5sum": "92f18ffc24f11d455754b36fbbc1d4d2",
    "settings": {
      "fd_thres": 0.2,
      "testing": false
    },
    "software": "mriqc",
    "version": "21.0.0rc2",
    "webapi_port": null,
    "webapi_url": "https://mriqc.nimh.nih.gov/api/v1"
  },
  "size_t": 100,
  "size_x": 128,
  "size_y": 128,
  "size_z": 41,
  "snr": 2.8982921822586265,
  "spacing_tr": 3.0,
  "spacing_x": 2.0,
  "spacing_y": 2.0,
  "spacing_z": 3.0,
  "summary_bg_k": 76.18133460691512,
  "summary_bg_mad": 12.913465446018064,
  "summary_bg_mean": 51.890750885009766,
  "summary_bg_median": 8.920000076293945,
  "summary_bg_n": 524462.0,
  "summary_bg_p05": 0.09999999403953552,
  "summary_bg_p95": 234.02949829101516,
  "summary_bg_stdv": 147.54327392578125,
  "summary_fg_k": 1.4106702170160954,
  "summary_fg_mad": 678.2610149465843,
  "summary_fg_mean": 2639.195556640625,
  "summary_fg_median": 2470.780029296875,
  "summary_fg_n": 66803.0,
  "summary_fg_p05": 1550.3940063476562,
  "summary_fg_p95": 4329.280029296874,
  "summary_fg_stdv": 852.48876953125,
  "tsnr": 38.802698803832754
}