{
  "aor": 0.0010750999999999998,
  "aqi": 0.0078572099,
  "bids_meta": {
    "AcquisitionNumber": 1,
    "AcquisitionTime": "19:33:27.000000",
    "ConversionSoftware": "dcm2niix",
    "ConversionSoftwareVersion": "v1.0.20170724 (OpenJPEG build) GCC6.1.0",
    "DeviceSerialNumber": "000000000000GEHC",
    "EchoTime": 0.04,
    "FlipAngle": 90,
    "ImageType": [
      "ORIGINAL",
      "PRIMARY",
      "EPI",
      "NONE"
    ],
    "InstitutionName": "INSTITUTO_DE_NEUROBIOLOGIA",
    "MagneticFieldStrength": 3,
    "Manufacturer": "GE",
    "ManufacturersModelName": "DISCOVERY_MR750",
    "PhaseEncodingLines": 128,
    "ProcedureStepDescription": "Fibromialgia",
    "ProtocolName": "fMRI_post2",
    "RepetitionTime": 3,
    "ScanningSequence": "EP_GR",
    "SequenceVariant": "SS",
    "SeriesDescription": "fMRI_post2",
    "SliceTiming": [
      0.0,
      1.535,
      0.07,
      1.605,
      0.14,
      1.674,
      0.209,
      1.744,
      0.279,
      1.814,
      0.349,
      1.884,
      0.419,
      1.953,
      0.488,
      2.023,
      0.558,
      2.093,
      0.628,
      2.163,
      0.698,
      2.233,
      0.767,
      2.302,
      0.837,
      2.372,
      0.907,
      2.442,
      0.977,
      2.512,
      1.047,
      2.581,
      1.116,
      2.651,
      1.186,
      2.721,
      1.256,
      2.791,
      1.326,
      2.86,
      1.395
    ],
    "SoftwareVersions": "23_LX_MR_Software_release:DV22.0_V01_1040.a",
    "TaskName": "post-music",
    "dataset": "ds001928",
    "modality": "bold",
    "subject_id": "10",
    "task_id": "rest4"
  },
  "dummy_trs": 0,
  "dvars_nstd": 29.365058339999994,
  "dvars_std": 1.0422003072727277,
  "dvars_vstd": 0.9389507364646463,
  "efc": 0.33690736454045156,
  "fber": 80825.8828125,
  "fd_mean": 0.11395386704920167,
  "fd_num": 10,
  "fd_perc": 10.0,
  "fwhm_avg": 2.961393888888889,
  "fwhm_x": 3.111585,
  "fwhm_y": 3.17018,
  "fwhm_z": 2.6024166666666666,
  "gcor": 0.0093208,
  "gsr_x": -0.020678948611021042,
  "gsr_y": 0.0005720402696169913,
  "provenance": {
    "md5sum": "9ae005fd70921069dc48af8481b33323",
    "settings": {
      "fd_thres": 0.2,
      "testing": false
    },
    "software": "mriqc",
    "version": "21.0.0rc2",
    "webapi_port": null,
    "webapi_url": "https://mriqc.nimh.nih.gov/api/v1"
  },
  "size_t": 100,
  "size_x": 128,
  "size_y": 128,
  "size_z": 41,
  "snr": 2.8943310825291557,
  "spacing_tr": 3.0,
  "spacing_x": 2.0,
  "spacing_y": 2.0,
  "spacing_z": 3.0,
  "summary_bg_k": 75.28581805731748,
  "summary_bg_mad": 13.491680356303936,
  "summary_bg_mean": 51.8062744140625,
  "summary_bg_median": 9.380000114440918,
  "summary_bg_n": 525256.0,
  "summary_bg_p05": 0.14999999105930328,
  "summary_bg_p95": 228.21499252319336,
  "summary_bg_stdv": 146.42652893066406,
  "summary_fg_k": 1.4739244589560823,
  "summary_fg_mad": 677.9420346719119,
  "summary_fg_mean": 2630.153076171875,
  "summary_fg_median": 2466.0498046875,
  "summary_fg_n": 66294.0,
  "summary_fg_p05": 1532.8984436035157,
  "summary_fg_p95": 4314.987475585936,
  "summary_fg_stdv": 852.0211181640625,
  "tsnr": 42.73761146888137
}