{
  "bids_meta": {
    "AcquisitionNumber": 1,
    "AcquisitionTime": "19:15:45.000000",
    "ConversionSoftware": "dcm2niix",
    "ConversionSoftwareVersion": "v1.0.20170724 (OpenJPEG build) GCC6.1.0",
    "DeviceSerialNumber": "000000000000GEHC",
    "EchoTime": 0.003184,
    "FlipAngle": 12,
    "ImageType": [
      "ORIGINAL",
      "PRIMARY",
      "OTHER"
    ],
    "InstitutionName": "INSTITUTO_DE_NEUROBIOLOGIA",
    "InversionTime": 0.45,
    "MagneticFieldStrength": 3,
    "Manufacturer": "GE",
    "ManufacturersModelName": "DISCOVERY_MR750",
    "PhaseEncodingLines": 256,
    "ProcedureStepDescription": "Fibromialgia",
    "ProtocolName": "Sag_T1_FSPGR_BRAVO",
    "RepetitionTime": 0.008164,
    "ScanningSequence": "GR",
    "SequenceVariant": "SS_SK",
    "SeriesDescription": "Sag_T1_FSPGR_BRAVO",
    "SoftwareVersions": "24_LX_MR_Software_release:DV24.0_R01_1344.a",
    "dataset": "ds001928",
    "modality": "T1w",
    "subject_id": "47"
  },
  "cjv": 0.5871161117200611,
  "cnr": 1.3193998181623943,
  "efc": 0.8571216233652197,
  "fber": 7.86275053024292,
  "fwhm_avg": 3.0252857361879695,
  "fwhm_x": 2.9603272085639083,
  "fwhm_y": 3.18994,
  "fwhm_z": 2.92559,
  "icvs_csf": 0.21211705056849284,
  "icvs_gm": 0.3910770111682791,
  "icvs_wm": 0.3968059382632281,
  "inu_med": 0.9205666184425354,
  "inu_range": 0.06526260077953339,
  "provenance": {
    "md5sum": "d1925e92b014a012f55c3343ef8414eb",
    "settings": {
      "testing": false
    },
    "software": "mriqc",
    "version": "21.0.0rc2",
    "warnings": {
      "large_rot_frame": true,
      "small_air_mask": true
    },
    "webapi_port": null,
    "webapi_url": "https://mriqc.nimh.nih.gov/api/v1"
  },
  "qi_1": 0.0,
  "qi_2": 0.0,
  "rpve_csf": 22.126819379341022,
  "rpve_gm": 11.214665165891734,
  "rpve_wm": 13.11671253567401,
  "size_x": 164,
  "size_y": 231,
  "size_z": 172,
  "snr_csf": 3.566684191104627,
  "snr_gm": 12.422297975643248,
  "snr_total": 10.455165866164164,
  "snr_wm": 15.376515431744613,
  "snrd_csf": 1.895852416879208,
  "snrd_gm": 4.434900377062923,
  "snrd_total": 3.9829976202697495,
  "snrd_wm": 5.618240066867116,
  "spacing_x": 1.100000023841858,
  "spacing_y": 1.0,
  "spacing_z": 1.0,
  "summary_bg_k": 0.0,
  "summary_bg_mad": 116.61150193523211,
  "summary_bg_mean": 0.0,
  "summary_bg_median": 0.0,
  "summary_bg_n": 117860.0,
  "summary_bg_p05": 0.0,
  "summary_bg_p95": 0.0,
  "summary_bg_stdv": 131.21765181175437,
  "summary_csf_k": 1.39584046030886,
  "summary_csf_mad": 77.13739361129063,
  "summary_csf_mean": 355.8273620605469,
  "summary_csf_median": 337.4537048339844,
  "summary_csf_n": 19204.0,
  "summary_csf_p05": 233.68828353881835,
  "summary_csf_p95": 549.7549896240232,
  "summary_csf_stdv": 94.61026000976562,
  "summary_gm_k": 0.02341369089193357,
  "summary_gm_mad": 62.748216043534164,
  "summary_gm_mean": 789.2229614257812,
  "summary_gm_median": 789.3934936523438,
  "summary_gm_n": 5128.0,
  "summary_gm_p05": 684.6800323486328,
  "summary_gm_p95": 894.7664184570312,
  "summary_gm_stdv": 63.54029846191406,
  "summary_wm_k": 0.9984689930139896,
  "summary_wm_mad": 60.91573092232764,
  "summary_wm_mean": 1007.0049438476562,
  "summary_wm_median": 1000.02294921875,
  "summary_wm_n": 93528.0,
  "summary_wm_p05": 914.1893859863281,
  "summary_wm_p95": 1124.423876953125,
  "summary_wm_stdv": 65.03538513183594,
  "tpm_overlap_csf": 0.14943253993988037,
  "tpm_overlap_gm": 0.39185428619384766,
  "tpm_overlap_wm": 0.4359022080898285,
  "wm2max": 0.3141810357582349
}