{
  "aor": 0.0007441,
  "aqi": 0.004165780199999999,
  "bids_meta": {
    "AcquisitionNumber": 1,
    "AcquisitionTime": "19:25:4.000000",
    "ConversionSoftware": "dcm2niix",
    "ConversionSoftwareVersion": "v1.0.20170724 (OpenJPEG build) GCC6.1.0",
    "DeviceSerialNumber": "000000000000GEHC",
    "EchoTime": 0.04,
    "FlipAngle": 90,
    "ImageType": [
      "ORIGINAL",
      "PRIMARY",
      "EPI",
      "NONE"
    ],
    "InstitutionName": "INSTITUTO_DE_NEUROBIOLOGIA",
    "MagneticFieldStrength": 3,
    "Manufacturer": "GE",
    "ManufacturersModelName": "DISCOVERY_MR750",
    "PhaseEncodingLines": 128,
    "ProcedureStepDescription": "Fibromialgia",
    "ProtocolName": "fMRI_pre1",
    "RepetitionTime": 3,
    "ScanningSequence": "EP_GR",
    "SequenceVariant": "SS",
    "SeriesDescription": "fMRI_pre1",
    "SliceTiming": [
      0.0,
      1.535,
      0.07,
      1.605,
      0.14,
      1.674,
      0.209,
      1.744,
      0.279,
      1.814,
      0.349,
      1.884,
      0.419,
      1.953,
      0.488,
      2.023,
      0.558,
      2.093,
      0.628,
      2.163,
      0.698,
      2.233,
      0.767,
      2.302,
      0.837,
      2.372,
      0.907,
      2.442,
      0.977,
      2.512,
      1.047,
      2.581,
      1.116,
      2.651,
      1.186,
      2.721,
      1.256,
      2.791,
      1.326,
      2.86,
      1.395,
      2.93,
      1.465
    ],
    "SoftwareVersions": "24_LX_MR_Software_release:DV24.0_R01_1344.a",
    "TaskName": "pre-control",
    "dataset": "ds001928",
    "modality": "bold",
    "subject_id": "33",
    "task_id": "rest1"
  },
  "dummy_trs": 0,
  "dvars_nstd": 27.86897248969698,
  "dvars_std": 1.0295506105050507,
  "dvars_vstd": 0.9734397296969702,
  "efc": 0.3727752704812137,
  "fber": 17038.189453125,
  "fd_mean": 0.059058015785885695,
  "fd_num": 1,
  "fd_perc": 1.0,
  "fwhm_avg": 3.014578333333333,
  "fwhm_x": 3.05861,
  "fwhm_y": 3.395075,
  "fwhm_z": 2.59005,
  "gcor": 0.0294419,
  "gsr_x": -0.01514830719679594,
  "gsr_y": 0.0090154018253088,
  "provenance": {
    "md5sum": "12e90c3b3e414112c9f518f00699e908",
    "settings": {
      "fd_thres": 0.2,
      "testing": false
    },
    "software": "mriqc",
    "version": "21.0.0rc2",
    "webapi_port": null,
    "webapi_url": "https://mriqc.nimh.nih.gov/api/v1"
  },
  "size_t": 100,
  "size_x": 128,
  "size_y": 128,
  "size_z": 43,
  "snr": 3.0567173564711907,
  "spacing_tr": 3.0,
  "spacing_x": 2.0,
  "spacing_y": 2.0,
  "spacing_z": 3.0,
  "summary_bg_k": 83.79145276142681,
  "summary_bg_mad": 21.171557870442836,
  "summary_bg_mean": 53.78757095336914,
  "summary_bg_median": 18.029998779296875,
  "summary_bg_n": 531066.0,
  "summary_bg_p05": 1.3700000047683716,
  "summary_bg_p95": 215.27749633789062,
  "summary_bg_stdv": 154.80477905273438,
  "summary_fg_k": 2.297001092703028,
  "summary_fg_mad": 603.0781333785983,
  "summary_fg_mean": 2418.92236328125,
  "summary_fg_median": 2313.030029296875,
  "summary_fg_n": 85917.0,
  "summary_fg_p05": 1398.8460205078125,
  "summary_fg_p95": 3814.449951171875,
  "summary_fg_stdv": 756.6995239257812,
  "tsnr": 49.4133848939091
}