{
  "aor": 0.0009071,
  "aqi": 0.0033852892,
  "bids_meta": {
    "AcquisitionNumber": 1,
    "AcquisitionTime": "16:49:1.000000",
    "ConversionSoftware": "dcm2niix",
    "ConversionSoftwareVersion": "v1.0.20170724 (OpenJPEG build) GCC6.1.0",
    "DeviceSerialNumber": "000000000000GEHC",
    "EchoTime": 0.04,
    "FlipAngle": 90,
    "ImageType": [
      "ORIGINAL",
      "PRIMARY",
      "EPI",
      "NONE"
    ],
    "InstitutionName": "INSTITUTO_DE_NEUROBIOLOGIA",
    "MagneticFieldStrength": 3,
    "Manufacturer": "GE",
    "ManufacturersModelName": "DISCOVERY_MR750",
    "PhaseEncodingLines": 128,
    "ProcedureStepDescription": "Fibromialgia",
    "ProtocolName": "fMRI_post1",
    "RepetitionTime": 3,
    "ScanningSequence": "EP_GR",
    "SequenceVariant": "SS",
    "SeriesDescription": "fMRI_post1",
    "SliceTiming": [
      0.0,
      1.535,
      0.07,
      1.605,
      0.14,
      1.674,
      0.209,
      1.744,
      0.279,
      1.814,
      0.349,
      1.884,
      0.419,
      1.953,
      0.488,
      2.023,
      0.558,
      2.093,
      0.628,
      2.163,
      0.698,
      2.233,
      0.767,
      2.302,
      0.837,
      2.372,
      0.907,
      2.442,
      0.977,
      2.512,
      1.047,
      2.581,
      1.116,
      2.651,
      1.186,
      2.721,
      1.256,
      2.791,
      1.326,
      2.86,
      1.395,
      2.93,
      1.465
    ],
    "SoftwareVersions": "24_LX_MR_Software_release:DV24.0_R01_1344.a",
    "TaskName": "post-control",
    "dataset": "ds001928",
    "modality": "bold",
    "subject_id": "46",
    "task_id": "rest2"
  },
  "dummy_trs": 0,
  "dvars_nstd": 23.65212529070708,
  "dvars_std": 1.099196938787879,
  "dvars_vstd": 0.9863347528282826,
  "efc": 0.3761942040982968,
  "fber": 10508.814453125,
  "fd_mean": 0.02899797594483527,
  "fd_num": 0,
  "fd_perc": 0.0,
  "fwhm_avg": 2.8346805555555554,
  "fwhm_x": 2.986115,
  "fwhm_y": 3.12962,
  "fwhm_z": 2.388306666666667,
  "gcor": 0.00844018,
  "gsr_x": -0.017936471849679947,
  "gsr_y": 0.02243625745177269,
  "provenance": {
    "md5sum": "daa7037c3624c87402eaa8aaa9a3ec01",
    "settings": {
      "fd_thres": 0.2,
      "testing": false
    },
    "software": "mriqc",
    "version": "21.0.0rc2",
    "webapi_port": null,
    "webapi_url": "https://mriqc.nimh.nih.gov/api/v1"
  },
  "size_t": 100,
  "size_x": 128,
  "size_y": 128,
  "size_z": 43,
  "snr": 3.662548824901288,
  "spacing_tr": 3.0,
  "spacing_x": 2.0,
  "spacing_y": 2.0,
  "spacing_z": 3.0,
  "summary_bg_k": 220.99452416992852,
  "summary_bg_mad": 29.029351325226113,
  "summary_bg_mean": 59.519126892089844,
  "summary_bg_median": 23.81999969482422,
  "summary_bg_n": 536110.0,
  "summary_bg_p05": 1.5,
  "summary_bg_p95": 229.6999969482422,
  "summary_bg_stdv": 155.13706970214844,
  "summary_fg_k": 0.38201035003270034,
  "summary_fg_mad": 606.25074286229,
  "summary_fg_mean": 2464.47509765625,
  "summary_fg_median": 2417.4599609375,
  "summary_fg_n": 83079.0,
  "summary_fg_p05": 1450.445947265625,
  "summary_fg_p95": 3621.2699951171858,
  "summary_fg_stdv": 660.0445556640625,
  "tsnr": 63.99959544977173
}