{
  "aor": 0.001109,
  "aqi": 0.0044271658,
  "bids_meta": {
    "AcquisitionNumber": 1,
    "AcquisitionTime": "16:37:12.000000",
    "ConversionSoftware": "dcm2niix",
    "ConversionSoftwareVersion": "v1.0.20170724 (OpenJPEG build) GCC6.1.0",
    "DeviceSerialNumber": "000000000000GEHC",
    "EchoTime": 0.04,
    "FlipAngle": 90,
    "ImageType": [
      "ORIGINAL",
      "PRIMARY",
      "EPI",
      "NONE"
    ],
    "InstitutionName": "INSTITUTO_DE_NEUROBIOLOGIA",
    "MagneticFieldStrength": 3,
    "Manufacturer": "GE",
    "ManufacturersModelName": "DISCOVERY_MR750",
    "PhaseEncodingLines": 128,
    "ProcedureStepDescription": "Fibromialgia",
    "ProtocolName": "fMRI_pre1",
    "RepetitionTime": 3,
    "ScanningSequence": "EP_GR",
    "SequenceVariant": "SS",
    "SeriesDescription": "fMRI_pre1",
    "SliceTiming": [
      0.0,
      1.535,
      0.07,
      1.605,
      0.14,
      1.674,
      0.209,
      1.744,
      0.279,
      1.814,
      0.349,
      1.884,
      0.419,
      1.953,
      0.488,
      2.023,
      0.558,
      2.093,
      0.628,
      2.163,
      0.698,
      2.233,
      0.767,
      2.302,
      0.837,
      2.372,
      0.907,
      2.442,
      0.977,
      2.512,
      1.047,
      2.581,
      1.116,
      2.651,
      1.186,
      2.721,
      1.256,
      2.791,
      1.326,
      2.86,
      1.395,
      2.93,
      1.465
    ],
    "SoftwareVersions": "24_LX_MR_Software_release:DV24.0_R01_1344.a",
    "TaskName": "pre-control",
    "dataset": "ds001928",
    "modality": "bold",
    "subject_id": "46",
    "task_id": "rest1"
  },
  "dummy_trs": 0,
  "dvars_nstd": 24.033274139696964,
  "dvars_std": 1.0665647238383837,
  "dvars_vstd": 0.9640002824242425,
  "efc": 0.376899186075925,
  "fber": 10996.5380859375,
  "fd_mean": 0.03537512957033464,
  "fd_num": 0,
  "fd_perc": 0.0,
  "fwhm_avg": 2.8560105555555553,
  "fwhm_x": 3.00157,
  "fwhm_y": 3.139945,
  "fwhm_z": 2.4265166666666667,
  "gcor": 0.0115334,
  "gsr_x": -0.0181601382791996,
  "gsr_y": 0.021262645721435547,
  "provenance": {
    "md5sum": "4766dc402f021f0eacfe7439690271d0",
    "settings": {
      "fd_thres": 0.2,
      "testing": false
    },
    "software": "mriqc",
    "version": "21.0.0rc2",
    "webapi_port": null,
    "webapi_url": "https://mriqc.nimh.nih.gov/api/v1"
  },
  "size_t": 100,
  "size_x": 128,
  "size_y": 128,
  "size_z": 43,
  "snr": 3.65046487168699,
  "spacing_tr": 3.0,
  "spacing_x": 2.0,
  "spacing_y": 2.0,
  "spacing_z": 3.0,
  "summary_bg_k": 201.51414430443407,
  "summary_bg_mad": 28.347352834237093,
  "summary_bg_mean": 59.7293701171875,
  "summary_bg_median": 23.28999900817871,
  "summary_bg_n": 535645.0,
  "summary_bg_p05": 1.459999918937683,
  "summary_bg_p95": 228.5379943847655,
  "summary_bg_stdv": 157.0560760498047,
  "summary_fg_k": 0.41769854948983776,
  "summary_fg_mad": 606.3767966275719,
  "summary_fg_mean": 2464.662353515625,
  "summary_fg_median": 2412.849853515625,
  "summary_fg_n": 83498.0,
  "summary_fg_p05": 1460.733984375,
  "summary_fg_p95": 3635.708959960937,
  "summary_fg_stdv": 660.9666137695312,
  "tsnr": 58.11289224307984
}