{
  "aor": 0.0013099,
  "aqi": 0.0036602320000000007,
  "bids_meta": {
    "AcquisitionNumber": 1,
    "AcquisitionTime": "19:17:23.000000",
    "ConversionSoftware": "dcm2niix",
    "ConversionSoftwareVersion": "v1.0.20170724 (OpenJPEG build) GCC6.1.0",
    "DeviceSerialNumber": "000000000000GEHC",
    "EchoTime": 0.04,
    "FlipAngle": 90,
    "ImageType": [
      "ORIGINAL",
      "PRIMARY",
      "EPI",
      "NONE"
    ],
    "InstitutionName": "INSTITUTO_DE_NEUROBIOLOGIA",
    "MagneticFieldStrength": 3,
    "Manufacturer": "GE",
    "ManufacturersModelName": "DISCOVERY_MR750",
    "PhaseEncodingLines": 128,
    "ProcedureStepDescription": "Fibromialgia",
    "ProtocolName": "fMRI_pre2",
    "RepetitionTime": 3,
    "ScanningSequence": "EP_GR",
    "SequenceVariant": "SS",
    "SeriesDescription": "fMRI_pre2",
    "SliceTiming": [
      0.0,
      1.535,
      0.07,
      1.605,
      0.14,
      1.674,
      0.209,
      1.744,
      0.279,
      1.814,
      0.349,
      1.884,
      0.419,
      1.953,
      0.488,
      2.023,
      0.558,
      2.093,
      0.628,
      2.163,
      0.698,
      2.233,
      0.767,
      2.302,
      0.837,
      2.372,
      0.907,
      2.442,
      0.977,
      2.512,
      1.047,
      2.581,
      1.116,
      2.651,
      1.186,
      2.721,
      1.256,
      2.791,
      1.326,
      2.86,
      1.395,
      2.93,
      1.465
    ],
    "SoftwareVersions": "23_LX_MR_Software_release:DV22.0_V02_1122.a",
    "TaskName": "pre-control",
    "dataset": "ds001928",
    "modality": "bold",
    "subject_id": "23",
    "task_id": "rest1"
  },
  "dummy_trs": 0,
  "dvars_nstd": 25.925708500606056,
  "dvars_std": 1.0294900130303026,
  "dvars_vstd": 0.9945113640404044,
  "efc": 0.3640295711516891,
  "fber": 85576.1171875,
  "fd_mean": 0.10931813854693274,
  "fd_num": 15,
  "fd_perc": 15.0,
  "fwhm_avg": 3.0364405555555556,
  "fwhm_x": 3.201595,
  "fwhm_y": 3.34591,
  "fwhm_z": 2.5618166666666666,
  "gcor": 0.037787,
  "gsr_x": -0.01930183731019497,
  "gsr_y": 0.02542785555124283,
  "provenance": {
    "md5sum": "9417a84c72d5b5b3c4925a3ceabea3a1",
    "settings": {
      "fd_thres": 0.2,
      "testing": false
    },
    "software": "mriqc",
    "version": "21.0.0rc2",
    "webapi_port": null,
    "webapi_url": "https://mriqc.nimh.nih.gov/api/v1"
  },
  "size_t": 100,
  "size_x": 128,
  "size_y": 128,
  "size_z": 43,
  "snr": 2.882470266424976,
  "spacing_tr": 3.0,
  "spacing_x": 2.0,
  "spacing_y": 2.0,
  "spacing_z": 3.0,
  "summary_bg_k": 52.835737773824974,
  "summary_bg_mad": 10.659909947520479,
  "summary_bg_mean": 43.04555130004883,
  "summary_bg_median": 7.519999980926514,
  "summary_bg_n": 534987.0,
  "summary_bg_p05": 0.2199999988079071,
  "summary_bg_p95": 192.27999877929688,
  "summary_bg_stdv": 102.2076644897461,
  "summary_fg_k": 1.3410017129776186,
  "summary_fg_mad": 547.2212033854294,
  "summary_fg_mean": 2110.233154296875,
  "summary_fg_median": 1970.969970703125,
  "summary_fg_n": 83624.0,
  "summary_fg_p05": 1259.5499267578125,
  "summary_fg_p95": 3473.279528808593,
  "summary_fg_stdv": 683.7739868164062,
  "tsnr": 54.934155182912946
}