{
  "aor": 0.0010623999999999998,
  "aqi": 0.003147534,
  "bids_meta": {
    "AcquisitionNumber": 1,
    "AcquisitionTime": "18:39:32.000000",
    "ConversionSoftware": "dcm2niix",
    "ConversionSoftwareVersion": "v1.0.20170724 (OpenJPEG build) GCC6.1.0",
    "DeviceSerialNumber": "000000000000GEHC",
    "EchoTime": 0.04,
    "FlipAngle": 90,
    "ImageType": [
      "ORIGINAL",
      "PRIMARY",
      "EPI",
      "NONE"
    ],
    "InstitutionName": "INSTITUTO_DE_NEUROBIOLOGIA",
    "MagneticFieldStrength": 3,
    "Manufacturer": "GE",
    "ManufacturersModelName": "DISCOVERY_MR750",
    "PhaseEncodingLines": 128,
    "ProcedureStepDescription": "Fibromialgia",
    "ProtocolName": "fMRI_post1",
    "RepetitionTime": 3,
    "ScanningSequence": "EP_GR",
    "SequenceVariant": "SS",
    "SeriesDescription": "fMRI_post1",
    "SliceTiming": [
      0.0,
      1.535,
      0.07,
      1.605,
      0.14,
      1.674,
      0.209,
      1.744,
      0.279,
      1.814,
      0.349,
      1.884,
      0.419,
      1.953,
      0.488,
      2.023,
      0.558,
      2.093,
      0.628,
      2.163,
      0.698,
      2.233,
      0.767,
      2.302,
      0.837,
      2.372,
      0.907,
      2.442,
      0.977,
      2.512,
      1.047,
      2.581,
      1.116,
      2.651,
      1.186,
      2.721,
      1.256,
      2.791,
      1.326,
      2.86,
      1.395,
      2.93,
      1.465
    ],
    "SoftwareVersions": "23_LX_MR_Software_release:DV22.0_V02_1122.a",
    "TaskName": "post-music",
    "dataset": "ds001928",
    "modality": "bold",
    "subject_id": "23",
    "task_id": "rest4"
  },
  "dummy_trs": 0,
  "dvars_nstd": 25.558568010202027,
  "dvars_std": 1.0680157287878789,
  "dvars_vstd": 0.9885312822222221,
  "efc": 0.35300901102286303,
  "fber": 226892.5,
  "fd_mean": 0.11011002935516617,
  "fd_num": 13,
  "fd_perc": 13.0,
  "fwhm_avg": 2.990308333333333,
  "fwhm_x": 3.170835,
  "fwhm_y": 3.28263,
  "fwhm_z": 2.5174600000000003,
  "gcor": 0.0286754,
  "gsr_x": -0.014996401034295559,
  "gsr_y": 0.0053029446862638,
  "provenance": {
    "md5sum": "027240887071220c7397966032b3f6d3",
    "settings": {
      "fd_thres": 0.2,
      "testing": false
    },
    "software": "mriqc",
    "version": "21.0.0rc2",
    "webapi_port": null,
    "webapi_url": "https://mriqc.nimh.nih.gov/api/v1"
  },
  "size_t": 100,
  "size_x": 128,
  "size_y": 128,
  "size_z": 43,
  "snr": 3.027959343840776,
  "spacing_tr": 3.0,
  "spacing_x": 2.0,
  "spacing_y": 2.0,
  "spacing_z": 3.0,
  "summary_bg_k": 60.36877354782465,
  "summary_bg_mad": 7.487141221127286,
  "summary_bg_mean": 40.7291259765625,
  "summary_bg_median": 5.5,
  "summary_bg_n": 535717.0,
  "summary_bg_p05": 0.25,
  "summary_bg_p95": 189.21199340820266,
  "summary_bg_stdv": 112.99050903320312,
  "summary_fg_k": 1.1947174150046083,
  "summary_fg_mad": 654.0720846594569,
  "summary_fg_mean": 2588.327880859375,
  "summary_fg_median": 2439.780029296875,
  "summary_fg_n": 82846.0,
  "summary_fg_p05": 1545.7324829101562,
  "summary_fg_p95": 4167.7447509765625,
  "summary_fg_stdv": 805.7457275390625,
  "tsnr": 61.47603344055824
}