{
  "aor": 0.0012305,
  "aqi": 0.0029369165999999997,
  "bids_meta": {
    "AcquisitionNumber": 1,
    "AcquisitionTime": "18:25:57.000000",
    "ConversionSoftware": "dcm2niix",
    "ConversionSoftwareVersion": "v1.0.20170724 (OpenJPEG build) GCC6.1.0",
    "DeviceSerialNumber": "000000000000GEHC",
    "EchoTime": 0.04,
    "FlipAngle": 90,
    "ImageType": [
      "ORIGINAL",
      "PRIMARY",
      "EPI",
      "NONE"
    ],
    "InstitutionName": "INSTITUTO_DE_NEUROBIOLOGIA",
    "MagneticFieldStrength": 3,
    "Manufacturer": "GE",
    "ManufacturersModelName": "DISCOVERY_MR750",
    "PhaseEncodingLines": 128,
    "ProcedureStepDescription": "Fibromialgia",
    "ProtocolName": "fMRI_pre1",
    "RepetitionTime": 3,
    "ScanningSequence": "EP_GR",
    "SequenceVariant": "SS",
    "SeriesDescription": "fMRI_pre1",
    "SliceTiming": [
      0.0,
      1.535,
      0.07,
      1.605,
      0.14,
      1.674,
      0.209,
      1.744,
      0.279,
      1.814,
      0.349,
      1.884,
      0.419,
      1.953,
      0.488,
      2.023,
      0.558,
      2.093,
      0.628,
      2.163,
      0.698,
      2.233,
      0.767,
      2.302,
      0.837,
      2.372,
      0.907,
      2.442,
      0.977,
      2.512,
      1.047,
      2.581,
      1.116,
      2.651,
      1.186,
      2.721,
      1.256,
      2.791,
      1.326,
      2.86,
      1.395,
      2.93,
      1.465
    ],
    "SoftwareVersions": "23_LX_MR_Software_release:DV22.0_V02_1122.a",
    "TaskName": "pre-music",
    "dataset": "ds001928",
    "modality": "bold",
    "subject_id": "23",
    "task_id": "rest3"
  },
  "dummy_trs": 0,
  "dvars_nstd": 24.705340799797987,
  "dvars_std": 1.0642558132323234,
  "dvars_vstd": 0.992893454747475,
  "efc": 0.3539081676235118,
  "fber": 234604.90625,
  "fd_mean": 0.10652382805490226,
  "fd_num": 15,
  "fd_perc": 15.0,
  "fwhm_avg": 2.9754294444444445,
  "fwhm_x": 3.13445,
  "fwhm_y": 3.284205,
  "fwhm_z": 2.507633333333333,
  "gcor": 0.0368849,
  "gsr_x": -0.015015220269560814,
  "gsr_y": 0.0054211001843214035,
  "provenance": {
    "md5sum": "99f41c21e7d4552fdcaefb9c5c74e529",
    "settings": {
      "fd_thres": 0.2,
      "testing": false
    },
    "software": "mriqc",
    "version": "21.0.0rc2",
    "webapi_port": null,
    "webapi_url": "https://mriqc.nimh.nih.gov/api/v1"
  },
  "size_t": 100,
  "size_x": 128,
  "size_y": 128,
  "size_z": 43,
  "snr": 3.0492321187801505,
  "spacing_tr": 3.0,
  "spacing_x": 2.0,
  "spacing_y": 2.0,
  "spacing_z": 3.0,
  "summary_bg_k": 59.54405442015226,
  "summary_bg_mad": 7.324055132622831,
  "summary_bg_mean": 40.16802215576172,
  "summary_bg_median": 5.380000114440918,
  "summary_bg_n": 534899.0,
  "summary_bg_p05": 0.25999999046325684,
  "summary_bg_p95": 186.72999572753906,
  "summary_bg_stdv": 111.37057495117188,
  "summary_fg_k": 1.2124288070701832,
  "summary_fg_mad": 650.3804196139153,
  "summary_fg_mean": 2577.249755859375,
  "summary_fg_median": 2432.489990234375,
  "summary_fg_n": 83460.0,
  "summary_fg_p05": 1540.908917236328,
  "summary_fg_p95": 4137.802319335938,
  "summary_fg_stdv": 797.7337646484375,
  "tsnr": 63.334069966804236
}