{
  "aor": 0.0014194,
  "aqi": 0.003408491000000001,
  "bids_meta": {
    "AcquisitionNumber": 1,
    "AcquisitionTime": "19:30:3.000000",
    "ConversionSoftware": "dcm2niix",
    "ConversionSoftwareVersion": "v1.0.20170724 (OpenJPEG build) GCC6.1.0",
    "DeviceSerialNumber": "000000000000GEHC",
    "EchoTime": 0.04,
    "FlipAngle": 90,
    "ImageType": [
      "ORIGINAL",
      "PRIMARY",
      "EPI",
      "NONE"
    ],
    "InstitutionName": "INSTITUTO_DE_NEUROBIOLOGIA",
    "MagneticFieldStrength": 3,
    "Manufacturer": "GE",
    "ManufacturersModelName": "DISCOVERY_MR750",
    "PhaseEncodingLines": 128,
    "ProcedureStepDescription": "Fibromialgia",
    "ProtocolName": "fMRI_post2",
    "RepetitionTime": 3,
    "ScanningSequence": "EP_GR",
    "SequenceVariant": "SS",
    "SeriesDescription": "fMRI_post2",
    "SliceTiming": [
      0.0,
      1.535,
      0.07,
      1.605,
      0.14,
      1.674,
      0.209,
      1.744,
      0.279,
      1.814,
      0.349,
      1.884,
      0.419,
      1.953,
      0.488,
      2.023,
      0.558,
      2.093,
      0.628,
      2.163,
      0.698,
      2.233,
      0.767,
      2.302,
      0.837,
      2.372,
      0.907,
      2.442,
      0.977,
      2.512,
      1.047,
      2.581,
      1.116,
      2.651,
      1.186,
      2.721,
      1.256,
      2.791,
      1.326,
      2.86,
      1.395,
      2.93,
      1.465
    ],
    "SoftwareVersions": "23_LX_MR_Software_release:DV22.0_V02_1122.a",
    "TaskName": "post-control",
    "dataset": "ds001928",
    "modality": "bold",
    "subject_id": "23",
    "task_id": "rest2"
  },
  "dummy_trs": 0,
  "dvars_nstd": 25.363693006060597,
  "dvars_std": 1.0310658420202021,
  "dvars_vstd": 0.9995316283838387,
  "efc": 0.3642670565010592,
  "fber": 85796.2890625,
  "fd_mean": 0.09999517901045968,
  "fd_num": 11,
  "fd_perc": 11.0,
  "fwhm_avg": 3.0376994444444443,
  "fwhm_x": 3.2084,
  "fwhm_y": 3.342145,
  "fwhm_z": 2.5625533333333332,
  "gcor": 0.0280681,
  "gsr_x": -0.01902874931693077,
  "gsr_y": 0.02520882710814476,
  "provenance": {
    "md5sum": "a668c66b3020a090aae1d856ee7d2be7",
    "settings": {
      "fd_thres": 0.2,
      "testing": false
    },
    "software": "mriqc",
    "version": "21.0.0rc2",
    "webapi_port": null,
    "webapi_url": "https://mriqc.nimh.nih.gov/api/v1"
  },
  "size_t": 100,
  "size_x": 128,
  "size_y": 128,
  "size_z": 43,
  "snr": 2.878592689627805,
  "spacing_tr": 3.0,
  "spacing_x": 2.0,
  "spacing_y": 2.0,
  "spacing_z": 3.0,
  "summary_bg_k": 47.82309530290207,
  "summary_bg_mad": 10.734039987749776,
  "summary_bg_mean": 43.561279296875,
  "summary_bg_median": 7.559999942779541,
  "summary_bg_n": 534958.0,
  "summary_bg_p05": 0.20999999344348907,
  "summary_bg_p95": 194.8199920654297,
  "summary_bg_stdv": 103.02770233154297,
  "summary_fg_k": 1.3177100923769816,
  "summary_fg_mad": 553.8853121366274,
  "summary_fg_mean": 2125.408203125,
  "summary_fg_median": 1985.0198974609375,
  "summary_fg_n": 83766.0,
  "summary_fg_p05": 1266.1349487304688,
  "summary_fg_p95": 3500.1799926757812,
  "summary_fg_stdv": 689.5758666992188,
  "tsnr": 55.602780093904585
}