{
  "aor": 0.005394000000000001,
  "aqi": 0.0063070687000000005,
  "bids_meta": {
    "AcquisitionNumber": 1,
    "AcquisitionTime": "18:53:15.000000",
    "ConversionSoftware": "dcm2niix",
    "ConversionSoftwareVersion": "v1.0.20170724 (OpenJPEG build) GCC6.1.0",
    "DeviceSerialNumber": "000000000000GEHC",
    "EchoTime": 0.04,
    "FlipAngle": 90,
    "ImageType": [
      "ORIGINAL",
      "PRIMARY",
      "EPI",
      "NONE"
    ],
    "InstitutionName": "INSTITUTO_DE_NEUROBIOLOGIA",
    "MagneticFieldStrength": 3,
    "Manufacturer": "GE",
    "ManufacturersModelName": "DISCOVERY_MR750",
    "PhaseEncodingLines": 128,
    "ProcedureStepDescription": "Fibromialgia",
    "ProtocolName": "fMRI_post1",
    "RepetitionTime": 3,
    "ScanningSequence": "EP_GR",
    "SequenceVariant": "SS",
    "SeriesDescription": "fMRI_post1",
    "SliceTiming": [
      0.0,
      1.535,
      0.07,
      1.605,
      0.14,
      1.674,
      0.209,
      1.744,
      0.279,
      1.814,
      0.349,
      1.884,
      0.419,
      1.953,
      0.488,
      2.023,
      0.558,
      2.093,
      0.628,
      2.163,
      0.698,
      2.233,
      0.767,
      2.302,
      0.837,
      2.372,
      0.907,
      2.442,
      0.977,
      2.512,
      1.047,
      2.581,
      1.116,
      2.651,
      1.186,
      2.721,
      1.256,
      2.791,
      1.326,
      2.86,
      1.395
    ],
    "SoftwareVersions": "23_LX_MR_Software_release:DV22.0_V01_1040.a",
    "TaskName": "post-control",
    "dataset": "ds001928",
    "modality": "bold",
    "subject_id": "10",
    "task_id": "rest2"
  },
  "dummy_trs": 0,
  "dvars_nstd": 29.591311425454556,
  "dvars_std": 1.113754489191919,
  "dvars_vstd": 0.9991594032323236,
  "efc": 0.3363036004340162,
  "fber": 87593.6171875,
  "fd_mean": 0.1167868648650837,
  "fd_num": 8,
  "fd_perc": 8.0,
  "fwhm_avg": 2.9567983333333334,
  "fwhm_x": 3.10087,
  "fwhm_y": 3.171315,
  "fwhm_z": 2.59821,
  "gcor": 0.0182733,
  "gsr_x": -0.020133046433329582,
  "gsr_y": 0.0005128037882968783,
  "provenance": {
    "md5sum": "93d35766e1b293c62322e30cac0bd8e5",
    "settings": {
      "fd_thres": 0.2,
      "testing": false
    },
    "software": "mriqc",
    "version": "21.0.0rc2",
    "webapi_port": null,
    "webapi_url": "https://mriqc.nimh.nih.gov/api/v1"
  },
  "size_t": 100,
  "size_x": 128,
  "size_y": 128,
  "size_z": 41,
  "snr": 2.9394284802064417,
  "spacing_tr": 3.0,
  "spacing_x": 2.0,
  "spacing_y": 2.0,
  "spacing_z": 3.0,
  "summary_bg_k": 72.83336089878993,
  "summary_bg_mad": 12.972769765403932,
  "summary_bg_mean": 50.37259292602539,
  "summary_bg_median": 9.010000228881836,
  "summary_bg_n": 524854.0,
  "summary_bg_p05": 0.14000000059604645,
  "summary_bg_p95": 221.19049224853447,
  "summary_bg_stdv": 143.9910430908203,
  "summary_fg_k": 1.5407047739726574,
  "summary_fg_mad": 664.5764444451361,
  "summary_fg_mean": 2636.39013671875,
  "summary_fg_median": 2469.030029296875,
  "summary_fg_n": 66201.0,
  "summary_fg_p05": 1580.010009765625,
  "summary_fg_p95": 4304.69970703125,
  "summary_fg_stdv": 839.9630737304688,
  "tsnr": 46.60469273664057
}