{
  "aor": 0.0020240999999999996,
  "aqi": 0.0058779339,
  "bids_meta": {
    "AcquisitionNumber": 1,
    "AcquisitionTime": "18:40:13.000000",
    "ConversionSoftware": "dcm2niix",
    "ConversionSoftwareVersion": "v1.0.20170724 (OpenJPEG build) GCC6.1.0",
    "DeviceSerialNumber": "000000000000GEHC",
    "EchoTime": 0.04,
    "FlipAngle": 90,
    "ImageType": [
      "ORIGINAL",
      "PRIMARY",
      "EPI",
      "NONE"
    ],
    "InstitutionName": "INSTITUTO_DE_NEUROBIOLOGIA",
    "MagneticFieldStrength": 3,
    "Manufacturer": "GE",
    "ManufacturersModelName": "DISCOVERY_MR750",
    "PhaseEncodingLines": 128,
    "ProcedureStepDescription": "Fibromialgia",
    "ProtocolName": "fMRI_pre1",
    "RepetitionTime": 3,
    "ScanningSequence": "EP_GR",
    "SequenceVariant": "SS",
    "SeriesDescription": "fMRI_pre1",
    "SliceTiming": [
      0.0,
      1.535,
      0.07,
      1.605,
      0.14,
      1.674,
      0.209,
      1.744,
      0.279,
      1.814,
      0.349,
      1.884,
      0.419,
      1.953,
      0.488,
      2.023,
      0.558,
      2.093,
      0.628,
      2.163,
      0.698,
      2.233,
      0.767,
      2.302,
      0.837,
      2.372,
      0.907,
      2.442,
      0.977,
      2.512,
      1.047,
      2.581,
      1.116,
      2.651,
      1.186,
      2.721,
      1.256,
      2.791,
      1.326,
      2.86,
      1.395
    ],
    "SoftwareVersions": "23_LX_MR_Software_release:DV22.0_V01_1040.a",
    "TaskName": "pre-control",
    "dataset": "ds001928",
    "modality": "bold",
    "subject_id": "10",
    "task_id": "rest1"
  },
  "dummy_trs": 0,
  "dvars_nstd": 30.239782024949495,
  "dvars_std": 1.0997313324242424,
  "dvars_vstd": 0.9650010402020199,
  "efc": 0.3367115785552091,
  "fber": 91546.6015625,
  "fd_mean": 0.10886381831926324,
  "fd_num": 2,
  "fd_perc": 2.0,
  "fwhm_avg": 2.957840555555556,
  "fwhm_x": 3.09926,
  "fwhm_y": 3.183165,
  "fwhm_z": 2.5910966666666666,
  "gcor": 0.0164333,
  "gsr_x": -0.020238185301423073,
  "gsr_y": 0.0008088069153018296,
  "provenance": {
    "md5sum": "8bde3a3cece6c713b6b358c2b6f1b6cb",
    "settings": {
      "fd_thres": 0.2,
      "testing": false
    },
    "software": "mriqc",
    "version": "21.0.0rc2",
    "webapi_port": null,
    "webapi_url": "https://mriqc.nimh.nih.gov/api/v1"
  },
  "size_t": 100,
  "size_x": 128,
  "size_y": 128,
  "size_z": 41,
  "snr": 2.944964187812945,
  "spacing_tr": 3.0,
  "spacing_x": 2.0,
  "spacing_y": 2.0,
  "spacing_z": 3.0,
  "summary_bg_k": 77.89058350892333,
  "summary_bg_mad": 12.928291476156417,
  "summary_bg_mean": 50.674964904785156,
  "summary_bg_median": 8.920000076293945,
  "summary_bg_n": 524500.0,
  "summary_bg_p05": 0.09999999403953552,
  "summary_bg_p95": 220.1199951171875,
  "summary_bg_stdv": 146.97821044921875,
  "summary_fg_k": 1.5633282263848933,
  "summary_fg_mad": 668.9500485970411,
  "summary_fg_mean": 2660.581298828125,
  "summary_fg_median": 2492.625,
  "summary_fg_n": 66494.0,
  "summary_fg_p05": 1593.3825073242188,
  "summary_fg_p95": 4341.523779296875,
  "summary_fg_stdv": 846.3961181640625,
  "tsnr": 49.06743449438363
}