{
  "aor": 0.0010938,
  "aqi": 0.0025666344999999997,
  "bids_meta": {
    "AcquisitionNumber": 1,
    "AcquisitionTime": "15:36:8.000000",
    "ConversionSoftware": "dcm2niix",
    "ConversionSoftwareVersion": "v1.0.20170724 (OpenJPEG build) GCC6.1.0",
    "DeviceSerialNumber": "000000000000GEHC",
    "EchoTime": 0.04,
    "FlipAngle": 90,
    "ImageType": [
      "ORIGINAL",
      "PRIMARY",
      "EPI",
      "NONE"
    ],
    "InstitutionName": "INSTITUTO_DE_NEUROBIOLOGIA",
    "MagneticFieldStrength": 3,
    "Manufacturer": "GE",
    "ManufacturersModelName": "DISCOVERY_MR750",
    "PhaseEncodingLines": 128,
    "ProcedureStepDescription": "Fibromialgia",
    "ProtocolName": "fMRI_pre2",
    "RepetitionTime": 3,
    "ScanningSequence": "EP_GR",
    "SequenceVariant": "SS",
    "SeriesDescription": "fMRI_pre2",
    "SliceTiming": [
      0.0,
      1.535,
      0.07,
      1.605,
      0.14,
      1.674,
      0.209,
      1.744,
      0.279,
      1.814,
      0.349,
      1.884,
      0.419,
      1.953,
      0.488,
      2.023,
      0.558,
      2.093,
      0.628,
      2.163,
      0.698,
      2.233,
      0.767,
      2.302,
      0.837,
      2.372,
      0.907,
      2.442,
      0.977,
      2.512,
      1.047,
      2.581,
      1.116,
      2.651,
      1.186,
      2.721,
      1.256,
      2.791,
      1.326,
      2.86,
      1.395,
      2.93,
      1.465
    ],
    "SoftwareVersions": "24_LX_MR_Software_release:DV24.0_R01_1344.a",
    "TaskName": "pre-music",
    "dataset": "ds001928",
    "modality": "bold",
    "subject_id": "26",
    "task_id": "rest3"
  },
  "dummy_trs": 0,
  "dvars_nstd": 25.657566975757582,
  "dvars_std": 1.114516874848485,
  "dvars_vstd": 0.9989700918181815,
  "efc": 0.37533688933153286,
  "fber": 16838.599609375,
  "fd_mean": 0.03716218178787473,
  "fd_num": 0,
  "fd_perc": 0.0,
  "fwhm_avg": 2.8530916666666664,
  "fwhm_x": 2.976515,
  "fwhm_y": 3.17575,
  "fwhm_z": 2.40701,
  "gcor": 0.0128926,
  "gsr_x": -0.01453634724020958,
  "gsr_y": 0.010525503195822239,
  "provenance": {
    "md5sum": "bec05e3c7e5611a0be3c547c207b6ebc",
    "settings": {
      "fd_thres": 0.2,
      "testing": false
    },
    "software": "mriqc",
    "version": "21.0.0rc2",
    "webapi_port": null,
    "webapi_url": "https://mriqc.nimh.nih.gov/api/v1"
  },
  "size_t": 100,
  "size_x": 128,
  "size_y": 128,
  "size_z": 43,
  "snr": 3.091477287945254,
  "spacing_tr": 3.0,
  "spacing_x": 2.0,
  "spacing_y": 2.0,
  "spacing_z": 3.0,
  "summary_bg_k": 57.35453796457337,
  "summary_bg_mad": 22.431770675220374,
  "summary_bg_mean": 58.0385627746582,
  "summary_bg_median": 18.139999389648438,
  "summary_bg_n": 531900.0,
  "summary_bg_p05": 1.1799999475479126,
  "summary_bg_p95": 264.4309921264646,
  "summary_bg_stdv": 148.2174835205078,
  "summary_fg_k": 0.5731847525674074,
  "summary_fg_mad": 669.6766901872877,
  "summary_fg_mean": 2461.05859375,
  "summary_fg_median": 2340.599853515625,
  "summary_fg_n": 84844.0,
  "summary_fg_p05": 1425.4724365234376,
  "summary_fg_p95": 3876.222009277341,
  "summary_fg_stdv": 757.1092529296875,
  "tsnr": 64.06933290883899
}