{
  "aor": 0.0009197999999999999,
  "aqi": 0.0036195312,
  "bids_meta": {
    "AcquisitionNumber": 1,
    "AcquisitionTime": "14:58:8.000000",
    "ConversionSoftware": "dcm2niix",
    "ConversionSoftwareVersion": "v1.0.20170724 (OpenJPEG build) GCC6.1.0",
    "DeviceSerialNumber": "000000000000GEHC",
    "EchoTime": 0.04,
    "FlipAngle": 90,
    "ImageType": [
      "ORIGINAL",
      "PRIMARY",
      "EPI",
      "NONE"
    ],
    "InstitutionName": "INSTITUTO_DE_NEUROBIOLOGIA",
    "MagneticFieldStrength": 3,
    "Manufacturer": "GE",
    "ManufacturersModelName": "DISCOVERY_MR750",
    "PhaseEncodingLines": 128,
    "ProcedureStepDescription": "Fibromialgia",
    "ProtocolName": "fMRI_pre1",
    "RepetitionTime": 3,
    "ScanningSequence": "EP_GR",
    "SequenceVariant": "SS",
    "SeriesDescription": "fMRI_pre1",
    "SliceTiming": [
      0.0,
      1.535,
      0.07,
      1.605,
      0.14,
      1.674,
      0.209,
      1.744,
      0.279,
      1.814,
      0.349,
      1.884,
      0.419,
      1.953,
      0.488,
      2.023,
      0.558,
      2.093,
      0.628,
      2.163,
      0.698,
      2.233,
      0.767,
      2.302,
      0.837,
      2.372,
      0.907,
      2.442,
      0.977,
      2.512,
      1.047,
      2.581,
      1.116,
      2.651,
      1.186,
      2.721,
      1.256,
      2.791,
      1.326,
      2.86,
      1.395,
      2.93,
      1.465
    ],
    "SoftwareVersions": "24_LX_MR_Software_release:DV24.0_R01_1344.a",
    "TaskName": "pre-control",
    "dataset": "ds001928",
    "modality": "bold",
    "subject_id": "26",
    "task_id": "rest1"
  },
  "dummy_trs": 0,
  "dvars_nstd": 25.865900367171704,
  "dvars_std": 1.0856369790909093,
  "dvars_vstd": 0.9833116437373738,
  "efc": 0.3747859250491029,
  "fber": 16793.4140625,
  "fd_mean": 0.04154970294242538,
  "fd_num": 0,
  "fd_perc": 0.0,
  "fwhm_avg": 2.852780555555556,
  "fwhm_x": 2.98577,
  "fwhm_y": 3.167275,
  "fwhm_z": 2.4052966666666666,
  "gcor": 0.0129238,
  "gsr_x": -0.01441725343465805,
  "gsr_y": 0.010147354565560818,
  "provenance": {
    "md5sum": "ed4d4d34d8990c8b1a2f77675cc4a11f",
    "settings": {
      "fd_thres": 0.2,
      "testing": false
    },
    "software": "mriqc",
    "version": "21.0.0rc2",
    "webapi_port": null,
    "webapi_url": "https://mriqc.nimh.nih.gov/api/v1"
  },
  "size_t": 100,
  "size_x": 128,
  "size_y": 128,
  "size_z": 43,
  "snr": 3.1065380904498303,
  "spacing_tr": 3.0,
  "spacing_x": 2.0,
  "spacing_y": 2.0,
  "spacing_z": 3.0,
  "summary_bg_k": 63.82693419811609,
  "summary_bg_mad": 22.28351236216135,
  "summary_bg_mean": 56.59634017944336,
  "summary_bg_median": 18.059999465942383,
  "summary_bg_n": 531680.0,
  "summary_bg_p05": 1.2200000286102295,
  "summary_bg_p95": 251.65049362182606,
  "summary_bg_stdv": 146.32701110839844,
  "summary_fg_k": 0.5770020968914595,
  "summary_fg_mad": 662.011571564196,
  "summary_fg_mean": 2444.337158203125,
  "summary_fg_median": 2330.869873046875,
  "summary_fg_n": 84979.0,
  "summary_fg_p05": 1404.5899658203125,
  "summary_fg_p95": 3837.255981445312,
  "summary_fg_stdv": 750.306640625,
  "tsnr": 58.41518135345541
}