{
  "aor": 0.001381,
  "aqi": 0.0027869167000000006,
  "bids_meta": {
    "AcquisitionNumber": 1,
    "AcquisitionTime": "15:48:13.000000",
    "ConversionSoftware": "dcm2niix",
    "ConversionSoftwareVersion": "v1.0.20170724 (OpenJPEG build) GCC6.1.0",
    "DeviceSerialNumber": "000000000000GEHC",
    "EchoTime": 0.04,
    "FlipAngle": 90,
    "ImageType": [
      "ORIGINAL",
      "PRIMARY",
      "EPI",
      "NONE"
    ],
    "InstitutionName": "INSTITUTO_DE_NEUROBIOLOGIA",
    "MagneticFieldStrength": 3,
    "Manufacturer": "GE",
    "ManufacturersModelName": "DISCOVERY_MR750",
    "PhaseEncodingLines": 128,
    "ProcedureStepDescription": "Fibromialgia",
    "ProtocolName": "fMRI_post2",
    "RepetitionTime": 3,
    "ScanningSequence": "EP_GR",
    "SequenceVariant": "SS",
    "SeriesDescription": "fMRI_post2",
    "SliceTiming": [
      0.0,
      1.535,
      0.07,
      1.605,
      0.14,
      1.674,
      0.209,
      1.744,
      0.279,
      1.814,
      0.349,
      1.884,
      0.419,
      1.953,
      0.488,
      2.023,
      0.558,
      2.093,
      0.628,
      2.163,
      0.698,
      2.233,
      0.767,
      2.302,
      0.837,
      2.372,
      0.907,
      2.442,
      0.977,
      2.512,
      1.047,
      2.581,
      1.116,
      2.651,
      1.186,
      2.721,
      1.256,
      2.791,
      1.326,
      2.86,
      1.395,
      2.93,
      1.465
    ],
    "SoftwareVersions": "24_LX_MR_Software_release:DV24.0_R01_1344.a",
    "TaskName": "post-music",
    "dataset": "ds001928",
    "modality": "bold",
    "subject_id": "26",
    "task_id": "rest4"
  },
  "dummy_trs": 0,
  "dvars_nstd": 25.690248643737373,
  "dvars_std": 1.1112421259595961,
  "dvars_vstd": 0.9993983053535354,
  "efc": 0.37457833598166185,
  "fber": 16847.806640625,
  "fd_mean": 0.04013979908000294,
  "fd_num": 2,
  "fd_perc": 2.0,
  "fwhm_avg": 2.8537938888888887,
  "fwhm_x": 2.984015,
  "fwhm_y": 3.176,
  "fwhm_z": 2.4013666666666666,
  "gcor": 0.0116614,
  "gsr_x": -0.014641359448432922,
  "gsr_y": 0.010606464929878712,
  "provenance": {
    "md5sum": "f2eaa85afbf5742ffc09b9e04c01ff0c",
    "settings": {
      "fd_thres": 0.2,
      "testing": false
    },
    "software": "mriqc",
    "version": "21.0.0rc2",
    "webapi_port": null,
    "webapi_url": "https://mriqc.nimh.nih.gov/api/v1"
  },
  "size_t": 100,
  "size_x": 128,
  "size_y": 128,
  "size_z": 43,
  "snr": 3.079419830786397,
  "spacing_tr": 3.0,
  "spacing_x": 2.0,
  "spacing_y": 2.0,
  "spacing_z": 3.0,
  "summary_bg_k": 58.356154480586945,
  "summary_bg_mad": 22.476246578478467,
  "summary_bg_mean": 58.67177963256836,
  "summary_bg_median": 18.170000076293945,
  "summary_bg_n": 532795.0,
  "summary_bg_p05": 1.1899999380111694,
  "summary_bg_p95": 269.5400085449219,
  "summary_bg_stdv": 150.03378295898438,
  "summary_fg_k": 0.5741969035812837,
  "summary_fg_mad": 670.4400710659079,
  "summary_fg_mean": 2459.48095703125,
  "summary_fg_median": 2340.9248046875,
  "summary_fg_n": 84184.0,
  "summary_fg_p05": 1411.9689697265626,
  "summary_fg_p95": 3875.728979492186,
  "summary_fg_stdv": 760.17919921875,
  "tsnr": 62.64103168155998
}