{
  "aor": 0.0009214,
  "aqi": 0.0028553215999999994,
  "bids_meta": {
    "AcquisitionNumber": 1,
    "AcquisitionTime": "15:09:59.000000",
    "ConversionSoftware": "dcm2niix",
    "ConversionSoftwareVersion": "v1.0.20170724 (OpenJPEG build) GCC6.1.0",
    "DeviceSerialNumber": "000000000000GEHC",
    "EchoTime": 0.04,
    "FlipAngle": 90,
    "ImageType": [
      "ORIGINAL",
      "PRIMARY",
      "EPI",
      "NONE"
    ],
    "InstitutionName": "INSTITUTO_DE_NEUROBIOLOGIA",
    "MagneticFieldStrength": 3,
    "Manufacturer": "GE",
    "ManufacturersModelName": "DISCOVERY_MR750",
    "PhaseEncodingLines": 128,
    "ProcedureStepDescription": "Fibromialgia",
    "ProtocolName": "fMRI_post1",
    "RepetitionTime": 3,
    "ScanningSequence": "EP_GR",
    "SequenceVariant": "SS",
    "SeriesDescription": "fMRI_post1",
    "SliceTiming": [
      0.0,
      1.535,
      0.07,
      1.605,
      0.14,
      1.674,
      0.209,
      1.744,
      0.279,
      1.814,
      0.349,
      1.884,
      0.419,
      1.953,
      0.488,
      2.023,
      0.558,
      2.093,
      0.628,
      2.163,
      0.698,
      2.233,
      0.767,
      2.302,
      0.837,
      2.372,
      0.907,
      2.442,
      0.977,
      2.512,
      1.047,
      2.581,
      1.116,
      2.651,
      1.186,
      2.721,
      1.256,
      2.791,
      1.326,
      2.86,
      1.395,
      2.93,
      1.465
    ],
    "SoftwareVersions": "24_LX_MR_Software_release:DV24.0_R01_1344.a",
    "TaskName": "post-control",
    "dataset": "ds001928",
    "modality": "bold",
    "subject_id": "26",
    "task_id": "rest2"
  },
  "dummy_trs": 0,
  "dvars_nstd": 24.773690792525255,
  "dvars_std": 1.0794627164646469,
  "dvars_vstd": 0.987431390606061,
  "efc": 0.37479560245828225,
  "fber": 16746.857421875,
  "fd_mean": 0.03433398194787076,
  "fd_num": 0,
  "fd_perc": 0.0,
  "fwhm_avg": 2.8533322222222224,
  "fwhm_x": 2.98458,
  "fwhm_y": 3.17572,
  "fwhm_z": 2.399696666666667,
  "gcor": 0.00684644,
  "gsr_x": -0.014668985269963741,
  "gsr_y": 0.010985521599650383,
  "provenance": {
    "md5sum": "6c0639b1d848e44f5313e0837ea94756",
    "settings": {
      "fd_thres": 0.2,
      "testing": false
    },
    "software": "mriqc",
    "version": "21.0.0rc2",
    "webapi_port": null,
    "webapi_url": "https://mriqc.nimh.nih.gov/api/v1"
  },
  "size_t": 100,
  "size_x": 128,
  "size_y": 128,
  "size_z": 43,
  "snr": 3.103068974350501,
  "spacing_tr": 3.0,
  "spacing_x": 2.0,
  "spacing_y": 2.0,
  "spacing_z": 3.0,
  "summary_bg_k": 67.22258751301047,
  "summary_bg_mad": 22.40211830564874,
  "summary_bg_mean": 57.19663619995117,
  "summary_bg_median": 18.1299991607666,
  "summary_bg_n": 531998.0,
  "summary_bg_p05": 1.1799999475479126,
  "summary_bg_p95": 256.2229995727532,
  "summary_bg_stdv": 148.36056518554688,
  "summary_fg_k": 0.5749486203978083,
  "summary_fg_mad": 660.3140535577905,
  "summary_fg_mean": 2447.83984375,
  "summary_fg_median": 2332.18505859375,
  "summary_fg_n": 84748.0,
  "summary_fg_p05": 1412.5214782714845,
  "summary_fg_p95": 3849.2054565429685,
  "summary_fg_stdv": 751.5692749023438,
  "tsnr": 61.25426071486436
}