{
  "aor": 0.0034384999999999997,
  "aqi": 0.003922535699999999,
  "bids_meta": {
    "AcquisitionNumber": 1,
    "AcquisitionTime": "21:06:54.000000",
    "ConversionSoftware": "dcm2niix",
    "ConversionSoftwareVersion": "v1.0.20170724 (OpenJPEG build) GCC6.1.0",
    "DeviceSerialNumber": "000000000000GEHC",
    "EchoTime": 0.04,
    "FlipAngle": 90,
    "ImageType": [
      "ORIGINAL",
      "PRIMARY",
      "EPI",
      "NONE"
    ],
    "InstitutionName": "INSTITUTO_DE_NEUROBIOLOGIA",
    "MagneticFieldStrength": 3,
    "Manufacturer": "GE",
    "ManufacturersModelName": "DISCOVERY_MR750",
    "PhaseEncodingLines": 128,
    "ProcedureStepDescription": "Fibromialgia",
    "ProtocolName": "fMRI_post1",
    "RepetitionTime": 3,
    "ScanningSequence": "EP_GR",
    "SequenceVariant": "SS",
    "SeriesDescription": "fMRI_post1",
    "SliceTiming": [
      0.0,
      1.535,
      0.07,
      1.605,
      0.14,
      1.674,
      0.209,
      1.744,
      0.279,
      1.814,
      0.349,
      1.884,
      0.419,
      1.953,
      0.488,
      2.023,
      0.558,
      2.093,
      0.628,
      2.163,
      0.698,
      2.233,
      0.767,
      2.302,
      0.837,
      2.372,
      0.907,
      2.442,
      0.977,
      2.512,
      1.047,
      2.581,
      1.116,
      2.651,
      1.186,
      2.721,
      1.256,
      2.791,
      1.326,
      2.86,
      1.395,
      2.93,
      1.465
    ],
    "SoftwareVersions": "24_LX_MR_Software_release:DV24.0_R01_1344.a",
    "TaskName": "post-control",
    "dataset": "ds001928",
    "modality": "bold",
    "subject_id": "44",
    "task_id": "rest2"
  },
  "dummy_trs": 0,
  "dvars_nstd": 34.604869438484826,
  "dvars_std": 1.2684105995959596,
  "dvars_vstd": 1.0321345472727275,
  "efc": 0.3593472172040656,
  "fber": 14062.0087890625,
  "fd_mean": 0.06733558504571818,
  "fd_num": 3,
  "fd_perc": 3.0,
  "fwhm_avg": 3.0377911111111113,
  "fwhm_x": 3.2114,
  "fwhm_y": 3.39883,
  "fwhm_z": 2.5031433333333335,
  "gcor": 0.0430506,
  "gsr_x": -0.016349952667951584,
  "gsr_y": -0.0002638341684360057,
  "provenance": {
    "md5sum": "cf49df94ef21fe091f9af985459a7525",
    "settings": {
      "fd_thres": 0.2,
      "testing": false
    },
    "software": "mriqc",
    "version": "21.0.0rc2",
    "webapi_port": null,
    "webapi_url": "https://mriqc.nimh.nih.gov/api/v1"
  },
  "size_t": 100,
  "size_x": 128,
  "size_y": 128,
  "size_z": 43,
  "snr": 2.966251167409295,
  "spacing_tr": 3.0,
  "spacing_x": 2.0,
  "spacing_y": 2.0,
  "spacing_z": 3.0,
  "summary_bg_k": 76.40028809355056,
  "summary_bg_mad": 20.548866946436394,
  "summary_bg_mean": 54.80841064453125,
  "summary_bg_median": 18.829999923706055,
  "summary_bg_n": 540746.0,
  "summary_bg_p05": 1.8299999237060547,
  "summary_bg_p95": 240.45749282836914,
  "summary_bg_stdv": 149.32183837890625,
  "summary_fg_k": 1.224232223135811,
  "summary_fg_mad": 655.2955210604698,
  "summary_fg_mean": 2344.732177734375,
  "summary_fg_median": 2228.044921875,
  "summary_fg_n": 76170.0,
  "summary_fg_p05": 1318.2124633789062,
  "summary_fg_p95": 3738.4619628906253,
  "summary_fg_stdv": 751.1266479492188,
  "tsnr": 55.110351484734565
}