{
  "aor": 0.0037436,
  "aqi": 0.004227689400000001,
  "bids_meta": {
    "AcquisitionNumber": 1,
    "AcquisitionTime": "20:54:38.000000",
    "ConversionSoftware": "dcm2niix",
    "ConversionSoftwareVersion": "v1.0.20170724 (OpenJPEG build) GCC6.1.0",
    "DeviceSerialNumber": "000000000000GEHC",
    "EchoTime": 0.04,
    "FlipAngle": 90,
    "ImageType": [
      "ORIGINAL",
      "PRIMARY",
      "EPI",
      "NONE"
    ],
    "InstitutionName": "INSTITUTO_DE_NEUROBIOLOGIA",
    "MagneticFieldStrength": 3,
    "Manufacturer": "GE",
    "ManufacturersModelName": "DISCOVERY_MR750",
    "PhaseEncodingLines": 128,
    "ProcedureStepDescription": "Fibromialgia",
    "ProtocolName": "fMRI_pre1",
    "RepetitionTime": 3,
    "ScanningSequence": "EP_GR",
    "SequenceVariant": "SS",
    "SeriesDescription": "fMRI_pre1",
    "SliceTiming": [
      0.0,
      1.535,
      0.07,
      1.605,
      0.14,
      1.674,
      0.209,
      1.744,
      0.279,
      1.814,
      0.349,
      1.884,
      0.419,
      1.953,
      0.488,
      2.023,
      0.558,
      2.093,
      0.628,
      2.163,
      0.698,
      2.233,
      0.767,
      2.302,
      0.837,
      2.372,
      0.907,
      2.442,
      0.977,
      2.512,
      1.047,
      2.581,
      1.116,
      2.651,
      1.186,
      2.721,
      1.256,
      2.791,
      1.326,
      2.86,
      1.395,
      2.93,
      1.465
    ],
    "SoftwareVersions": "24_LX_MR_Software_release:DV24.0_R01_1344.a",
    "TaskName": "pre-control",
    "dataset": "ds001928",
    "modality": "bold",
    "subject_id": "44",
    "task_id": "rest1"
  },
  "dummy_trs": 0,
  "dvars_nstd": 34.750780355757584,
  "dvars_std": 1.2220572659595954,
  "dvars_vstd": 1.0348609586868684,
  "efc": 0.3589321902787019,
  "fber": 14325.5693359375,
  "fd_mean": 0.0903672036204308,
  "fd_num": 6,
  "fd_perc": 6.0,
  "fwhm_avg": 3.0436705555555554,
  "fwhm_x": 3.19568,
  "fwhm_y": 3.406055,
  "fwhm_z": 2.5292766666666666,
  "gcor": 0.0543998,
  "gsr_x": -0.01611662469804287,
  "gsr_y": -0.00014137629477772862,
  "provenance": {
    "md5sum": "973c4886f4457d114de3b6b4eeb82f59",
    "settings": {
      "fd_thres": 0.2,
      "testing": false
    },
    "software": "mriqc",
    "version": "21.0.0rc2",
    "webapi_port": null,
    "webapi_url": "https://mriqc.nimh.nih.gov/api/v1"
  },
  "size_t": 100,
  "size_x": 128,
  "size_y": 128,
  "size_z": 43,
  "snr": 2.97650671378696,
  "spacing_tr": 3.0,
  "spacing_x": 2.0,
  "spacing_y": 2.0,
  "spacing_z": 3.0,
  "summary_bg_k": 79.97975661374687,
  "summary_bg_mad": 20.415432520543746,
  "summary_bg_mean": 54.18600845336914,
  "summary_bg_median": 18.75,
  "summary_bg_n": 540902.0,
  "summary_bg_p05": 1.8299999237060547,
  "summary_bg_p95": 235.8300018310547,
  "summary_bg_stdv": 148.48538208007812,
  "summary_fg_k": 1.1556034642133266,
  "summary_fg_mad": 657.8083616980236,
  "summary_fg_mean": 2342.571044921875,
  "summary_fg_median": 2228.27490234375,
  "summary_fg_n": 76140.0,
  "summary_fg_p05": 1311.1879455566407,
  "summary_fg_p95": 3729.053295898438,
  "summary_fg_stdv": 748.6159057617188,
  "tsnr": 51.89662281423807
}