{
  "aor": 0.004838599999999999,
  "aqi": 0.0041976889,
  "bids_meta": {
    "AcquisitionNumber": 1,
    "AcquisitionTime": "21:44:58.000000",
    "ConversionSoftware": "dcm2niix",
    "ConversionSoftwareVersion": "v1.0.20170724 (OpenJPEG build) GCC6.1.0",
    "DeviceSerialNumber": "000000000000GEHC",
    "EchoTime": 0.04,
    "FlipAngle": 90,
    "ImageType": [
      "ORIGINAL",
      "PRIMARY",
      "EPI",
      "NONE"
    ],
    "InstitutionName": "INSTITUTO_DE_NEUROBIOLOGIA",
    "MagneticFieldStrength": 3,
    "Manufacturer": "GE",
    "ManufacturersModelName": "DISCOVERY_MR750",
    "PhaseEncodingLines": 128,
    "ProcedureStepDescription": "Fibromialgia",
    "ProtocolName": "fMRI_post2",
    "RepetitionTime": 3,
    "ScanningSequence": "EP_GR",
    "SequenceVariant": "SS",
    "SeriesDescription": "fMRI_post2",
    "SliceTiming": [
      0.0,
      1.535,
      0.07,
      1.605,
      0.14,
      1.674,
      0.209,
      1.744,
      0.279,
      1.814,
      0.349,
      1.884,
      0.419,
      1.953,
      0.488,
      2.023,
      0.558,
      2.093,
      0.628,
      2.163,
      0.698,
      2.233,
      0.767,
      2.302,
      0.837,
      2.372,
      0.907,
      2.442,
      0.977,
      2.512,
      1.047,
      2.581,
      1.116,
      2.651,
      1.186,
      2.721,
      1.256,
      2.791,
      1.326,
      2.86,
      1.395,
      2.93,
      1.465
    ],
    "SoftwareVersions": "24_LX_MR_Software_release:DV24.0_R01_1344.a",
    "TaskName": "post-music",
    "dataset": "ds001928",
    "modality": "bold",
    "subject_id": "44",
    "task_id": "rest4"
  },
  "dummy_trs": 0,
  "dvars_nstd": 30.336722672525244,
  "dvars_std": 1.1689170563636369,
  "dvars_vstd": 1.0359136748484845,
  "efc": 0.3614406481826139,
  "fber": 13990.5263671875,
  "fd_mean": 0.048723911179745574,
  "fd_num": 1,
  "fd_perc": 1.0,
  "fwhm_avg": 3.034705,
  "fwhm_x": 3.197625,
  "fwhm_y": 3.37136,
  "fwhm_z": 2.53513,
  "gcor": 0.0406548,
  "gsr_x": -0.01724223978817463,
  "gsr_y": 0.003151527140289545,
  "provenance": {
    "md5sum": "8fe836babf27bd5fa11bd526cde7f195",
    "settings": {
      "fd_thres": 0.2,
      "testing": false
    },
    "software": "mriqc",
    "version": "21.0.0rc2",
    "webapi_port": null,
    "webapi_url": "https://mriqc.nimh.nih.gov/api/v1"
  },
  "size_t": 100,
  "size_x": 128,
  "size_y": 128,
  "size_z": 43,
  "snr": 3.002129458193534,
  "spacing_tr": 3.0,
  "spacing_x": 2.0,
  "spacing_y": 2.0,
  "spacing_z": 3.0,
  "summary_bg_k": 66.04928927226459,
  "summary_bg_mad": 20.815736505181523,
  "summary_bg_mean": 58.04338836669922,
  "summary_bg_median": 19.049999237060547,
  "summary_bg_n": 541212.0,
  "summary_bg_p05": 1.8299999237060547,
  "summary_bg_p95": 263.3599853515625,
  "summary_bg_stdv": 158.57029724121094,
  "summary_fg_k": 1.2133815085591388,
  "summary_fg_mad": 660.6180123500244,
  "summary_fg_mean": 2355.67578125,
  "summary_fg_median": 2243.8798828125,
  "summary_fg_n": 75935.0,
  "summary_fg_p05": 1328.25400390625,
  "summary_fg_p95": 3726.4989990234376,
  "summary_fg_stdv": 747.4244995117188,
  "tsnr": 52.20305590215139
}