{
  "aor": 0.0008399,
  "aqi": 0.0030709540999999995,
  "bids_meta": {
    "AcquisitionNumber": 1,
    "AcquisitionTime": "19:54:4.000000",
    "ConversionSoftware": "dcm2niix",
    "ConversionSoftwareVersion": "v1.0.20170724 (OpenJPEG build) GCC6.1.0",
    "DeviceSerialNumber": "000000000000GEHC",
    "EchoTime": 0.04,
    "FlipAngle": 90,
    "ImageType": [
      "ORIGINAL",
      "PRIMARY",
      "EPI",
      "NONE"
    ],
    "InstitutionName": "INSTITUTO_DE_NEUROBIOLOGIA",
    "MagneticFieldStrength": 3,
    "Manufacturer": "GE",
    "ManufacturersModelName": "DISCOVERY_MR750",
    "PhaseEncodingLines": 128,
    "ProcedureStepDescription": "Fibromialgia",
    "ProtocolName": "fMRI_post1",
    "RepetitionTime": 3,
    "ScanningSequence": "EP_GR",
    "SequenceVariant": "SS",
    "SeriesDescription": "fMRI_post1",
    "SliceTiming": [
      0.0,
      1.535,
      0.07,
      1.605,
      0.14,
      1.674,
      0.209,
      1.744,
      0.279,
      1.814,
      0.349,
      1.884,
      0.419,
      1.953,
      0.488,
      2.023,
      0.558,
      2.093,
      0.628,
      2.163,
      0.698,
      2.233,
      0.767,
      2.302,
      0.837,
      2.372,
      0.907,
      2.442,
      0.977,
      2.512,
      1.047,
      2.581,
      1.116,
      2.651,
      1.186,
      2.721,
      1.256,
      2.791,
      1.326,
      2.86,
      1.395,
      2.93,
      1.465
    ],
    "SoftwareVersions": "24_LX_MR_Software_release:DV24.0_R01_1344.a",
    "TaskName": "post-music",
    "dataset": "ds001928",
    "modality": "bold",
    "subject_id": "40",
    "task_id": "rest4"
  },
  "dummy_trs": 0,
  "dvars_nstd": 24.925620686060608,
  "dvars_std": 1.0766080018181823,
  "dvars_vstd": 0.9847316196969699,
  "efc": 0.3649890603501904,
  "fber": 24579.947265625,
  "fd_mean": 0.027663336206298378,
  "fd_num": 1,
  "fd_perc": 1.0,
  "fwhm_avg": 2.8480183333333335,
  "fwhm_x": 3.01292,
  "fwhm_y": 3.220185,
  "fwhm_z": 2.31095,
  "gcor": 0.013808,
  "gsr_x": -0.01317461859434843,
  "gsr_y": -0.000543157453648746,
  "provenance": {
    "md5sum": "20809556749680e007661407553dde51",
    "settings": {
      "fd_thres": 0.2,
      "testing": false
    },
    "software": "mriqc",
    "version": "21.0.0rc2",
    "webapi_port": null,
    "webapi_url": "https://mriqc.nimh.nih.gov/api/v1"
  },
  "size_t": 100,
  "size_x": 128,
  "size_y": 128,
  "size_z": 43,
  "snr": 3.4129341799606783,
  "spacing_tr": 3.0,
  "spacing_x": 2.0,
  "spacing_y": 2.0,
  "spacing_z": 3.0,
  "summary_bg_k": 76.3462859355598,
  "summary_bg_mad": 16.175190331148887,
  "summary_bg_mean": 55.218326568603516,
  "summary_bg_median": 14.75,
  "summary_bg_n": 539179.0,
  "summary_bg_p05": 1.9499999284744263,
  "summary_bg_p95": 260.48198242187453,
  "summary_bg_stdv": 155.40045166015625,
  "summary_fg_k": 0.18410955414338304,
  "summary_fg_mad": 633.1823605664515,
  "summary_fg_mean": 2377.924072265625,
  "summary_fg_median": 2319.72509765625,
  "summary_fg_n": 76584.0,
  "summary_fg_p05": 1331.9719543457031,
  "summary_fg_p95": 3568.75,
  "summary_fg_stdv": 679.6820068359375,
  "tsnr": 61.34252005722374
}