{
  "aor": 0.0013668000000000003,
  "aqi": 0.0031985393999999995,
  "bids_meta": {
    "AcquisitionNumber": 1,
    "AcquisitionTime": "20:32:47.000000",
    "ConversionSoftware": "dcm2niix",
    "ConversionSoftwareVersion": "v1.0.20170724 (OpenJPEG build) GCC6.1.0",
    "DeviceSerialNumber": "000000000000GEHC",
    "EchoTime": 0.04,
    "FlipAngle": 90,
    "ImageType": [
      "ORIGINAL",
      "PRIMARY",
      "EPI",
      "NONE"
    ],
    "InstitutionName": "INSTITUTO_DE_NEUROBIOLOGIA",
    "MagneticFieldStrength": 3,
    "Manufacturer": "GE",
    "ManufacturersModelName": "DISCOVERY_MR750",
    "PhaseEncodingLines": 128,
    "ProcedureStepDescription": "Fibromialgia",
    "ProtocolName": "fMRI_post2",
    "RepetitionTime": 3,
    "ScanningSequence": "EP_GR",
    "SequenceVariant": "SS",
    "SeriesDescription": "fMRI_post2",
    "SliceTiming": [
      0.0,
      1.535,
      0.07,
      1.605,
      0.14,
      1.674,
      0.209,
      1.744,
      0.279,
      1.814,
      0.349,
      1.884,
      0.419,
      1.953,
      0.488,
      2.023,
      0.558,
      2.093,
      0.628,
      2.163,
      0.698,
      2.233,
      0.767,
      2.302,
      0.837,
      2.372,
      0.907,
      2.442,
      0.977,
      2.512,
      1.047,
      2.581,
      1.116,
      2.651,
      1.186,
      2.721,
      1.256,
      2.791,
      1.326,
      2.86,
      1.395,
      2.93,
      1.465
    ],
    "SoftwareVersions": "24_LX_MR_Software_release:DV24.0_R01_1344.a",
    "TaskName": "post-control",
    "dataset": "ds001928",
    "modality": "bold",
    "subject_id": "40",
    "task_id": "rest2"
  },
  "dummy_trs": 0,
  "dvars_nstd": 24.987399341919183,
  "dvars_std": 1.0784045734343435,
  "dvars_vstd": 0.9950115246464645,
  "efc": 0.3703744953557818,
  "fber": 23746.11328125,
  "fd_mean": 0.032562237473857045,
  "fd_num": 1,
  "fd_perc": 1.0,
  "fwhm_avg": 2.8392972222222226,
  "fwhm_x": 2.993375,
  "fwhm_y": 3.20567,
  "fwhm_z": 2.318846666666667,
  "gcor": 0.0167814,
  "gsr_x": -0.013407609425485134,
  "gsr_y": -0.0003408447082620114,
  "provenance": {
    "md5sum": "862f8be42143ca3e029e24e52cb73094",
    "settings": {
      "fd_thres": 0.2,
      "testing": false
    },
    "software": "mriqc",
    "version": "21.0.0rc2",
    "webapi_port": null,
    "webapi_url": "https://mriqc.nimh.nih.gov/api/v1"
  },
  "size_t": 100,
  "size_x": 128,
  "size_y": 128,
  "size_z": 43,
  "snr": 3.379648579515576,
  "spacing_tr": 3.0,
  "spacing_x": 2.0,
  "spacing_y": 2.0,
  "spacing_z": 3.0,
  "summary_bg_k": 72.82049319264063,
  "summary_bg_mad": 16.39757974487695,
  "summary_bg_mean": 59.4609375,
  "summary_bg_median": 14.920000076293945,
  "summary_bg_n": 537726.0,
  "summary_bg_p05": 1.959999918937683,
  "summary_bg_p95": 290.16748809814453,
  "summary_bg_stdv": 168.08668518066406,
  "summary_fg_k": 0.19527331851693308,
  "summary_fg_mad": 633.4714788579631,
  "summary_fg_mean": 2365.74755859375,
  "summary_fg_median": 2306.7099609375,
  "summary_fg_n": 77829.0,
  "summary_fg_p05": 1316.3539794921876,
  "summary_fg_p95": 3556.7600097656245,
  "summary_fg_stdv": 682.525146484375,
  "tsnr": 60.75723479967564
}