{
  "bids_meta": {
    "AcquisitionNumber": 1,
    "AcquisitionTime": "18:41:12.000000",
    "ConversionSoftware": "dcm2niix",
    "ConversionSoftwareVersion": "v1.0.20170724 (OpenJPEG build) GCC6.1.0",
    "DeviceSerialNumber": "000000000000GEHC",
    "EchoTime": 0.003184,
    "FlipAngle": 12,
    "ImageType": [
      "ORIGINAL",
      "PRIMARY",
      "OTHER"
    ],
    "InstitutionName": "INSTITUTO_DE_NEUROBIOLOGIA",
    "InversionTime": 0.45,
    "MagneticFieldStrength": 3,
    "Manufacturer": "GE",
    "ManufacturersModelName": "DISCOVERY_MR750",
    "PhaseEncodingLines": 256,
    "ProcedureStepDescription": "Fibromialgia",
    "ProtocolName": "Sag_T1_FSPGR_BRAVO",
    "RepetitionTime": 0.008164,
    "ScanningSequence": "GR",
    "SequenceVariant": "SS_SK",
    "SeriesDescription": "Sag_T1_FSPGR_BRAVO",
    "SoftwareVersions": "23_LX_MR_Software_release:DV22.0_V01_1040.a",
    "dataset": "ds001928",
    "modality": "T1w",
    "subject_id": "15"
  },
  "cjv": 0.5970057367578787,
  "cnr": 1.170978887914403,
  "efc": 0.8673764954552339,
  "fber": 10.27576732635498,
  "fwhm_avg": 2.968723312823556,
  "fwhm_x": 2.838799938470668,
  "fwhm_y": 3.2539,
  "fwhm_z": 2.81347,
  "icvs_csf": 0.2038236933811235,
  "icvs_gm": 0.371629999997083,
  "icvs_wm": 0.42454630662179343,
  "inu_med": 0.9182562232017517,
  "inu_range": 0.12097786664962773,
  "provenance": {
    "md5sum": "de11cb40906c1ffb049538ace541794d",
    "settings": {
      "testing": false
    },
    "software": "mriqc",
    "version": "21.0.0rc2",
    "warnings": {
      "large_rot_frame": true,
      "small_air_mask": true
    },
    "webapi_port": null,
    "webapi_url": "https://mriqc.nimh.nih.gov/api/v1"
  },
  "qi_1": 0.0,
  "qi_2": 0.0,
  "rpve_csf": 17.823255385300236,
  "rpve_gm": 9.391455113065467,
  "rpve_wm": 10.323457975598735,
  "size_x": 152,
  "size_y": 209,
  "size_z": 163,
  "snr_csf": 2.9724111008933294,
  "snr_gm": 12.333995244693035,
  "snr_total": 10.730385237221904,
  "snr_wm": 16.88474936607935,
  "snrd_csf": 1.8120631544423722,
  "snrd_gm": 4.379578268333654,
  "snrd_total": 3.8797581291541827,
  "snrd_wm": 5.447632964686521,
  "spacing_x": 1.100000023841858,
  "spacing_y": 1.0,
  "spacing_z": 1.0,
  "summary_bg_k": 0.0,
  "summary_bg_mad": 120.26653246283955,
  "summary_bg_mean": 0.0,
  "summary_bg_median": 0.0,
  "summary_bg_n": 143930.0,
  "summary_bg_p05": 0.0,
  "summary_bg_p95": 0.0,
  "summary_bg_stdv": 142.40626728017332,
  "summary_csf_k": 1.4402341324661272,
  "summary_csf_mad": 87.02838373830367,
  "summary_csf_mean": 360.2171630859375,
  "summary_csf_median": 332.6491394042969,
  "summary_csf_n": 10536.0,
  "summary_csf_p05": 223.9211311340332,
  "summary_csf_p95": 584.71923828125,
  "summary_csf_stdv": 111.90691375732422,
  "summary_gm_k": 0.36256400450145687,
  "summary_gm_mad": 62.96064333283726,
  "summary_gm_mean": 807.4873046875,
  "summary_gm_median": 803.980224609375,
  "summary_gm_n": 8618.0,
  "summary_gm_p05": 705.6331024169922,
  "summary_gm_p95": 919.6342956542968,
  "summary_gm_stdv": 65.18030548095703,
  "summary_wm_k": 1.0431110294245398,
  "summary_wm_mad": 54.09303694237417,
  "summary_wm_mean": 1007.8352661132812,
  "summary_wm_median": 1000.0481567382812,
  "summary_wm_n": 124776.0,
  "summary_wm_p05": 925.3755493164062,
  "summary_wm_p95": 1117.6245727539062,
  "summary_wm_stdv": 59.227657318115234,
  "tpm_overlap_csf": 0.1691114753484726,
  "tpm_overlap_gm": 0.3999619483947754,
  "tpm_overlap_wm": 0.477026104927063,
  "wm2max": 0.3764703653676993
}