{
  "bids_meta": {
    "AcquisitionNumber": 1,
    "AcquisitionTime": "18:55:25.000000",
    "ConversionSoftware": "dcm2niix",
    "ConversionSoftwareVersion": "v1.0.20170724 (OpenJPEG build) GCC6.1.0",
    "DeviceSerialNumber": "000000000000GEHC",
    "EchoTime": 0.003184,
    "FlipAngle": 12,
    "ImageType": [
      "ORIGINAL",
      "PRIMARY",
      "OTHER"
    ],
    "InstitutionName": "INSTITUTO_DE_NEUROBIOLOGIA",
    "InversionTime": 0.45,
    "MagneticFieldStrength": 3,
    "Manufacturer": "GE",
    "ManufacturersModelName": "DISCOVERY_MR750",
    "PhaseEncodingLines": 256,
    "ProcedureStepDescription": "Fibromialgia",
    "ProtocolName": "Sag_T1_FSPGR_BRAVO",
    "RepetitionTime": 0.008164,
    "ScanningSequence": "GR",
    "SequenceVariant": "SS_SK",
    "SeriesDescription": "Sag_T1_FSPGR_BRAVO",
    "SoftwareVersions": "23_LX_MR_Software_release:DV22.0_V02_1122.a",
    "dataset": "ds001928",
    "modality": "T1w",
    "subject_id": "21"
  },
  "cjv": 0.525323797044415,
  "cnr": 1.1446509637590663,
  "efc": 0.8467003292188197,
  "fber": 22.900623321533203,
  "fwhm_avg": 2.854592707417386,
  "fwhm_x": 2.7482181222521582,
  "fwhm_y": 3.08156,
  "fwhm_z": 2.734,
  "icvs_csf": 0.20266116471728832,
  "icvs_gm": 0.39208574084281067,
  "icvs_wm": 0.405253094439901,
  "inu_med": 1.012321949005127,
  "inu_range": 0.16048185825347905,
  "provenance": {
    "md5sum": "400ec5db87e3c836e6bea443f02945cb",
    "settings": {
      "testing": false
    },
    "software": "mriqc",
    "version": "21.0.0rc2",
    "warnings": {
      "large_rot_frame": true,
      "small_air_mask": true
    },
    "webapi_port": null,
    "webapi_url": "https://mriqc.nimh.nih.gov/api/v1"
  },
  "qi_1": 0.0,
  "qi_2": 0.00015425725704013124,
  "rpve_csf": 15.448465450388019,
  "rpve_gm": 7.952109315052322,
  "rpve_wm": 9.59671790868244,
  "size_x": 162,
  "size_y": 217,
  "size_z": 165,
  "snr_csf": 3.559459627518232,
  "snr_gm": 11.379871869439798,
  "snr_total": 10.906299620541951,
  "snr_wm": 17.77956736466782,
  "snrd_csf": 1.928211259923129,
  "snrd_gm": 3.0699418939276315,
  "snrd_total": 2.9685919620673182,
  "snrd_wm": 3.907622732351193,
  "spacing_x": 1.100000023841858,
  "spacing_y": 1.0,
  "spacing_z": 1.0,
  "summary_bg_k": 0.0,
  "summary_bg_mad": 167.66082500640553,
  "summary_bg_mean": 0.0,
  "summary_bg_median": 0.0,
  "summary_bg_n": 183158.0,
  "summary_bg_p05": 0.0,
  "summary_bg_p95": 0.0,
  "summary_bg_stdv": 164.7624485332383,
  "summary_csf_k": -0.15368922489385772,
  "summary_csf_mad": 147.39524236104967,
  "summary_csf_mean": 484.7205810546875,
  "summary_csf_median": 493.462890625,
  "summary_csf_n": 8840.0,
  "summary_csf_p05": 254.18870544433594,
  "summary_csf_p95": 698.3199340820313,
  "summary_csf_stdv": 138.62637329101562,
  "summary_gm_k": 0.8318030546768242,
  "summary_gm_mad": 60.969934946307426,
  "summary_gm_mean": 788.357421875,
  "summary_gm_median": 785.6516723632812,
  "summary_gm_n": 8841.0,
  "summary_gm_p05": 680.6031494140625,
  "summary_gm_p95": 909.0275268554688,
  "summary_gm_stdv": 69.03480529785156,
  "summary_wm_k": 1.2195089196375033,
  "summary_wm_mad": 51.64747625779024,
  "summary_wm_mean": 1006.028564453125,
  "summary_wm_median": 1000.02880859375,
  "summary_wm_n": 165477.0,
  "summary_wm_p05": 925.2283447265625,
  "summary_wm_p95": 1107.0877685546875,
  "summary_wm_stdv": 56.24578857421875,
  "tpm_overlap_csf": 0.15121042728424072,
  "tpm_overlap_gm": 0.41830095648765564,
  "tpm_overlap_wm": 0.4956544041633606,
  "wm2max": 0.3762424255114931
}