{
  "aor": 0.0010116000000000003,
  "aqi": 0.013381217199999997,
  "bids_meta": {
    "AcquisitionNumber": 1,
    "AcquisitionTime": "19:42:33.000000",
    "ConversionSoftware": "dcm2niix",
    "ConversionSoftwareVersion": "v1.0.20170724 (OpenJPEG build) GCC6.1.0",
    "DeviceSerialNumber": "000000000000GEHC",
    "EchoTime": 0.04,
    "FlipAngle": 90,
    "ImageType": [
      "ORIGINAL",
      "PRIMARY",
      "EPI",
      "NONE"
    ],
    "InstitutionName": "INSTITUTO_DE_NEUROBIOLOGIA",
    "MagneticFieldStrength": 3,
    "Manufacturer": "GE",
    "ManufacturersModelName": "DISCOVERY_MR750",
    "PhaseEncodingLines": 128,
    "ProcedureStepDescription": "Fibromialgia",
    "ProtocolName": "fMRI_post2",
    "RepetitionTime": 3,
    "ScanningSequence": "EP_GR",
    "SequenceVariant": "SS",
    "SeriesDescription": "fMRI_post2",
    "SliceTiming": [
      0.0,
      1.535,
      0.07,
      1.605,
      0.14,
      1.674,
      0.209,
      1.744,
      0.279,
      1.814,
      0.349,
      1.884,
      0.419,
      1.953,
      0.488,
      2.023,
      0.558,
      2.093,
      0.628,
      2.163,
      0.698,
      2.233,
      0.767,
      2.302,
      0.837,
      2.372,
      0.907,
      2.442,
      0.977,
      2.512,
      1.047,
      2.581,
      1.116,
      2.651,
      1.186,
      2.721,
      1.256,
      2.791,
      1.326,
      2.86,
      1.395,
      2.93,
      1.465
    ],
    "SoftwareVersions": "24_LX_MR_Software_release:DV24.0_R01_1344.a",
    "TaskName": "post-music",
    "dataset": "ds001928",
    "modality": "bold",
    "subject_id": "47",
    "task_id": "rest4"
  },
  "dummy_trs": 0,
  "dvars_nstd": 57.430142315858596,
  "dvars_std": 1.0943716189898987,
  "dvars_vstd": 0.9627649319191919,
  "efc": 0.34824815773381596,
  "fber": 17244.888671875,
  "fd_mean": 0.2099382683032231,
  "fd_num": 47,
  "fd_perc": 47.0,
  "fwhm_avg": 2.91743,
  "fwhm_x": 3.033255,
  "fwhm_y": 3.284135,
  "fwhm_z": 2.4349000000000003,
  "gcor": 0.0514156,
  "gsr_x": -0.017247842624783516,
  "gsr_y": 0.017110833898186684,
  "provenance": {
    "md5sum": "6e48e1f6562388726618b1e53c639f03",
    "settings": {
      "fd_thres": 0.2,
      "testing": false
    },
    "software": "mriqc",
    "version": "21.0.0rc2",
    "webapi_port": null,
    "webapi_url": "https://mriqc.nimh.nih.gov/api/v1"
  },
  "size_t": 100,
  "size_x": 128,
  "size_y": 128,
  "size_z": 43,
  "snr": 3.5174299294135505,
  "spacing_tr": 3.0,
  "spacing_x": 2.0,
  "spacing_y": 2.0,
  "spacing_z": 3.0,
  "summary_bg_k": 591.4236012393437,
  "summary_bg_mad": 19.214525515349216,
  "summary_bg_mean": 43.47734832763672,
  "summary_bg_median": 17.600000381469727,
  "summary_bg_n": 546265.0,
  "summary_bg_p05": 1.8700000047683716,
  "summary_bg_p95": 164.7980010986327,
  "summary_bg_stdv": 137.54920959472656,
  "summary_fg_k": 0.4402057914198654,
  "summary_fg_mad": 611.9885871903542,
  "summary_fg_mean": 2328.308837890625,
  "summary_fg_median": 2279.010009765625,
  "summary_fg_n": 74317.0,
  "summary_fg_p05": 1345.0859619140624,
  "summary_fg_p95": 3435.43193359375,
  "summary_fg_stdv": 647.9147338867188,
  "tsnr": 32.44808727467898
}