{
  "bids_meta": {
    "AcquisitionNumber": 1,
    "AcquisitionTime": "14:13:57.000000",
    "ConversionSoftware": "dcm2niix",
    "ConversionSoftwareVersion": "v1.0.20170724 (OpenJPEG build) GCC6.1.0",
    "DeviceSerialNumber": "000000000000GEHC",
    "EchoTime": 0.003184,
    "FlipAngle": 12,
    "ImageType": [
      "ORIGINAL",
      "PRIMARY",
      "OTHER"
    ],
    "InstitutionName": "INSTITUTO_DE_NEUROBIOLOGIA",
    "InversionTime": 0.45,
    "MagneticFieldStrength": 3,
    "Manufacturer": "GE",
    "ManufacturersModelName": "DISCOVERY_MR750",
    "PhaseEncodingLines": 256,
    "ProcedureStepDescription": "Fibromialgia",
    "ProtocolName": "Sag_T1_FSPGR_BRAVO",
    "RepetitionTime": 0.008164,
    "ScanningSequence": "GR",
    "SequenceVariant": "SS_SK",
    "SeriesDescription": "Sag_T1_FSPGR_BRAVO",
    "SoftwareVersions": "24_LX_MR_Software_release:DV24.0_R01_1344.a",
    "dataset": "ds001928",
    "modality": "T1w",
    "subject_id": "34"
  },
  "cjv": 0.4336298857984082,
  "cnr": 1.4249879891564539,
  "efc": 0.8766607619603651,
  "fber": 32.008079528808594,
  "fwhm_avg": 3.0887866452863,
  "fwhm_x": 2.959299935858901,
  "fwhm_y": 3.32496,
  "fwhm_z": 2.9821,
  "icvs_csf": 0.17423475544120243,
  "icvs_gm": 0.4371856619582716,
  "icvs_wm": 0.388579582600526,
  "inu_med": 1.0163626670837402,
  "inu_range": 0.10294987559318547,
  "provenance": {
    "md5sum": "809081ea21be7798fadd19b2b75ccfae",
    "settings": {
      "testing": false
    },
    "software": "mriqc",
    "version": "21.0.0rc2",
    "warnings": {
      "large_rot_frame": true,
      "small_air_mask": true
    },
    "webapi_port": null,
    "webapi_url": "https://mriqc.nimh.nih.gov/api/v1"
  },
  "qi_1": 0.0,
  "qi_2": 0.0,
  "rpve_csf": 17.26945080672172,
  "rpve_gm": 7.6431058585473055,
  "rpve_wm": 10.280510755122949,
  "size_x": 150,
  "size_y": 210,
  "size_z": 164,
  "snr_csf": 2.7843795189646565,
  "snr_gm": 11.91697596219005,
  "snr_total": 12.00362135691517,
  "snr_wm": 21.30950858959081,
  "snrd_csf": 1.8014292399872809,
  "snrd_gm": 3.8661472890344073,
  "snrd_total": 3.587434726601378,
  "snrd_wm": 5.094727650782446,
  "spacing_x": 1.100000023841858,
  "spacing_y": 1.0,
  "spacing_z": 1.0,
  "summary_bg_k": 0.0,
  "summary_bg_mad": 128.59491924608406,
  "summary_bg_mean": 0.0,
  "summary_bg_median": 0.0,
  "summary_bg_n": 188881.0,
  "summary_bg_p05": 0.0,
  "summary_bg_p95": 0.0,
  "summary_bg_stdv": 149.60764563991538,
  "summary_csf_k": 5.365645234097649,
  "summary_csf_mad": 104.62858415899973,
  "summary_csf_mean": 378.8436279296875,
  "summary_csf_median": 353.59759521484375,
  "summary_csf_n": 7544.0,
  "summary_csf_p05": 211.04277420043945,
  "summary_csf_p95": 614.5158538818359,
  "summary_csf_stdv": 126.98490142822266,
  "summary_gm_k": 0.3103505605993524,
  "summary_gm_mad": 60.09217362309549,
  "summary_gm_mean": 761.638427734375,
  "summary_gm_median": 758.8754272460938,
  "summary_gm_n": 21812.0,
  "summary_gm_p05": 660.4957244873046,
  "summary_gm_p95": 872.2043304443359,
  "summary_gm_stdv": 63.678741455078125,
  "summary_wm_k": 0.8354190744495065,
  "summary_wm_mad": 44.479695390613195,
  "summary_wm_mean": 1003.0758666992188,
  "summary_wm_median": 1000.0300903320312,
  "summary_wm_n": 159525.0,
  "summary_wm_p05": 931.9928833007813,
  "summary_wm_p95": 1084.56884765625,
  "summary_wm_stdv": 46.928672790527344,
  "tpm_overlap_csf": 0.18250417709350586,
  "tpm_overlap_gm": 0.4617248475551605,
  "tpm_overlap_wm": 0.5204066634178162,
  "wm2max": 0.5399395442090128
}