{
  "aor": 0.0020551,
  "aqi": 0.0041768271,
  "bids_meta": {
    "AcquisitionNumber": 1,
    "AcquisitionTime": "21:33:13.000000",
    "ConversionSoftware": "dcm2niix",
    "ConversionSoftwareVersion": "v1.0.20170724 (OpenJPEG build) GCC6.1.0",
    "DeviceSerialNumber": "000000000000GEHC",
    "EchoTime": 0.04,
    "FlipAngle": 90,
    "ImageType": [
      "ORIGINAL",
      "PRIMARY",
      "EPI",
      "NONE"
    ],
    "InstitutionName": "INSTITUTO_DE_NEUROBIOLOGIA",
    "MagneticFieldStrength": 3,
    "Manufacturer": "GE",
    "ManufacturersModelName": "DISCOVERY_MR750",
    "PhaseEncodingLines": 128,
    "ProcedureStepDescription": "Fibromialgia",
    "ProtocolName": "fMRI_pre2",
    "RepetitionTime": 3,
    "ScanningSequence": "EP_GR",
    "SequenceVariant": "SS",
    "SeriesDescription": "fMRI_pre2",
    "SliceTiming": [
      0.0,
      1.535,
      0.07,
      1.605,
      0.14,
      1.674,
      0.209,
      1.744,
      0.279,
      1.814,
      0.349,
      1.884,
      0.419,
      1.953,
      0.488,
      2.023,
      0.558,
      2.093,
      0.628,
      2.163,
      0.698,
      2.233,
      0.767,
      2.302,
      0.837,
      2.372,
      0.907,
      2.442,
      0.977,
      2.512,
      1.047,
      2.581,
      1.116,
      2.651,
      1.186,
      2.721,
      1.256,
      2.791,
      1.326,
      2.86,
      1.395,
      2.93,
      1.465
    ],
    "SoftwareVersions": "24_LX_MR_Software_release:DV24.0_R01_1344.a",
    "TaskName": "pre-music",
    "dataset": "ds001928",
    "modality": "bold",
    "subject_id": "44",
    "task_id": "rest3"
  },
  "dummy_trs": 0,
  "dvars_nstd": 30.47466149050504,
  "dvars_std": 1.1639220714141418,
  "dvars_vstd": 1.0147150397979798,
  "efc": 0.363451216345064,
  "fber": 13802.2568359375,
  "fd_mean": 0.05078832662211955,
  "fd_num": 0,
  "fd_perc": 0.0,
  "fwhm_avg": 3.036038888888889,
  "fwhm_x": 3.197925,
  "fwhm_y": 3.382335,
  "fwhm_z": 2.5278566666666666,
  "gcor": 0.0399207,
  "gsr_x": -0.01767256297171116,
  "gsr_y": 0.003945569973438978,
  "provenance": {
    "md5sum": "e0fae7fee08107bd4e53df6ba9412385",
    "settings": {
      "fd_thres": 0.2,
      "testing": false
    },
    "software": "mriqc",
    "version": "21.0.0rc2",
    "webapi_port": null,
    "webapi_url": "https://mriqc.nimh.nih.gov/api/v1"
  },
  "size_t": 100,
  "size_x": 128,
  "size_y": 128,
  "size_z": 43,
  "snr": 2.9771025802084456,
  "spacing_tr": 3.0,
  "spacing_x": 2.0,
  "spacing_y": 2.0,
  "spacing_z": 3.0,
  "summary_bg_k": 63.68719135035079,
  "summary_bg_mad": 20.845387814313412,
  "summary_bg_mean": 58.381492614746094,
  "summary_bg_median": 19.010000228881836,
  "summary_bg_n": 540088.0,
  "summary_bg_p05": 1.8199999332427979,
  "summary_bg_p95": 266.78650512695276,
  "summary_bg_stdv": 158.14576721191406,
  "summary_fg_k": 1.3160600267802183,
  "summary_fg_mad": 654.7096832453694,
  "summary_fg_mean": 2339.4970703125,
  "summary_fg_median": 2224.35986328125,
  "summary_fg_n": 76656.0,
  "summary_fg_p05": 1318.43994140625,
  "summary_fg_p95": 3716.4024047851562,
  "summary_fg_stdv": 747.1510620117188,
  "tsnr": 54.85446337261237
}