{
  "aor": 0.0028412,
  "aqi": 0.0052770601,
  "bids_meta": {
    "AcquisitionNumber": 1,
    "AcquisitionTime": "18:45:35.000000",
    "ConversionSoftware": "dcm2niix",
    "ConversionSoftwareVersion": "v1.0.20170724 (OpenJPEG build) GCC6.1.0",
    "DeviceSerialNumber": "000000000000GEHC",
    "EchoTime": 0.04,
    "FlipAngle": 90,
    "ImageType": [
      "ORIGINAL",
      "PRIMARY",
      "EPI",
      "NONE"
    ],
    "InstitutionName": "INSTITUTO_DE_NEUROBIOLOGIA",
    "MagneticFieldStrength": 3,
    "Manufacturer": "GE",
    "ManufacturersModelName": "DISCOVERY_MR750",
    "PhaseEncodingLines": 128,
    "ProcedureStepDescription": "Fibromialgia",
    "ProtocolName": "fMRI_post1",
    "RepetitionTime": 3,
    "ScanningSequence": "EP_GR",
    "SequenceVariant": "SS",
    "SeriesDescription": "fMRI_post1",
    "SliceTiming": [
      0.0,
      1.535,
      0.07,
      1.605,
      0.14,
      1.674,
      0.209,
      1.744,
      0.279,
      1.814,
      0.349,
      1.884,
      0.419,
      1.953,
      0.488,
      2.023,
      0.558,
      2.093,
      0.628,
      2.163,
      0.698,
      2.233,
      0.767,
      2.302,
      0.837,
      2.372,
      0.907,
      2.442,
      0.977,
      2.512,
      1.047,
      2.581,
      1.116,
      2.651,
      1.186,
      2.721,
      1.256,
      2.791,
      1.326,
      2.86,
      1.395,
      2.93,
      1.465
    ],
    "SoftwareVersions": "23_LX_MR_Software_release:DV22.0_V02_1122.a",
    "TaskName": "post-music",
    "dataset": "ds001928",
    "modality": "bold",
    "subject_id": "21",
    "task_id": "rest4"
  },
  "dummy_trs": 0,
  "dvars_nstd": 29.488554251414133,
  "dvars_std": 1.126021361919192,
  "dvars_vstd": 1.01253342030303,
  "efc": 0.3867623237466283,
  "fber": 42869.42578125,
  "fd_mean": 0.12744105880186576,
  "fd_num": 19,
  "fd_perc": 19.0,
  "fwhm_avg": 2.9068461111111112,
  "fwhm_x": 2.967285,
  "fwhm_y": 3.2361,
  "fwhm_z": 2.5171533333333334,
  "gcor": 0.0197753,
  "gsr_x": -0.009488828480243683,
  "gsr_y": 0.010409112088382244,
  "provenance": {
    "md5sum": "e3e92d5378e9e40f3ccc841be08e43a0",
    "settings": {
      "fd_thres": 0.2,
      "testing": false
    },
    "software": "mriqc",
    "version": "21.0.0rc2",
    "webapi_port": null,
    "webapi_url": "https://mriqc.nimh.nih.gov/api/v1"
  },
  "size_t": 100,
  "size_x": 128,
  "size_y": 128,
  "size_z": 43,
  "snr": 3.359693756195993,
  "spacing_tr": 3.0,
  "spacing_x": 2.0,
  "spacing_y": 2.0,
  "spacing_z": 3.0,
  "summary_bg_k": 123.65886789033698,
  "summary_bg_mad": 18.31013741179968,
  "summary_bg_mean": 63.21125793457031,
  "summary_bg_median": 12.5,
  "summary_bg_n": 524155.0,
  "summary_bg_p05": 0.04999999701976776,
  "summary_bg_p95": 274.8299865722656,
  "summary_bg_stdv": 192.72235107421875,
  "summary_fg_k": 0.7923823448348224,
  "summary_fg_mad": 645.9251927080372,
  "summary_fg_mean": 2554.704345703125,
  "summary_fg_median": 2484.139892578125,
  "summary_fg_n": 91186.0,
  "summary_fg_p05": 1452.68994140625,
  "summary_fg_p95": 3873.4474487304688,
  "summary_fg_stdv": 739.3906860351562,
  "tsnr": 53.8204520647414
}