{
  "aor": 0.0010269,
  "aqi": 0.0040344976,
  "bids_meta": {
    "AcquisitionNumber": 1,
    "AcquisitionTime": "15:24:41.000000",
    "ConversionSoftware": "dcm2niix",
    "ConversionSoftwareVersion": "v1.0.20170724 (OpenJPEG build) GCC6.1.0",
    "DeviceSerialNumber": "000000000000GEHC",
    "EchoTime": 0.04,
    "FlipAngle": 90,
    "ImageType": [
      "ORIGINAL",
      "PRIMARY",
      "EPI",
      "NONE"
    ],
    "InstitutionName": "INSTITUTO_DE_NEUROBIOLOGIA",
    "MagneticFieldStrength": 3,
    "Manufacturer": "GE",
    "ManufacturersModelName": "DISCOVERY_MR750",
    "PhaseEncodingLines": 128,
    "ProcedureStepDescription": "Fibromialgia",
    "ProtocolName": "fMRI_pre1",
    "RepetitionTime": 3,
    "ScanningSequence": "EP_GR",
    "SequenceVariant": "SS",
    "SeriesDescription": "fMRI_pre1",
    "SliceTiming": [
      0.0,
      1.535,
      0.07,
      1.605,
      0.14,
      1.674,
      0.209,
      1.744,
      0.279,
      1.814,
      0.349,
      1.884,
      0.419,
      1.953,
      0.488,
      2.023,
      0.558,
      2.093,
      0.628,
      2.163,
      0.698,
      2.233,
      0.767,
      2.302,
      0.837,
      2.372,
      0.907,
      2.442,
      0.977,
      2.512,
      1.047,
      2.581,
      1.116,
      2.651,
      1.186,
      2.721,
      1.256,
      2.791,
      1.326,
      2.86,
      1.395,
      2.93,
      1.465
    ],
    "SoftwareVersions": "24_LX_MR_Software_release:DV24.0_R01_1344.a",
    "TaskName": "pre-control",
    "dataset": "ds001928",
    "modality": "bold",
    "subject_id": "27",
    "task_id": "rest1"
  },
  "dummy_trs": 0,
  "dvars_nstd": 29.738341476262622,
  "dvars_std": 1.179211334949495,
  "dvars_vstd": 0.9936587746464645,
  "efc": 0.35483389389668424,
  "fber": 20886.158203125,
  "fd_mean": 0.051241312921762545,
  "fd_num": 0,
  "fd_perc": 0.0,
  "fwhm_avg": 2.635048888888889,
  "fwhm_x": 2.763,
  "fwhm_y": 2.94008,
  "fwhm_z": 2.2020666666666666,
  "gcor": 0.0227214,
  "gsr_x": -0.016712648794054985,
  "gsr_y": -0.0019829925149679184,
  "provenance": {
    "md5sum": "cc14b158cdddfad7e58260e227300515",
    "settings": {
      "fd_thres": 0.2,
      "testing": false
    },
    "software": "mriqc",
    "version": "21.0.0rc2",
    "webapi_port": null,
    "webapi_url": "https://mriqc.nimh.nih.gov/api/v1"
  },
  "size_t": 100,
  "size_x": 128,
  "size_y": 128,
  "size_z": 43,
  "snr": 3.881458249149133,
  "spacing_tr": 3.0,
  "spacing_x": 2.0,
  "spacing_y": 2.0,
  "spacing_z": 3.0,
  "summary_bg_k": 81.05406233810947,
  "summary_bg_mad": 16.57549184142726,
  "summary_bg_mean": 47.392330169677734,
  "summary_bg_median": 15.289999961853027,
  "summary_bg_n": 546424.0,
  "summary_bg_p05": 1.8299999237060547,
  "summary_bg_p95": 193.088497161865,
  "summary_bg_stdv": 133.7071990966797,
  "summary_fg_k": 0.44087471460281735,
  "summary_fg_mad": 521.5201708600678,
  "summary_fg_mean": 2249.135986328125,
  "summary_fg_median": 2191.909912109375,
  "summary_fg_n": 73774.0,
  "summary_fg_p05": 1403.9715148925782,
  "summary_fg_p95": 3244.2208862304665,
  "summary_fg_stdv": 564.7091674804688,
  "tsnr": 61.57394707482308
}