{
  "aor": 0.0045467,
  "aqi": 0.0059163283,
  "bids_meta": {
    "AcquisitionNumber": 1,
    "AcquisitionTime": "16:05:44.000000",
    "ConversionSoftware": "dcm2niix",
    "ConversionSoftwareVersion": "v1.0.20170724 (OpenJPEG build) GCC6.1.0",
    "DeviceSerialNumber": "000000000000GEHC",
    "EchoTime": 0.04,
    "FlipAngle": 90,
    "ImageType": [
      "ORIGINAL",
      "PRIMARY",
      "EPI",
      "NONE"
    ],
    "InstitutionName": "INSTITUTO_DE_NEUROBIOLOGIA",
    "MagneticFieldStrength": 3,
    "Manufacturer": "GE",
    "ManufacturersModelName": "DISCOVERY_MR750",
    "PhaseEncodingLines": 128,
    "ProcedureStepDescription": "Fibromialgia",
    "ProtocolName": "fMRI_pre2",
    "RepetitionTime": 3,
    "ScanningSequence": "EP_GR",
    "SequenceVariant": "SS",
    "SeriesDescription": "fMRI_pre2",
    "SliceTiming": [
      0.0,
      1.535,
      0.07,
      1.605,
      0.14,
      1.674,
      0.209,
      1.744,
      0.279,
      1.814,
      0.349,
      1.884,
      0.419,
      1.953,
      0.488,
      2.023,
      0.558,
      2.093,
      0.628,
      2.163,
      0.698,
      2.233,
      0.767,
      2.302,
      0.837,
      2.372,
      0.907,
      2.442,
      0.977,
      2.512,
      1.047,
      2.581,
      1.116,
      2.651,
      1.186,
      2.721,
      1.256,
      2.791,
      1.326,
      2.86,
      1.395,
      2.93,
      1.465
    ],
    "SoftwareVersions": "24_LX_MR_Software_release:DV24.0_R01_1344.a",
    "TaskName": "pre-music",
    "dataset": "ds001928",
    "modality": "bold",
    "subject_id": "27",
    "task_id": "rest3"
  },
  "dummy_trs": 0,
  "dvars_nstd": 31.205210868282837,
  "dvars_std": 1.167793857070707,
  "dvars_vstd": 1.0413812914141414,
  "efc": 0.3715425672842739,
  "fber": 9339.75,
  "fd_mean": 0.04558275274338937,
  "fd_num": 0,
  "fd_perc": 0.0,
  "fwhm_avg": 2.6551566666666666,
  "fwhm_x": 2.76249,
  "fwhm_y": 2.96261,
  "fwhm_z": 2.24037,
  "gcor": 0.0376347,
  "gsr_x": -0.022610925137996674,
  "gsr_y": 0.027606302872300148,
  "provenance": {
    "md5sum": "1a1e5132411fcfa9aa476f63745b5d9e",
    "settings": {
      "fd_thres": 0.2,
      "testing": false
    },
    "software": "mriqc",
    "version": "21.0.0rc2",
    "webapi_port": null,
    "webapi_url": "https://mriqc.nimh.nih.gov/api/v1"
  },
  "size_t": 100,
  "size_x": 128,
  "size_y": 128,
  "size_z": 43,
  "snr": 3.7638500801697945,
  "spacing_tr": 3.0,
  "spacing_x": 2.0,
  "spacing_y": 2.0,
  "spacing_z": 3.0,
  "summary_bg_k": 58.591659296651486,
  "summary_bg_mad": 21.4087768270159,
  "summary_bg_mean": 51.937503814697266,
  "summary_bg_median": 19.010000228881836,
  "summary_bg_n": 546252.0,
  "summary_bg_p05": 1.9499999284744263,
  "summary_bg_p95": 196.22449874877884,
  "summary_bg_stdv": 119.84028625488281,
  "summary_fg_k": 0.45752984620242554,
  "summary_fg_mad": 432.7862832971347,
  "summary_fg_mean": 1847.12548828125,
  "summary_fg_median": 1794.669921875,
  "summary_fg_n": 73862.0,
  "summary_fg_p05": 1139.4804809570312,
  "summary_fg_p95": 2698.056555175781,
  "summary_fg_stdv": 476.8143615722656,
  "tsnr": 50.91372088762
}