{
  "aor": 0.001306125,
  "aqi": 0.0038668905,
  "bids_meta": {
    "AcquisitionNumber": 1,
    "AcquisitionTime": "15:36:29.000000",
    "ConversionSoftware": "dcm2niix",
    "ConversionSoftwareVersion": "v1.0.20170724 (OpenJPEG build) GCC6.1.0",
    "DeviceSerialNumber": "000000000000GEHC",
    "EchoTime": 0.04,
    "FlipAngle": 90,
    "ImageType": [
      "ORIGINAL",
      "PRIMARY",
      "EPI",
      "NONE"
    ],
    "InstitutionName": "INSTITUTO_DE_NEUROBIOLOGIA",
    "MagneticFieldStrength": 3,
    "Manufacturer": "GE",
    "ManufacturersModelName": "DISCOVERY_MR750",
    "PhaseEncodingLines": 128,
    "ProcedureStepDescription": "Fibromialgia",
    "ProtocolName": "fMRI_post1",
    "RepetitionTime": 3,
    "ScanningSequence": "EP_GR",
    "SequenceVariant": "SS",
    "SeriesDescription": "fMRI_post1",
    "SliceTiming": [
      0.0,
      1.535,
      0.07,
      1.605,
      0.14,
      1.674,
      0.209,
      1.744,
      0.279,
      1.814,
      0.349,
      1.884,
      0.419,
      1.953,
      0.488,
      2.023,
      0.558,
      2.093,
      0.628,
      2.163,
      0.698,
      2.233,
      0.767,
      2.302,
      0.837,
      2.372,
      0.907,
      2.442,
      0.977,
      2.512,
      1.047,
      2.581,
      1.116,
      2.651,
      1.186,
      2.721,
      1.256,
      2.791,
      1.326,
      2.86,
      1.395,
      2.93,
      1.465
    ],
    "SoftwareVersions": "24_LX_MR_Software_release:DV24.0_R01_1344.a",
    "TaskName": "post-control",
    "dataset": "ds001928",
    "modality": "bold",
    "subject_id": "27",
    "task_id": "rest2"
  },
  "dummy_trs": 0,
  "dvars_nstd": 28.885502272405045,
  "dvars_std": 1.1774764881012658,
  "dvars_vstd": 0.9957099222784809,
  "efc": 0.3552128681525829,
  "fber": 21054.23046875,
  "fd_mean": 0.03447578083491645,
  "fd_num": 0,
  "fd_perc": 0.0,
  "fwhm_avg": 2.634072222222222,
  "fwhm_x": 2.745305,
  "fwhm_y": 2.933335,
  "fwhm_z": 2.2235766666666668,
  "gcor": 0.00870842,
  "gsr_x": -0.016976188868284225,
  "gsr_y": -0.0024311128072440624,
  "provenance": {
    "md5sum": "fd30008d903f52e04b2f97dda8e3022e",
    "settings": {
      "fd_thres": 0.2,
      "testing": false
    },
    "software": "mriqc",
    "version": "21.0.0rc2",
    "webapi_port": null,
    "webapi_url": "https://mriqc.nimh.nih.gov/api/v1"
  },
  "size_t": 80,
  "size_x": 128,
  "size_y": 128,
  "size_z": 43,
  "snr": 3.8607486987480817,
  "spacing_tr": 3.0,
  "spacing_x": 2.0,
  "spacing_y": 2.0,
  "spacing_z": 3.0,
  "summary_bg_k": 76.86420393759941,
  "summary_bg_mad": 16.56808007458403,
  "summary_bg_mean": 47.99972152709961,
  "summary_bg_median": 15.287500381469727,
  "summary_bg_n": 546463.0,
  "summary_bg_p05": 2.0,
  "summary_bg_p95": 198.91250610351562,
  "summary_bg_stdv": 134.67465209960938,
  "summary_fg_k": 0.4378614360369055,
  "summary_fg_mad": 523.933019099462,
  "summary_fg_mean": 2253.91748046875,
  "summary_fg_median": 2196.25,
  "summary_fg_n": 73747.0,
  "summary_fg_p05": 1397.278759765625,
  "summary_fg_p95": 3255.7050292968747,
  "summary_fg_stdv": 568.8624877929688,
  "tsnr": 63.82670563645661
}