{
  "bids_meta": {
    "AcquisitionNumber": 1,
    "AcquisitionTime": "20:41:49.000000",
    "ConversionSoftware": "dcm2niix",
    "ConversionSoftwareVersion": "v1.0.20170724 (OpenJPEG build) GCC6.1.0",
    "DeviceSerialNumber": "000000000000GEHC",
    "EchoTime": 0.003184,
    "FlipAngle": 12,
    "ImageType": [
      "ORIGINAL",
      "PRIMARY",
      "OTHER"
    ],
    "InstitutionName": "INSTITUTO_DE_NEUROBIOLOGIA",
    "InversionTime": 0.45,
    "MagneticFieldStrength": 3,
    "Manufacturer": "GE",
    "ManufacturersModelName": "DISCOVERY_MR750",
    "PhaseEncodingLines": 256,
    "ProcedureStepDescription": "Fibromialgia",
    "ProtocolName": "Sag_T1_FSPGR_BRAVO",
    "RepetitionTime": 0.008164,
    "ScanningSequence": "GR",
    "SequenceVariant": "SS_SK",
    "SeriesDescription": "Sag_T1_FSPGR_BRAVO",
    "SoftwareVersions": "23_LX_MR_Software_release:DV22.0_V01_1040.a",
    "dataset": "ds001928",
    "modality": "T1w",
    "subject_id": "03"
  },
  "cjv": 0.4035038001199488,
  "cnr": 1.5101029258476542,
  "efc": 0.867451921585645,
  "fber": 29.775829315185547,
  "fwhm_avg": 3.24131149265091,
  "fwhm_x": 3.1143544779527303,
  "fwhm_y": 3.48443,
  "fwhm_z": 3.12515,
  "icvs_csf": 0.20855989899080185,
  "icvs_gm": 0.40950018461956755,
  "icvs_wm": 0.3819399163896306,
  "inu_med": 0.8928717970848083,
  "inu_range": 0.12101644277572632,
  "provenance": {
    "md5sum": "fd22fa74490dd049f04c24cd75aed2af",
    "settings": {
      "testing": false
    },
    "software": "mriqc",
    "version": "21.0.0rc2",
    "warnings": {
      "large_rot_frame": true,
      "small_air_mask": true
    },
    "webapi_port": null,
    "webapi_url": "https://mriqc.nimh.nih.gov/api/v1"
  },
  "qi_1": 0.0,
  "qi_2": 0.0,
  "rpve_csf": 15.056776763043656,
  "rpve_gm": 7.912754416413225,
  "rpve_wm": 10.654933609816101,
  "size_x": 153,
  "size_y": 224,
  "size_z": 174,
  "snr_csf": 3.393151335842348,
  "snr_gm": 11.167405045413256,
  "snr_total": 12.129364995128803,
  "snr_wm": 21.827538604130808,
  "snrd_csf": 1.7166697439208833,
  "snrd_gm": 2.911055473477804,
  "snrd_total": 2.8531083557838586,
  "snrd_wm": 3.9315998499528897,
  "spacing_x": 1.100000023841858,
  "spacing_y": 1.0,
  "spacing_z": 1.0,
  "summary_bg_k": 0.0,
  "summary_bg_mad": 166.63717511424835,
  "summary_bg_mean": 0.0,
  "summary_bg_median": 0.0,
  "summary_bg_n": 205409.0,
  "summary_bg_p05": 0.0,
  "summary_bg_p95": 0.0,
  "summary_bg_stdv": 151.83352726132162,
  "summary_csf_k": -0.6556908915436117,
  "summary_csf_mad": 148.7248019158561,
  "summary_csf_mean": 422.1313781738281,
  "summary_csf_median": 436.6434326171875,
  "summary_csf_n": 19069.0,
  "summary_csf_p05": 216.26077270507812,
  "summary_csf_p95": 615.768505859375,
  "summary_csf_stdv": 128.6803741455078,
  "summary_gm_k": 0.32120726057217697,
  "summary_gm_mad": 61.411530333655286,
  "summary_gm_mean": 741.971923828125,
  "summary_gm_median": 740.4413452148438,
  "summary_gm_n": 11401.0,
  "summary_gm_p05": 632.6250610351562,
  "summary_gm_p95": 855.8848876953125,
  "summary_gm_stdv": 66.30088806152344,
  "summary_wm_k": 0.9088598583984138,
  "summary_wm_mad": 43.330190020637815,
  "summary_wm_mean": 1002.0546875,
  "summary_wm_median": 1000.0218505859375,
  "summary_wm_n": 174939.0,
  "summary_wm_p05": 930.952978515625,
  "summary_wm_p95": 1079.48828125,
  "summary_wm_stdv": 45.81455612182617,
  "tpm_overlap_csf": 0.17495733499526978,
  "tpm_overlap_gm": 0.4335957169532776,
  "tpm_overlap_wm": 0.5101442337036133,
  "wm2max": 0.5106163930901786
}