{
  "aor": 0.0016740000000000001,
  "aqi": 0.005619001299999999,
  "bids_meta": {
    "AcquisitionNumber": 1,
    "AcquisitionTime": "18:19:18.000000",
    "ConversionSoftware": "dcm2niix",
    "ConversionSoftwareVersion": "v1.0.20170724 (OpenJPEG build) GCC6.1.0",
    "DeviceSerialNumber": "000000000000GEHC",
    "EchoTime": 0.04,
    "FlipAngle": 90,
    "ImageType": [
      "ORIGINAL",
      "PRIMARY",
      "EPI",
      "NONE"
    ],
    "InstitutionName": "INSTITUTO_DE_NEUROBIOLOGIA",
    "MagneticFieldStrength": 3,
    "Manufacturer": "GE",
    "ManufacturersModelName": "DISCOVERY_MR750",
    "PhaseEncodingLines": 128,
    "ProcedureStepDescription": "Fibromialgia",
    "ProtocolName": "fMRI_pre1",
    "RepetitionTime": 3,
    "ScanningSequence": "EP_GR",
    "SequenceVariant": "SS",
    "SeriesDescription": "fMRI_pre1",
    "SliceTiming": [
      0.0,
      1.535,
      0.07,
      1.605,
      0.14,
      1.674,
      0.209,
      1.744,
      0.279,
      1.814,
      0.349,
      1.884,
      0.419,
      1.953,
      0.488,
      2.023,
      0.558,
      2.093,
      0.628,
      2.163,
      0.698,
      2.233,
      0.767,
      2.302,
      0.837,
      2.372,
      0.907,
      2.442,
      0.977,
      2.512,
      1.047,
      2.581,
      1.116,
      2.651,
      1.186,
      2.721,
      1.256,
      2.791,
      1.326,
      2.86,
      1.395,
      2.93,
      1.465
    ],
    "SoftwareVersions": "23_LX_MR_Software_release:DV22.0_V01_1040.a",
    "TaskName": "pre-music",
    "dataset": "ds001928",
    "modality": "bold",
    "subject_id": "11",
    "task_id": "rest3"
  },
  "dummy_trs": 0,
  "dvars_nstd": 28.861294679090918,
  "dvars_std": 1.0871925351515153,
  "dvars_vstd": 0.9525720526262627,
  "efc": 0.364394288510136,
  "fber": 85799.21875,
  "fd_mean": 0.08776692752122164,
  "fd_num": 5,
  "fd_perc": 5.0,
  "fwhm_avg": 3.3383877777777777,
  "fwhm_x": 3.42179,
  "fwhm_y": 3.57412,
  "fwhm_z": 3.0192533333333333,
  "gcor": 0.0139075,
  "gsr_x": -0.017502907663583755,
  "gsr_y": 0.0074945855885744095,
  "provenance": {
    "md5sum": "00f574b724ea0909228af2b3e9e25aa8",
    "settings": {
      "fd_thres": 0.2,
      "testing": false
    },
    "software": "mriqc",
    "version": "21.0.0rc2",
    "webapi_port": null,
    "webapi_url": "https://mriqc.nimh.nih.gov/api/v1"
  },
  "size_t": 100,
  "size_x": 128,
  "size_y": 128,
  "size_z": 43,
  "snr": 2.477184866454118,
  "spacing_tr": 3.0,
  "spacing_x": 2.0,
  "spacing_y": 2.0,
  "spacing_z": 3.0,
  "summary_bg_k": 56.40840820855269,
  "summary_bg_mad": 12.89863908449229,
  "summary_bg_mean": 53.44428253173828,
  "summary_bg_median": 8.90999984741211,
  "summary_bg_n": 529323.0,
  "summary_bg_p05": 0.09999999403953552,
  "summary_bg_p95": 240.47799530029226,
  "summary_bg_stdv": 152.51817321777344,
  "summary_fg_k": 2.0570236191774613,
  "summary_fg_mad": 773.162216449949,
  "summary_fg_mean": 2669.466064453125,
  "summary_fg_median": 2450.2099609375,
  "summary_fg_n": 88972.0,
  "summary_fg_p05": 1461.7364868164063,
  "summary_fg_p95": 4659.019409179687,
  "summary_fg_stdv": 989.1051025390625,
  "tsnr": 48.424498911364935
}