{
  "aor": 0.0047754,
  "aqi": 0.005402459399999999,
  "bids_meta": {
    "AcquisitionNumber": 1,
    "AcquisitionTime": "19:11:56.000000",
    "ConversionSoftware": "dcm2niix",
    "ConversionSoftwareVersion": "v1.0.20170724 (OpenJPEG build) GCC6.1.0",
    "DeviceSerialNumber": "000000000000GEHC",
    "EchoTime": 0.04,
    "FlipAngle": 90,
    "ImageType": [
      "ORIGINAL",
      "PRIMARY",
      "EPI",
      "NONE"
    ],
    "InstitutionName": "INSTITUTO_DE_NEUROBIOLOGIA",
    "MagneticFieldStrength": 3,
    "Manufacturer": "GE",
    "ManufacturersModelName": "DISCOVERY_MR750",
    "PhaseEncodingLines": 128,
    "ProcedureStepDescription": "Fibromialgia",
    "ProtocolName": "fMRI_post2",
    "RepetitionTime": 3,
    "ScanningSequence": "EP_GR",
    "SequenceVariant": "SS",
    "SeriesDescription": "fMRI_post2",
    "SliceTiming": [
      0.0,
      1.535,
      0.07,
      1.605,
      0.14,
      1.674,
      0.209,
      1.744,
      0.279,
      1.814,
      0.349,
      1.884,
      0.419,
      1.953,
      0.488,
      2.023,
      0.558,
      2.093,
      0.628,
      2.163,
      0.698,
      2.233,
      0.767,
      2.302,
      0.837,
      2.372,
      0.907,
      2.442,
      0.977,
      2.512,
      1.047,
      2.581,
      1.116,
      2.651,
      1.186,
      2.721,
      1.256,
      2.791,
      1.326,
      2.86,
      1.395,
      2.93,
      1.465
    ],
    "SoftwareVersions": "23_LX_MR_Software_release:DV22.0_V01_1040.a",
    "TaskName": "post-control",
    "dataset": "ds001928",
    "modality": "bold",
    "subject_id": "11",
    "task_id": "rest2"
  },
  "dummy_trs": 0,
  "dvars_nstd": 28.664658171111103,
  "dvars_std": 1.0442849348484848,
  "dvars_vstd": 0.9492626640404046,
  "efc": 0.3638443610929753,
  "fber": 83366.71875,
  "fd_mean": 0.06911327072737063,
  "fd_num": 2,
  "fd_perc": 2.0,
  "fwhm_avg": 3.3857327777777777,
  "fwhm_x": 3.46659,
  "fwhm_y": 3.607765,
  "fwhm_z": 3.0828433333333334,
  "gcor": 0.050974,
  "gsr_x": -0.01703682914376259,
  "gsr_y": 0.006988308392465115,
  "provenance": {
    "md5sum": "c23d2eed2c69acebf99de98b9971c788",
    "settings": {
      "fd_thres": 0.2,
      "testing": false
    },
    "software": "mriqc",
    "version": "21.0.0rc2",
    "webapi_port": null,
    "webapi_url": "https://mriqc.nimh.nih.gov/api/v1"
  },
  "size_t": 100,
  "size_x": 128,
  "size_y": 128,
  "size_z": 43,
  "snr": 2.41041782764693,
  "spacing_tr": 3.0,
  "spacing_x": 2.0,
  "spacing_y": 2.0,
  "spacing_z": 3.0,
  "summary_bg_k": 55.03597823329317,
  "summary_bg_mad": 12.839334323256528,
  "summary_bg_mean": 55.0229606628418,
  "summary_bg_median": 8.889999389648438,
  "summary_bg_n": 529630.0,
  "summary_bg_p05": 0.11999999731779099,
  "summary_bg_p95": 256.8054931640624,
  "summary_bg_stdv": 156.89854431152344,
  "summary_fg_k": 2.1829938137587677,
  "summary_fg_mad": 768.9590065837767,
  "summary_fg_mean": 2638.678466796875,
  "summary_fg_median": 2411.48486328125,
  "summary_fg_n": 88302.0,
  "summary_fg_p05": 1431.2755187988282,
  "summary_fg_p95": 4659.995263671874,
  "summary_fg_stdv": 1000.43701171875,
  "tsnr": 45.43290364416316
}