{
  "aor": 0.0011354,
  "aqi": 0.0035262194999999994,
  "bids_meta": {
    "AcquisitionNumber": 1,
    "AcquisitionTime": "18:32:49.000000",
    "ConversionSoftware": "dcm2niix",
    "ConversionSoftwareVersion": "v1.0.20170724 (OpenJPEG build) GCC6.1.0",
    "DeviceSerialNumber": "000000000000GEHC",
    "EchoTime": 0.04,
    "FlipAngle": 90,
    "ImageType": [
      "ORIGINAL",
      "PRIMARY",
      "EPI",
      "NONE"
    ],
    "InstitutionName": "INSTITUTO_DE_NEUROBIOLOGIA",
    "MagneticFieldStrength": 3,
    "Manufacturer": "GE",
    "ManufacturersModelName": "DISCOVERY_MR750",
    "PhaseEncodingLines": 128,
    "ProcedureStepDescription": "Fibromialgia",
    "ProtocolName": "fMRI_post1",
    "RepetitionTime": 3,
    "ScanningSequence": "EP_GR",
    "SequenceVariant": "SS",
    "SeriesDescription": "fMRI_post1",
    "SliceTiming": [
      0.0,
      1.535,
      0.07,
      1.605,
      0.14,
      1.674,
      0.209,
      1.744,
      0.279,
      1.814,
      0.349,
      1.884,
      0.419,
      1.953,
      0.488,
      2.023,
      0.558,
      2.093,
      0.628,
      2.163,
      0.698,
      2.233,
      0.767,
      2.302,
      0.837,
      2.372,
      0.907,
      2.442,
      0.977,
      2.512,
      1.047,
      2.581,
      1.116,
      2.651,
      1.186,
      2.721,
      1.256,
      2.791,
      1.326,
      2.86,
      1.395,
      2.93,
      1.465
    ],
    "SoftwareVersions": "23_LX_MR_Software_release:DV22.0_V01_1040.a",
    "TaskName": "post-music",
    "dataset": "ds001928",
    "modality": "bold",
    "subject_id": "11",
    "task_id": "rest4"
  },
  "dummy_trs": 0,
  "dvars_nstd": 26.705915547676767,
  "dvars_std": 1.1074999291919196,
  "dvars_vstd": 0.9576276082828283,
  "efc": 0.3619102833454897,
  "fber": 84989.8984375,
  "fd_mean": 0.05212109838162237,
  "fd_num": 1,
  "fd_perc": 1.0,
  "fwhm_avg": 3.2965611111111115,
  "fwhm_x": 3.39922,
  "fwhm_y": 3.51942,
  "fwhm_z": 2.9710433333333337,
  "gcor": 0.0102729,
  "gsr_x": -0.01687430776655674,
  "gsr_y": 0.006306427530944347,
  "provenance": {
    "md5sum": "d6ae977523cf909bde174ff452e95f8c",
    "settings": {
      "fd_thres": 0.2,
      "testing": false
    },
    "software": "mriqc",
    "version": "21.0.0rc2",
    "webapi_port": null,
    "webapi_url": "https://mriqc.nimh.nih.gov/api/v1"
  },
  "size_t": 100,
  "size_x": 128,
  "size_y": 128,
  "size_z": 43,
  "snr": 2.4553794652126215,
  "spacing_tr": 3.0,
  "spacing_x": 2.0,
  "spacing_y": 2.0,
  "spacing_z": 3.0,
  "summary_bg_k": 57.883325097155186,
  "summary_bg_mad": 12.987594823472522,
  "summary_bg_mean": 52.758792877197266,
  "summary_bg_median": 8.9399995803833,
  "summary_bg_n": 530125.0,
  "summary_bg_p05": 0.07999999821186066,
  "summary_bg_p95": 238.07600097656226,
  "summary_bg_stdv": 151.8203887939453,
  "summary_fg_k": 2.0412103206530166,
  "summary_fg_mad": 776.1124898953799,
  "summary_fg_mean": 2665.0048828125,
  "summary_fg_median": 2443.86474609375,
  "summary_fg_n": 87878.0,
  "summary_fg_p05": 1448.0584350585937,
  "summary_fg_p95": 4663.208593749997,
  "summary_fg_stdv": 995.3047485351562,
  "tsnr": 55.74727773433551
}