{
  "aor": 0.0013245000000000002,
  "aqi": 0.003979031500000001,
  "bids_meta": {
    "AcquisitionNumber": 1,
    "AcquisitionTime": "18:49:28.000000",
    "ConversionSoftware": "dcm2niix",
    "ConversionSoftwareVersion": "v1.0.20170724 (OpenJPEG build) GCC6.1.0",
    "DeviceSerialNumber": "000000000000GEHC",
    "EchoTime": 0.04,
    "FlipAngle": 90,
    "ImageType": [
      "ORIGINAL",
      "PRIMARY",
      "EPI",
      "NONE"
    ],
    "InstitutionName": "INSTITUTO_DE_NEUROBIOLOGIA",
    "MagneticFieldStrength": 3,
    "Manufacturer": "GE",
    "ManufacturersModelName": "DISCOVERY_MR750",
    "PhaseEncodingLines": 128,
    "ProcedureStepDescription": "Fibromialgia",
    "ProtocolName": "fMRI_post2",
    "RepetitionTime": 3,
    "ScanningSequence": "EP_GR",
    "SequenceVariant": "SS",
    "SeriesDescription": "fMRI_post2",
    "SliceTiming": [
      0.0,
      1.535,
      0.07,
      1.605,
      0.14,
      1.674,
      0.209,
      1.744,
      0.279,
      1.814,
      0.349,
      1.884,
      0.419,
      1.953,
      0.488,
      2.023,
      0.558,
      2.093,
      0.628,
      2.163,
      0.698,
      2.233,
      0.767,
      2.302,
      0.837,
      2.372,
      0.907,
      2.442,
      0.977,
      2.512,
      1.047,
      2.581,
      1.116,
      2.651,
      1.186,
      2.721,
      1.256,
      2.791,
      1.326,
      2.86,
      1.395,
      2.93,
      1.465
    ],
    "SoftwareVersions": "24_LX_MR_Software_release:DV24.0_R01_1344.a",
    "TaskName": "post-control",
    "dataset": "ds001928",
    "modality": "bold",
    "subject_id": "38",
    "task_id": "rest2"
  },
  "dummy_trs": 0,
  "dvars_nstd": 25.32056346090909,
  "dvars_std": 1.0970605467676775,
  "dvars_vstd": 0.9710092419191919,
  "efc": 0.37835909237498194,
  "fber": 22039.376953125,
  "fd_mean": 0.04067310789847481,
  "fd_num": 0,
  "fd_perc": 0.0,
  "fwhm_avg": 3.1701116666666667,
  "fwhm_x": 3.31442,
  "fwhm_y": 3.528905,
  "fwhm_z": 2.66701,
  "gcor": 0.0133923,
  "gsr_x": -0.014408509247004986,
  "gsr_y": 0.004935986362397671,
  "provenance": {
    "md5sum": "55bb1ca807605f5d26d0235373f1f852",
    "settings": {
      "fd_thres": 0.2,
      "testing": false
    },
    "software": "mriqc",
    "version": "21.0.0rc2",
    "webapi_port": null,
    "webapi_url": "https://mriqc.nimh.nih.gov/api/v1"
  },
  "size_t": 100,
  "size_x": 128,
  "size_y": 128,
  "size_z": 43,
  "snr": 3.0673362208814874,
  "spacing_tr": 3.0,
  "spacing_x": 2.0,
  "spacing_y": 2.0,
  "spacing_z": 3.0,
  "summary_bg_k": 172.89405842644547,
  "summary_bg_mad": 18.413918606513406,
  "summary_bg_mean": 51.26137161254883,
  "summary_bg_median": 15.799999237060547,
  "summary_bg_n": 524422.0,
  "summary_bg_p05": 1.3199999332427979,
  "summary_bg_p95": 206.24949951171828,
  "summary_bg_stdv": 157.87142944335938,
  "summary_fg_k": 1.6827909571523065,
  "summary_fg_mad": 636.0066707374585,
  "summary_fg_mean": 2451.87451171875,
  "summary_fg_median": 2317.77001953125,
  "summary_fg_n": 92049.0,
  "summary_fg_p05": 1471.8519775390625,
  "summary_fg_p95": 3870.635888671875,
  "summary_fg_stdv": 755.62548828125,
  "tsnr": 58.71832349873148
}