{
  "aor": 0.0008803,
  "aqi": 0.0029617516999999997,
  "bids_meta": {
    "AcquisitionNumber": 1,
    "AcquisitionTime": "18:36:26.000000",
    "ConversionSoftware": "dcm2niix",
    "ConversionSoftwareVersion": "v1.0.20170724 (OpenJPEG build) GCC6.1.0",
    "DeviceSerialNumber": "000000000000GEHC",
    "EchoTime": 0.04,
    "FlipAngle": 90,
    "ImageType": [
      "ORIGINAL",
      "PRIMARY",
      "EPI",
      "NONE"
    ],
    "InstitutionName": "INSTITUTO_DE_NEUROBIOLOGIA",
    "MagneticFieldStrength": 3,
    "Manufacturer": "GE",
    "ManufacturersModelName": "DISCOVERY_MR750",
    "PhaseEncodingLines": 128,
    "ProcedureStepDescription": "Fibromialgia",
    "ProtocolName": "fMRI_pre2",
    "RepetitionTime": 3,
    "ScanningSequence": "EP_GR",
    "SequenceVariant": "SS",
    "SeriesDescription": "fMRI_pre2",
    "SliceTiming": [
      0.0,
      1.535,
      0.07,
      1.605,
      0.14,
      1.674,
      0.209,
      1.744,
      0.279,
      1.814,
      0.349,
      1.884,
      0.419,
      1.953,
      0.488,
      2.023,
      0.558,
      2.093,
      0.628,
      2.163,
      0.698,
      2.233,
      0.767,
      2.302,
      0.837,
      2.372,
      0.907,
      2.442,
      0.977,
      2.512,
      1.047,
      2.581,
      1.116,
      2.651,
      1.186,
      2.721,
      1.256,
      2.791,
      1.326,
      2.86,
      1.395,
      2.93,
      1.465
    ],
    "SoftwareVersions": "24_LX_MR_Software_release:DV24.0_R01_1344.a",
    "TaskName": "pre-control",
    "dataset": "ds001928",
    "modality": "bold",
    "subject_id": "38",
    "task_id": "rest1"
  },
  "dummy_trs": 0,
  "dvars_nstd": 24.599430412020205,
  "dvars_std": 1.1122276559595958,
  "dvars_vstd": 0.982507162020202,
  "efc": 0.37673186194310515,
  "fber": 22491.96484375,
  "fd_mean": 0.030016519265169517,
  "fd_num": 0,
  "fd_perc": 0.0,
  "fwhm_avg": 3.1614194444444443,
  "fwhm_x": 3.32239,
  "fwhm_y": 3.506685,
  "fwhm_z": 2.6551833333333335,
  "gcor": 0.0137726,
  "gsr_x": -0.014481750316917896,
  "gsr_y": 0.004476114641875029,
  "provenance": {
    "md5sum": "979972efd017ee47782e6170d362e1db",
    "settings": {
      "fd_thres": 0.2,
      "testing": false
    },
    "software": "mriqc",
    "version": "21.0.0rc2",
    "webapi_port": null,
    "webapi_url": "https://mriqc.nimh.nih.gov/api/v1"
  },
  "size_t": 100,
  "size_x": 128,
  "size_y": 128,
  "size_z": 43,
  "snr": 3.086039768627838,
  "spacing_tr": 3.0,
  "spacing_x": 2.0,
  "spacing_y": 2.0,
  "spacing_z": 3.0,
  "summary_bg_k": 158.30158456045612,
  "summary_bg_mad": 18.41391895999332,
  "summary_bg_mean": 51.872318267822266,
  "summary_bg_median": 15.809999465942383,
  "summary_bg_n": 525773.0,
  "summary_bg_p05": 1.2200000286102295,
  "summary_bg_p95": 205.1199951171875,
  "summary_bg_stdv": 162.24635314941406,
  "summary_fg_k": 1.7776598236674195,
  "summary_fg_mad": 631.9962968898187,
  "summary_fg_mean": 2468.9853515625,
  "summary_fg_median": 2333.10498046875,
  "summary_fg_n": 91366.0,
  "summary_fg_p05": 1492.1600036621094,
  "summary_fg_p95": 3885.0973510742188,
  "summary_fg_stdv": 756.0149536132812,
  "tsnr": 64.56643940298818
}