{
  "aor": 0.0024184999999999996,
  "aqi": 0.0050241966,
  "bids_meta": {
    "AcquisitionNumber": 1,
    "AcquisitionTime": "17:57:43.000000",
    "ConversionSoftware": "dcm2niix",
    "ConversionSoftwareVersion": "v1.0.20170724 (OpenJPEG build) GCC6.1.0",
    "DeviceSerialNumber": "000000000000GEHC",
    "EchoTime": 0.04,
    "FlipAngle": 90,
    "ImageType": [
      "ORIGINAL",
      "PRIMARY",
      "EPI",
      "NONE"
    ],
    "InstitutionName": "INSTITUTO_DE_NEUROBIOLOGIA",
    "MagneticFieldStrength": 3,
    "Manufacturer": "GE",
    "ManufacturersModelName": "DISCOVERY_MR750",
    "PhaseEncodingLines": 128,
    "ProcedureStepDescription": "Fibromialgia",
    "ProtocolName": "fMRI_pre1",
    "RepetitionTime": 3,
    "ScanningSequence": "EP_GR",
    "SequenceVariant": "SS",
    "SeriesDescription": "fMRI_pre1",
    "SliceTiming": [
      0.0,
      1.535,
      0.07,
      1.605,
      0.14,
      1.674,
      0.209,
      1.744,
      0.279,
      1.814,
      0.349,
      1.884,
      0.419,
      1.953,
      0.488,
      2.023,
      0.558,
      2.093,
      0.628,
      2.163,
      0.698,
      2.233,
      0.767,
      2.302,
      0.837,
      2.372,
      0.907,
      2.442,
      0.977,
      2.512,
      1.047,
      2.581,
      1.116,
      2.651,
      1.186,
      2.721,
      1.256,
      2.791,
      1.326,
      2.86,
      1.395,
      2.93,
      1.465
    ],
    "SoftwareVersions": "24_LX_MR_Software_release:DV24.0_R01_1344.a",
    "TaskName": "pre-music",
    "dataset": "ds001928",
    "modality": "bold",
    "subject_id": "38",
    "task_id": "rest3"
  },
  "dummy_trs": 0,
  "dvars_nstd": 24.074967875858597,
  "dvars_std": 1.0481706543434344,
  "dvars_vstd": 0.9531258365656563,
  "efc": 0.3755117739402741,
  "fber": 24512.783203125,
  "fd_mean": 0.045897423342286796,
  "fd_num": 0,
  "fd_perc": 0.0,
  "fwhm_avg": 3.2466538888888885,
  "fwhm_x": 3.413325,
  "fwhm_y": 3.58536,
  "fwhm_z": 2.7412766666666664,
  "gcor": 0.0100416,
  "gsr_x": -0.014156821183860302,
  "gsr_y": 0.0033161407336592674,
  "provenance": {
    "md5sum": "03e4843488fb623fe04d6cfcad2610ce",
    "settings": {
      "fd_thres": 0.2,
      "testing": false
    },
    "software": "mriqc",
    "version": "21.0.0rc2",
    "webapi_port": null,
    "webapi_url": "https://mriqc.nimh.nih.gov/api/v1"
  },
  "size_t": 100,
  "size_x": 128,
  "size_y": 128,
  "size_z": 43,
  "snr": 2.9851217315671494,
  "spacing_tr": 3.0,
  "spacing_x": 2.0,
  "spacing_y": 2.0,
  "spacing_z": 3.0,
  "summary_bg_k": 163.14873821272806,
  "summary_bg_mad": 17.717095874878098,
  "summary_bg_mean": 50.12599182128906,
  "summary_bg_median": 15.269999504089355,
  "summary_bg_n": 524779.0,
  "summary_bg_p05": 1.399999976158142,
  "summary_bg_p95": 196.53099822998024,
  "summary_bg_stdv": 158.65524291992188,
  "summary_fg_k": 1.923197077546865,
  "summary_fg_mad": 639.283525689639,
  "summary_fg_mean": 2494.574462890625,
  "summary_fg_median": 2344.099853515625,
  "summary_fg_n": 91639.0,
  "summary_fg_p05": 1498.0629516601564,
  "summary_fg_p95": 3998.694946289062,
  "summary_fg_stdv": 785.2567749023438,
  "tsnr": 54.7793706972152
}