{
  "bids_meta": {
    "AcquisitionNumber": 1,
    "AcquisitionTime": "12:32:52.000000",
    "ConversionSoftware": "dcm2niix",
    "ConversionSoftwareVersion": "v1.0.20170724 (OpenJPEG build) GCC6.1.0",
    "DeviceSerialNumber": "000000000000GEHC",
    "EchoTime": 0.003184,
    "FlipAngle": 12,
    "ImageType": [
      "ORIGINAL",
      "PRIMARY",
      "OTHER"
    ],
    "InstitutionName": "INSTITUTO_DE_NEUROBIOLOGIA",
    "InversionTime": 0.45,
    "MagneticFieldStrength": 3,
    "Manufacturer": "GE",
    "ManufacturersModelName": "DISCOVERY_MR750",
    "PhaseEncodingLines": 256,
    "ProcedureStepDescription": "Fibromialgia",
    "ProtocolName": "Sag_T1_FSPGR_BRAVO",
    "RepetitionTime": 0.008164,
    "ScanningSequence": "GR",
    "SequenceVariant": "SS_SK",
    "SeriesDescription": "Sag_T1_FSPGR_BRAVO",
    "SoftwareVersions": "23_LX_MR_Software_release:DV22.0_V01_1040.a",
    "dataset": "ds001928",
    "modality": "T1w",
    "subject_id": "18"
  },
  "cjv": 0.4108953511910042,
  "cnr": 1.6056738758124038,
  "efc": 0.8541980311209199,
  "fber": 28.056798934936523,
  "fwhm_avg": 3.487539672194329,
  "fwhm_x": 3.429209016582987,
  "fwhm_y": 3.71,
  "fwhm_z": 3.32341,
  "icvs_csf": 0.21576046213364813,
  "icvs_gm": 0.3804453787059108,
  "icvs_wm": 0.4037941591604411,
  "inu_med": 0.8622756004333496,
  "inu_range": 0.08807367384433751,
  "provenance": {
    "md5sum": "7b7f2317ca286ddf79ebd5fef1e1c3cf",
    "settings": {
      "testing": false
    },
    "software": "mriqc",
    "version": "21.0.0rc2",
    "warnings": {
      "large_rot_frame": true,
      "small_air_mask": true
    },
    "webapi_port": null,
    "webapi_url": "https://mriqc.nimh.nih.gov/api/v1"
  },
  "qi_1": 0.0,
  "qi_2": 8.577572879763997e-05,
  "rpve_csf": 15.896702697840775,
  "rpve_gm": 8.842380251747668,
  "rpve_wm": 10.353211886140242,
  "size_x": 164,
  "size_y": 207,
  "size_z": 179,
  "snr_csf": 3.201035041950883,
  "snr_gm": 12.353351624093126,
  "snr_total": 12.445984882473619,
  "snr_wm": 21.783567981376844,
  "snrd_csf": 1.780744123477704,
  "snrd_gm": 3.8474933341429587,
  "snrd_total": 3.577725794452087,
  "snrd_wm": 5.104939925735597,
  "spacing_x": 1.100000023841858,
  "spacing_y": 1.0,
  "spacing_z": 1.0,
  "summary_bg_k": 0.0,
  "summary_bg_mad": 128.33600850499894,
  "summary_bg_mean": 0.0,
  "summary_bg_median": 0.0,
  "summary_bg_n": 228798.0,
  "summary_bg_p05": 0.0,
  "summary_bg_p95": 0.0,
  "summary_bg_stdv": 133.05894383822053,
  "summary_csf_k": 0.4026445145283253,
  "summary_csf_mad": 105.99967901765709,
  "summary_csf_mean": 372.9017333984375,
  "summary_csf_median": 348.8336181640625,
  "summary_csf_n": 32469.0,
  "summary_csf_p05": 226.78778381347658,
  "summary_csf_p95": 567.7473388671874,
  "summary_csf_stdv": 108.97357940673828,
  "summary_gm_k": 0.23920409503232598,
  "summary_gm_mad": 58.09440694963674,
  "summary_gm_mean": 753.0162963867188,
  "summary_gm_median": 753.693359375,
  "summary_gm_n": 10139.0,
  "summary_gm_p05": 650.703564453125,
  "summary_gm_p95": 854.0518127441406,
  "summary_gm_stdv": 61.008235931396484,
  "summary_wm_k": 0.8483231316997122,
  "summary_wm_mad": 43.11889386706051,
  "summary_wm_mean": 1002.8619384765625,
  "summary_wm_median": 1000.0171508789062,
  "summary_wm_n": 186190.0,
  "summary_wm_p05": 933.0675750732422,
  "summary_wm_p95": 1082.1654174804687,
  "summary_wm_stdv": 45.90682601928711,
  "tpm_overlap_csf": 0.1712108850479126,
  "tpm_overlap_gm": 0.41777822375297546,
  "tpm_overlap_wm": 0.5038199424743652,
  "wm2max": 0.5409707927528747
}