{
  "bids_meta": {
    "AcquisitionNumber": 1,
    "AcquisitionTime": "20:06:53.000000",
    "ConversionSoftware": "dcm2niix",
    "ConversionSoftwareVersion": "v1.0.20170724 (OpenJPEG build) GCC6.1.0",
    "DeviceSerialNumber": "000000000000GEHC",
    "EchoTime": 0.003184,
    "FlipAngle": 12,
    "ImageType": [
      "ORIGINAL",
      "PRIMARY",
      "OTHER"
    ],
    "InstitutionName": "INSTITUTO_DE_NEUROBIOLOGIA",
    "InversionTime": 0.45,
    "MagneticFieldStrength": 3,
    "Manufacturer": "GE",
    "ManufacturersModelName": "DISCOVERY_MR750",
    "PhaseEncodingLines": 256,
    "ProtocolName": "Sag_T1_FSPGR_BRAVO",
    "RepetitionTime": 0.008164,
    "ScanningSequence": "GR",
    "SequenceVariant": "SS_SK",
    "SeriesDescription": "Sag_T1_FSPGR_BRAVO",
    "SoftwareVersions": "23_LX_MR_Software_release:DV22.0_V01_1040.a",
    "dataset": "ds001928",
    "modality": "T1w",
    "subject_id": "04"
  },
  "cjv": 0.4535126949401252,
  "cnr": 1.2733994971675024,
  "efc": 0.8687255509732493,
  "fber": 15.939911842346191,
  "fwhm_avg": 2.9585499793934105,
  "fwhm_x": 2.8521999381802314,
  "fwhm_y": 3.17237,
  "fwhm_z": 2.85108,
  "icvs_csf": 0.1879154728605636,
  "icvs_gm": 0.40901057804579233,
  "icvs_wm": 0.4030739490936441,
  "inu_med": 0.9856387376785278,
  "inu_range": 0.1391798079013824,
  "provenance": {
    "md5sum": "1d4d8a64d6014823d18ed0957d819ac5",
    "settings": {
      "testing": false
    },
    "software": "mriqc",
    "version": "21.0.0rc2",
    "warnings": {
      "large_rot_frame": true,
      "small_air_mask": true
    },
    "webapi_port": null,
    "webapi_url": "https://mriqc.nimh.nih.gov/api/v1"
  },
  "qi_1": 0.0,
  "qi_2": 0.0,
  "rpve_csf": 17.20867018701501,
  "rpve_gm": 8.259001134611072,
  "rpve_wm": 10.274712678249768,
  "size_x": 162,
  "size_y": 211,
  "size_z": 182,
  "snr_csf": 2.950222400943268,
  "snr_gm": 11.99655941322497,
  "snr_total": 11.390544988319773,
  "snr_wm": 19.224853150791077,
  "snrd_csf": 1.4120485470581245,
  "snrd_gm": 2.622433555227423,
  "snrd_total": 2.483284311195511,
  "snrd_wm": 3.4153708313009856,
  "spacing_x": 1.100000023841858,
  "spacing_y": 1.0,
  "spacing_z": 1.0,
  "summary_bg_k": 0.0,
  "summary_bg_mad": 191.82364833876323,
  "summary_bg_mean": 0.0,
  "summary_bg_median": 0.0,
  "summary_bg_n": 201521.0,
  "summary_bg_p05": 0.0,
  "summary_bg_p95": 0.0,
  "summary_bg_stdv": 162.60398153255875,
  "summary_csf_k": -0.5212304843023969,
  "summary_csf_mad": 176.55499384058402,
  "summary_csf_mean": 416.7083740234375,
  "summary_csf_median": 413.44720458984375,
  "summary_csf_n": 12633.0,
  "summary_csf_p05": 220.53017883300782,
  "summary_csf_p95": 641.0125610351562,
  "summary_csf_stdv": 140.13548278808594,
  "summary_gm_k": 0.3904163239044496,
  "summary_gm_mad": 59.02442674338011,
  "summary_gm_mean": 769.4780883789062,
  "summary_gm_median": 767.847412109375,
  "summary_gm_n": 10990.0,
  "summary_gm_p05": 668.3570617675781,
  "summary_gm_p95": 880.5002136230468,
  "summary_gm_stdv": 64.00272369384766,
  "summary_wm_k": 1.6563351404684603,
  "summary_wm_mad": 46.268382936517185,
  "summary_wm_mean": 1005.6854858398438,
  "summary_wm_median": 1000.0191040039062,
  "summary_wm_n": 177898.0,
  "summary_wm_p05": 932.016000366211,
  "summary_wm_p95": 1099.726965332031,
  "summary_wm_stdv": 52.016849517822266,
  "tpm_overlap_csf": 0.16914746165275574,
  "tpm_overlap_gm": 0.4319099187850952,
  "tpm_overlap_wm": 0.4794708788394928,
  "wm2max": 0.44384268337737104
}