{
  "aor": 0.0016161000000000003,
  "aqi": 0.0028299885999999996,
  "bids_meta": {
    "AcquisitionNumber": 1,
    "AcquisitionTime": "18:25:59.000000",
    "ConversionSoftware": "dcm2niix",
    "ConversionSoftwareVersion": "v1.0.20170724 (OpenJPEG build) GCC6.1.0",
    "DeviceSerialNumber": "000000000000GEHC",
    "EchoTime": 0.04,
    "FlipAngle": 90,
    "ImageType": [
      "ORIGINAL",
      "PRIMARY",
      "EPI",
      "NONE"
    ],
    "InstitutionName": "INSTITUTO_DE_NEUROBIOLOGIA",
    "MagneticFieldStrength": 3,
    "Manufacturer": "GE",
    "ManufacturersModelName": "DISCOVERY_MR750",
    "PhaseEncodingLines": 128,
    "ProcedureStepDescription": "Fibromialgia",
    "ProtocolName": "fMRI_pre2",
    "RepetitionTime": 3,
    "ScanningSequence": "EP_GR",
    "SequenceVariant": "SS",
    "SeriesDescription": "fMRI_pre2",
    "SliceTiming": [
      0.0,
      1.535,
      0.07,
      1.605,
      0.14,
      1.674,
      0.209,
      1.744,
      0.279,
      1.814,
      0.349,
      1.884,
      0.419,
      1.953,
      0.488,
      2.023,
      0.558,
      2.093,
      0.628,
      2.163,
      0.698,
      2.233,
      0.767,
      2.302,
      0.837,
      2.372,
      0.907,
      2.442,
      0.977,
      2.512,
      1.047,
      2.581,
      1.116,
      2.651,
      1.186,
      2.721,
      1.256,
      2.791,
      1.326,
      2.86,
      1.395,
      2.93,
      1.465
    ],
    "SoftwareVersions": "24_LX_MR_Software_release:DV24.0_R01_1344.a",
    "TaskName": "pre-music",
    "dataset": "ds001928",
    "modality": "bold",
    "subject_id": "43",
    "task_id": "rest3"
  },
  "dummy_trs": 0,
  "dvars_nstd": 24.8081568129293,
  "dvars_std": 1.0890688777777775,
  "dvars_vstd": 1.004303412929293,
  "efc": 0.3718318526943853,
  "fber": 14187.9228515625,
  "fd_mean": 0.07668673886300487,
  "fd_num": 8,
  "fd_perc": 8.0,
  "fwhm_avg": 2.896049444444444,
  "fwhm_x": 3.045095,
  "fwhm_y": 3.21215,
  "fwhm_z": 2.430903333333333,
  "gcor": 0.0212987,
  "gsr_x": -0.012001095339655876,
  "gsr_y": 0.00915538053959608,
  "provenance": {
    "md5sum": "015343db23ddd89fbbe2d844ca374cd0",
    "settings": {
      "fd_thres": 0.2,
      "testing": false
    },
    "software": "mriqc",
    "version": "21.0.0rc2",
    "webapi_port": null,
    "webapi_url": "https://mriqc.nimh.nih.gov/api/v1"
  },
  "size_t": 100,
  "size_x": 128,
  "size_y": 128,
  "size_z": 43,
  "snr": 3.330273051120798,
  "spacing_tr": 3.0,
  "spacing_x": 2.0,
  "spacing_y": 2.0,
  "spacing_z": 3.0,
  "summary_bg_k": 153.68110784499103,
  "summary_bg_mad": 22.63933514134232,
  "summary_bg_mean": 53.865928649902344,
  "summary_bg_median": 20.149999618530273,
  "summary_bg_n": 533499.0,
  "summary_bg_p05": 1.6399999856948853,
  "summary_bg_p95": 221.75099945068337,
  "summary_bg_stdv": 146.47596740722656,
  "summary_fg_k": 0.18471607400540924,
  "summary_fg_mad": 668.6684410467489,
  "summary_fg_mean": 2455.79638671875,
  "summary_fg_median": 2380.7099609375,
  "summary_fg_n": 84151.0,
  "summary_fg_p05": 1386.93994140625,
  "summary_fg_p95": 3732.8248291015625,
  "summary_fg_stdv": 714.8650512695312,
  "tsnr": 61.140065744519234
}