{
  "aor": 0.0018470000000000001,
  "aqi": 0.0035074034000000002,
  "bids_meta": {
    "AcquisitionNumber": 1,
    "AcquisitionTime": "17:48:3.000000",
    "ConversionSoftware": "dcm2niix",
    "ConversionSoftwareVersion": "v1.0.20170724 (OpenJPEG build) GCC6.1.0",
    "DeviceSerialNumber": "000000000000GEHC",
    "EchoTime": 0.04,
    "FlipAngle": 90,
    "ImageType": [
      "ORIGINAL",
      "PRIMARY",
      "EPI",
      "NONE"
    ],
    "InstitutionName": "INSTITUTO_DE_NEUROBIOLOGIA",
    "MagneticFieldStrength": 3,
    "Manufacturer": "GE",
    "ManufacturersModelName": "DISCOVERY_MR750",
    "PhaseEncodingLines": 128,
    "ProcedureStepDescription": "Fibromialgia",
    "ProtocolName": "fMRI_pre1",
    "RepetitionTime": 3,
    "ScanningSequence": "EP_GR",
    "SequenceVariant": "SS",
    "SeriesDescription": "fMRI_pre1",
    "SliceTiming": [
      0.0,
      1.535,
      0.07,
      1.605,
      0.14,
      1.674,
      0.209,
      1.744,
      0.279,
      1.814,
      0.349,
      1.884,
      0.419,
      1.953,
      0.488,
      2.023,
      0.558,
      2.093,
      0.628,
      2.163,
      0.698,
      2.233,
      0.767,
      2.302,
      0.837,
      2.372,
      0.907,
      2.442,
      0.977,
      2.512,
      1.047,
      2.581,
      1.116,
      2.651,
      1.186,
      2.721,
      1.256,
      2.791,
      1.326,
      2.86,
      1.395,
      2.93,
      1.465
    ],
    "SoftwareVersions": "24_LX_MR_Software_release:DV24.0_R01_1344.a",
    "TaskName": "pre-control",
    "dataset": "ds001928",
    "modality": "bold",
    "subject_id": "43",
    "task_id": "rest1"
  },
  "dummy_trs": 0,
  "dvars_nstd": 22.327181209494956,
  "dvars_std": 1.034097877676768,
  "dvars_vstd": 0.9892300822222221,
  "efc": 0.36802379218230913,
  "fber": 14819.0087890625,
  "fd_mean": 0.052480405690711475,
  "fd_num": 1,
  "fd_perc": 1.0,
  "fwhm_avg": 2.9071788888888883,
  "fwhm_x": 3.073985,
  "fwhm_y": 3.223135,
  "fwhm_z": 2.4244166666666667,
  "gcor": 0.0110827,
  "gsr_x": -0.011413573287427425,
  "gsr_y": 0.006985788699239492,
  "provenance": {
    "md5sum": "2786dc2c091823963d18a8481c32299d",
    "settings": {
      "fd_thres": 0.2,
      "testing": false
    },
    "software": "mriqc",
    "version": "21.0.0rc2",
    "webapi_port": null,
    "webapi_url": "https://mriqc.nimh.nih.gov/api/v1"
  },
  "size_t": 100,
  "size_x": 128,
  "size_y": 128,
  "size_z": 43,
  "snr": 3.323653705475026,
  "spacing_tr": 3.0,
  "spacing_x": 2.0,
  "spacing_y": 2.0,
  "spacing_z": 3.0,
  "summary_bg_k": 153.261992931053,
  "summary_bg_mad": 22.13525016082327,
  "summary_bg_mean": 51.54657745361328,
  "summary_bg_median": 19.799999237060547,
  "summary_bg_n": 534898.0,
  "summary_bg_p05": 1.7699999809265137,
  "summary_bg_p95": 208.12149429321255,
  "summary_bg_stdv": 139.26168823242188,
  "summary_fg_k": 0.2811956575873076,
  "summary_fg_mad": 670.7292798482775,
  "summary_fg_mean": 2458.994873046875,
  "summary_fg_median": 2388.679931640625,
  "summary_fg_n": 82945.0,
  "summary_fg_p05": 1375.0819580078125,
  "summary_fg_p95": 3734.65791015625,
  "summary_fg_stdv": 718.6866455078125,
  "tsnr": 60.49371783505194
}