{
  "aor": 0.006834799999999999,
  "aqi": 0.0037835446,
  "bids_meta": {
    "AcquisitionNumber": 1,
    "AcquisitionTime": "18:00:13.000000",
    "ConversionSoftware": "dcm2niix",
    "ConversionSoftwareVersion": "v1.0.20170724 (OpenJPEG build) GCC6.1.0",
    "DeviceSerialNumber": "000000000000GEHC",
    "EchoTime": 0.04,
    "FlipAngle": 90,
    "ImageType": [
      "ORIGINAL",
      "PRIMARY",
      "EPI",
      "NONE"
    ],
    "InstitutionName": "INSTITUTO_DE_NEUROBIOLOGIA",
    "MagneticFieldStrength": 3,
    "Manufacturer": "GE",
    "ManufacturersModelName": "DISCOVERY_MR750",
    "PhaseEncodingLines": 128,
    "ProcedureStepDescription": "Fibromialgia",
    "ProtocolName": "fMRI_post1",
    "RepetitionTime": 3,
    "ScanningSequence": "EP_GR",
    "SequenceVariant": "SS",
    "SeriesDescription": "fMRI_post1",
    "SliceTiming": [
      0.0,
      1.535,
      0.07,
      1.605,
      0.14,
      1.674,
      0.209,
      1.744,
      0.279,
      1.814,
      0.349,
      1.884,
      0.419,
      1.953,
      0.488,
      2.023,
      0.558,
      2.093,
      0.628,
      2.163,
      0.698,
      2.233,
      0.767,
      2.302,
      0.837,
      2.372,
      0.907,
      2.442,
      0.977,
      2.512,
      1.047,
      2.581,
      1.116,
      2.651,
      1.186,
      2.721,
      1.256,
      2.791,
      1.326,
      2.86,
      1.395,
      2.93,
      1.465
    ],
    "SoftwareVersions": "24_LX_MR_Software_release:DV24.0_R01_1344.a",
    "TaskName": "post-control",
    "dataset": "ds001928",
    "modality": "bold",
    "subject_id": "43",
    "task_id": "rest2"
  },
  "dummy_trs": 0,
  "dvars_nstd": 26.44767040656566,
  "dvars_std": 1.101900799090909,
  "dvars_vstd": 1.0360256180808078,
  "efc": 0.36933508112611174,
  "fber": 14385.4814453125,
  "fd_mean": 0.09110188280843177,
  "fd_num": 9,
  "fd_perc": 9.0,
  "fwhm_avg": 2.8637727777777777,
  "fwhm_x": 3.016325,
  "fwhm_y": 3.17843,
  "fwhm_z": 2.3965633333333334,
  "gcor": 0.0325648,
  "gsr_x": -0.01152320671826601,
  "gsr_y": 0.008184957318007946,
  "provenance": {
    "md5sum": "d908a5dbd09ec8b3d3b27d8213ea1459",
    "settings": {
      "fd_thres": 0.2,
      "testing": false
    },
    "software": "mriqc",
    "version": "21.0.0rc2",
    "webapi_port": null,
    "webapi_url": "https://mriqc.nimh.nih.gov/api/v1"
  },
  "size_t": 100,
  "size_x": 128,
  "size_y": 128,
  "size_z": 43,
  "snr": 3.363474919076291,
  "spacing_tr": 3.0,
  "spacing_x": 2.0,
  "spacing_y": 2.0,
  "spacing_z": 3.0,
  "summary_bg_k": 165.2089898624008,
  "summary_bg_mad": 22.357642048910733,
  "summary_bg_mean": 52.441307067871094,
  "summary_bg_median": 20.010000228881836,
  "summary_bg_n": 534597.0,
  "summary_bg_p05": 1.6200000047683716,
  "summary_bg_p95": 212.45199584960892,
  "summary_bg_stdv": 143.6571044921875,
  "summary_fg_k": 0.23089303486791923,
  "summary_fg_mad": 664.3987203999002,
  "summary_fg_mean": 2459.707275390625,
  "summary_fg_median": 2387.31005859375,
  "summary_fg_n": 83201.0,
  "summary_fg_p05": 1396.52001953125,
  "summary_fg_p95": 3724.22998046875,
  "summary_fg_stdv": 709.7706298828125,
  "tsnr": 55.24615784501657
}