{
  "aor": 0.002785897435897436,
  "aqi": 0.0028876408974358968,
  "bids_meta": {
    "AcquisitionNumber": 1,
    "AcquisitionTime": "18:37:40.000000",
    "ConversionSoftware": "dcm2niix",
    "ConversionSoftwareVersion": "v1.0.20170724 (OpenJPEG build) GCC6.1.0",
    "DeviceSerialNumber": "000000000000GEHC",
    "EchoTime": 0.04,
    "FlipAngle": 90,
    "ImageType": [
      "ORIGINAL",
      "PRIMARY",
      "EPI",
      "NONE"
    ],
    "InstitutionName": "INSTITUTO_DE_NEUROBIOLOGIA",
    "MagneticFieldStrength": 3,
    "Manufacturer": "GE",
    "ManufacturersModelName": "DISCOVERY_MR750",
    "PhaseEncodingLines": 128,
    "ProcedureStepDescription": "Fibromialgia",
    "ProtocolName": "fMRI_post2",
    "RepetitionTime": 3,
    "ScanningSequence": "EP_GR",
    "SequenceVariant": "SS",
    "SeriesDescription": "fMRI_post2",
    "SliceTiming": [
      0.0,
      1.535,
      0.07,
      1.605,
      0.14,
      1.674,
      0.209,
      1.744,
      0.279,
      1.814,
      0.349,
      1.884,
      0.419,
      1.953,
      0.488,
      2.023,
      0.558,
      2.093,
      0.628,
      2.163,
      0.698,
      2.233,
      0.767,
      2.302,
      0.837,
      2.372,
      0.907,
      2.442,
      0.977,
      2.512,
      1.047,
      2.581,
      1.116,
      2.651,
      1.186,
      2.721,
      1.256,
      2.791,
      1.326,
      2.86,
      1.395,
      2.93,
      1.465
    ],
    "SoftwareVersions": "24_LX_MR_Software_release:DV24.0_R01_1344.a",
    "TaskName": "post-music",
    "dataset": "ds001928",
    "modality": "bold",
    "subject_id": "43",
    "task_id": "rest4"
  },
  "dummy_trs": 0,
  "dvars_nstd": 26.534368539740253,
  "dvars_std": 1.133007984025974,
  "dvars_vstd": 1.0410238205194806,
  "efc": 0.3731656502550738,
  "fber": 14164.5810546875,
  "fd_mean": 0.08204075847739854,
  "fd_num": 7,
  "fd_perc": 8.974358974358974,
  "fwhm_avg": 2.883703888888889,
  "fwhm_x": 3.029085,
  "fwhm_y": 3.19493,
  "fwhm_z": 2.427096666666667,
  "gcor": 0.0319662,
  "gsr_x": -0.01204615831375122,
  "gsr_y": 0.008993455208837986,
  "provenance": {
    "md5sum": "b2b299c5ac7d2110562ee99843c15441",
    "settings": {
      "fd_thres": 0.2,
      "testing": false
    },
    "software": "mriqc",
    "version": "21.0.0rc2",
    "webapi_port": null,
    "webapi_url": "https://mriqc.nimh.nih.gov/api/v1"
  },
  "size_t": 78,
  "size_x": 128,
  "size_y": 128,
  "size_z": 43,
  "snr": 3.3504090583290878,
  "spacing_tr": 3.0,
  "spacing_x": 2.0,
  "spacing_y": 2.0,
  "spacing_z": 3.0,
  "summary_bg_k": 162.54369607565062,
  "summary_bg_mad": 22.638196229058416,
  "summary_bg_mean": 54.13360595703125,
  "summary_bg_median": 20.153846740722656,
  "summary_bg_n": 532643.0,
  "summary_bg_p05": 1.6538461446762085,
  "summary_bg_p95": 223.92308044433594,
  "summary_bg_stdv": 148.16415405273438,
  "summary_fg_k": 0.2092016094095075,
  "summary_fg_mad": 665.6122932973842,
  "summary_fg_mean": 2457.931884765625,
  "summary_fg_median": 2381.39111328125,
  "summary_fg_n": 84728.0,
  "summary_fg_p05": 1400.5583190917969,
  "summary_fg_p95": 3727.251342773437,
  "summary_fg_stdv": 710.7720336914062,
  "tsnr": 61.25160532351583
}