{
  "bids_meta": {
    "AcquisitionNumber": 1,
    "AcquisitionTime": "18:40:34.000000",
    "ConversionSoftware": "dcm2niix",
    "ConversionSoftwareVersion": "v1.0.20170724 (OpenJPEG build) GCC6.1.0",
    "DeviceSerialNumber": "000000000000GEHC",
    "EchoTime": 0.003184,
    "FlipAngle": 12,
    "ImageType": [
      "ORIGINAL",
      "PRIMARY",
      "OTHER"
    ],
    "InstitutionName": "INSTITUTO_DE_NEUROBIOLOGIA",
    "InversionTime": 0.45,
    "MagneticFieldStrength": 3,
    "Manufacturer": "GE",
    "ManufacturersModelName": "DISCOVERY_MR750",
    "PhaseEncodingLines": 256,
    "ProcedureStepDescription": "Fibromialgia",
    "ProtocolName": "Sag_T1_FSPGR_BRAVO",
    "RepetitionTime": 0.008164,
    "ScanningSequence": "GR",
    "SequenceVariant": "SS_SK",
    "SeriesDescription": "Sag_T1_FSPGR_BRAVO",
    "SoftwareVersions": "23_LX_MR_Software_release:DV22.0_V02_1122.a",
    "dataset": "ds001928",
    "modality": "T1w",
    "subject_id": "22"
  },
  "cjv": 0.4594583081980063,
  "cnr": 1.4485682422296193,
  "efc": 0.8638016005243537,
  "fber": 21.612245559692383,
  "fwhm_avg": 3.2711496736443473,
  "fwhm_x": 3.2285090209330423,
  "fwhm_y": 3.48717,
  "fwhm_z": 3.09777,
  "icvs_csf": 0.2099126535436818,
  "icvs_gm": 0.4180750194458163,
  "icvs_wm": 0.37201232701050185,
  "inu_med": 1.000030279159546,
  "inu_range": 0.16405846178531647,
  "provenance": {
    "md5sum": "878172914c701728929777e161c728bd",
    "settings": {
      "testing": false
    },
    "software": "mriqc",
    "version": "21.0.0rc2",
    "warnings": {
      "large_rot_frame": true,
      "small_air_mask": true
    },
    "webapi_port": null,
    "webapi_url": "https://mriqc.nimh.nih.gov/api/v1"
  },
  "qi_1": 0.0,
  "qi_2": 0.0,
  "rpve_csf": 16.640680927973957,
  "rpve_gm": 8.656074916074143,
  "rpve_wm": 11.779973141294874,
  "size_x": 159,
  "size_y": 208,
  "size_z": 187,
  "snr_csf": 3.6337993453886095,
  "snr_gm": 11.56794573474511,
  "snr_total": 11.184280725867033,
  "snr_wm": 18.35109709746738,
  "snrd_csf": 1.8046487011075028,
  "snrd_gm": 3.173711551854584,
  "snrd_total": 3.0594422971920543,
  "snrd_wm": 4.199966638614074,
  "spacing_x": 1.100000023841858,
  "spacing_y": 1.0,
  "spacing_z": 1.0,
  "summary_bg_k": 0.0,
  "summary_bg_mad": 155.9928695196162,
  "summary_bg_mean": 0.0,
  "summary_bg_median": 0.0,
  "summary_bg_n": 199368.0,
  "summary_bg_p05": 0.0,
  "summary_bg_p95": 0.0,
  "summary_bg_stdv": 145.66929108355396,
  "summary_csf_k": -0.53953769386123,
  "summary_csf_mad": 134.00488026187904,
  "summary_csf_mean": 425.967529296875,
  "summary_csf_median": 429.7003479003906,
  "summary_csf_n": 26185.0,
  "summary_csf_p05": 239.69124450683594,
  "summary_csf_p95": 615.6158813476562,
  "summary_csf_stdv": 118.24872589111328,
  "summary_gm_k": 0.3347641999784692,
  "summary_gm_mad": 62.21418424467486,
  "summary_gm_mean": 757.1862182617188,
  "summary_gm_median": 755.6844482421875,
  "summary_gm_n": 11909.0,
  "summary_gm_p05": 652.6533813476562,
  "summary_gm_p95": 868.316064453125,
  "summary_gm_stdv": 65.32298278808594,
  "summary_wm_k": 1.5520858144214449,
  "summary_wm_mad": 50.05859252648955,
  "summary_wm_mean": 1005.2042846679688,
  "summary_wm_median": 1000.04345703125,
  "summary_wm_n": 161274.0,
  "summary_wm_p05": 926.2885314941407,
  "summary_wm_p95": 1101.5921997070313,
  "summary_wm_stdv": 54.49485397338867,
  "tpm_overlap_csf": 0.16931448876857758,
  "tpm_overlap_gm": 0.44753554463386536,
  "tpm_overlap_wm": 0.5037469267845154,
  "wm2max": 0.490372849673454
}