{
  "bids_meta": {
    "AcquisitionNumber": 1,
    "AcquisitionTime": "18:28:9.000000",
    "ConversionSoftware": "dcm2niix",
    "ConversionSoftwareVersion": "v1.0.20170724 (OpenJPEG build) GCC6.1.0",
    "DeviceSerialNumber": "000000000000GEHC",
    "EchoTime": 0.003184,
    "FlipAngle": 12,
    "ImageType": [
      "ORIGINAL",
      "PRIMARY",
      "OTHER"
    ],
    "InstitutionName": "INSTITUTO_DE_NEUROBIOLOGIA",
    "InversionTime": 0.45,
    "MagneticFieldStrength": 3,
    "Manufacturer": "GE",
    "ManufacturersModelName": "DISCOVERY_MR750",
    "PhaseEncodingLines": 256,
    "ProcedureStepDescription": "Fibromialgia",
    "ProtocolName": "Sag_T1_FSPGR_BRAVO",
    "RepetitionTime": 0.008164,
    "ScanningSequence": "GR",
    "SequenceVariant": "SS_SK",
    "SeriesDescription": "Sag_T1_FSPGR_BRAVO",
    "SoftwareVersions": "24_LX_MR_Software_release:DV24.0_R01_1344.a",
    "dataset": "ds001928",
    "modality": "T1w",
    "subject_id": "32"
  },
  "cjv": 0.4210511056035111,
  "cnr": 1.5315285095943296,
  "efc": 0.8806791140163648,
  "fber": 19.07846450805664,
  "fwhm_avg": 3.2443002799276086,
  "fwhm_x": 3.1976908397828265,
  "fwhm_y": 3.4055,
  "fwhm_z": 3.12971,
  "icvs_csf": 0.1759804233723311,
  "icvs_gm": 0.4470774538075162,
  "icvs_wm": 0.3769421228201527,
  "inu_med": 0.9056265950202942,
  "inu_range": 0.08713204562664034,
  "provenance": {
    "md5sum": "5388ad9170288b3a0d80dcbe7f3c0dff",
    "settings": {
      "testing": false
    },
    "software": "mriqc",
    "version": "21.0.0rc2",
    "warnings": {
      "large_rot_frame": true,
      "small_air_mask": true
    },
    "webapi_port": null,
    "webapi_url": "https://mriqc.nimh.nih.gov/api/v1"
  },
  "qi_1": 0.0,
  "qi_2": 0.0,
  "rpve_csf": 14.44675261205144,
  "rpve_gm": 6.3649585158451,
  "rpve_wm": 8.854795280095942,
  "size_x": 160,
  "size_y": 203,
  "size_z": 156,
  "snr_csf": 3.4865035273508185,
  "snr_gm": 12.625441908182259,
  "snr_total": 12.93812062261305,
  "snr_wm": 22.702416432306073,
  "snrd_csf": 2.0202439519838493,
  "snrd_gm": 4.065364951448184,
  "snrd_total": 3.7959364174551085,
  "snrd_wm": 5.302200348933291,
  "spacing_x": 1.100000023841858,
  "spacing_y": 1.0,
  "spacing_z": 1.0,
  "summary_bg_k": 0.0,
  "summary_bg_mad": 123.5609165242561,
  "summary_bg_mean": 0.0,
  "summary_bg_median": 0.0,
  "summary_bg_n": 226195.0,
  "summary_bg_p05": 0.0,
  "summary_bg_p95": 0.0,
  "summary_bg_stdv": 132.55527213423994,
  "summary_csf_k": 0.5470715785197564,
  "summary_csf_mad": 101.67387666152383,
  "summary_csf_mean": 409.4507141113281,
  "summary_csf_median": 381.0247802734375,
  "summary_csf_n": 16548.0,
  "summary_csf_p05": 271.79252471923826,
  "summary_csf_p95": 608.9545715332031,
  "summary_csf_stdv": 109.28234100341797,
  "summary_gm_k": 0.48009132102889707,
  "summary_gm_mad": 56.39734139752163,
  "summary_gm_mean": 768.9904174804688,
  "summary_gm_median": 766.741455078125,
  "summary_gm_n": 28921.0,
  "summary_gm_p05": 673.1990966796875,
  "summary_gm_p95": 874.1736450195312,
  "summary_gm_stdv": 60.72882080078125,
  "summary_wm_k": 0.7048432568982825,
  "summary_wm_mad": 41.82179790758423,
  "summary_wm_mean": 1002.24560546875,
  "summary_wm_median": 1000.0127563476562,
  "summary_wm_n": 180726.0,
  "summary_wm_p05": 934.2336120605469,
  "summary_wm_p95": 1077.7558288574219,
  "summary_wm_stdv": 44.048614501953125,
  "tpm_overlap_csf": 0.18547236919403076,
  "tpm_overlap_gm": 0.4804224669933319,
  "tpm_overlap_wm": 0.5279672741889954,
  "wm2max": 0.46354304447294725
}