{
  "bids_meta": {
    "AcquisitionNumber": 1,
    "AcquisitionTime": "20:04:27.000000",
    "ConversionSoftware": "dcm2niix",
    "ConversionSoftwareVersion": "v1.0.20170724 (OpenJPEG build) GCC6.1.0",
    "DeviceSerialNumber": "000000000000GEHC",
    "EchoTime": 0.003184,
    "FlipAngle": 12,
    "ImageType": [
      "ORIGINAL",
      "PRIMARY",
      "OTHER"
    ],
    "InstitutionName": "INSTITUTO_DE_NEUROBIOLOGIA",
    "InversionTime": 0.45,
    "MagneticFieldStrength": 3,
    "Manufacturer": "GE",
    "ManufacturersModelName": "DISCOVERY_MR750",
    "PhaseEncodingLines": 256,
    "ProcedureStepDescription": "Fibromialgia",
    "ProtocolName": "Sag_T1_FSPGR_BRAVO",
    "RepetitionTime": 0.008164,
    "ScanningSequence": "GR",
    "SequenceVariant": "SS_SK",
    "SeriesDescription": "Sag_T1_FSPGR_BRAVO",
    "SoftwareVersions": "24_LX_MR_Software_release:DV24.0_R01_1344.a",
    "dataset": "ds001928",
    "modality": "T1w",
    "subject_id": "40"
  },
  "cjv": 0.5248541699436243,
  "cnr": 1.3032168066130199,
  "efc": 0.8856029538512099,
  "fber": 28.642459869384766,
  "fwhm_avg": 3.2518560375992593,
  "fwhm_x": 3.184418112797778,
  "fwhm_y": 3.45307,
  "fwhm_z": 3.11808,
  "icvs_csf": 0.1818238952875694,
  "icvs_gm": 0.4380196907665229,
  "icvs_wm": 0.38015641394590766,
  "inu_med": 0.7820594310760498,
  "inu_range": 0.10673769116401677,
  "provenance": {
    "md5sum": "d3f0afc1b11bae7c62504f2c7091d409",
    "settings": {
      "testing": false
    },
    "software": "mriqc",
    "version": "21.0.0rc2",
    "warnings": {
      "large_rot_frame": true,
      "small_air_mask": true
    },
    "webapi_port": null,
    "webapi_url": "https://mriqc.nimh.nih.gov/api/v1"
  },
  "qi_1": 0.0,
  "qi_2": 0.0,
  "rpve_csf": 15.536211189336397,
  "rpve_gm": 7.091272682204903,
  "rpve_wm": 9.754245625703975,
  "size_x": 157,
  "size_y": 209,
  "size_z": 152,
  "snr_csf": 2.9373072147053345,
  "snr_gm": 9.718968571163199,
  "snr_total": 11.218875761475731,
  "snr_wm": 21.00035149855866,
  "snrd_csf": 1.6374321076506806,
  "snrd_gm": 3.7734116450959196,
  "snrd_total": 3.430068667925928,
  "snrd_wm": 4.879362251031182,
  "spacing_x": 1.100000023841858,
  "spacing_y": 1.0,
  "spacing_z": 1.0,
  "summary_bg_k": 0.0,
  "summary_bg_mad": 134.2691728778829,
  "summary_bg_mean": 0.0,
  "summary_bg_median": 0.0,
  "summary_bg_n": 198373.0,
  "summary_bg_p05": 0.0,
  "summary_bg_p95": 0.0,
  "summary_bg_stdv": 147.14337964545592,
  "summary_csf_k": 0.1385616093062474,
  "summary_csf_mad": 102.45981238651626,
  "summary_csf_mean": 367.1318359375,
  "summary_csf_median": 335.5891418457031,
  "summary_csf_n": 13206.0,
  "summary_csf_p05": 222.3930435180664,
  "summary_csf_p95": 581.6681365966797,
  "summary_csf_stdv": 114.24628448486328,
  "summary_gm_k": 0.10627347889354022,
  "summary_gm_mad": 74.5468213266606,
  "summary_gm_mean": 782.584716796875,
  "summary_gm_median": 773.3547973632812,
  "summary_gm_n": 24583.0,
  "summary_gm_p05": 665.4909057617188,
  "summary_gm_p95": 931.0188476562498,
  "summary_gm_stdv": 79.57007598876953,
  "summary_wm_k": 1.1835619409867508,
  "summary_wm_mad": 44.418116361701266,
  "summary_wm_mean": 1003.6122436523438,
  "summary_wm_median": 1000.0176391601562,
  "summary_wm_n": 160584.0,
  "summary_wm_p05": 932.713720703125,
  "summary_wm_p95": 1086.1630065917968,
  "summary_wm_stdv": 47.61894226074219,
  "tpm_overlap_csf": 0.18097519874572754,
  "tpm_overlap_gm": 0.44299566745758057,
  "tpm_overlap_wm": 0.5042227506637573,
  "wm2max": 0.6557678569101257
}