{
  "aor": 0.0073147,
  "aqi": 0.0045425697,
  "bids_meta": {
    "AcquisitionNumber": 1,
    "AcquisitionTime": "18:59:26.000000",
    "ConversionSoftware": "dcm2niix",
    "ConversionSoftwareVersion": "v1.0.20170724 (OpenJPEG build) GCC6.1.0",
    "DeviceSerialNumber": "000000000000GEHC",
    "EchoTime": 0.04,
    "FlipAngle": 90,
    "ImageType": [
      "ORIGINAL",
      "PRIMARY",
      "EPI",
      "NONE"
    ],
    "InstitutionName": "INSTITUTO_DE_NEUROBIOLOGIA",
    "MagneticFieldStrength": 3,
    "Manufacturer": "GE",
    "ManufacturersModelName": "DISCOVERY_MR750",
    "PhaseEncodingLines": 128,
    "ProcedureStepDescription": "Fibromialgia",
    "ProtocolName": "fMRI_pre2",
    "RepetitionTime": 3,
    "ScanningSequence": "EP_GR",
    "SequenceVariant": "SS",
    "SeriesDescription": "fMRI_pre2",
    "SliceTiming": [
      0.0,
      1.535,
      0.07,
      1.605,
      0.14,
      1.674,
      0.209,
      1.744,
      0.279,
      1.814,
      0.349,
      1.884,
      0.419,
      1.953,
      0.488,
      2.023,
      0.558,
      2.093,
      0.628,
      2.163,
      0.698,
      2.233,
      0.767,
      2.302,
      0.837,
      2.372,
      0.907,
      2.442,
      0.977,
      2.512,
      1.047,
      2.581,
      1.116,
      2.651,
      1.186,
      2.721,
      1.256,
      2.791,
      1.326,
      2.86,
      1.395,
      2.93,
      1.465
    ],
    "SoftwareVersions": "23_LX_MR_Software_release:DV22.0_V01_1040.a",
    "TaskName": "pre-control",
    "dataset": "ds001928",
    "modality": "bold",
    "subject_id": "11",
    "task_id": "rest1"
  },
  "dummy_trs": 0,
  "dvars_nstd": 29.127214374040417,
  "dvars_std": 1.1540925898989898,
  "dvars_vstd": 1.0121134483838385,
  "efc": 0.3630935410299038,
  "fber": 81847.640625,
  "fd_mean": 0.08232457807269507,
  "fd_num": 4,
  "fd_perc": 4.0,
  "fwhm_avg": 3.3854666666666664,
  "fwhm_x": 3.450405,
  "fwhm_y": 3.616335,
  "fwhm_z": 3.0896600000000003,
  "gcor": 0.0186801,
  "gsr_x": -0.016831493005156517,
  "gsr_y": 0.007488886825740337,
  "provenance": {
    "md5sum": "fa3d61f30e7d7457d8d09c11eca1642d",
    "settings": {
      "fd_thres": 0.2,
      "testing": false
    },
    "software": "mriqc",
    "version": "21.0.0rc2",
    "webapi_port": null,
    "webapi_url": "https://mriqc.nimh.nih.gov/api/v1"
  },
  "size_t": 100,
  "size_x": 128,
  "size_y": 128,
  "size_z": 43,
  "snr": 2.4037438446338983,
  "spacing_tr": 3.0,
  "spacing_x": 2.0,
  "spacing_y": 2.0,
  "spacing_z": 3.0,
  "summary_bg_k": 56.300510769221475,
  "summary_bg_mad": 12.98759511067495,
  "summary_bg_mean": 55.0178108215332,
  "summary_bg_median": 8.989999771118164,
  "summary_bg_n": 530078.0,
  "summary_bg_p05": 0.12999999523162842,
  "summary_bg_p95": 253.9499969482422,
  "summary_bg_stdv": 157.07208251953125,
  "summary_fg_k": 2.1252200249859055,
  "summary_fg_mad": 776.779678991879,
  "summary_fg_mean": 2643.662841796875,
  "summary_fg_median": 2415.329833984375,
  "summary_fg_n": 88039.0,
  "summary_fg_p05": 1435.6589233398438,
  "summary_fg_p95": 4678.091845703125,
  "summary_fg_stdv": 1004.8142700195312,
  "tsnr": 50.14454559236765
}