{
  "aor": 0.008379600000000001,
  "aqi": 0.021757489999999997,
  "bids_meta": {
    "AcquisitionNumber": 1,
    "AcquisitionTime": "13:37:5.000000",
    "ConversionSoftware": "dcm2niix",
    "ConversionSoftwareVersion": "v1.0.20170724 (OpenJPEG build) GCC6.1.0",
    "DeviceSerialNumber": "000000000000GEHC",
    "EchoTime": 0.04,
    "FlipAngle": 90,
    "ImageType": [
      "ORIGINAL",
      "PRIMARY",
      "EPI",
      "NONE"
    ],
    "InstitutionName": "INSTITUTO_DE_NEUROBIOLOGIA",
    "MagneticFieldStrength": 3,
    "Manufacturer": "GE",
    "ManufacturersModelName": "DISCOVERY_MR750",
    "PhaseEncodingLines": 128,
    "ProcedureStepDescription": "Fibromialgia",
    "ProtocolName": "fMRI_post2",
    "RepetitionTime": 3,
    "ScanningSequence": "EP_GR",
    "SequenceVariant": "SS",
    "SeriesDescription": "fMRI_post2",
    "SliceTiming": [
      0.0,
      1.535,
      0.07,
      1.605,
      0.14,
      1.674,
      0.209,
      1.744,
      0.279,
      1.814,
      0.349,
      1.884,
      0.419,
      1.953,
      0.488,
      2.023,
      0.558,
      2.093,
      0.628,
      2.163,
      0.698,
      2.233,
      0.767,
      2.302,
      0.837,
      2.372,
      0.907,
      2.442,
      0.977,
      2.512,
      1.047,
      2.581,
      1.116,
      2.651,
      1.186,
      2.721,
      1.256,
      2.791,
      1.326,
      2.86,
      1.395,
      2.93,
      1.465
    ],
    "SoftwareVersions": "23_LX_MR_Software_release:DV22.0_V01_1040.a",
    "TaskName": "post-control",
    "dataset": "ds001928",
    "modality": "bold",
    "subject_id": "07",
    "task_id": "rest2"
  },
  "dummy_trs": 0,
  "dvars_nstd": 62.65559978676766,
  "dvars_std": 1.0854556731313132,
  "dvars_vstd": 0.9598589067676766,
  "efc": 0.38518170904914667,
  "fber": 45402.08203125,
  "fd_mean": 0.7275287543033768,
  "fd_num": 79,
  "fd_perc": 79.0,
  "fwhm_avg": 3.2047683333333334,
  "fwhm_x": 3.30076,
  "fwhm_y": 3.531045,
  "fwhm_z": 2.7825,
  "gcor": 0.043584,
  "gsr_x": -0.015993839129805565,
  "gsr_y": 0.014597239904105663,
  "provenance": {
    "md5sum": "f6e67bc63640fc08429c7c01f84c2452",
    "settings": {
      "fd_thres": 0.2,
      "testing": false
    },
    "software": "mriqc",
    "version": "21.0.0rc2",
    "webapi_port": null,
    "webapi_url": "https://mriqc.nimh.nih.gov/api/v1"
  },
  "size_t": 100,
  "size_x": 128,
  "size_y": 128,
  "size_z": 43,
  "snr": 3.1457201731133977,
  "spacing_tr": 3.0,
  "spacing_x": 2.0,
  "spacing_y": 2.0,
  "spacing_z": 3.0,
  "summary_bg_k": 57.3522871931191,
  "summary_bg_mad": 16.47171093391597,
  "summary_bg_mean": 64.9552993774414,
  "summary_bg_median": 11.800000190734863,
  "summary_bg_n": 526070.0,
  "summary_bg_p05": 0.47999998927116394,
  "summary_bg_p95": 326.5909973144529,
  "summary_bg_stdv": 173.7176513671875,
  "summary_fg_k": 0.5787753035928151,
  "summary_fg_mad": 697.8088501053721,
  "summary_fg_mean": 2503.81689453125,
  "summary_fg_median": 2418.375,
  "summary_fg_n": 86910.0,
  "summary_fg_p05": 1353.1169921875,
  "summary_fg_p95": 3898.9484497070316,
  "summary_fg_stdv": 768.7781982421875,
  "tsnr": 22.42154507059604
}