{
  "aor": 0.0016558999999999999,
  "aqi": 0.0029397006,
  "bids_meta": {
    "AcquisitionNumber": 1,
    "AcquisitionTime": "18:10:19.000000",
    "ConversionSoftware": "dcm2niix",
    "ConversionSoftwareVersion": "v1.0.20170724 (OpenJPEG build) GCC6.1.0",
    "DeviceSerialNumber": "000000000000GEHC",
    "EchoTime": 0.04,
    "FlipAngle": 90,
    "ImageType": [
      "ORIGINAL",
      "PRIMARY",
      "EPI",
      "NONE"
    ],
    "InstitutionName": "INSTITUTO_DE_NEUROBIOLOGIA",
    "MagneticFieldStrength": 3,
    "Manufacturer": "GE",
    "ManufacturersModelName": "DISCOVERY_MR750",
    "PhaseEncodingLines": 128,
    "ProcedureStepDescription": "Fibromialgia",
    "ProtocolName": "fMRI_post1",
    "RepetitionTime": 3,
    "ScanningSequence": "EP_GR",
    "SequenceVariant": "SS",
    "SeriesDescription": "fMRI_post1",
    "SliceTiming": [
      0.0,
      1.535,
      0.07,
      1.605,
      0.14,
      1.674,
      0.209,
      1.744,
      0.279,
      1.814,
      0.349,
      1.884,
      0.419,
      1.953,
      0.488,
      2.023,
      0.558,
      2.093,
      0.628,
      2.163,
      0.698,
      2.233,
      0.767,
      2.302,
      0.837,
      2.372,
      0.907,
      2.442,
      0.977,
      2.512,
      1.047,
      2.581,
      1.116,
      2.651,
      1.186,
      2.721,
      1.256,
      2.791,
      1.326,
      2.86,
      1.395,
      2.93,
      1.465
    ],
    "SoftwareVersions": "24_LX_MR_Software_release:DV24.0_R01_1344.a",
    "TaskName": "post-music",
    "dataset": "ds001928",
    "modality": "bold",
    "subject_id": "38",
    "task_id": "rest4"
  },
  "dummy_trs": 0,
  "dvars_nstd": 24.207569911919197,
  "dvars_std": 1.1011119992929297,
  "dvars_vstd": 0.9935341520202021,
  "efc": 0.3780150691191998,
  "fber": 22731.0390625,
  "fd_mean": 0.03805288058651049,
  "fd_num": 0,
  "fd_perc": 0.0,
  "fwhm_avg": 3.221192222222222,
  "fwhm_x": 3.384155,
  "fwhm_y": 3.578085,
  "fwhm_z": 2.7013366666666667,
  "gcor": 0.0102656,
  "gsr_x": -0.014033941552042961,
  "gsr_y": 0.005259375087916851,
  "provenance": {
    "md5sum": "94be8d67fd73ba962d1d2e6330e97e19",
    "settings": {
      "fd_thres": 0.2,
      "testing": false
    },
    "software": "mriqc",
    "version": "21.0.0rc2",
    "webapi_port": null,
    "webapi_url": "https://mriqc.nimh.nih.gov/api/v1"
  },
  "size_t": 100,
  "size_x": 128,
  "size_y": 128,
  "size_z": 43,
  "snr": 2.993988836816919,
  "spacing_tr": 3.0,
  "spacing_x": 2.0,
  "spacing_y": 2.0,
  "spacing_z": 3.0,
  "summary_bg_k": 171.59674728588993,
  "summary_bg_mad": 18.132225160601905,
  "summary_bg_mean": 50.55162811279297,
  "summary_bg_median": 15.619999885559082,
  "summary_bg_n": 523447.0,
  "summary_bg_p05": 1.2999999523162842,
  "summary_bg_p95": 196.77399749755767,
  "summary_bg_stdv": 159.94493103027344,
  "summary_fg_k": 1.864245805257963,
  "summary_fg_mad": 637.785901988695,
  "summary_fg_mean": 2465.17333984375,
  "summary_fg_median": 2320.449951171875,
  "summary_fg_n": 92951.0,
  "summary_fg_p05": 1473.60498046875,
  "summary_fg_p95": 3929.1448974609375,
  "summary_fg_stdv": 775.0321044921875,
  "tsnr": 62.92920105345547
}