{
  "bids_meta": {
    "AcquisitionNumber": 1,
    "AcquisitionTime": "18:39:26.000000",
    "ConversionSoftware": "dcm2niix",
    "ConversionSoftwareVersion": "v1.0.20170724 (OpenJPEG build) GCC6.1.0",
    "DeviceSerialNumber": "000000000000GEHC",
    "EchoTime": 0.003184,
    "FlipAngle": 12,
    "ImageType": [
      "ORIGINAL",
      "PRIMARY",
      "OTHER"
    ],
    "InstitutionName": "INSTITUTO_DE_NEUROBIOLOGIA",
    "InversionTime": 0.45,
    "MagneticFieldStrength": 3,
    "Manufacturer": "GE",
    "ManufacturersModelName": "DISCOVERY_MR750",
    "PhaseEncodingLines": 256,
    "ProcedureStepDescription": "Fibromialgia",
    "ProtocolName": "Sag_T1_FSPGR_BRAVO",
    "RepetitionTime": 0.008164,
    "ScanningSequence": "GR",
    "SequenceVariant": "SS_SK",
    "SeriesDescription": "Sag_T1_FSPGR_BRAVO",
    "SoftwareVersions": "23_LX_MR_Software_release:DV22.0_V02_1122.a",
    "dataset": "ds001928",
    "modality": "T1w",
    "subject_id": "20"
  },
  "cjv": 0.4460342205499611,
  "cnr": 1.439441653989668,
  "efc": 0.8767013612776917,
  "fber": 26.59675407409668,
  "fwhm_avg": 3.2964120981459453,
  "fwhm_x": 3.1926362944378353,
  "fwhm_y": 3.54495,
  "fwhm_z": 3.15165,
  "icvs_csf": 0.20405079381126673,
  "icvs_gm": 0.41276271822515015,
  "icvs_wm": 0.3831864879635831,
  "inu_med": 0.8749920129776001,
  "inu_range": 0.10723780393600457,
  "provenance": {
    "md5sum": "281ca446d04b470c04f2933ae0646d2d",
    "settings": {
      "testing": false
    },
    "software": "mriqc",
    "version": "21.0.0rc2",
    "warnings": {
      "large_rot_frame": true,
      "small_air_mask": true
    },
    "webapi_port": null,
    "webapi_url": "https://mriqc.nimh.nih.gov/api/v1"
  },
  "qi_1": 0.0,
  "qi_2": 0.0,
  "rpve_csf": 15.352474353664677,
  "rpve_gm": 7.91031983174103,
  "rpve_wm": 10.314925280610153,
  "size_x": 150,
  "size_y": 212,
  "size_z": 164,
  "snr_csf": 2.9906961035570183,
  "snr_gm": 11.855657892274886,
  "snr_total": 12.600397794159704,
  "snr_wm": 22.95483938664721,
  "snrd_csf": 1.7994435764099177,
  "snrd_gm": 4.03471208886769,
  "snrd_total": 3.690410152857526,
  "snrd_wm": 5.23707479329497,
  "spacing_x": 1.100000023841858,
  "spacing_y": 1.0,
  "spacing_z": 1.0,
  "summary_bg_k": 0.0,
  "summary_bg_mad": 125.09873894778347,
  "summary_bg_mean": 0.0,
  "summary_bg_median": 0.0,
  "summary_bg_n": 198060.0,
  "summary_bg_p05": 0.0,
  "summary_bg_p95": 0.0,
  "summary_bg_stdv": 138.99615779797952,
  "summary_csf_k": 1.0657761040792337,
  "summary_csf_mad": 101.04222784952898,
  "summary_csf_mean": 376.1415710449219,
  "summary_csf_median": 343.60498046875,
  "summary_csf_n": 21019.0,
  "summary_csf_p05": 235.46477203369142,
  "summary_csf_p95": 591.0615478515624,
  "summary_csf_stdv": 114.8885726928711,
  "summary_gm_k": 0.2766893614103312,
  "summary_gm_mad": 61.11960682554378,
  "summary_gm_mean": 771.5802612304688,
  "summary_gm_median": 770.4310302734375,
  "summary_gm_n": 14811.0,
  "summary_gm_p05": 667.364501953125,
  "summary_gm_p95": 882.8642272949219,
  "summary_gm_stdv": 64.9820556640625,
  "summary_wm_k": 0.8306861343261791,
  "summary_wm_mad": 41.286273009566884,
  "summary_wm_mean": 1002.8541259765625,
  "summary_wm_median": 1000.0230102539062,
  "summary_wm_n": 162230.0,
  "summary_wm_p05": 936.9788024902343,
  "summary_wm_p95": 1078.5755981445313,
  "summary_wm_stdv": 43.564666748046875,
  "tpm_overlap_csf": 0.19138401746749878,
  "tpm_overlap_gm": 0.45088428258895874,
  "tpm_overlap_wm": 0.5184386372566223,
  "wm2max": 0.5391794411073516
}