{
  "bids_meta": {
    "AcquisitionNumber": 1,
    "AcquisitionTime": "13:06:19.000000",
    "ConversionSoftware": "dcm2niix",
    "ConversionSoftwareVersion": "v1.0.20170724 (OpenJPEG build) GCC6.1.0",
    "DeviceSerialNumber": "000000000000GEHC",
    "EchoTime": 0.003184,
    "FlipAngle": 12,
    "ImageType": [
      "ORIGINAL",
      "PRIMARY",
      "OTHER"
    ],
    "InstitutionName": "INSTITUTO_DE_NEUROBIOLOGIA",
    "InversionTime": 0.45,
    "MagneticFieldStrength": 3,
    "Manufacturer": "GE",
    "ManufacturersModelName": "DISCOVERY_MR750",
    "PhaseEncodingLines": 256,
    "ProcedureStepDescription": "Fibromialgia",
    "ProtocolName": "Sag_T1_FSPGR_BRAVO",
    "RepetitionTime": 0.008164,
    "ScanningSequence": "GR",
    "SequenceVariant": "SS_SK",
    "SeriesDescription": "Sag_T1_FSPGR_BRAVO",
    "SoftwareVersions": "23_LX_MR_Software_release:DV22.0_V01_1040.a",
    "dataset": "ds001928",
    "modality": "T1w",
    "subject_id": "07"
  },
  "cjv": 0.575037791820619,
  "cnr": 1.3557963770467676,
  "efc": 0.8855907021932733,
  "fber": 12.368582725524902,
  "fwhm_avg": 3.075249069468562,
  "fwhm_x": 2.9676272084056854,
  "fwhm_y": 3.33269,
  "fwhm_z": 2.92543,
  "icvs_csf": 0.22491697304966612,
  "icvs_gm": 0.3705603905459424,
  "icvs_wm": 0.40452263640439146,
  "inu_med": 0.9189493656158447,
  "inu_range": 0.10758421123027806,
  "provenance": {
    "md5sum": "69296db401f20679ecb49ae1051953b3",
    "settings": {
      "testing": false
    },
    "software": "mriqc",
    "version": "21.0.0rc2",
    "warnings": {
      "large_rot_frame": true,
      "small_air_mask": true
    },
    "webapi_port": null,
    "webapi_url": "https://mriqc.nimh.nih.gov/api/v1"
  },
  "qi_1": 0.0,
  "qi_2": 0.0,
  "rpve_csf": 14.735460772507738,
  "rpve_gm": 8.084814916875986,
  "rpve_wm": 9.045836321211995,
  "size_x": 163,
  "size_y": 222,
  "size_z": 159,
  "snr_csf": 4.43221361849169,
  "snr_gm": 12.955560273525206,
  "snr_total": 11.128230924435693,
  "snr_wm": 15.996918881290183,
  "snrd_csf": 2.3763195033648925,
  "snrd_gm": 5.436996937940644,
  "snrd_total": 4.868763017543348,
  "snrd_wm": 6.7929726113245055,
  "spacing_x": 1.100000023841858,
  "spacing_y": 1.0,
  "spacing_z": 1.0,
  "summary_bg_k": 0.0,
  "summary_bg_mad": 96.44916317877812,
  "summary_bg_mean": 0.0,
  "summary_bg_median": 0.0,
  "summary_bg_n": 159343.0,
  "summary_bg_p05": 0.0,
  "summary_bg_p95": 0.0,
  "summary_bg_stdv": 118.13018079635903,
  "summary_csf_k": 3.1274291103351475,
  "summary_csf_mad": 52.054594628216066,
  "summary_csf_mean": 368.8030700683594,
  "summary_csf_median": 349.8417053222656,
  "summary_csf_n": 36057.0,
  "summary_csf_p05": 278.3711853027344,
  "summary_csf_p95": 537.6376098632812,
  "summary_csf_stdv": 78.93050384521484,
  "summary_gm_k": 0.47506823591186276,
  "summary_gm_mad": 58.82036985844785,
  "summary_gm_mean": 803.5992431640625,
  "summary_gm_median": 800.4345703125,
  "summary_gm_n": 6004.0,
  "summary_gm_p05": 709.1017028808594,
  "summary_gm_p95": 912.9528350830077,
  "summary_gm_stdv": 61.77794647216797,
  "summary_wm_k": 1.5640169758758278,
  "summary_wm_mad": 55.97253206434446,
  "summary_wm_mean": 1008.3633422851562,
  "summary_wm_median": 1000.061279296875,
  "summary_wm_n": 117282.0,
  "summary_wm_p05": 922.0794281005859,
  "summary_wm_p95": 1123.5541076660156,
  "summary_wm_stdv": 62.515602111816406,
  "tpm_overlap_csf": 0.17293833196163177,
  "tpm_overlap_gm": 0.39927712082862854,
  "tpm_overlap_wm": 0.4404333233833313,
  "wm2max": 0.390638513111308
}