{
  "aor": 0.0014523,
  "aqi": 0.012709987399999996,
  "bids_meta": {
    "AcquisitionNumber": 1,
    "AcquisitionTime": "18:53:33.000000",
    "ConversionSoftware": "dcm2niix",
    "ConversionSoftwareVersion": "v1.0.20170724 (OpenJPEG build) GCC6.1.0",
    "DeviceSerialNumber": "000000000000GEHC",
    "EchoTime": 0.04,
    "FlipAngle": 90,
    "ImageType": [
      "ORIGINAL",
      "PRIMARY",
      "EPI",
      "NONE"
    ],
    "InstitutionName": "INSTITUTO_DE_NEUROBIOLOGIA",
    "MagneticFieldStrength": 3,
    "Manufacturer": "GE",
    "ManufacturersModelName": "DISCOVERY_MR750",
    "PhaseEncodingLines": 128,
    "ProcedureStepDescription": "Fibromialgia",
    "ProtocolName": "fMRI_pre1",
    "RepetitionTime": 3,
    "ScanningSequence": "EP_GR",
    "SequenceVariant": "SS",
    "SeriesDescription": "fMRI_pre1",
    "SliceTiming": [
      0.0,
      1.535,
      0.07,
      1.605,
      0.14,
      1.674,
      0.209,
      1.744,
      0.279,
      1.814,
      0.349,
      1.884,
      0.419,
      1.953,
      0.488,
      2.023,
      0.558,
      2.093,
      0.628,
      2.163,
      0.698,
      2.233,
      0.767,
      2.302,
      0.837,
      2.372,
      0.907,
      2.442,
      0.977,
      2.512,
      1.047,
      2.581,
      1.116,
      2.651,
      1.186,
      2.721,
      1.256,
      2.791,
      1.326,
      2.86,
      1.395,
      2.93,
      1.465
    ],
    "SoftwareVersions": "24_LX_MR_Software_release:DV24.0_R01_1344.a",
    "TaskName": "pre-control",
    "dataset": "ds001928",
    "modality": "bold",
    "subject_id": "47",
    "task_id": "rest1"
  },
  "dummy_trs": 0,
  "dvars_nstd": 35.79312838929293,
  "dvars_std": 1.0090689598989901,
  "dvars_vstd": 0.9354551587878789,
  "efc": 0.34287952858612974,
  "fber": 19018.20703125,
  "fd_mean": 0.16459905439844694,
  "fd_num": 22,
  "fd_perc": 22.0,
  "fwhm_avg": 2.8570049999999996,
  "fwhm_x": 2.95462,
  "fwhm_y": 3.207975,
  "fwhm_z": 2.40842,
  "gcor": 0.0339798,
  "gsr_x": -0.015299340710043907,
  "gsr_y": 0.010823763906955719,
  "provenance": {
    "md5sum": "387e45965c0a5bd66e571c60fecaf61f",
    "settings": {
      "fd_thres": 0.2,
      "testing": false
    },
    "software": "mriqc",
    "version": "21.0.0rc2",
    "webapi_port": null,
    "webapi_url": "https://mriqc.nimh.nih.gov/api/v1"
  },
  "size_t": 100,
  "size_x": 128,
  "size_y": 128,
  "size_z": 43,
  "snr": 3.6634316976572303,
  "spacing_tr": 3.0,
  "spacing_x": 2.0,
  "spacing_y": 2.0,
  "spacing_z": 3.0,
  "summary_bg_k": 484.5694729524221,
  "summary_bg_mad": 18.799396583105324,
  "summary_bg_mean": 39.71155548095703,
  "summary_bg_median": 17.279998779296875,
  "summary_bg_n": 548831.0,
  "summary_bg_p05": 1.899999976158142,
  "summary_bg_p95": 148.42999267578125,
  "summary_bg_stdv": 104.30025482177734,
  "summary_fg_k": 0.4391831823705701,
  "summary_fg_mad": 598.7414494967829,
  "summary_fg_mean": 2382.357666015625,
  "summary_fg_median": 2334.97998046875,
  "summary_fg_n": 72616.0,
  "summary_fg_p05": 1408.2575073242188,
  "summary_fg_p95": 3469.3348388671875,
  "summary_fg_stdv": 637.3706665039062,
  "tsnr": 34.65034591325093
}