{
  "aor": 0.001588,
  "aqi": 0.012580598499999998,
  "bids_meta": {
    "AcquisitionNumber": 1,
    "AcquisitionTime": "19:05:15.000000",
    "ConversionSoftware": "dcm2niix",
    "ConversionSoftwareVersion": "v1.0.20170724 (OpenJPEG build) GCC6.1.0",
    "DeviceSerialNumber": "000000000000GEHC",
    "EchoTime": 0.04,
    "FlipAngle": 90,
    "ImageType": [
      "ORIGINAL",
      "PRIMARY",
      "EPI",
      "NONE"
    ],
    "InstitutionName": "INSTITUTO_DE_NEUROBIOLOGIA",
    "MagneticFieldStrength": 3,
    "Manufacturer": "GE",
    "ManufacturersModelName": "DISCOVERY_MR750",
    "PhaseEncodingLines": 128,
    "ProcedureStepDescription": "Fibromialgia",
    "ProtocolName": "fMRI_post1",
    "RepetitionTime": 3,
    "ScanningSequence": "EP_GR",
    "SequenceVariant": "SS",
    "SeriesDescription": "fMRI_post1",
    "SliceTiming": [
      0.0,
      1.535,
      0.07,
      1.605,
      0.14,
      1.674,
      0.209,
      1.744,
      0.279,
      1.814,
      0.349,
      1.884,
      0.419,
      1.953,
      0.488,
      2.023,
      0.558,
      2.093,
      0.628,
      2.163,
      0.698,
      2.233,
      0.767,
      2.302,
      0.837,
      2.372,
      0.907,
      2.442,
      0.977,
      2.512,
      1.047,
      2.581,
      1.116,
      2.651,
      1.186,
      2.721,
      1.256,
      2.791,
      1.326,
      2.86,
      1.395,
      2.93,
      1.465
    ],
    "SoftwareVersions": "24_LX_MR_Software_release:DV24.0_R01_1344.a",
    "TaskName": "post-control",
    "dataset": "ds001928",
    "modality": "bold",
    "subject_id": "47",
    "task_id": "rest2"
  },
  "dummy_trs": 0,
  "dvars_nstd": 48.158522808383815,
  "dvars_std": 1.072041487373737,
  "dvars_vstd": 0.9607888198989897,
  "efc": 0.3452244425951826,
  "fber": 18457.9296875,
  "fd_mean": 0.205046602181171,
  "fd_num": 45,
  "fd_perc": 45.0,
  "fwhm_avg": 2.8647883333333333,
  "fwhm_x": 2.963475,
  "fwhm_y": 3.21451,
  "fwhm_z": 2.4163799999999998,
  "gcor": 0.0576932,
  "gsr_x": -0.01560161542147398,
  "gsr_y": 0.01169262733310461,
  "provenance": {
    "md5sum": "bf7334fba350ff332e63048dbd25e501",
    "settings": {
      "fd_thres": 0.2,
      "testing": false
    },
    "software": "mriqc",
    "version": "21.0.0rc2",
    "webapi_port": null,
    "webapi_url": "https://mriqc.nimh.nih.gov/api/v1"
  },
  "size_t": 100,
  "size_x": 128,
  "size_y": 128,
  "size_z": 43,
  "snr": 3.623265843655223,
  "spacing_tr": 3.0,
  "spacing_x": 2.0,
  "spacing_y": 2.0,
  "spacing_z": 3.0,
  "summary_bg_k": 460.3196109797774,
  "summary_bg_mad": 18.903177578986597,
  "summary_bg_mean": 40.38646697998047,
  "summary_bg_median": 17.389999389648438,
  "summary_bg_n": 547449.0,
  "summary_bg_p05": 1.7400000095367432,
  "summary_bg_p95": 155.0699920654297,
  "summary_bg_stdv": 104.77787780761719,
  "summary_fg_k": 0.43513293790094165,
  "summary_fg_mad": 604.3160483169013,
  "summary_fg_mean": 2374.7763671875,
  "summary_fg_median": 2328.68994140625,
  "summary_fg_n": 73536.0,
  "summary_fg_p05": 1393.7099914550781,
  "summary_fg_p95": 3470.2774658203125,
  "summary_fg_stdv": 642.7003173828125,
  "tsnr": 33.14034312334843
}