{
  "aor": 0.0009711000000000001,
  "aqi": 0.012638623900000001,
  "bids_meta": {
    "AcquisitionNumber": 1,
    "AcquisitionTime": "19:30:43.000000",
    "ConversionSoftware": "dcm2niix",
    "ConversionSoftwareVersion": "v1.0.20170724 (OpenJPEG build) GCC6.1.0",
    "DeviceSerialNumber": "000000000000GEHC",
    "EchoTime": 0.04,
    "FlipAngle": 90,
    "ImageType": [
      "ORIGINAL",
      "PRIMARY",
      "EPI",
      "NONE"
    ],
    "InstitutionName": "INSTITUTO_DE_NEUROBIOLOGIA",
    "MagneticFieldStrength": 3,
    "Manufacturer": "GE",
    "ManufacturersModelName": "DISCOVERY_MR750",
    "PhaseEncodingLines": 128,
    "ProcedureStepDescription": "Fibromialgia",
    "ProtocolName": "fMRI_pre2",
    "RepetitionTime": 3,
    "ScanningSequence": "EP_GR",
    "SequenceVariant": "SS",
    "SeriesDescription": "fMRI_pre2",
    "SliceTiming": [
      0.0,
      1.535,
      0.07,
      1.605,
      0.14,
      1.674,
      0.209,
      1.744,
      0.279,
      1.814,
      0.349,
      1.884,
      0.419,
      1.953,
      0.488,
      2.023,
      0.558,
      2.093,
      0.628,
      2.163,
      0.698,
      2.233,
      0.767,
      2.302,
      0.837,
      2.372,
      0.907,
      2.442,
      0.977,
      2.512,
      1.047,
      2.581,
      1.116,
      2.651,
      1.186,
      2.721,
      1.256,
      2.791,
      1.326,
      2.86,
      1.395,
      2.93,
      1.465
    ],
    "SoftwareVersions": "24_LX_MR_Software_release:DV24.0_R01_1344.a",
    "TaskName": "pre-music",
    "dataset": "ds001928",
    "modality": "bold",
    "subject_id": "47",
    "task_id": "rest3"
  },
  "dummy_trs": 0,
  "dvars_nstd": 53.02924283333333,
  "dvars_std": 1.0827099873737365,
  "dvars_vstd": 0.960142602121212,
  "efc": 0.3471920456530395,
  "fber": 17508.30078125,
  "fd_mean": 0.214100301736936,
  "fd_num": 49,
  "fd_perc": 49.0,
  "fwhm_avg": 2.904338888888889,
  "fwhm_x": 3.02731,
  "fwhm_y": 3.27008,
  "fwhm_z": 2.415626666666667,
  "gcor": 0.0547673,
  "gsr_x": -0.01617725007236004,
  "gsr_y": 0.013292556628584862,
  "provenance": {
    "md5sum": "3353b8b0612714066752e17c5a972659",
    "settings": {
      "fd_thres": 0.2,
      "testing": false
    },
    "software": "mriqc",
    "version": "21.0.0rc2",
    "webapi_port": null,
    "webapi_url": "https://mriqc.nimh.nih.gov/api/v1"
  },
  "size_t": 100,
  "size_x": 128,
  "size_y": 128,
  "size_z": 43,
  "snr": 3.522331978236615,
  "spacing_tr": 3.0,
  "spacing_x": 2.0,
  "spacing_y": 2.0,
  "spacing_z": 3.0,
  "summary_bg_k": 390.91639078104186,
  "summary_bg_mad": 19.110743105548284,
  "summary_bg_mean": 41.232181549072266,
  "summary_bg_median": 17.510000228881836,
  "summary_bg_n": 546567.0,
  "summary_bg_p05": 1.75,
  "summary_bg_p95": 160.1699981689453,
  "summary_bg_stdv": 105.75376892089844,
  "summary_fg_k": 0.43362515809437197,
  "summary_fg_mad": 615.3984637038875,
  "summary_fg_mean": 2333.807373046875,
  "summary_fg_median": 2288.2099609375,
  "summary_fg_n": 73911.0,
  "summary_fg_p05": 1343.824951171875,
  "summary_fg_p95": 3445.4249267578125,
  "summary_fg_stdv": 649.6248779296875,
  "tsnr": 33.57735261507332
}