{
  "aor": 0.0010441,
  "aqi": 0.010608091399999997,
  "bids_meta": {
    "AcquisitionNumber": 1,
    "AcquisitionTime": "19:17:59.000000",
    "ConversionSoftware": "dcm2niix",
    "ConversionSoftwareVersion": "v1.0.20170724 (OpenJPEG build) GCC6.1.0",
    "DeviceSerialNumber": "000000000000GEHC",
    "EchoTime": 0.04,
    "FlipAngle": 90,
    "ImageType": [
      "ORIGINAL",
      "PRIMARY",
      "EPI",
      "NONE"
    ],
    "InstitutionName": "INSTITUTO_DE_NEUROBIOLOGIA",
    "MagneticFieldStrength": 3,
    "Manufacturer": "GE",
    "ManufacturersModelName": "DISCOVERY_MR750",
    "PhaseEncodingLines": 128,
    "ProcedureStepDescription": "Fibromialgia",
    "ProtocolName": "fMRI_post2",
    "RepetitionTime": 3,
    "ScanningSequence": "EP_GR",
    "SequenceVariant": "SS",
    "SeriesDescription": "fMRI_post2",
    "SliceTiming": [
      0.0,
      1.535,
      0.07,
      1.605,
      0.14,
      1.674,
      0.209,
      1.744,
      0.279,
      1.814,
      0.349,
      1.884,
      0.419,
      1.953,
      0.488,
      2.023,
      0.558,
      2.093,
      0.628,
      2.163,
      0.698,
      2.233,
      0.767,
      2.302,
      0.837,
      2.372,
      0.907,
      2.442,
      0.977,
      2.512,
      1.047,
      2.581,
      1.116,
      2.651,
      1.186,
      2.721,
      1.256,
      2.791,
      1.326,
      2.86,
      1.395,
      2.93,
      1.465
    ],
    "SoftwareVersions": "23_LX_MR_Software_release:DV22.0_V02_1122.a",
    "TaskName": "post-music",
    "dataset": "ds001928",
    "modality": "bold",
    "subject_id": "22",
    "task_id": "rest4"
  },
  "dummy_trs": 0,
  "dvars_nstd": 52.347697017070715,
  "dvars_std": 1.0063837886868685,
  "dvars_vstd": 0.9972669314141416,
  "efc": 0.4043023686678916,
  "fber": 3654.605712890625,
  "fd_mean": 0.10331348852108636,
  "fd_num": 9,
  "fd_perc": 9.0,
  "fwhm_avg": 3.4727655555555557,
  "fwhm_x": 3.574205,
  "fwhm_y": 3.744885,
  "fwhm_z": 3.099206666666667,
  "gcor": 0.00579236,
  "gsr_x": -0.03564957529306412,
  "gsr_y": 0.10891271382570267,
  "provenance": {
    "md5sum": "863436a86fd459928f24ab010d83997b",
    "settings": {
      "fd_thres": 0.2,
      "testing": false
    },
    "software": "mriqc",
    "version": "21.0.0rc2",
    "webapi_port": null,
    "webapi_url": "https://mriqc.nimh.nih.gov/api/v1"
  },
  "size_t": 100,
  "size_x": 128,
  "size_y": 128,
  "size_z": 43,
  "snr": 1.8762481380159122,
  "spacing_tr": 3.0,
  "spacing_x": 2.0,
  "spacing_y": 2.0,
  "spacing_z": 3.0,
  "summary_bg_k": 70.69327090654403,
  "summary_bg_mad": 21.43842747337295,
  "summary_bg_mean": 48.05812454223633,
  "summary_bg_median": 14.6899995803833,
  "summary_bg_n": 532196.0,
  "summary_bg_p05": 0.019999999552965164,
  "summary_bg_p95": 217.37249374389648,
  "summary_bg_stdv": 95.57119750976562,
  "summary_fg_k": 4.538258980828186,
  "summary_fg_mad": 270.4117498601846,
  "summary_fg_mean": 958.5617065429688,
  "summary_fg_median": 836.5599975585938,
  "summary_fg_n": 85981.0,
  "summary_fg_p05": 490.75,
  "summary_fg_p95": 1892.909912109375,
  "summary_fg_stdv": 445.8659362792969,
  "tsnr": 26.53991881944239
}