{
  "bids_meta": {
    "AcquisitionNumber": 1,
    "AcquisitionTime": "19:27:10.000000",
    "ConversionSoftware": "dcm2niix",
    "ConversionSoftwareVersion": "v1.0.20170724 (OpenJPEG build) GCC6.1.0",
    "DeviceSerialNumber": "000000000000GEHC",
    "EchoTime": 0.003184,
    "FlipAngle": 12,
    "ImageType": [
      "ORIGINAL",
      "PRIMARY",
      "OTHER"
    ],
    "InstitutionName": "INSTITUTO_DE_NEUROBIOLOGIA",
    "InversionTime": 0.45,
    "MagneticFieldStrength": 3,
    "Manufacturer": "GE",
    "ManufacturersModelName": "DISCOVERY_MR750",
    "PhaseEncodingLines": 256,
    "ProcedureStepDescription": "Fibromialgia",
    "ProtocolName": "Sag_T1_FSPGR_BRAVO",
    "RepetitionTime": 0.008164,
    "ScanningSequence": "GR",
    "SequenceVariant": "SS_SK",
    "SeriesDescription": "Sag_T1_FSPGR_BRAVO",
    "SoftwareVersions": "23_LX_MR_Software_release:DV22.0_V01_1040.a",
    "dataset": "ds001928",
    "modality": "T1w",
    "subject_id": "02"
  },
  "cjv": 0.5141282669289995,
  "cnr": 1.1886980279996415,
  "efc": 0.8522451644553601,
  "fber": 13.801054000854492,
  "fwhm_avg": 3.024132403151576,
  "fwhm_x": 2.919227209454727,
  "fwhm_y": 3.25955,
  "fwhm_z": 2.89362,
  "icvs_csf": 0.19129503374770584,
  "icvs_gm": 0.3988490193314611,
  "icvs_wm": 0.40985594692083305,
  "inu_med": 0.9653292894363403,
  "inu_range": 0.14299561977386488,
  "provenance": {
    "md5sum": "e98551adc57acba62c18c208ff6795c4",
    "settings": {
      "testing": false
    },
    "software": "mriqc",
    "version": "21.0.0rc2",
    "warnings": {
      "large_rot_frame": true,
      "small_air_mask": true
    },
    "webapi_port": null,
    "webapi_url": "https://mriqc.nimh.nih.gov/api/v1"
  },
  "qi_1": 0.0,
  "qi_2": 0.00014446610399209152,
  "rpve_csf": 17.23413532728774,
  "rpve_gm": 8.46056058034365,
  "rpve_wm": 10.18421338655811,
  "size_x": 155,
  "size_y": 209,
  "size_z": 161,
  "snr_csf": 3.343631815453648,
  "snr_gm": 11.58914234605022,
  "snr_total": 10.650102820389515,
  "snr_wm": 17.017534299664675,
  "snrd_csf": 1.624842023023616,
  "snrd_gm": 2.6959021692901612,
  "snrd_total": 2.598000629633047,
  "snrd_wm": 3.4732576965853634,
  "spacing_x": 1.100000023841858,
  "spacing_y": 1.0,
  "spacing_z": 1.0,
  "summary_bg_k": 0.0,
  "summary_bg_mad": 188.6260079898695,
  "summary_bg_mean": 0.0,
  "summary_bg_median": 0.0,
  "summary_bg_n": 169414.0,
  "summary_bg_p05": 0.0,
  "summary_bg_p95": 0.0,
  "summary_bg_stdv": 165.87067684258756,
  "summary_csf_k": -0.5624224189948519,
  "summary_csf_mad": 169.93920720759178,
  "summary_csf_mean": 450.1163330078125,
  "summary_csf_median": 467.8223876953125,
  "summary_csf_n": 13024.0,
  "summary_csf_p05": 233.28172302246094,
  "summary_csf_p95": 657.9615386962889,
  "summary_csf_stdv": 139.90907287597656,
  "summary_gm_k": 0.35405878235472077,
  "summary_gm_mad": 63.85614086422956,
  "summary_gm_mean": 780.46533203125,
  "summary_gm_median": 776.2006225585938,
  "summary_gm_n": 9151.0,
  "summary_gm_p05": 678.0370788574219,
  "summary_gm_p95": 897.785888671875,
  "summary_gm_stdv": 66.9728775024414,
  "summary_wm_k": 1.8918497397708824,
  "summary_wm_mad": 51.21357259337774,
  "summary_wm_mean": 1007.410888671875,
  "summary_wm_median": 1000.0158081054688,
  "summary_wm_n": 147239.0,
  "summary_wm_p05": 926.0762023925781,
  "summary_wm_p95": 1115.0345581054687,
  "summary_wm_stdv": 58.763648986816406,
  "tpm_overlap_csf": 0.17454376816749573,
  "tpm_overlap_gm": 0.42439737915992737,
  "tpm_overlap_wm": 0.5013509392738342,
  "wm2max": 0.353699590273222
}