{
  "aor": 0.006016400000000001,
  "aqi": 0.0120261443,
  "bids_meta": {
    "AcquisitionNumber": 1,
    "AcquisitionTime": "12:57:11.000000",
    "ConversionSoftware": "dcm2niix",
    "ConversionSoftwareVersion": "v1.0.20170724 (OpenJPEG build) GCC6.1.0",
    "DeviceSerialNumber": "000000000000GEHC",
    "EchoTime": 0.04,
    "FlipAngle": 90,
    "ImageType": [
      "ORIGINAL",
      "PRIMARY",
      "EPI",
      "NONE"
    ],
    "InstitutionName": "INSTITUTO_DE_NEUROBIOLOGIA",
    "MagneticFieldStrength": 3,
    "Manufacturer": "GE",
    "ManufacturersModelName": "DISCOVERY_MR750",
    "PhaseEncodingLines": 128,
    "ProcedureStepDescription": "Fibromialgia",
    "ProtocolName": "fMRI_post1",
    "RepetitionTime": 3,
    "ScanningSequence": "EP_GR",
    "SequenceVariant": "SS",
    "SeriesDescription": "fMRI_post1",
    "SliceTiming": [
      0.0,
      1.535,
      0.07,
      1.605,
      0.14,
      1.674,
      0.209,
      1.744,
      0.279,
      1.814,
      0.349,
      1.884,
      0.419,
      1.953,
      0.488,
      2.023,
      0.558,
      2.093,
      0.628,
      2.163,
      0.698,
      2.233,
      0.767,
      2.302,
      0.837,
      2.372,
      0.907,
      2.442,
      0.977,
      2.512,
      1.047,
      2.581,
      1.116,
      2.651,
      1.186,
      2.721,
      1.256,
      2.791,
      1.326,
      2.86,
      1.395,
      2.93,
      1.465
    ],
    "SoftwareVersions": "23_LX_MR_Software_release:DV22.0_V01_1040.a",
    "TaskName": "post-music",
    "dataset": "ds001928",
    "modality": "bold",
    "subject_id": "07",
    "task_id": "rest4"
  },
  "dummy_trs": 0,
  "dvars_nstd": 33.681072832727274,
  "dvars_std": 1.0279219236363637,
  "dvars_vstd": 0.9721470982828282,
  "efc": 0.38339048109385543,
  "fber": 52734.28125,
  "fd_mean": 0.2781355817747444,
  "fd_num": 50,
  "fd_perc": 50.0,
  "fwhm_avg": 3.0844616666666673,
  "fwhm_x": 3.19789,
  "fwhm_y": 3.390025,
  "fwhm_z": 2.66547,
  "gcor": 0.0279524,
  "gsr_x": -0.016372835263609886,
  "gsr_y": 0.012633449397981167,
  "provenance": {
    "md5sum": "5926ea6863702d7a06e5ab5924d519e2",
    "settings": {
      "fd_thres": 0.2,
      "testing": false
    },
    "software": "mriqc",
    "version": "21.0.0rc2",
    "webapi_port": null,
    "webapi_url": "https://mriqc.nimh.nih.gov/api/v1"
  },
  "size_t": 100,
  "size_x": 128,
  "size_y": 128,
  "size_z": 43,
  "snr": 3.209686151877073,
  "spacing_tr": 3.0,
  "spacing_x": 2.0,
  "spacing_y": 2.0,
  "spacing_z": 3.0,
  "summary_bg_k": 54.61167313654026,
  "summary_bg_mad": 15.374584040902926,
  "summary_bg_mean": 62.86945724487305,
  "summary_bg_median": 10.969999313354492,
  "summary_bg_n": 526499.0,
  "summary_bg_p05": 0.38999998569488525,
  "summary_bg_p95": 315.7009826660154,
  "summary_bg_stdv": 168.44264221191406,
  "summary_fg_k": 0.6228497193660054,
  "summary_fg_mad": 702.8718136140019,
  "summary_fg_mean": 2501.675048828125,
  "summary_fg_median": 2438.7900390625,
  "summary_fg_n": 86361.0,
  "summary_fg_p05": 1334.989990234375,
  "summary_fg_p95": 3839.010009765625,
  "summary_fg_stdv": 759.8175659179688,
  "tsnr": 32.16221735312138
}