{
  "aor": 0.00294,
  "aqi": 0.009035984300000001,
  "bids_meta": {
    "AcquisitionNumber": 1,
    "AcquisitionTime": "12:39:58.000000",
    "ConversionSoftware": "dcm2niix",
    "ConversionSoftwareVersion": "v1.0.20170724 (OpenJPEG build) GCC6.1.0",
    "DeviceSerialNumber": "000000000000GEHC",
    "EchoTime": 0.04,
    "FlipAngle": 90,
    "ImageType": [
      "ORIGINAL",
      "PRIMARY",
      "EPI",
      "NONE"
    ],
    "InstitutionName": "INSTITUTO_DE_NEUROBIOLOGIA",
    "MagneticFieldStrength": 3,
    "Manufacturer": "GE",
    "ManufacturersModelName": "DISCOVERY_MR750",
    "PhaseEncodingLines": 128,
    "ProcedureStepDescription": "Fibromialgia",
    "ProtocolName": "fMRI_pre1",
    "RepetitionTime": 3,
    "ScanningSequence": "EP_GR",
    "SequenceVariant": "SS",
    "SeriesDescription": "fMRI_pre1",
    "SliceTiming": [
      0.0,
      1.535,
      0.07,
      1.605,
      0.14,
      1.674,
      0.209,
      1.744,
      0.279,
      1.814,
      0.349,
      1.884,
      0.419,
      1.953,
      0.488,
      2.023,
      0.558,
      2.093,
      0.628,
      2.163,
      0.698,
      2.233,
      0.767,
      2.302,
      0.837,
      2.372,
      0.907,
      2.442,
      0.977,
      2.512,
      1.047,
      2.581,
      1.116,
      2.651,
      1.186,
      2.721,
      1.256,
      2.791,
      1.326,
      2.86,
      1.395,
      2.93,
      1.465
    ],
    "SoftwareVersions": "23_LX_MR_Software_release:DV22.0_V01_1040.a",
    "TaskName": "pre-music",
    "dataset": "ds001928",
    "modality": "bold",
    "subject_id": "07",
    "task_id": "rest3"
  },
  "dummy_trs": 0,
  "dvars_nstd": 25.31915462373738,
  "dvars_std": 0.9934619946464649,
  "dvars_vstd": 0.9617578973737378,
  "efc": 0.3824622274615893,
  "fber": 54460.4296875,
  "fd_mean": 0.1426217014624905,
  "fd_num": 20,
  "fd_perc": 20.0,
  "fwhm_avg": 3.0591416666666666,
  "fwhm_x": 3.17927,
  "fwhm_y": 3.374225,
  "fwhm_z": 2.62393,
  "gcor": 0.0126098,
  "gsr_x": -0.017070893198251724,
  "gsr_y": 0.01565069705247879,
  "provenance": {
    "md5sum": "f1cb5c1cb2e31d862dc1d3009873ef7c",
    "settings": {
      "fd_thres": 0.2,
      "testing": false
    },
    "software": "mriqc",
    "version": "21.0.0rc2",
    "webapi_port": null,
    "webapi_url": "https://mriqc.nimh.nih.gov/api/v1"
  },
  "size_t": 100,
  "size_x": 128,
  "size_y": 128,
  "size_z": 43,
  "snr": 3.184826517745833,
  "spacing_tr": 3.0,
  "spacing_x": 2.0,
  "spacing_y": 2.0,
  "spacing_z": 3.0,
  "summary_bg_k": 178.8985816676083,
  "summary_bg_mad": 15.167020281740808,
  "summary_bg_mean": 63.597225189208984,
  "summary_bg_median": 10.819999694824219,
  "summary_bg_n": 526376.0,
  "summary_bg_p05": 0.3700000047683716,
  "summary_bg_p95": 313.32000732421875,
  "summary_bg_stdv": 190.9261932373047,
  "summary_fg_k": 0.9597661505045614,
  "summary_fg_mad": 703.5985456951065,
  "summary_fg_mean": 2501.17138671875,
  "summary_fg_median": 2430.89990234375,
  "summary_fg_n": 86822.0,
  "summary_fg_p05": 1352.644512939453,
  "summary_fg_p95": 3847.0978637695307,
  "summary_fg_stdv": 763.2710571289062,
  "tsnr": 38.01438018330373
}