{
  "aor": 0.0017672000000000002,
  "aqi": 0.015963715000000003,
  "bids_meta": {
    "AcquisitionNumber": 1,
    "AcquisitionTime": "13:21:33.000000",
    "ConversionSoftware": "dcm2niix",
    "ConversionSoftwareVersion": "v1.0.20170724 (OpenJPEG build) GCC6.1.0",
    "DeviceSerialNumber": "000000000000GEHC",
    "EchoTime": 0.04,
    "FlipAngle": 90,
    "ImageType": [
      "ORIGINAL",
      "PRIMARY",
      "EPI",
      "NONE"
    ],
    "InstitutionName": "INSTITUTO_DE_NEUROBIOLOGIA",
    "MagneticFieldStrength": 3,
    "Manufacturer": "GE",
    "ManufacturersModelName": "DISCOVERY_MR750",
    "PhaseEncodingLines": 128,
    "ProcedureStepDescription": "Fibromialgia",
    "ProtocolName": "fMRI_pre2",
    "RepetitionTime": 3,
    "ScanningSequence": "EP_GR",
    "SequenceVariant": "SS",
    "SeriesDescription": "fMRI_pre2",
    "SliceTiming": [
      0.0,
      1.535,
      0.07,
      1.605,
      0.14,
      1.674,
      0.209,
      1.744,
      0.279,
      1.814,
      0.349,
      1.884,
      0.419,
      1.953,
      0.488,
      2.023,
      0.558,
      2.093,
      0.628,
      2.163,
      0.698,
      2.233,
      0.767,
      2.302,
      0.837,
      2.372,
      0.907,
      2.442,
      0.977,
      2.512,
      1.047,
      2.581,
      1.116,
      2.651,
      1.186,
      2.721,
      1.256,
      2.791,
      1.326,
      2.86,
      1.395,
      2.93,
      1.465
    ],
    "SoftwareVersions": "23_LX_MR_Software_release:DV22.0_V01_1040.a",
    "TaskName": "pre-control",
    "dataset": "ds001928",
    "modality": "bold",
    "subject_id": "07",
    "task_id": "rest1"
  },
  "dummy_trs": 0,
  "dvars_nstd": 48.628553506060605,
  "dvars_std": 1.0783875139393937,
  "dvars_vstd": 0.9518965033333332,
  "efc": 0.3835814371142695,
  "fber": 49381.80078125,
  "fd_mean": 0.40844696189230595,
  "fd_num": 74,
  "fd_perc": 74.0,
  "fwhm_avg": 3.163706111111111,
  "fwhm_x": 3.263355,
  "fwhm_y": 3.49492,
  "fwhm_z": 2.7328433333333333,
  "gcor": 0.0293879,
  "gsr_x": -0.016323590651154518,
  "gsr_y": 0.015631886199116707,
  "provenance": {
    "md5sum": "035e13fb51d59c397a004ba8488804fe",
    "settings": {
      "fd_thres": 0.2,
      "testing": false
    },
    "software": "mriqc",
    "version": "21.0.0rc2",
    "webapi_port": null,
    "webapi_url": "https://mriqc.nimh.nih.gov/api/v1"
  },
  "size_t": 100,
  "size_x": 128,
  "size_y": 128,
  "size_z": 43,
  "snr": 3.135346498391875,
  "spacing_tr": 3.0,
  "spacing_x": 2.0,
  "spacing_y": 2.0,
  "spacing_z": 3.0,
  "summary_bg_k": 87.02983994709652,
  "summary_bg_mad": 15.923147664149404,
  "summary_bg_mean": 65.01925659179688,
  "summary_bg_median": 11.40999984741211,
  "summary_bg_n": 526203.0,
  "summary_bg_p05": 0.47999998927116394,
  "summary_bg_p95": 322.3699951171875,
  "summary_bg_stdv": 183.43399047851562,
  "summary_fg_k": 0.7772120702445835,
  "summary_fg_mad": 700.9891513119993,
  "summary_fg_mean": 2501.77099609375,
  "summary_fg_median": 2417.949951171875,
  "summary_fg_n": 86714.0,
  "summary_fg_p05": 1352.4259704589845,
  "summary_fg_p95": 3893.8773803710933,
  "summary_fg_stdv": 771.1862182617188,
  "tsnr": 28.6633534997236
}