{
  "bids_meta": {
    "AcquisitionNumber": 1,
    "AcquisitionTime": "11:17:46.000000",
    "ConversionSoftware": "dcm2niix",
    "ConversionSoftwareVersion": "v1.0.20170724 (OpenJPEG build) GCC6.1.0",
    "DeviceSerialNumber": "000000000000GEHC",
    "EchoTime": 0.003184,
    "FlipAngle": 12,
    "ImageType": [
      "ORIGINAL",
      "PRIMARY",
      "OTHER"
    ],
    "InstitutionName": "INSTITUTO_DE_NEUROBIOLOGIA",
    "InversionTime": 0.45,
    "MagneticFieldStrength": 3,
    "Manufacturer": "GE",
    "ManufacturersModelName": "DISCOVERY_MR750",
    "PhaseEncodingLines": 256,
    "ProcedureStepDescription": "Fibromialgia",
    "ProtocolName": "Sag_T1_FSPGR_BRAVO",
    "RepetitionTime": 0.008164,
    "ScanningSequence": "GR",
    "SequenceVariant": "SS_SK",
    "SeriesDescription": "Sag_T1_FSPGR_BRAVO",
    "SoftwareVersions": "23_LX_MR_Software_release:DV22.0_V01_1040.a",
    "dataset": "ds001928",
    "modality": "T1w",
    "subject_id": "17"
  },
  "cjv": 0.5834723313482619,
  "cnr": 1.1111873603106677,
  "efc": 0.8542395213153274,
  "fber": 16.349578857421875,
  "fwhm_avg": 3.069353008544019,
  "fwhm_x": 3.011709025632056,
  "fwhm_y": 3.19332,
  "fwhm_z": 3.00303,
  "icvs_csf": 0.18824324870024073,
  "icvs_gm": 0.4272875789256122,
  "icvs_wm": 0.3844691723741471,
  "inu_med": 1.0099025964736938,
  "inu_range": 0.15406144857406612,
  "provenance": {
    "md5sum": "0d7344ea610f0a7703a0de0493b78865",
    "settings": {
      "testing": false
    },
    "software": "mriqc",
    "version": "21.0.0rc2",
    "warnings": {
      "large_rot_frame": true,
      "small_air_mask": true
    },
    "webapi_port": null,
    "webapi_url": "https://mriqc.nimh.nih.gov/api/v1"
  },
  "qi_1": 0.0,
  "qi_2": 9.297065182450797e-05,
  "rpve_csf": 15.31945451640261,
  "rpve_gm": 7.132179043035847,
  "rpve_wm": 9.43592559492252,
  "size_x": 160,
  "size_y": 196,
  "size_z": 161,
  "snr_csf": 2.8225401815025366,
  "snr_gm": 10.470866261773578,
  "snr_total": 10.495166069617092,
  "snr_wm": 18.192091765575164,
  "snrd_csf": 1.6363702911947269,
  "snrd_gm": 3.4720381688194735,
  "snrd_total": 3.163799228166632,
  "snrd_wm": 4.382989224485695,
  "spacing_x": 1.100000023841858,
  "spacing_y": 1.0,
  "spacing_z": 1.0,
  "summary_bg_k": 0.0,
  "summary_bg_mad": 149.47933790914976,
  "summary_bg_mean": 0.0,
  "summary_bg_median": 0.0,
  "summary_bg_n": 182081.0,
  "summary_bg_p05": 0.0,
  "summary_bg_p95": 0.0,
  "summary_bg_stdv": 161.99431212392176,
  "summary_csf_k": 0.572941303131902,
  "summary_csf_mad": 121.77280114591588,
  "summary_csf_mean": 407.793212890625,
  "summary_csf_median": 373.36279296875,
  "summary_csf_n": 16830.0,
  "summary_csf_p05": 243.7093147277832,
  "summary_csf_p95": 650.048648071289,
  "summary_csf_stdv": 132.2750701904297,
  "summary_gm_k": 0.3261554408194196,
  "summary_gm_mad": 69.63285101583182,
  "summary_gm_mean": 798.60009765625,
  "summary_gm_median": 792.1983642578125,
  "summary_gm_n": 13704.0,
  "summary_gm_p05": 685.6487640380859,
  "summary_gm_p95": 936.4468841552732,
  "summary_gm_stdv": 75.65462493896484,
  "summary_wm_k": 0.9025030242762275,
  "summary_wm_mad": 51.64032748000326,
  "summary_wm_mean": 1005.9046020507812,
  "summary_wm_median": 1000.0457153320312,
  "summary_wm_n": 151547.0,
  "summary_wm_p05": 926.9089538574219,
  "summary_wm_p95": 1105.258764648437,
  "summary_wm_stdv": 54.97127151489258,
  "tpm_overlap_csf": 0.17603737115859985,
  "tpm_overlap_gm": 0.4511309266090393,
  "tpm_overlap_wm": 0.5012775659561157,
  "wm2max": 0.4371659651903164
}