{
  "bids_meta": {
    "AcquisitionNumber": 1,
    "AcquisitionTime": "19:12:16.000000",
    "ConversionSoftware": "dcm2niix",
    "ConversionSoftwareVersion": "v1.0.20170724 (OpenJPEG build) GCC6.1.0",
    "DeviceSerialNumber": "000000000000GEHC",
    "EchoTime": 0.003184,
    "FlipAngle": 12,
    "ImageType": [
      "ORIGINAL",
      "PRIMARY",
      "OTHER"
    ],
    "InstitutionName": "INSTITUTO_DE_NEUROBIOLOGIA",
    "InversionTime": 0.45,
    "MagneticFieldStrength": 3,
    "Manufacturer": "GE",
    "ManufacturersModelName": "DISCOVERY_MR750",
    "PhaseEncodingLines": 256,
    "ProcedureStepDescription": "Fibromialgia",
    "ProtocolName": "Sag_T1_FSPGR_BRAVO",
    "RepetitionTime": 0.008164,
    "ScanningSequence": "GR",
    "SequenceVariant": "SS_SK",
    "SeriesDescription": "Sag_T1_FSPGR_BRAVO",
    "SoftwareVersions": "24_LX_MR_Software_release:DV24.0_R01_1344.a",
    "dataset": "ds001928",
    "modality": "T1w",
    "subject_id": "45"
  },
  "cjv": 0.4815249329763876,
  "cnr": 1.5345285600740577,
  "efc": 0.8677770562137206,
  "fber": 16.214982986450195,
  "fwhm_avg": 3.0276584632337062,
  "fwhm_x": 2.9917453897011193,
  "fwhm_y": 3.20004,
  "fwhm_z": 2.89119,
  "icvs_csf": 0.20384535206551224,
  "icvs_gm": 0.44508146417573796,
  "icvs_wm": 0.3510731837587498,
  "inu_med": 1.0807783603668213,
  "inu_range": 0.13252549171447736,
  "provenance": {
    "md5sum": "0e48035a4e463f34e2e240d9c3552191",
    "settings": {
      "testing": false
    },
    "software": "mriqc",
    "version": "21.0.0rc2",
    "warnings": {
      "large_rot_frame": true,
      "small_air_mask": true
    },
    "webapi_port": null,
    "webapi_url": "https://mriqc.nimh.nih.gov/api/v1"
  },
  "qi_1": 0.0,
  "qi_2": 0.0,
  "rpve_csf": 17.058706416491574,
  "rpve_gm": 8.177875981767992,
  "rpve_wm": 12.065391640533047,
  "size_x": 151,
  "size_y": 198,
  "size_z": 157,
  "snr_csf": 3.2430435377135916,
  "snr_gm": 11.151652824869837,
  "snr_total": 11.001134326758056,
  "snr_wm": 18.608706617690736,
  "snrd_csf": 1.8486677132306375,
  "snrd_gm": 4.539880273542756,
  "snrd_total": 4.117666808101167,
  "snrd_wm": 5.964452437530109,
  "spacing_x": 1.100000023841858,
  "spacing_y": 1.0,
  "spacing_z": 1.0,
  "summary_bg_k": 0.0,
  "summary_bg_mad": 109.84071769827483,
  "summary_bg_mean": 0.0,
  "summary_bg_median": 0.0,
  "summary_bg_n": 129693.0,
  "summary_bg_p05": 0.0,
  "summary_bg_p95": 0.0,
  "summary_bg_stdv": 129.15067149561878,
  "summary_csf_k": 5.190605165839354,
  "summary_csf_mad": 73.2171034128526,
  "summary_csf_mean": 332.0054626464844,
  "summary_csf_median": 309.9491882324219,
  "summary_csf_n": 16859.0,
  "summary_csf_p05": 216.08999938964843,
  "summary_csf_p95": 524.8196044921875,
  "summary_csf_stdv": 95.57071685791016,
  "summary_gm_k": 0.2536106696056586,
  "summary_gm_mad": 64.23584050466226,
  "summary_gm_mean": 765.8926391601562,
  "summary_gm_median": 761.16015625,
  "summary_gm_n": 9997.0,
  "summary_gm_p05": 660.2275268554688,
  "summary_gm_p95": 885.8640747070309,
  "summary_gm_stdv": 68.251953125,
  "summary_wm_k": 1.1163537774357462,
  "summary_wm_mad": 50.77396800490727,
  "summary_wm_mean": 1003.3546142578125,
  "summary_wm_median": 1000.005126953125,
  "summary_wm_n": 102837.0,
  "summary_wm_p05": 922.7556030273438,
  "summary_wm_p95": 1095.5844970703124,
  "summary_wm_stdv": 53.73830032348633,
  "tpm_overlap_csf": 0.16567882895469666,
  "tpm_overlap_gm": 0.42867618799209595,
  "tpm_overlap_wm": 0.4764552414417267,
  "wm2max": 0.4064563633904248
}