{
  "aor": 0.001027,
  "aqi": 0.00306836,
  "bids_meta": {
    "AcquisitionNumber": 1,
    "AcquisitionTime": "17:12:21.000000",
    "ConversionSoftware": "dcm2niix",
    "ConversionSoftwareVersion": "v1.0.20170724 (OpenJPEG build) GCC6.1.0",
    "DeviceSerialNumber": "000000000000GEHC",
    "EchoTime": 0.04,
    "FlipAngle": 90,
    "ImageType": [
      "ORIGINAL",
      "PRIMARY",
      "EPI",
      "NONE"
    ],
    "InstitutionName": "INSTITUTO_DE_NEUROBIOLOGIA",
    "MagneticFieldStrength": 3,
    "Manufacturer": "GE",
    "ManufacturersModelName": "DISCOVERY_MR750",
    "PhaseEncodingLines": 128,
    "ProcedureStepDescription": "Fibromialgia",
    "ProtocolName": "fMRI_pre2",
    "RepetitionTime": 3,
    "ScanningSequence": "EP_GR",
    "SequenceVariant": "SS",
    "SeriesDescription": "fMRI_pre2",
    "SliceTiming": [
      0.0,
      1.535,
      0.07,
      1.605,
      0.14,
      1.674,
      0.209,
      1.744,
      0.279,
      1.814,
      0.349,
      1.884,
      0.419,
      1.953,
      0.488,
      2.023,
      0.558,
      2.093,
      0.628,
      2.163,
      0.698,
      2.233,
      0.767,
      2.302,
      0.837,
      2.372,
      0.907,
      2.442,
      0.977,
      2.512,
      1.047,
      2.581,
      1.116,
      2.651,
      1.186,
      2.721,
      1.256,
      2.791,
      1.326,
      2.86,
      1.395,
      2.93,
      1.465
    ],
    "SoftwareVersions": "24_LX_MR_Software_release:DV24.0_R01_1344.a",
    "TaskName": "pre-music",
    "dataset": "ds001928",
    "modality": "bold",
    "subject_id": "46",
    "task_id": "rest3"
  },
  "dummy_trs": 0,
  "dvars_nstd": 24.062599663838384,
  "dvars_std": 1.1041917775757577,
  "dvars_vstd": 0.9878190979797978,
  "efc": 0.37836829455424625,
  "fber": 10295.6650390625,
  "fd_mean": 0.028961298450164482,
  "fd_num": 0,
  "fd_perc": 0.0,
  "fwhm_avg": 2.842453888888889,
  "fwhm_x": 2.993935,
  "fwhm_y": 3.13001,
  "fwhm_z": 2.4034166666666668,
  "gcor": 0.00788002,
  "gsr_x": -0.018833545967936516,
  "gsr_y": 0.0245708879083395,
  "provenance": {
    "md5sum": "470093b017f1e745d8f0196454cbacb7",
    "settings": {
      "fd_thres": 0.2,
      "testing": false
    },
    "software": "mriqc",
    "version": "21.0.0rc2",
    "webapi_port": null,
    "webapi_url": "https://mriqc.nimh.nih.gov/api/v1"
  },
  "size_t": 100,
  "size_x": 128,
  "size_y": 128,
  "size_z": 43,
  "snr": 3.5979625844077328,
  "spacing_tr": 3.0,
  "spacing_x": 2.0,
  "spacing_y": 2.0,
  "spacing_z": 3.0,
  "summary_bg_k": 216.7993510086005,
  "summary_bg_mad": 29.3110444176577,
  "summary_bg_mean": 61.4195556640625,
  "summary_bg_median": 23.869998931884766,
  "summary_bg_n": 535739.0,
  "summary_bg_p05": 1.4499999284744263,
  "summary_bg_p95": 242.25099945068337,
  "summary_bg_stdv": 154.38427734375,
  "summary_fg_k": 0.35116888594985296,
  "summary_fg_mad": 613.9457234685426,
  "summary_fg_mean": 2451.22265625,
  "summary_fg_median": 2402.510009765625,
  "summary_fg_n": 83337.0,
  "summary_fg_p05": 1425.4279296875,
  "summary_fg_p95": 3623.9298828124997,
  "summary_fg_stdv": 667.73779296875,
  "tsnr": 65.1372791081667
}