{
  "aor": 0.0008583999999999997,
  "aqi": 0.003575442400000001,
  "bids_meta": {
    "AcquisitionNumber": 1,
    "AcquisitionTime": "17:25:21.000000",
    "ConversionSoftware": "dcm2niix",
    "ConversionSoftwareVersion": "v1.0.20170724 (OpenJPEG build) GCC6.1.0",
    "DeviceSerialNumber": "000000000000GEHC",
    "EchoTime": 0.04,
    "FlipAngle": 90,
    "ImageType": [
      "ORIGINAL",
      "PRIMARY",
      "EPI",
      "NONE"
    ],
    "InstitutionName": "INSTITUTO_DE_NEUROBIOLOGIA",
    "MagneticFieldStrength": 3,
    "Manufacturer": "GE",
    "ManufacturersModelName": "DISCOVERY_MR750",
    "PhaseEncodingLines": 128,
    "ProcedureStepDescription": "Fibromialgia",
    "ProtocolName": "fMRI_post2",
    "RepetitionTime": 3,
    "ScanningSequence": "EP_GR",
    "SequenceVariant": "SS",
    "SeriesDescription": "fMRI_post2",
    "SliceTiming": [
      0.0,
      1.535,
      0.07,
      1.605,
      0.14,
      1.674,
      0.209,
      1.744,
      0.279,
      1.814,
      0.349,
      1.884,
      0.419,
      1.953,
      0.488,
      2.023,
      0.558,
      2.093,
      0.628,
      2.163,
      0.698,
      2.233,
      0.767,
      2.302,
      0.837,
      2.372,
      0.907,
      2.442,
      0.977,
      2.512,
      1.047,
      2.581,
      1.116,
      2.651,
      1.186,
      2.721,
      1.256,
      2.791,
      1.326,
      2.86,
      1.395,
      2.93,
      1.465
    ],
    "SoftwareVersions": "24_LX_MR_Software_release:DV24.0_R01_1344.a",
    "TaskName": "post-music",
    "dataset": "ds001928",
    "modality": "bold",
    "subject_id": "46",
    "task_id": "rest4"
  },
  "dummy_trs": 0,
  "dvars_nstd": 24.515663088686857,
  "dvars_std": 1.1100560582828285,
  "dvars_vstd": 0.9815588516161621,
  "efc": 0.37916076203896454,
  "fber": 10518.1142578125,
  "fd_mean": 0.0244027851387358,
  "fd_num": 0,
  "fd_perc": 0.0,
  "fwhm_avg": 2.829005,
  "fwhm_x": 2.978335,
  "fwhm_y": 3.12351,
  "fwhm_z": 2.38517,
  "gcor": 0.00821254,
  "gsr_x": -0.01919110119342804,
  "gsr_y": 0.02548876404762268,
  "provenance": {
    "md5sum": "1b3f671c06a0479eae95f222b16e9e96",
    "settings": {
      "fd_thres": 0.2,
      "testing": false
    },
    "software": "mriqc",
    "version": "21.0.0rc2",
    "webapi_port": null,
    "webapi_url": "https://mriqc.nimh.nih.gov/api/v1"
  },
  "size_t": 100,
  "size_x": 128,
  "size_y": 128,
  "size_z": 43,
  "snr": 3.6542764080275623,
  "spacing_tr": 3.0,
  "spacing_x": 2.0,
  "spacing_y": 2.0,
  "spacing_z": 3.0,
  "summary_bg_k": 218.0144908258928,
  "summary_bg_mad": 29.288807703208352,
  "summary_bg_mean": 62.604496002197266,
  "summary_bg_median": 23.845001220703125,
  "summary_bg_n": 535914.0,
  "summary_bg_p05": 1.5099999904632568,
  "summary_bg_p95": 250.45999145507812,
  "summary_bg_stdv": 158.90733337402344,
  "summary_fg_k": 0.38530091754746953,
  "summary_fg_mad": 603.0783143603144,
  "summary_fg_mean": 2468.749755859375,
  "summary_fg_median": 2415.2900390625,
  "summary_fg_n": 83201.0,
  "summary_fg_p05": 1463.739990234375,
  "summary_fg_p95": 3632.760009765625,
  "summary_fg_stdv": 660.9449462890625,
  "tsnr": 63.33402040740475
}