{
  "bids_meta": {
    "AcquisitionNumber": 1,
    "AcquisitionTime": "21:04:6.000000",
    "ConversionSoftware": "dcm2niix",
    "ConversionSoftwareVersion": "v1.0.20170724 (OpenJPEG build) GCC6.1.0",
    "DeviceSerialNumber": "000000000000GEHC",
    "EchoTime": 0.003184,
    "FlipAngle": 12,
    "ImageType": [
      "ORIGINAL",
      "PRIMARY",
      "OTHER"
    ],
    "InstitutionName": "INSTITUTO_DE_NEUROBIOLOGIA",
    "InversionTime": 0.45,
    "MagneticFieldStrength": 3,
    "Manufacturer": "GE",
    "ManufacturersModelName": "DISCOVERY_MR750",
    "PhaseEncodingLines": 256,
    "ProcedureStepDescription": "Fibromialgia",
    "ProtocolName": "Sag_T1_FSPGR_BRAVO",
    "RepetitionTime": 0.008164,
    "ScanningSequence": "GR",
    "SequenceVariant": "SS_SK",
    "SeriesDescription": "Sag_T1_FSPGR_BRAVO",
    "SoftwareVersions": "24_LX_MR_Software_release:DV24.0_R01_1344.a",
    "dataset": "ds001928",
    "modality": "T1w",
    "subject_id": "31"
  },
  "cjv": 0.5144852289473325,
  "cnr": 1.2640747637697802,
  "efc": 0.8581268408060739,
  "fber": 28.316312789916992,
  "fwhm_avg": 2.8703893739294415,
  "fwhm_x": 2.7696181217883256,
  "fwhm_y": 3.0526,
  "fwhm_z": 2.78895,
  "icvs_csf": 0.18119423455781078,
  "icvs_gm": 0.4121423152779897,
  "icvs_wm": 0.40666345016419947,
  "inu_med": 1.086369514465332,
  "inu_range": 0.1314162313938141,
  "provenance": {
    "md5sum": "5d02223257ca72d7f2c998e6b06de734",
    "settings": {
      "testing": false
    },
    "software": "mriqc",
    "version": "21.0.0rc2",
    "warnings": {
      "large_rot_frame": true,
      "small_air_mask": true
    },
    "webapi_port": null,
    "webapi_url": "https://mriqc.nimh.nih.gov/api/v1"
  },
  "qi_1": 0.0,
  "qi_2": 0.0,
  "rpve_csf": 16.50378274508307,
  "rpve_gm": 7.5106432794893925,
  "rpve_wm": 9.17648289013817,
  "size_x": 151,
  "size_y": 212,
  "size_z": 164,
  "snr_csf": 2.8826078649649394,
  "snr_gm": 12.337635449458341,
  "snr_total": 10.832568407127184,
  "snr_wm": 17.277461906958273,
  "snrd_csf": 1.7892142012799164,
  "snrd_gm": 3.8964268711042633,
  "snrd_total": 3.559337423739212,
  "snrd_wm": 4.992371198833457,
  "spacing_x": 1.100000023841858,
  "spacing_y": 1.0,
  "spacing_z": 1.0,
  "summary_bg_k": 0.0,
  "summary_bg_mad": 131.23256721683924,
  "summary_bg_mean": 0.0,
  "summary_bg_median": 0.0,
  "summary_bg_n": 173227.0,
  "summary_bg_p05": 0.0,
  "summary_bg_p95": 0.0,
  "summary_bg_stdv": 151.02772656550044,
  "summary_csf_k": 4.730955277905538,
  "summary_csf_mad": 104.0273855207431,
  "summary_csf_mean": 389.3018798828125,
  "summary_csf_median": 358.40350341796875,
  "summary_csf_n": 11445.0,
  "summary_csf_p05": 233.25274353027345,
  "summary_csf_p95": 620.8587036132812,
  "summary_csf_stdv": 124.32764434814453,
  "summary_gm_k": 0.521899566192412,
  "summary_gm_mad": 59.78038737163913,
  "summary_gm_mean": 783.0140991210938,
  "summary_gm_median": 780.50634765625,
  "summary_gm_n": 13388.0,
  "summary_gm_p05": 683.2046508789062,
  "summary_gm_p95": 889.5510162353515,
  "summary_gm_stdv": 63.25986862182617,
  "summary_wm_k": 1.6517361015779066,
  "summary_wm_mad": 53.165731874372696,
  "summary_wm_mean": 1006.1420288085938,
  "summary_wm_median": 1000.0386352539062,
  "summary_wm_n": 148394.0,
  "summary_wm_p05": 923.5724975585938,
  "summary_wm_p95": 1108.6348388671875,
  "summary_wm_stdv": 57.88091278076172,
  "tpm_overlap_csf": 0.18054483830928802,
  "tpm_overlap_gm": 0.43623635172843933,
  "tpm_overlap_wm": 0.4868471324443817,
  "wm2max": 0.39158441647298337
}