{
  "aor": 0.0007431,
  "aqi": 0.0028976357,
  "bids_meta": {
    "AcquisitionNumber": 1,
    "AcquisitionTime": "20:31:0.000000",
    "ConversionSoftware": "dcm2niix",
    "ConversionSoftwareVersion": "v1.0.20170724 (OpenJPEG build) GCC6.1.0",
    "DeviceSerialNumber": "000000000000GEHC",
    "EchoTime": 0.04,
    "FlipAngle": 90,
    "ImageType": [
      "ORIGINAL",
      "PRIMARY",
      "EPI",
      "NONE"
    ],
    "InstitutionName": "INSTITUTO_DE_NEUROBIOLOGIA",
    "MagneticFieldStrength": 3,
    "Manufacturer": "GE",
    "ManufacturersModelName": "DISCOVERY_MR750",
    "PhaseEncodingLines": 128,
    "ProcedureStepDescription": "Fibromialgia",
    "ProtocolName": "fMRI_post1",
    "RepetitionTime": 3,
    "ScanningSequence": "EP_GR",
    "SequenceVariant": "SS",
    "SeriesDescription": "fMRI_post1",
    "SliceTiming": [
      0.0,
      1.535,
      0.07,
      1.605,
      0.14,
      1.674,
      0.209,
      1.744,
      0.279,
      1.814,
      0.349,
      1.884,
      0.419,
      1.953,
      0.488,
      2.023,
      0.558,
      2.093,
      0.628,
      2.163,
      0.698,
      2.233,
      0.767,
      2.302,
      0.837,
      2.372,
      0.907,
      2.442,
      0.977,
      2.512,
      1.047,
      2.581,
      1.116,
      2.651,
      1.186,
      2.721,
      1.256,
      2.791,
      1.326,
      2.86,
      1.395,
      2.93,
      1.465
    ],
    "SoftwareVersions": "23_LX_MR_Software_release:DV22.0_V01_1040.a",
    "TaskName": "post-music",
    "dataset": "ds001928",
    "modality": "bold",
    "subject_id": "03",
    "task_id": "rest4"
  },
  "dummy_trs": 0,
  "dvars_nstd": 23.98841671030305,
  "dvars_std": 1.0383732455555557,
  "dvars_vstd": 0.9734936375757575,
  "efc": 0.3770515620677803,
  "fber": 129683.9609375,
  "fd_mean": 0.06615461818530638,
  "fd_num": 0,
  "fd_perc": 0.0,
  "fwhm_avg": 3.136840555555555,
  "fwhm_x": 3.277395,
  "fwhm_y": 3.49355,
  "fwhm_z": 2.6395766666666667,
  "gcor": 0.0132183,
  "gsr_x": -0.01760796643793583,
  "gsr_y": 0.011109544895589352,
  "provenance": {
    "md5sum": "8ac13284b5338502ba8e11e3c07247c9",
    "settings": {
      "fd_thres": 0.2,
      "testing": false
    },
    "software": "mriqc",
    "version": "21.0.0rc2",
    "webapi_port": null,
    "webapi_url": "https://mriqc.nimh.nih.gov/api/v1"
  },
  "size_t": 100,
  "size_x": 128,
  "size_y": 128,
  "size_z": 43,
  "snr": 3.048117815796532,
  "spacing_tr": 3.0,
  "spacing_x": 2.0,
  "spacing_y": 2.0,
  "spacing_z": 3.0,
  "summary_bg_k": 94.94024321657092,
  "summary_bg_mad": 10.98608190360444,
  "summary_bg_mean": 59.60860824584961,
  "summary_bg_median": 7.62999963760376,
  "summary_bg_n": 525964.0,
  "summary_bg_p05": 0.08999999612569809,
  "summary_bg_p95": 289.0584960937498,
  "summary_bg_stdv": 182.36666870117188,
  "summary_fg_k": 1.5351829973676994,
  "summary_fg_mad": 705.0218764015808,
  "summary_fg_mean": 2760.497802734375,
  "summary_fg_median": 2610.0,
  "summary_fg_n": 91066.0,
  "summary_fg_p05": 1644.6324768066406,
  "summary_fg_p95": 4390.5623779296875,
  "summary_fg_stdv": 856.2614135742188,
  "tsnr": 62.74416902801022
}