{
  "bids_meta": {
    "AcquisitionNumber": 1,
    "AcquisitionTime": "16:25:40.000000",
    "ConversionSoftware": "dcm2niix",
    "ConversionSoftwareVersion": "v1.0.20170724 (OpenJPEG build) GCC6.1.0",
    "DeviceSerialNumber": "000000000000GEHC",
    "EchoTime": 0.003184,
    "FlipAngle": 12,
    "ImageType": [
      "ORIGINAL",
      "PRIMARY",
      "OTHER"
    ],
    "InstitutionName": "INSTITUTO_DE_NEUROBIOLOGIA",
    "InversionTime": 0.45,
    "MagneticFieldStrength": 3,
    "Manufacturer": "GE",
    "ManufacturersModelName": "DISCOVERY_MR750",
    "PhaseEncodingLines": 256,
    "ProcedureStepDescription": "Fibromialgia",
    "ProtocolName": "Sag_T1_FSPGR_BRAVO",
    "RepetitionTime": 0.008164,
    "ScanningSequence": "GR",
    "SequenceVariant": "SS_SK",
    "SeriesDescription": "Sag_T1_FSPGR_BRAVO",
    "SoftwareVersions": "23_LX_MR_Software_release:DV22.0_V01_1040.a",
    "dataset": "ds001928",
    "modality": "T1w",
    "subject_id": "09"
  },
  "cjv": 0.422255910538526,
  "cnr": 1.490051940605191,
  "efc": 0.8661839115155684,
  "fber": 54.575645446777344,
  "fwhm_avg": 3.4490811875744765,
  "fwhm_x": 3.3975635627234295,
  "fwhm_y": 3.58441,
  "fwhm_z": 3.36527,
  "icvs_csf": 0.20282020706259946,
  "icvs_gm": 0.4246037263585643,
  "icvs_wm": 0.37257606657883624,
  "inu_med": 0.7953305244445801,
  "inu_range": 0.09944376945495603,
  "provenance": {
    "md5sum": "5b6069cd8c692c0021bcc5de7127cc76",
    "settings": {
      "testing": false
    },
    "software": "mriqc",
    "version": "21.0.0rc2",
    "warnings": {
      "large_rot_frame": true,
      "small_air_mask": true
    },
    "webapi_port": null,
    "webapi_url": "https://mriqc.nimh.nih.gov/api/v1"
  },
  "qi_1": 0.0,
  "qi_2": 0.0,
  "rpve_csf": 12.709905718465684,
  "rpve_gm": 6.400260228422726,
  "rpve_wm": 8.69296132024041,
  "size_x": 160,
  "size_y": 202,
  "size_z": 162,
  "snr_csf": 3.6246382556135033,
  "snr_gm": 10.971468099547133,
  "snr_total": 13.342524203086818,
  "snr_wm": 25.431466254099817,
  "snrd_csf": 1.8886426017503197,
  "snrd_gm": 3.649335849341265,
  "snrd_total": 3.435128305815585,
  "snrd_wm": 4.76740646635517,
  "spacing_x": 1.100000023841858,
  "spacing_y": 1.0,
  "spacing_z": 1.0,
  "summary_bg_k": 0.0,
  "summary_bg_mad": 137.42154763932805,
  "summary_bg_mean": 0.0,
  "summary_bg_median": 0.0,
  "summary_bg_n": 239742.0,
  "summary_bg_p05": 0.0,
  "summary_bg_p95": 0.0,
  "summary_bg_stdv": 135.4965486861918,
  "summary_csf_k": 1.0860842648594078,
  "summary_csf_mad": 116.75687026076452,
  "summary_csf_mean": 417.5328674316406,
  "summary_csf_median": 396.1620788574219,
  "summary_csf_n": 30471.0,
  "summary_csf_p05": 268.1835479736328,
  "summary_csf_p95": 604.7151794433594,
  "summary_csf_stdv": 109.29520416259766,
  "summary_gm_k": 0.5411105291461622,
  "summary_gm_mad": 62.725276611015175,
  "summary_gm_mean": 771.5300903320312,
  "summary_gm_median": 765.4854736328125,
  "summary_gm_n": 18907.0,
  "summary_gm_p05": 667.1930236816406,
  "summary_gm_p95": 902.2246643066406,
  "summary_gm_stdv": 69.76871490478516,
  "summary_wm_k": 1.1066530254079714,
  "summary_wm_mad": 36.30502274576819,
  "summary_wm_mean": 1001.7591552734375,
  "summary_wm_median": 1000.01220703125,
  "summary_wm_n": 190364.0,
  "summary_wm_p05": 941.3163543701172,
  "summary_wm_p95": 1068.4470153808593,
  "summary_wm_stdv": 39.32174301147461,
  "tpm_overlap_csf": 0.1697533279657364,
  "tpm_overlap_gm": 0.44835740327835083,
  "tpm_overlap_wm": 0.4972822964191437,
  "wm2max": 0.5850980058299129
}