{
  "aor": 0.0009935999999999999,
  "aqi": 0.0033145903000000006,
  "bids_meta": {
    "AcquisitionNumber": 1,
    "AcquisitionTime": "20:34:44.000000",
    "ConversionSoftware": "dcm2niix",
    "ConversionSoftwareVersion": "v1.0.20170724 (OpenJPEG build) GCC6.1.0",
    "DeviceSerialNumber": "000000000000GEHC",
    "EchoTime": 0.04,
    "FlipAngle": 90,
    "ImageType": [
      "ORIGINAL",
      "PRIMARY",
      "EPI",
      "NONE"
    ],
    "InstitutionName": "INSTITUTO_DE_NEUROBIOLOGIA",
    "MagneticFieldStrength": 3,
    "Manufacturer": "GE",
    "ManufacturersModelName": "DISCOVERY_MR750",
    "PhaseEncodingLines": 128,
    "ProcedureStepDescription": "Fibromialgia",
    "ProtocolName": "fMRI_post1",
    "RepetitionTime": 3,
    "ScanningSequence": "EP_GR",
    "SequenceVariant": "SS",
    "SeriesDescription": "fMRI_post1",
    "SliceTiming": [
      0.0,
      1.535,
      0.07,
      1.605,
      0.14,
      1.674,
      0.209,
      1.744,
      0.279,
      1.814,
      0.349,
      1.884,
      0.419,
      1.953,
      0.488,
      2.023,
      0.558,
      2.093,
      0.628,
      2.163,
      0.698,
      2.233,
      0.767,
      2.302,
      0.837,
      2.372,
      0.907,
      2.442,
      0.977,
      2.512,
      1.047,
      2.581,
      1.116,
      2.651,
      1.186,
      2.721,
      1.256,
      2.791,
      1.326,
      2.86,
      1.395,
      2.93,
      1.465
    ],
    "SoftwareVersions": "23_LX_MR_Software_release:DV22.0_V01_1040.a",
    "TaskName": "post-control",
    "dataset": "ds001928",
    "modality": "bold",
    "subject_id": "12",
    "task_id": "rest2"
  },
  "dummy_trs": 0,
  "dvars_nstd": 23.90247855515152,
  "dvars_std": 1.0446009193939394,
  "dvars_vstd": 0.9863210539393937,
  "efc": 0.3774577540369959,
  "fber": 100052.859375,
  "fd_mean": 0.06800056192535825,
  "fd_num": 0,
  "fd_perc": 0.0,
  "fwhm_avg": 2.8355043839853398,
  "fwhm_x": 2.971505,
  "fwhm_y": 3.19885,
  "fwhm_z": 2.336158151956019,
  "gcor": 0.0179732,
  "gsr_x": -0.015546444803476334,
  "gsr_y": 0.007082690950483084,
  "provenance": {
    "md5sum": "b3d685339683b5d81f713846539f9764",
    "settings": {
      "fd_thres": 0.2,
      "testing": false
    },
    "software": "mriqc",
    "version": "21.0.0rc2",
    "webapi_port": null,
    "webapi_url": "https://mriqc.nimh.nih.gov/api/v1"
  },
  "size_t": 100,
  "size_x": 128,
  "size_y": 128,
  "size_z": 43,
  "snr": 3.30467403942215,
  "spacing_tr": 3.0,
  "spacing_x": 2.0,
  "spacing_y": 2.0,
  "spacing_z": 2.999998092651367,
  "summary_bg_k": 75.57274643517347,
  "summary_bg_mad": 11.653252597055536,
  "summary_bg_mean": 57.39060592651367,
  "summary_bg_median": 8.09999942779541,
  "summary_bg_n": 529384.0,
  "summary_bg_p05": 0.08999999612569809,
  "summary_bg_p95": 264.49699707031203,
  "summary_bg_stdv": 169.8215789794922,
  "summary_fg_k": 1.3750438863805003,
  "summary_fg_mad": 624.8277920957771,
  "summary_fg_mean": 2546.6533203125,
  "summary_fg_median": 2443.489990234375,
  "summary_fg_n": 87739.0,
  "summary_fg_p05": 1539.2189697265626,
  "summary_fg_p95": 3937.7978027343743,
  "summary_fg_stdv": 739.4000244140625,
  "tsnr": 60.613747003953904
}