{
  "aor": 0.0013633,
  "aqi": 0.0038009706,
  "bids_meta": {
    "AcquisitionNumber": 1,
    "AcquisitionTime": "20:22:36.000000",
    "ConversionSoftware": "dcm2niix",
    "ConversionSoftwareVersion": "v1.0.20170724 (OpenJPEG build) GCC6.1.0",
    "DeviceSerialNumber": "000000000000GEHC",
    "EchoTime": 0.04,
    "FlipAngle": 90,
    "ImageType": [
      "ORIGINAL",
      "PRIMARY",
      "EPI",
      "NONE"
    ],
    "InstitutionName": "INSTITUTO_DE_NEUROBIOLOGIA",
    "MagneticFieldStrength": 3,
    "Manufacturer": "GE",
    "ManufacturersModelName": "DISCOVERY_MR750",
    "PhaseEncodingLines": 128,
    "ProcedureStepDescription": "Fibromialgia",
    "ProtocolName": "fMRI_pre1",
    "RepetitionTime": 3,
    "ScanningSequence": "EP_GR",
    "SequenceVariant": "SS",
    "SeriesDescription": "fMRI_pre1",
    "SliceTiming": [
      0.0,
      1.535,
      0.07,
      1.605,
      0.14,
      1.674,
      0.209,
      1.744,
      0.279,
      1.814,
      0.349,
      1.884,
      0.419,
      1.953,
      0.488,
      2.023,
      0.558,
      2.093,
      0.628,
      2.163,
      0.698,
      2.233,
      0.767,
      2.302,
      0.837,
      2.372,
      0.907,
      2.442,
      0.977,
      2.512,
      1.047,
      2.581,
      1.116,
      2.651,
      1.186,
      2.721,
      1.256,
      2.791,
      1.326,
      2.86,
      1.395,
      2.93,
      1.465
    ],
    "SoftwareVersions": "23_LX_MR_Software_release:DV22.0_V01_1040.a",
    "TaskName": "pre-control",
    "dataset": "ds001928",
    "modality": "bold",
    "subject_id": "12",
    "task_id": "rest1"
  },
  "dummy_trs": 0,
  "dvars_nstd": 22.923850858686862,
  "dvars_std": 1.0265959732323233,
  "dvars_vstd": 0.9824402607070707,
  "efc": 0.37625788490691453,
  "fber": 100404.3125,
  "fd_mean": 0.07195521094593751,
  "fd_num": 1,
  "fd_perc": 1.0,
  "fwhm_avg": 2.8419038274535033,
  "fwhm_x": 2.979075,
  "fwhm_y": 3.215085,
  "fwhm_z": 2.331551482360511,
  "gcor": 0.00930876,
  "gsr_x": -0.014910311438143253,
  "gsr_y": 0.005936306435614824,
  "provenance": {
    "md5sum": "9d98a490cdb985b44dd94f9c407f6bb2",
    "settings": {
      "fd_thres": 0.2,
      "testing": false
    },
    "software": "mriqc",
    "version": "21.0.0rc2",
    "webapi_port": null,
    "webapi_url": "https://mriqc.nimh.nih.gov/api/v1"
  },
  "size_t": 100,
  "size_x": 128,
  "size_y": 128,
  "size_z": 43,
  "snr": 3.3181101620962705,
  "spacing_tr": 3.0,
  "spacing_x": 2.0,
  "spacing_y": 2.0,
  "spacing_z": 2.999998092651367,
  "summary_bg_k": 61.07648126769956,
  "summary_bg_mad": 11.579122888213657,
  "summary_bg_mean": 55.74805450439453,
  "summary_bg_median": 8.069999694824219,
  "summary_bg_n": 529489.0,
  "summary_bg_p05": 0.12999999523162842,
  "summary_bg_p95": 254.62998962402344,
  "summary_bg_stdv": 163.44268798828125,
  "summary_fg_k": 1.4655209456329121,
  "summary_fg_mad": 617.9783580672661,
  "summary_fg_mean": 2540.54931640625,
  "summary_fg_median": 2441.0,
  "summary_fg_n": 87483.0,
  "summary_fg_p05": 1534.534912109375,
  "summary_fg_p95": 3913.235986328125,
  "summary_fg_stdv": 735.655517578125,
  "tsnr": 58.72063101595268
}