{
  "aor": 0.005532268041237114,
  "aqi": 0.010415779587628866,
  "bids_meta": {
    "AcquisitionNumber": 1,
    "AcquisitionTime": "21:17:25.000000",
    "ConversionSoftware": "dcm2niix",
    "ConversionSoftwareVersion": "v1.0.20170724 (OpenJPEG build) GCC6.1.0",
    "DeviceSerialNumber": "000000000000GEHC",
    "EchoTime": 0.04,
    "FlipAngle": 90,
    "ImageType": [
      "ORIGINAL",
      "PRIMARY",
      "EPI",
      "NONE"
    ],
    "InstitutionName": "INSTITUTO_DE_NEUROBIOLOGIA",
    "MagneticFieldStrength": 3,
    "Manufacturer": "GE",
    "ManufacturersModelName": "DISCOVERY_MR750",
    "PhaseEncodingLines": 128,
    "ProcedureStepDescription": "Fibromialgia",
    "ProtocolName": "fMRI_post2",
    "RepetitionTime": 3,
    "ScanningSequence": "EP_GR",
    "SequenceVariant": "SS",
    "SeriesDescription": "fMRI_post2",
    "SliceTiming": [
      0.0,
      1.535,
      0.07,
      1.605,
      0.14,
      1.674,
      0.209,
      1.744,
      0.279,
      1.814,
      0.349,
      1.884,
      0.419,
      1.953,
      0.488,
      2.023,
      0.558,
      2.093,
      0.628,
      2.163,
      0.698,
      2.233,
      0.767,
      2.302,
      0.837,
      2.372,
      0.907,
      2.442,
      0.977,
      2.512,
      1.047,
      2.581,
      1.116,
      2.651,
      1.186,
      2.721,
      1.256,
      2.791,
      1.326,
      2.86,
      1.395,
      2.93,
      1.465
    ],
    "SoftwareVersions": "23_LX_MR_Software_release:DV22.0_V01_1040.a",
    "TaskName": "post-music",
    "dataset": "ds001928",
    "modality": "bold",
    "subject_id": "12",
    "task_id": "rest4"
  },
  "dummy_trs": 0,
  "dvars_nstd": 34.337913592604174,
  "dvars_std": 1.0126785667708331,
  "dvars_vstd": 0.9699684226041666,
  "efc": 0.3772415676283642,
  "fber": 82530.0546875,
  "fd_mean": 0.21448708631783012,
  "fd_num": 37,
  "fd_perc": 38.144329896907216,
  "fwhm_avg": 2.8870971701201356,
  "fwhm_x": 3.032215,
  "fwhm_y": 3.253485,
  "fwhm_z": 2.3755915103604064,
  "gcor": 0.0317186,
  "gsr_x": -0.01581084541976452,
  "gsr_y": 0.006261768285185099,
  "provenance": {
    "md5sum": "83f98e12c33045ebfaf40ffbefb4b293",
    "settings": {
      "fd_thres": 0.2,
      "testing": false
    },
    "software": "mriqc",
    "version": "21.0.0rc2",
    "webapi_port": null,
    "webapi_url": "https://mriqc.nimh.nih.gov/api/v1"
  },
  "size_t": 97,
  "size_x": 128,
  "size_y": 128,
  "size_z": 43,
  "snr": 3.2713331213267556,
  "spacing_tr": 3.0,
  "spacing_x": 2.0,
  "spacing_y": 2.0,
  "spacing_z": 2.999998092651367,
  "summary_bg_k": 52.329228081295966,
  "summary_bg_mad": 12.839029535200416,
  "summary_bg_mean": 60.40309524536133,
  "summary_bg_median": 9.0,
  "summary_bg_n": 531601.0,
  "summary_bg_p05": 0.20618556439876556,
  "summary_bg_p95": 288.3504943847656,
  "summary_bg_stdv": 169.0087432861328,
  "summary_fg_k": 1.3189133931782155,
  "summary_fg_mad": 635.7917549495587,
  "summary_fg_mean": 2558.552978515625,
  "summary_fg_median": 2451.84521484375,
  "summary_fg_n": 86424.0,
  "summary_fg_p05": 1537.2654174804688,
  "summary_fg_p95": 3972.5859252929667,
  "summary_fg_stdv": 749.4898681640625,
  "tsnr": 40.28192173806019
}