{
  "aor": 0.0014045000000000001,
  "aqi": 0.0053742394,
  "bids_meta": {
    "AcquisitionNumber": 1,
    "AcquisitionTime": "21:01:0.000000",
    "ConversionSoftware": "dcm2niix",
    "ConversionSoftwareVersion": "v1.0.20170724 (OpenJPEG build) GCC6.1.0",
    "DeviceSerialNumber": "000000000000GEHC",
    "EchoTime": 0.04,
    "FlipAngle": 90,
    "ImageType": [
      "ORIGINAL",
      "PRIMARY",
      "EPI",
      "NONE"
    ],
    "InstitutionName": "INSTITUTO_DE_NEUROBIOLOGIA",
    "MagneticFieldStrength": 3,
    "Manufacturer": "GE",
    "ManufacturersModelName": "DISCOVERY_MR750",
    "PhaseEncodingLines": 128,
    "ProcedureStepDescription": "Fibromialgia",
    "ProtocolName": "fMRI_pre2",
    "RepetitionTime": 3,
    "ScanningSequence": "EP_GR",
    "SequenceVariant": "SS",
    "SeriesDescription": "fMRI_pre2",
    "SliceTiming": [
      0.0,
      1.535,
      0.07,
      1.605,
      0.14,
      1.674,
      0.209,
      1.744,
      0.279,
      1.814,
      0.349,
      1.884,
      0.419,
      1.953,
      0.488,
      2.023,
      0.558,
      2.093,
      0.628,
      2.163,
      0.698,
      2.233,
      0.767,
      2.302,
      0.837,
      2.372,
      0.907,
      2.442,
      0.977,
      2.512,
      1.047,
      2.581,
      1.116,
      2.651,
      1.186,
      2.721,
      1.256,
      2.791,
      1.326,
      2.86,
      1.395,
      2.93,
      1.465
    ],
    "SoftwareVersions": "23_LX_MR_Software_release:DV22.0_V01_1040.a",
    "TaskName": "pre-music",
    "dataset": "ds001928",
    "modality": "bold",
    "subject_id": "12",
    "task_id": "rest3"
  },
  "dummy_trs": 0,
  "dvars_nstd": 27.136065068686857,
  "dvars_std": 1.056745081010101,
  "dvars_vstd": 0.9869584304040403,
  "efc": 0.3779011435477446,
  "fber": 94229.984375,
  "fd_mean": 0.11306067247095554,
  "fd_num": 8,
  "fd_perc": 8.0,
  "fwhm_avg": 2.8395988277713955,
  "fwhm_x": 2.98137,
  "fwhm_y": 3.204375,
  "fwhm_z": 2.3330514833141858,
  "gcor": 0.0162125,
  "gsr_x": -0.015881197527050972,
  "gsr_y": 0.007176007144153118,
  "provenance": {
    "md5sum": "d7b40d4ac6ea5ef7e1a434585edfb993",
    "settings": {
      "fd_thres": 0.2,
      "testing": false
    },
    "software": "mriqc",
    "version": "21.0.0rc2",
    "webapi_port": null,
    "webapi_url": "https://mriqc.nimh.nih.gov/api/v1"
  },
  "size_t": 100,
  "size_x": 128,
  "size_y": 128,
  "size_z": 43,
  "snr": 3.273968212534159,
  "spacing_tr": 3.0,
  "spacing_x": 2.0,
  "spacing_y": 2.0,
  "spacing_z": 2.999998092651367,
  "summary_bg_k": 64.23158957663682,
  "summary_bg_mad": 11.934948141754028,
  "summary_bg_mean": 58.77144241333008,
  "summary_bg_median": 8.300000190734863,
  "summary_bg_n": 530282.0,
  "summary_bg_p05": 0.09999999403953552,
  "summary_bg_p95": 276.2094909667964,
  "summary_bg_stdv": 168.6889190673828,
  "summary_fg_k": 1.4111823754892239,
  "summary_fg_mad": 627.9859230421788,
  "summary_fg_mean": 2531.42919921875,
  "summary_fg_median": 2425.97998046875,
  "summary_fg_n": 87287.0,
  "summary_fg_p05": 1525.6729248046875,
  "summary_fg_p95": 3924.430932617187,
  "summary_fg_stdv": 740.9864501953125,
  "tsnr": 53.68175593204796
}