{
  "aor": 0.0025058,
  "aqi": 0.0043384396000000006,
  "bids_meta": {
    "AcquisitionNumber": 1,
    "AcquisitionTime": "16:53:54.000000",
    "ConversionSoftware": "dcm2niix",
    "ConversionSoftwareVersion": "v1.0.20170724 (OpenJPEG build) GCC6.1.0",
    "DeviceSerialNumber": "000000000000GEHC",
    "EchoTime": 0.04,
    "FlipAngle": 90,
    "ImageType": [
      "ORIGINAL",
      "PRIMARY",
      "EPI",
      "NONE"
    ],
    "InstitutionName": "INSTITUTO_DE_NEUROBIOLOGIA",
    "MagneticFieldStrength": 3,
    "Manufacturer": "GE",
    "ManufacturersModelName": "DISCOVERY_MR750",
    "PhaseEncodingLines": 128,
    "ProcedureStepDescription": "Fibromialgia",
    "ProtocolName": "fMRI_post2",
    "RepetitionTime": 3,
    "ScanningSequence": "EP_GR",
    "SequenceVariant": "SS",
    "SeriesDescription": "fMRI_post2",
    "SliceTiming": [
      0.0,
      1.535,
      0.07,
      1.605,
      0.14,
      1.674,
      0.209,
      1.744,
      0.279,
      1.814,
      0.349,
      1.884,
      0.419,
      1.953,
      0.488,
      2.023,
      0.558,
      2.093,
      0.628,
      2.163,
      0.698,
      2.233,
      0.767,
      2.302,
      0.837,
      2.372,
      0.907,
      2.442,
      0.977,
      2.512,
      1.047,
      2.581,
      1.116,
      2.651,
      1.186,
      2.721,
      1.256,
      2.791,
      1.326,
      2.86,
      1.395,
      2.93,
      1.465
    ],
    "SoftwareVersions": "24_LX_MR_Software_release:DV24.0_R01_1344.a",
    "TaskName": "post-music",
    "dataset": "ds001928",
    "modality": "bold",
    "subject_id": "30",
    "task_id": "rest4"
  },
  "dummy_trs": 0,
  "dvars_nstd": 27.609158467474742,
  "dvars_std": 1.087629532323232,
  "dvars_vstd": 1.002307736969697,
  "efc": 0.3723606539816858,
  "fber": 17664.78125,
  "fd_mean": 0.08794858080787134,
  "fd_num": 12,
  "fd_perc": 12.0,
  "fwhm_avg": 2.923184444444445,
  "fwhm_x": 3.07934,
  "fwhm_y": 3.21771,
  "fwhm_z": 2.4725033333333335,
  "gcor": 0.0194454,
  "gsr_x": -0.01810404099524021,
  "gsr_y": 0.00523613253608346,
  "provenance": {
    "md5sum": "01eb715096716423dd2f749cd293dd8c",
    "settings": {
      "fd_thres": 0.2,
      "testing": false
    },
    "software": "mriqc",
    "version": "21.0.0rc2",
    "webapi_port": null,
    "webapi_url": "https://mriqc.nimh.nih.gov/api/v1"
  },
  "size_t": 100,
  "size_x": 128,
  "size_y": 128,
  "size_z": 43,
  "snr": 3.067959724543745,
  "spacing_tr": 3.0,
  "spacing_x": 2.0,
  "spacing_y": 2.0,
  "spacing_z": 3.0,
  "summary_bg_k": 55.100673584237896,
  "summary_bg_mad": 19.97065227916796,
  "summary_bg_mean": 62.672821044921875,
  "summary_bg_median": 17.09000015258789,
  "summary_bg_n": 538906.0,
  "summary_bg_p05": 1.4800000190734863,
  "summary_bg_p95": 290.13748931884766,
  "summary_bg_stdv": 165.92507934570312,
  "summary_fg_k": 1.7353095633318603,
  "summary_fg_mad": 604.6345761372834,
  "summary_fg_mean": 2369.292236328125,
  "summary_fg_median": 2241.300048828125,
  "summary_fg_n": 80585.0,
  "summary_fg_p05": 1418.8339599609376,
  "summary_fg_p95": 3749.3218750000005,
  "summary_fg_stdv": 730.546142578125,
  "tsnr": 54.8677585828118
}