{
  "aor": 0.0011025999999999998,
  "aqi": 0.0025954896999999992,
  "bids_meta": {
    "AcquisitionNumber": 1,
    "AcquisitionTime": "16:03:51.000000",
    "ConversionSoftware": "dcm2niix",
    "ConversionSoftwareVersion": "v1.0.20170724 (OpenJPEG build) GCC6.1.0",
    "DeviceSerialNumber": "000000000000GEHC",
    "EchoTime": 0.04,
    "FlipAngle": 90,
    "ImageType": [
      "ORIGINAL",
      "PRIMARY",
      "EPI",
      "NONE"
    ],
    "InstitutionName": "INSTITUTO_DE_NEUROBIOLOGIA",
    "MagneticFieldStrength": 3,
    "Manufacturer": "GE",
    "ManufacturersModelName": "DISCOVERY_MR750",
    "PhaseEncodingLines": 128,
    "ProcedureStepDescription": "Fibromialgia",
    "ProtocolName": "fMRI_pre1",
    "RepetitionTime": 3,
    "ScanningSequence": "EP_GR",
    "SequenceVariant": "SS",
    "SeriesDescription": "fMRI_pre1",
    "SliceTiming": [
      0.0,
      1.535,
      0.07,
      1.605,
      0.14,
      1.674,
      0.209,
      1.744,
      0.279,
      1.814,
      0.349,
      1.884,
      0.419,
      1.953,
      0.488,
      2.023,
      0.558,
      2.093,
      0.628,
      2.163,
      0.698,
      2.233,
      0.767,
      2.302,
      0.837,
      2.372,
      0.907,
      2.442,
      0.977,
      2.512,
      1.047,
      2.581,
      1.116,
      2.651,
      1.186,
      2.721,
      1.256,
      2.791,
      1.326,
      2.86,
      1.395,
      2.93,
      1.465
    ],
    "SoftwareVersions": "24_LX_MR_Software_release:DV24.0_R01_1344.a",
    "TaskName": "pre-control",
    "dataset": "ds001928",
    "modality": "bold",
    "subject_id": "30",
    "task_id": "rest1"
  },
  "dummy_trs": 0,
  "dvars_nstd": 21.685117509292937,
  "dvars_std": 1.0313984006060608,
  "dvars_vstd": 1.0251745964646461,
  "efc": 0.37103407127516225,
  "fber": 18775.416015625,
  "fd_mean": 0.04128471315439675,
  "fd_num": 1,
  "fd_perc": 1.0,
  "fwhm_avg": 2.893848333333333,
  "fwhm_x": 3.024415,
  "fwhm_y": 3.20164,
  "fwhm_z": 2.4554899999999997,
  "gcor": 0.0182121,
  "gsr_x": -0.017614437267184258,
  "gsr_y": 0.005103377625346184,
  "provenance": {
    "md5sum": "7c7fe23f56eaabffe5c6c341a550401b",
    "settings": {
      "fd_thres": 0.2,
      "testing": false
    },
    "software": "mriqc",
    "version": "21.0.0rc2",
    "webapi_port": null,
    "webapi_url": "https://mriqc.nimh.nih.gov/api/v1"
  },
  "size_t": 100,
  "size_x": 128,
  "size_y": 128,
  "size_z": 43,
  "snr": 3.1747084308198175,
  "spacing_tr": 3.0,
  "spacing_x": 2.0,
  "spacing_y": 2.0,
  "spacing_z": 3.0,
  "summary_bg_k": 62.94783611417195,
  "summary_bg_mad": 19.466566591689084,
  "summary_bg_mean": 57.9477424621582,
  "summary_bg_median": 16.729999542236328,
  "summary_bg_n": 537761.0,
  "summary_bg_p05": 1.4800000190734863,
  "summary_bg_p95": 258.04998779296875,
  "summary_bg_stdv": 153.42857360839844,
  "summary_fg_k": 1.484056176695323,
  "summary_fg_mad": 604.7681406437845,
  "summary_fg_mean": 2381.74560546875,
  "summary_fg_median": 2260.889892578125,
  "summary_fg_n": 81663.0,
  "summary_fg_p05": 1448.1219848632813,
  "summary_fg_p95": 3708.3288574218745,
  "summary_fg_stdv": 712.15234375,
  "tsnr": 65.4416927951388
}