{
  "aor": 0.0013779000000000005,
  "aqi": 0.0046864342,
  "bids_meta": {
    "AcquisitionNumber": 1,
    "AcquisitionTime": "16:18:32.000000",
    "ConversionSoftware": "dcm2niix",
    "ConversionSoftwareVersion": "v1.0.20170724 (OpenJPEG build) GCC6.1.0",
    "DeviceSerialNumber": "000000000000GEHC",
    "EchoTime": 0.04,
    "FlipAngle": 90,
    "ImageType": [
      "ORIGINAL",
      "PRIMARY",
      "EPI",
      "NONE"
    ],
    "InstitutionName": "INSTITUTO_DE_NEUROBIOLOGIA",
    "MagneticFieldStrength": 3,
    "Manufacturer": "GE",
    "ManufacturersModelName": "DISCOVERY_MR750",
    "PhaseEncodingLines": 128,
    "ProcedureStepDescription": "Fibromialgia",
    "ProtocolName": "fMRI_post2",
    "RepetitionTime": 3,
    "ScanningSequence": "EP_GR",
    "SequenceVariant": "SS",
    "SeriesDescription": "fMRI_post2",
    "SliceTiming": [
      0.0,
      1.535,
      0.07,
      1.605,
      0.14,
      1.674,
      0.209,
      1.744,
      0.279,
      1.814,
      0.349,
      1.884,
      0.419,
      1.953,
      0.488,
      2.023,
      0.558,
      2.093,
      0.628,
      2.163,
      0.698,
      2.233,
      0.767,
      2.302,
      0.837,
      2.372,
      0.907,
      2.442,
      0.977,
      2.512,
      1.047,
      2.581,
      1.116,
      2.651,
      1.186,
      2.721,
      1.256,
      2.791,
      1.326,
      2.86,
      1.395,
      2.93,
      1.465
    ],
    "SoftwareVersions": "24_LX_MR_Software_release:DV24.0_R01_1344.a",
    "TaskName": "post-music",
    "dataset": "ds001928",
    "modality": "bold",
    "subject_id": "27",
    "task_id": "rest4"
  },
  "dummy_trs": 0,
  "dvars_nstd": 30.764044925555563,
  "dvars_std": 1.1323047805050503,
  "dvars_vstd": 0.9970129906060605,
  "efc": 0.37100681035912575,
  "fber": 9203.7822265625,
  "fd_mean": 0.032445079525936706,
  "fd_num": 0,
  "fd_perc": 0.0,
  "fwhm_avg": 2.638873333333333,
  "fwhm_x": 2.761475,
  "fwhm_y": 2.932375,
  "fwhm_z": 2.22277,
  "gcor": 0.00800519,
  "gsr_x": -0.02253732457756996,
  "gsr_y": 0.027290403842926025,
  "provenance": {
    "md5sum": "23b2d7236592da0d655487e6ddab7ad8",
    "settings": {
      "fd_thres": 0.2,
      "testing": false
    },
    "software": "mriqc",
    "version": "21.0.0rc2",
    "webapi_port": null,
    "webapi_url": "https://mriqc.nimh.nih.gov/api/v1"
  },
  "size_t": 100,
  "size_x": 128,
  "size_y": 128,
  "size_z": 43,
  "snr": 3.771678730789022,
  "spacing_tr": 3.0,
  "spacing_x": 2.0,
  "spacing_y": 2.0,
  "spacing_z": 3.0,
  "summary_bg_k": 57.31182764422754,
  "summary_bg_mad": 21.51997100366006,
  "summary_bg_mean": 51.90916442871094,
  "summary_bg_median": 19.104999542236328,
  "summary_bg_n": 546818.0,
  "summary_bg_p05": 1.8899999856948853,
  "summary_bg_p95": 197.511493682861,
  "summary_bg_stdv": 118.74675750732422,
  "summary_fg_k": 0.47346882987491146,
  "summary_fg_mad": 432.1191846914936,
  "summary_fg_mean": 1846.98681640625,
  "summary_fg_median": 1794.449951171875,
  "summary_fg_n": 73452.0,
  "summary_fg_p05": 1146.7964782714844,
  "summary_fg_p95": 2694.5090087890626,
  "summary_fg_stdv": 475.7663269042969,
  "tsnr": 54.320752369239926
}