{
  "aor": 0.0036386000000000005,
  "aqi": 0.0041450532,
  "bids_meta": {
    "AcquisitionNumber": 1,
    "AcquisitionTime": "19:46:11.000000",
    "ConversionSoftware": "dcm2niix",
    "ConversionSoftwareVersion": "v1.0.20170724 (OpenJPEG build) GCC6.1.0",
    "DeviceSerialNumber": "000000000000GEHC",
    "EchoTime": 0.04,
    "FlipAngle": 90,
    "ImageType": [
      "ORIGINAL",
      "PRIMARY",
      "EPI",
      "NONE"
    ],
    "InstitutionName": "INSTITUTO_DE_NEUROBIOLOGIA",
    "MagneticFieldStrength": 3,
    "Manufacturer": "GE",
    "ManufacturersModelName": "DISCOVERY_MR750",
    "PhaseEncodingLines": 128,
    "ProcedureStepDescription": "Fibromialgia",
    "ProtocolName": "fMRI_pre2",
    "RepetitionTime": 3,
    "ScanningSequence": "EP_GR",
    "SequenceVariant": "SS",
    "SeriesDescription": "fMRI_pre2",
    "SliceTiming": [
      0.0,
      1.535,
      0.07,
      1.605,
      0.14,
      1.674,
      0.209,
      1.744,
      0.279,
      1.814,
      0.349,
      1.884,
      0.419,
      1.953,
      0.488,
      2.023,
      0.558,
      2.093,
      0.628,
      2.163,
      0.698,
      2.233,
      0.767,
      2.302,
      0.837,
      2.372,
      0.907,
      2.442,
      0.977,
      2.512,
      1.047,
      2.581,
      1.116,
      2.651,
      1.186,
      2.721,
      1.256,
      2.791,
      1.326,
      2.86,
      1.395,
      2.93,
      1.465
    ],
    "SoftwareVersions": "24_LX_MR_Software_release:DV24.0_R01_1344.a",
    "TaskName": "pre-control",
    "dataset": "ds001928",
    "modality": "bold",
    "subject_id": "29",
    "task_id": "rest1"
  },
  "dummy_trs": 0,
  "dvars_nstd": 23.95993479363636,
  "dvars_std": 1.0408669136363635,
  "dvars_vstd": 0.9992731013131312,
  "efc": 0.37614966209444,
  "fber": 26206.365234375,
  "fd_mean": 0.09511848729294083,
  "fd_num": 9,
  "fd_perc": 9.0,
  "fwhm_avg": 2.8799527777777776,
  "fwhm_x": 2.98592,
  "fwhm_y": 3.174895,
  "fwhm_z": 2.4790433333333333,
  "gcor": 0.0156222,
  "gsr_x": -0.007393279112875462,
  "gsr_y": 0.0055129798129200935,
  "provenance": {
    "md5sum": "62eacb0a365e27d14d871941579d691f",
    "settings": {
      "fd_thres": 0.2,
      "testing": false
    },
    "software": "mriqc",
    "version": "21.0.0rc2",
    "webapi_port": null,
    "webapi_url": "https://mriqc.nimh.nih.gov/api/v1"
  },
  "size_t": 100,
  "size_x": 128,
  "size_y": 128,
  "size_z": 43,
  "snr": 3.1917519622109234,
  "spacing_tr": 3.0,
  "spacing_x": 2.0,
  "spacing_y": 2.0,
  "spacing_z": 3.0,
  "summary_bg_k": 75.58564824752672,
  "summary_bg_mad": 16.94614274953358,
  "summary_bg_mean": 50.37828063964844,
  "summary_bg_median": 14.6899995803833,
  "summary_bg_n": 526430.0,
  "summary_bg_p05": 1.3799999952316284,
  "summary_bg_p95": 200.19000244140625,
  "summary_bg_stdv": 152.42066955566406,
  "summary_fg_k": 0.6624797960224877,
  "summary_fg_mad": 661.3888134790058,
  "summary_fg_mean": 2441.908935546875,
  "summary_fg_median": 2341.68994140625,
  "summary_fg_n": 90633.0,
  "summary_fg_p05": 1417.0719970703126,
  "summary_fg_p95": 3799.223974609375,
  "summary_fg_stdv": 733.6651000976562,
  "tsnr": 52.87711032363586
}