{
  "aor": 0.0006866999999999998,
  "aqi": 0.0056559531000000005,
  "bids_meta": {
    "AcquisitionNumber": 1,
    "AcquisitionTime": "19:58:15.000000",
    "ConversionSoftware": "dcm2niix",
    "ConversionSoftwareVersion": "v1.0.20170724 (OpenJPEG build) GCC6.1.0",
    "DeviceSerialNumber": "000000000000GEHC",
    "EchoTime": 0.04,
    "FlipAngle": 90,
    "ImageType": [
      "ORIGINAL",
      "PRIMARY",
      "EPI",
      "NONE"
    ],
    "InstitutionName": "INSTITUTO_DE_NEUROBIOLOGIA",
    "MagneticFieldStrength": 3,
    "Manufacturer": "GE",
    "ManufacturersModelName": "DISCOVERY_MR750",
    "PhaseEncodingLines": 128,
    "ProcedureStepDescription": "Fibromialgia",
    "ProtocolName": "fMRI_post2",
    "RepetitionTime": 3,
    "ScanningSequence": "EP_GR",
    "SequenceVariant": "SS",
    "SeriesDescription": "fMRI_post2",
    "SliceTiming": [
      0.0,
      1.535,
      0.07,
      1.605,
      0.14,
      1.674,
      0.209,
      1.744,
      0.279,
      1.814,
      0.349,
      1.884,
      0.419,
      1.953,
      0.488,
      2.023,
      0.558,
      2.093,
      0.628,
      2.163,
      0.698,
      2.233,
      0.767,
      2.302,
      0.837,
      2.372,
      0.907,
      2.442,
      0.977,
      2.512,
      1.047,
      2.581,
      1.116,
      2.651,
      1.186,
      2.721,
      1.256,
      2.791,
      1.326,
      2.86,
      1.395,
      2.93,
      1.465
    ],
    "SoftwareVersions": "24_LX_MR_Software_release:DV24.0_R01_1344.a",
    "TaskName": "post-control",
    "dataset": "ds001928",
    "modality": "bold",
    "subject_id": "29",
    "task_id": "rest2"
  },
  "dummy_trs": 0,
  "dvars_nstd": 22.461466143737375,
  "dvars_std": 0.9360789892929298,
  "dvars_vstd": 0.9237784508080811,
  "efc": 0.37617350999563204,
  "fber": 26113.15625,
  "fd_mean": 0.06354858256651964,
  "fd_num": 3,
  "fd_perc": 3.0,
  "fwhm_avg": 2.8736055555555553,
  "fwhm_x": 2.98403,
  "fwhm_y": 3.16034,
  "fwhm_z": 2.4764466666666665,
  "gcor": 0.00842961,
  "gsr_x": -0.007633166387677193,
  "gsr_y": 0.00523833092302084,
  "provenance": {
    "md5sum": "0b65402e7fe6ca00865d4921cc5353ee",
    "settings": {
      "fd_thres": 0.2,
      "testing": false
    },
    "software": "mriqc",
    "version": "21.0.0rc2",
    "webapi_port": null,
    "webapi_url": "https://mriqc.nimh.nih.gov/api/v1"
  },
  "size_t": 100,
  "size_x": 128,
  "size_y": 128,
  "size_z": 43,
  "snr": 3.2074787301887238,
  "spacing_tr": 3.0,
  "spacing_x": 2.0,
  "spacing_y": 2.0,
  "spacing_z": 3.0,
  "summary_bg_k": 75.43817905975986,
  "summary_bg_mad": 17.005447488676843,
  "summary_bg_mean": 50.97287368774414,
  "summary_bg_median": 14.75,
  "summary_bg_n": 526752.0,
  "summary_bg_p05": 1.350000023841858,
  "summary_bg_p95": 204.99449462890578,
  "summary_bg_stdv": 153.91116333007812,
  "summary_fg_k": 0.6653961573714309,
  "summary_fg_mad": 662.3080196152106,
  "summary_fg_mean": 2449.327392578125,
  "summary_fg_median": 2349.89501953125,
  "summary_fg_n": 90532.0,
  "summary_fg_p05": 1424.2929748535157,
  "summary_fg_p95": 3801.994494628906,
  "summary_fg_stdv": 732.6259155273438,
  "tsnr": 51.14379395265132
}