{
  "bids_meta": {
    "AcquisitionNumber": 1,
    "AcquisitionTime": "15:20:48.000000",
    "ConversionSoftware": "dcm2niix",
    "ConversionSoftwareVersion": "v1.0.20170724 (OpenJPEG build) GCC6.1.0",
    "DeviceSerialNumber": "000000000000GEHC",
    "EchoTime": 0.003184,
    "FlipAngle": 12,
    "ImageType": [
      "ORIGINAL",
      "PRIMARY",
      "OTHER"
    ],
    "InstitutionName": "INSTITUTO_DE_NEUROBIOLOGIA",
    "InversionTime": 0.45,
    "MagneticFieldStrength": 3,
    "Manufacturer": "GE",
    "ManufacturersModelName": "DISCOVERY_MR750",
    "PhaseEncodingLines": 256,
    "ProcedureStepDescription": "Fibromialgia",
    "ProtocolName": "Sag_T1_FSPGR_BRAVO",
    "RepetitionTime": 0.008164,
    "ScanningSequence": "GR",
    "SequenceVariant": "SS_SK",
    "SeriesDescription": "Sag_T1_FSPGR_BRAVO",
    "SoftwareVersions": "24_LX_MR_Software_release:DV24.0_R01_1344.a",
    "dataset": "ds001928",
    "modality": "T1w",
    "subject_id": "26"
  },
  "cjv": 0.41280998216303905,
  "cnr": 1.721453753407848,
  "efc": 0.858415547645157,
  "fber": 41.808677673339844,
  "fwhm_avg": 3.2117242199083336,
  "fwhm_x": 3.116472659725001,
  "fwhm_y": 3.42293,
  "fwhm_z": 3.09577,
  "icvs_csf": 0.1978856253058793,
  "icvs_gm": 0.41975986636333434,
  "icvs_wm": 0.3823545083307863,
  "inu_med": 0.9324454069137573,
  "inu_range": 0.06178371906280522,
  "provenance": {
    "md5sum": "9066c8148e3a0af9284a9a44d29edb57",
    "settings": {
      "testing": false
    },
    "software": "mriqc",
    "version": "21.0.0rc2",
    "warnings": {
      "large_rot_frame": true,
      "small_air_mask": true
    },
    "webapi_port": null,
    "webapi_url": "https://mriqc.nimh.nih.gov/api/v1"
  },
  "qi_1": 0.0,
  "qi_2": 0.0,
  "rpve_csf": 17.043109450719072,
  "rpve_gm": 8.436642513428827,
  "rpve_wm": 11.068550729900501,
  "size_x": 156,
  "size_y": 217,
  "size_z": 182,
  "snr_csf": 3.2490482126189706,
  "snr_gm": 12.025604354793428,
  "snr_total": 12.324696638457459,
  "snr_wm": 21.69943734795998,
  "snrd_csf": 2.0157046103497422,
  "snrd_gm": 4.704647227022596,
  "snrd_total": 4.340340448782643,
  "snrd_wm": 6.300669508975591,
  "spacing_x": 1.100000023841858,
  "spacing_y": 1.0,
  "spacing_z": 1.0,
  "summary_bg_k": 0.0,
  "summary_bg_mad": 103.97984761554096,
  "summary_bg_mean": 0.0,
  "summary_bg_median": 0.0,
  "summary_bg_n": 208952.0,
  "summary_bg_p05": 0.0,
  "summary_bg_p95": 0.0,
  "summary_bg_stdv": 125.19669946246302,
  "summary_csf_k": 1.5024709035926103,
  "summary_csf_mad": 72.34662660371474,
  "summary_csf_mean": 345.2128601074219,
  "summary_csf_median": 319.92218017578125,
  "summary_csf_n": 23553.0,
  "summary_csf_p05": 229.01529846191406,
  "summary_csf_p95": 547.7375732421875,
  "summary_csf_stdv": 98.46434020996094,
  "summary_gm_k": 0.16962369761195317,
  "summary_gm_mad": 59.71274545523697,
  "summary_gm_mean": 747.6333618164062,
  "summary_gm_median": 746.6972045898438,
  "summary_gm_n": 16024.0,
  "summary_gm_p05": 646.2447723388672,
  "summary_gm_p95": 853.6182708740234,
  "summary_gm_stdv": 62.0903434753418,
  "summary_wm_k": 0.48282760584375994,
  "summary_wm_mad": 44.85713275959433,
  "summary_wm_mean": 1002.4733276367188,
  "summary_wm_median": 1000.0095825195312,
  "summary_wm_n": 169375.0,
  "summary_wm_p05": 932.0089477539062,
  "summary_wm_p95": 1081.7120239257813,
  "summary_wm_stdv": 46.084449768066406,
  "tpm_overlap_csf": 0.1762588769197464,
  "tpm_overlap_gm": 0.43053138256073,
  "tpm_overlap_wm": 0.4865298867225647,
  "wm2max": 0.5628710211092395
}