{
  "aor": 0.0010531999999999998,
  "aqi": 0.0032888779000000003,
  "bids_meta": {
    "AcquisitionNumber": 1,
    "AcquisitionTime": "18:42:22.000000",
    "ConversionSoftware": "dcm2niix",
    "ConversionSoftwareVersion": "v1.0.20170724 (OpenJPEG build) GCC6.1.0",
    "DeviceSerialNumber": "000000000000GEHC",
    "EchoTime": 0.04,
    "FlipAngle": 90,
    "ImageType": [
      "ORIGINAL",
      "PRIMARY",
      "EPI",
      "NONE"
    ],
    "InstitutionName": "INSTITUTO_DE_NEUROBIOLOGIA",
    "MagneticFieldStrength": 3,
    "Manufacturer": "GE",
    "ManufacturersModelName": "DISCOVERY_MR750",
    "PhaseEncodingLines": 128,
    "ProcedureStepDescription": "Fibromialgia",
    "ProtocolName": "fMRI_pre2",
    "RepetitionTime": 3,
    "ScanningSequence": "EP_GR",
    "SequenceVariant": "SS",
    "SeriesDescription": "fMRI_pre2",
    "SliceTiming": [
      0.0,
      1.535,
      0.07,
      1.605,
      0.14,
      1.674,
      0.209,
      1.744,
      0.279,
      1.814,
      0.349,
      1.884,
      0.419,
      1.953,
      0.488,
      2.023,
      0.558,
      2.093,
      0.628,
      2.163,
      0.698,
      2.233,
      0.767,
      2.302,
      0.837,
      2.372,
      0.907,
      2.442,
      0.977,
      2.512,
      1.047,
      2.581,
      1.116,
      2.651,
      1.186,
      2.721,
      1.256,
      2.791,
      1.326,
      2.86,
      1.395,
      2.93,
      1.465
    ],
    "SoftwareVersions": "24_LX_MR_Software_release:DV24.0_R01_1344.a",
    "TaskName": "pre-control",
    "dataset": "ds001928",
    "modality": "bold",
    "subject_id": "32",
    "task_id": "rest1"
  },
  "dummy_trs": 0,
  "dvars_nstd": 25.749596084545455,
  "dvars_std": 1.0941566019191924,
  "dvars_vstd": 0.9831061773737382,
  "efc": 0.3755086633444664,
  "fber": 18861.736328125,
  "fd_mean": 0.057043376289826885,
  "fd_num": 0,
  "fd_perc": 0.0,
  "fwhm_avg": 3.409358888888889,
  "fwhm_x": 3.59323,
  "fwhm_y": 3.832,
  "fwhm_z": 2.802846666666667,
  "gcor": 0.0126096,
  "gsr_x": -0.012338894419372082,
  "gsr_y": 0.007855876348912716,
  "provenance": {
    "md5sum": "9af50c76e700bb7dfad15bf13db4ecc8",
    "settings": {
      "fd_thres": 0.2,
      "testing": false
    },
    "software": "mriqc",
    "version": "21.0.0rc2",
    "webapi_port": null,
    "webapi_url": "https://mriqc.nimh.nih.gov/api/v1"
  },
  "size_t": 100,
  "size_x": 128,
  "size_y": 128,
  "size_z": 43,
  "snr": 2.748939687311046,
  "spacing_tr": 3.0,
  "spacing_x": 2.0,
  "spacing_y": 2.0,
  "spacing_z": 3.0,
  "summary_bg_k": 101.98775264902584,
  "summary_bg_mad": 21.794251622288588,
  "summary_bg_mean": 59.295265197753906,
  "summary_bg_median": 18.1299991607666,
  "summary_bg_n": 526029.0,
  "summary_bg_p05": 1.0299999713897705,
  "summary_bg_p95": 255.19599304199195,
  "summary_bg_stdv": 172.45187377929688,
  "summary_fg_k": 1.934679010861415,
  "summary_fg_mad": 754.7482317426917,
  "summary_fg_mean": 2637.193359375,
  "summary_fg_median": 2478.449951171875,
  "summary_fg_n": 89269.0,
  "summary_fg_p05": 1445.9359375,
  "summary_fg_p95": 4333.769921874999,
  "summary_fg_stdv": 901.5971069335938,
  "tsnr": 59.522946001496166
}