{
  "aor": 0.0009242,
  "aqi": 0.0029454489000000006,
  "bids_meta": {
    "AcquisitionNumber": 1,
    "AcquisitionTime": "18:55:24.000000",
    "ConversionSoftware": "dcm2niix",
    "ConversionSoftwareVersion": "v1.0.20170724 (OpenJPEG build) GCC6.1.0",
    "DeviceSerialNumber": "000000000000GEHC",
    "EchoTime": 0.04,
    "FlipAngle": 90,
    "ImageType": [
      "ORIGINAL",
      "PRIMARY",
      "EPI",
      "NONE"
    ],
    "InstitutionName": "INSTITUTO_DE_NEUROBIOLOGIA",
    "MagneticFieldStrength": 3,
    "Manufacturer": "GE",
    "ManufacturersModelName": "DISCOVERY_MR750",
    "PhaseEncodingLines": 128,
    "ProcedureStepDescription": "Fibromialgia",
    "ProtocolName": "fMRI_post2",
    "RepetitionTime": 3,
    "ScanningSequence": "EP_GR",
    "SequenceVariant": "SS",
    "SeriesDescription": "fMRI_post2",
    "SliceTiming": [
      0.0,
      1.535,
      0.07,
      1.605,
      0.14,
      1.674,
      0.209,
      1.744,
      0.279,
      1.814,
      0.349,
      1.884,
      0.419,
      1.953,
      0.488,
      2.023,
      0.558,
      2.093,
      0.628,
      2.163,
      0.698,
      2.233,
      0.767,
      2.302,
      0.837,
      2.372,
      0.907,
      2.442,
      0.977,
      2.512,
      1.047,
      2.581,
      1.116,
      2.651,
      1.186,
      2.721,
      1.256,
      2.791,
      1.326,
      2.86,
      1.395,
      2.93,
      1.465
    ],
    "SoftwareVersions": "24_LX_MR_Software_release:DV24.0_R01_1344.a",
    "TaskName": "post-control",
    "dataset": "ds001928",
    "modality": "bold",
    "subject_id": "32",
    "task_id": "rest2"
  },
  "dummy_trs": 0,
  "dvars_nstd": 26.371158176161618,
  "dvars_std": 1.1011151406060609,
  "dvars_vstd": 0.9903884077777778,
  "efc": 0.3756628106478233,
  "fber": 18419.60546875,
  "fd_mean": 0.050078185942028036,
  "fd_num": 0,
  "fd_perc": 0.0,
  "fwhm_avg": 3.4083872222222222,
  "fwhm_x": 3.59757,
  "fwhm_y": 3.801205,
  "fwhm_z": 2.8263866666666666,
  "gcor": 0.0137499,
  "gsr_x": -0.01224208902567625,
  "gsr_y": 0.008079350925981998,
  "provenance": {
    "md5sum": "aa963491af472bd03ecc3c5e532195e5",
    "settings": {
      "fd_thres": 0.2,
      "testing": false
    },
    "software": "mriqc",
    "version": "21.0.0rc2",
    "webapi_port": null,
    "webapi_url": "https://mriqc.nimh.nih.gov/api/v1"
  },
  "size_t": 100,
  "size_x": 128,
  "size_y": 128,
  "size_z": 43,
  "snr": 2.7421591334111723,
  "spacing_tr": 3.0,
  "spacing_x": 2.0,
  "spacing_y": 2.0,
  "spacing_z": 3.0,
  "summary_bg_k": 106.05282296500414,
  "summary_bg_mad": 22.0611208275538,
  "summary_bg_mean": 59.3480224609375,
  "summary_bg_median": 18.31999969482422,
  "summary_bg_n": 526048.0,
  "summary_bg_p05": 1.1899999380111694,
  "summary_bg_p95": 254.7864952087399,
  "summary_bg_stdv": 171.0021514892578,
  "summary_fg_k": 1.9432276378995992,
  "summary_fg_mad": 756.038088433523,
  "summary_fg_mean": 2633.685302734375,
  "summary_fg_median": 2475.89990234375,
  "summary_fg_n": 89101.0,
  "summary_fg_p05": 1442.3399658203125,
  "summary_fg_p95": 4340.5498046875,
  "summary_fg_stdv": 902.8965454101562,
  "tsnr": 62.14410027908161
}