{
  "aor": 0.0029697,
  "aqi": 0.008120632799999998,
  "bids_meta": {
    "AcquisitionNumber": 1,
    "AcquisitionTime": "19:24:0.000000",
    "ConversionSoftware": "dcm2niix",
    "ConversionSoftwareVersion": "v1.0.20170724 (OpenJPEG build) GCC6.1.0",
    "DeviceSerialNumber": "000000000000GEHC",
    "EchoTime": 0.04,
    "FlipAngle": 90,
    "ImageType": [
      "ORIGINAL",
      "PRIMARY",
      "EPI",
      "NONE"
    ],
    "InstitutionName": "INSTITUTO_DE_NEUROBIOLOGIA",
    "MagneticFieldStrength": 3,
    "Manufacturer": "GE",
    "ManufacturersModelName": "DISCOVERY_MR750",
    "PhaseEncodingLines": 128,
    "ProcedureStepDescription": "Fibromialgia",
    "ProtocolName": "fMRI_post2",
    "RepetitionTime": 3,
    "ScanningSequence": "EP_GR",
    "SequenceVariant": "SS",
    "SeriesDescription": "fMRI_post2",
    "SliceTiming": [
      0.0,
      1.535,
      0.07,
      1.605,
      0.14,
      1.674,
      0.209,
      1.744,
      0.279,
      1.814,
      0.349,
      1.884,
      0.419,
      1.953,
      0.488,
      2.023,
      0.558,
      2.093,
      0.628,
      2.163,
      0.698,
      2.233,
      0.767,
      2.302,
      0.837,
      2.372,
      0.907,
      2.442,
      0.977,
      2.512,
      1.047,
      2.581,
      1.116,
      2.651,
      1.186,
      2.721,
      1.256,
      2.791,
      1.326,
      2.86,
      1.395,
      2.93,
      1.465
    ],
    "SoftwareVersions": "23_LX_MR_Software_release:DV22.0_V01_1040.a",
    "TaskName": "post-control",
    "dataset": "ds001928",
    "modality": "bold",
    "subject_id": "05",
    "task_id": "rest2"
  },
  "dummy_trs": 0,
  "dvars_nstd": 26.709078123636356,
  "dvars_std": 1.0174677660606062,
  "dvars_vstd": 0.9780220008080808,
  "efc": 0.3833597207575354,
  "fber": 42732.12890625,
  "fd_mean": 0.12184662093755859,
  "fd_num": 11,
  "fd_perc": 11.0,
  "fwhm_avg": 2.694351111111111,
  "fwhm_x": 2.80701,
  "fwhm_y": 3.04666,
  "fwhm_z": 2.2293833333333333,
  "gcor": 0.0217024,
  "gsr_x": -0.0129314623773098,
  "gsr_y": 0.0030556211713701487,
  "provenance": {
    "md5sum": "495ba62651c57374adebca7822c277ed",
    "settings": {
      "fd_thres": 0.2,
      "testing": false
    },
    "software": "mriqc",
    "version": "21.0.0rc2",
    "webapi_port": null,
    "webapi_url": "https://mriqc.nimh.nih.gov/api/v1"
  },
  "size_t": 100,
  "size_x": 128,
  "size_y": 128,
  "size_z": 43,
  "snr": 3.706812962363812,
  "spacing_tr": 3.0,
  "spacing_x": 2.0,
  "spacing_y": 2.0,
  "spacing_z": 3.0,
  "summary_bg_k": 76.20143893292835,
  "summary_bg_mad": 18.2360073052929,
  "summary_bg_mean": 69.43505859375,
  "summary_bg_median": 12.5,
  "summary_bg_n": 534016.0,
  "summary_bg_p05": 0.05999999865889549,
  "summary_bg_p95": 327.6050033569336,
  "summary_bg_stdv": 199.27687072753906,
  "summary_fg_k": 0.4992839030909275,
  "summary_fg_mad": 593.181781668245,
  "summary_fg_mean": 2484.146484375,
  "summary_fg_median": 2418.4248046875,
  "summary_fg_n": 85214.0,
  "summary_fg_p05": 1519.5364135742188,
  "summary_fg_p95": 3648.7635131835937,
  "summary_fg_stdv": 652.4231567382812,
  "tsnr": 47.3109939788701
}