{
  "aor": 0.0029269,
  "aqi": 0.0045733195999999995,
  "bids_meta": {
    "AcquisitionNumber": 1,
    "AcquisitionTime": "13:51:51.000000",
    "ConversionSoftware": "dcm2niix",
    "ConversionSoftwareVersion": "v1.0.20170724 (OpenJPEG build) GCC6.1.0",
    "DeviceSerialNumber": "000000000000GEHC",
    "EchoTime": 0.04,
    "FlipAngle": 90,
    "ImageType": [
      "ORIGINAL",
      "PRIMARY",
      "EPI",
      "NONE"
    ],
    "InstitutionName": "INSTITUTO_DE_NEUROBIOLOGIA",
    "MagneticFieldStrength": 3,
    "Manufacturer": "GE",
    "ManufacturersModelName": "DISCOVERY_MR750",
    "PhaseEncodingLines": 128,
    "ProcedureStepDescription": "Fibromialgia",
    "ProtocolName": "fMRI_pre1",
    "RepetitionTime": 3,
    "ScanningSequence": "EP_GR",
    "SequenceVariant": "SS",
    "SeriesDescription": "fMRI_pre1",
    "SliceTiming": [
      0.0,
      1.535,
      0.07,
      1.605,
      0.14,
      1.674,
      0.209,
      1.744,
      0.279,
      1.814,
      0.349,
      1.884,
      0.419,
      1.953,
      0.488,
      2.023,
      0.558,
      2.093,
      0.628,
      2.163,
      0.698,
      2.233,
      0.767,
      2.302,
      0.837,
      2.372,
      0.907,
      2.442,
      0.977,
      2.512,
      1.047,
      2.581,
      1.116,
      2.651,
      1.186,
      2.721,
      1.256,
      2.791,
      1.326,
      2.86,
      1.395,
      2.93,
      1.465
    ],
    "SoftwareVersions": "24_LX_MR_Software_release:DV24.0_R01_1344.a",
    "TaskName": "pre-control",
    "dataset": "ds001928",
    "modality": "bold",
    "subject_id": "34",
    "task_id": "rest1"
  },
  "dummy_trs": 0,
  "dvars_nstd": 29.369340972929297,
  "dvars_std": 1.1480576826262627,
  "dvars_vstd": 1.0184263534343432,
  "efc": 0.35345661279876794,
  "fber": 21749.6796875,
  "fd_mean": 0.11768151148354235,
  "fd_num": 14,
  "fd_perc": 14.0,
  "fwhm_avg": 3.0492600000000003,
  "fwhm_x": 3.18611,
  "fwhm_y": 3.41371,
  "fwhm_z": 2.5479600000000002,
  "gcor": 0.0264482,
  "gsr_x": -0.020878866314888,
  "gsr_y": 0.01040367130190134,
  "provenance": {
    "md5sum": "aaa6755f573bc6fd614b6ab03691dd91",
    "settings": {
      "fd_thres": 0.2,
      "testing": false
    },
    "software": "mriqc",
    "version": "21.0.0rc2",
    "webapi_port": null,
    "webapi_url": "https://mriqc.nimh.nih.gov/api/v1"
  },
  "size_t": 100,
  "size_x": 128,
  "size_y": 128,
  "size_z": 43,
  "snr": 3.3037076214426118,
  "spacing_tr": 3.0,
  "spacing_x": 2.0,
  "spacing_y": 2.0,
  "spacing_z": 3.0,
  "summary_bg_k": 171.58376348678465,
  "summary_bg_mad": 18.873525562894876,
  "summary_bg_mean": 56.155426025390625,
  "summary_bg_median": 16.739999771118164,
  "summary_bg_n": 545681.0,
  "summary_bg_p05": 2.0199999809265137,
  "summary_bg_p95": 234.5800018310547,
  "summary_bg_stdv": 169.36827087402344,
  "summary_fg_k": 1.3697088851852461,
  "summary_fg_mad": 602.6332803203602,
  "summary_fg_mean": 2561.10107421875,
  "summary_fg_median": 2437.619873046875,
  "summary_fg_n": 73471.0,
  "summary_fg_p05": 1557.969970703125,
  "summary_fg_p95": 3953.8848876953125,
  "summary_fg_stdv": 737.8386840820312,
  "tsnr": 59.94545087451115
}