{
  "aor": 0.0029197,
  "aqi": 0.0049092533,
  "bids_meta": {
    "AcquisitionNumber": 1,
    "AcquisitionTime": "14:26:46.000000",
    "ConversionSoftware": "dcm2niix",
    "ConversionSoftwareVersion": "v1.0.20170724 (OpenJPEG build) GCC6.1.0",
    "DeviceSerialNumber": "000000000000GEHC",
    "EchoTime": 0.04,
    "FlipAngle": 90,
    "ImageType": [
      "ORIGINAL",
      "PRIMARY",
      "EPI",
      "NONE"
    ],
    "InstitutionName": "INSTITUTO_DE_NEUROBIOLOGIA",
    "MagneticFieldStrength": 3,
    "Manufacturer": "GE",
    "ManufacturersModelName": "DISCOVERY_MR750",
    "PhaseEncodingLines": 128,
    "ProcedureStepDescription": "Fibromialgia",
    "ProtocolName": "fMRI_pre2",
    "RepetitionTime": 3,
    "ScanningSequence": "EP_GR",
    "SequenceVariant": "SS",
    "SeriesDescription": "fMRI_pre2",
    "SliceTiming": [
      0.0,
      1.535,
      0.07,
      1.605,
      0.14,
      1.674,
      0.209,
      1.744,
      0.279,
      1.814,
      0.349,
      1.884,
      0.419,
      1.953,
      0.488,
      2.023,
      0.558,
      2.093,
      0.628,
      2.163,
      0.698,
      2.233,
      0.767,
      2.302,
      0.837,
      2.372,
      0.907,
      2.442,
      0.977,
      2.512,
      1.047,
      2.581,
      1.116,
      2.651,
      1.186,
      2.721,
      1.256,
      2.791,
      1.326,
      2.86,
      1.395,
      2.93,
      1.465
    ],
    "SoftwareVersions": "24_LX_MR_Software_release:DV24.0_R01_1344.a",
    "TaskName": "pre-music",
    "dataset": "ds001928",
    "modality": "bold",
    "subject_id": "34",
    "task_id": "rest3"
  },
  "dummy_trs": 0,
  "dvars_nstd": 27.204080620000003,
  "dvars_std": 1.08950340969697,
  "dvars_vstd": 1.0097395865656567,
  "efc": 0.3533637053503742,
  "fber": 21002.671875,
  "fd_mean": 0.1471506592784623,
  "fd_num": 17,
  "fd_perc": 17.0,
  "fwhm_avg": 3.1031155555555556,
  "fwhm_x": 3.261905,
  "fwhm_y": 3.430945,
  "fwhm_z": 2.616496666666667,
  "gcor": 0.0262208,
  "gsr_x": -0.02152230218052864,
  "gsr_y": 0.010197717696428299,
  "provenance": {
    "md5sum": "3dd415aa4fc6f9c73cef191b94b37e38",
    "settings": {
      "fd_thres": 0.2,
      "testing": false
    },
    "software": "mriqc",
    "version": "21.0.0rc2",
    "webapi_port": null,
    "webapi_url": "https://mriqc.nimh.nih.gov/api/v1"
  },
  "size_t": 100,
  "size_x": 128,
  "size_y": 128,
  "size_z": 43,
  "snr": 3.1603578463038846,
  "spacing_tr": 3.0,
  "spacing_x": 2.0,
  "spacing_y": 2.0,
  "spacing_z": 3.0,
  "summary_bg_k": 159.89712046868988,
  "summary_bg_mad": 19.095915330102855,
  "summary_bg_mean": 59.2091178894043,
  "summary_bg_median": 16.90999984741211,
  "summary_bg_n": 546681.0,
  "summary_bg_p05": 1.959999918937683,
  "summary_bg_p95": 253.6899871826172,
  "summary_bg_stdv": 178.71754455566406,
  "summary_fg_k": 1.5043880345746032,
  "summary_fg_mad": 615.4133042046097,
  "summary_fg_mean": 2566.287109375,
  "summary_fg_median": 2427.669921875,
  "summary_fg_n": 72857.0,
  "summary_fg_p05": 1550.0059326171875,
  "summary_fg_p95": 4042.631884765625,
  "summary_fg_stdv": 768.15771484375,
  "tsnr": 56.21894289669581
}