{
  "aor": 0.006788499999999999,
  "aqi": 0.0055873904,
  "bids_meta": {
    "AcquisitionNumber": 1,
    "AcquisitionTime": "14:40:15.000000",
    "ConversionSoftware": "dcm2niix",
    "ConversionSoftwareVersion": "v1.0.20170724 (OpenJPEG build) GCC6.1.0",
    "DeviceSerialNumber": "000000000000GEHC",
    "EchoTime": 0.04,
    "FlipAngle": 90,
    "ImageType": [
      "ORIGINAL",
      "PRIMARY",
      "EPI",
      "NONE"
    ],
    "InstitutionName": "INSTITUTO_DE_NEUROBIOLOGIA",
    "MagneticFieldStrength": 3,
    "Manufacturer": "GE",
    "ManufacturersModelName": "DISCOVERY_MR750",
    "PhaseEncodingLines": 128,
    "ProcedureStepDescription": "Fibromialgia",
    "ProtocolName": "fMRI_post2",
    "RepetitionTime": 3,
    "ScanningSequence": "EP_GR",
    "SequenceVariant": "SS",
    "SeriesDescription": "fMRI_post2",
    "SliceTiming": [
      0.0,
      1.535,
      0.07,
      1.605,
      0.14,
      1.674,
      0.209,
      1.744,
      0.279,
      1.814,
      0.349,
      1.884,
      0.419,
      1.953,
      0.488,
      2.023,
      0.558,
      2.093,
      0.628,
      2.163,
      0.698,
      2.233,
      0.767,
      2.302,
      0.837,
      2.372,
      0.907,
      2.442,
      0.977,
      2.512,
      1.047,
      2.581,
      1.116,
      2.651,
      1.186,
      2.721,
      1.256,
      2.791,
      1.326,
      2.86,
      1.395,
      2.93,
      1.465
    ],
    "SoftwareVersions": "24_LX_MR_Software_release:DV24.0_R01_1344.a",
    "TaskName": "post-music",
    "dataset": "ds001928",
    "modality": "bold",
    "subject_id": "34",
    "task_id": "rest4"
  },
  "dummy_trs": 0,
  "dvars_nstd": 29.496087546464654,
  "dvars_std": 1.1460203690909092,
  "dvars_vstd": 1.0428024169696968,
  "efc": 0.3532556121460584,
  "fber": 20996.611328125,
  "fd_mean": 0.20652760603945977,
  "fd_num": 35,
  "fd_perc": 35.0,
  "fwhm_avg": 3.1441111111111106,
  "fwhm_x": 3.277865,
  "fwhm_y": 3.476955,
  "fwhm_z": 2.677513333333333,
  "gcor": 0.0345648,
  "gsr_x": -0.021229252219200134,
  "gsr_y": 0.013315572403371334,
  "provenance": {
    "md5sum": "3b3367d1f68d95919423c0ce2c76f935",
    "settings": {
      "fd_thres": 0.2,
      "testing": false
    },
    "software": "mriqc",
    "version": "21.0.0rc2",
    "webapi_port": null,
    "webapi_url": "https://mriqc.nimh.nih.gov/api/v1"
  },
  "size_t": 100,
  "size_x": 128,
  "size_y": 128,
  "size_z": 43,
  "snr": 3.072008636209414,
  "spacing_tr": 3.0,
  "spacing_x": 2.0,
  "spacing_y": 2.0,
  "spacing_z": 3.0,
  "summary_bg_k": 183.0247861239791,
  "summary_bg_mad": 19.199697739903787,
  "summary_bg_mean": 60.58262252807617,
  "summary_bg_median": 16.969999313354492,
  "summary_bg_n": 546774.0,
  "summary_bg_p05": 1.9900000095367432,
  "summary_bg_p95": 261.4769973754878,
  "summary_bg_stdv": 186.62744140625,
  "summary_fg_k": 1.3394522908863582,
  "summary_fg_mad": 636.9555578751081,
  "summary_fg_mean": 2585.650634765625,
  "summary_fg_median": 2430.239990234375,
  "summary_fg_n": 73219.0,
  "summary_fg_p05": 1571.1199951171875,
  "summary_fg_p95": 4138.211962890625,
  "summary_fg_stdv": 791.0861206054688,
  "tsnr": 53.093519380432554
}