{
  "bids_meta": {
    "AcquisitionNumber": 1,
    "AcquisitionTime": "20:16:31.000000",
    "ConversionSoftware": "dcm2niix",
    "ConversionSoftwareVersion": "v1.0.20170724 (OpenJPEG build) GCC6.1.0",
    "DeviceSerialNumber": "000000000000GEHC",
    "EchoTime": 0.003184,
    "FlipAngle": 12,
    "ImageType": [
      "ORIGINAL",
      "PRIMARY",
      "OTHER"
    ],
    "InstitutionName": "INSTITUTO_DE_NEUROBIOLOGIA",
    "InversionTime": 0.45,
    "MagneticFieldStrength": 3,
    "Manufacturer": "GE",
    "ManufacturersModelName": "DISCOVERY_MR750",
    "PhaseEncodingLines": 256,
    "ProcedureStepDescription": "Fibromialgia",
    "ProtocolName": "Sag_T1_FSPGR_BRAVO",
    "RepetitionTime": 0.008164,
    "ScanningSequence": "GR",
    "SequenceVariant": "SS_SK",
    "SeriesDescription": "Sag_T1_FSPGR_BRAVO",
    "SoftwareVersions": "23_LX_MR_Software_release:DV22.0_V01_1040.a",
    "dataset": "ds001928",
    "modality": "T1w",
    "subject_id": "06"
  },
  "cjv": 0.4885193075553775,
  "cnr": 1.3555720012224668,
  "efc": 0.8362289177342496,
  "fber": 15.050690650939941,
  "fwhm_avg": 3.1093305843278007,
  "fwhm_x": 3.008081752983402,
  "fwhm_y": 3.27023,
  "fwhm_z": 3.04968,
  "icvs_csf": 0.2088298645684665,
  "icvs_gm": 0.3885180795115815,
  "icvs_wm": 0.402652055919952,
  "inu_med": 1.2840356826782227,
  "inu_range": 0.2180375516414641,
  "provenance": {
    "md5sum": "f6b9ae9f5adda69b03e21ba45b64f252",
    "settings": {
      "testing": false
    },
    "software": "mriqc",
    "version": "21.0.0rc2",
    "warnings": {
      "large_rot_frame": true,
      "small_air_mask": true
    },
    "webapi_port": null,
    "webapi_url": "https://mriqc.nimh.nih.gov/api/v1"
  },
  "qi_1": 0.0,
  "qi_2": 0.0,
  "rpve_csf": 15.217838184882428,
  "rpve_gm": 8.01842228414301,
  "rpve_wm": 9.622387053270398,
  "size_x": 155,
  "size_y": 204,
  "size_z": 170,
  "snr_csf": 3.7752392411889812,
  "snr_gm": 11.790502424185657,
  "snr_total": 11.143472362031181,
  "snr_wm": 17.864675420718903,
  "snrd_csf": 2.0005891903220268,
  "snrd_gm": 3.366839886136295,
  "snrd_total": 3.2508830900117505,
  "snrd_wm": 4.385220193576928,
  "spacing_x": 1.100000023841858,
  "spacing_y": 1.0,
  "spacing_z": 1.0,
  "summary_bg_k": 0.0,
  "summary_bg_mad": 149.40012659679246,
  "summary_bg_mean": 0.0,
  "summary_bg_median": 0.0,
  "summary_bg_n": 193408.0,
  "summary_bg_p05": 0.0,
  "summary_bg_p95": 0.0,
  "summary_bg_stdv": 148.24565528788636,
  "summary_csf_k": -0.40076829195962027,
  "summary_csf_mad": 125.80828620666824,
  "summary_csf_mean": 447.4148864746094,
  "summary_csf_median": 456.2229919433594,
  "summary_csf_n": 24916.0,
  "summary_csf_p05": 243.96996307373047,
  "summary_csf_p95": 636.0480651855469,
  "summary_csf_stdv": 120.84368896484375,
  "summary_gm_k": 0.3546425333568948,
  "summary_gm_mad": 62.065779237451395,
  "summary_gm_mean": 769.3838500976562,
  "summary_gm_median": 767.7886962890625,
  "summary_gm_n": 9866.0,
  "summary_gm_p05": 664.8672790527344,
  "summary_gm_p95": 880.2927703857422,
  "summary_gm_stdv": 65.11595153808594,
  "summary_wm_k": 1.287383545647761,
  "summary_wm_mad": 51.38591243255889,
  "summary_wm_mean": 1006.1329956054688,
  "summary_wm_median": 1000.0245361328125,
  "summary_wm_n": 158626.0,
  "summary_wm_p05": 926.2371215820312,
  "summary_wm_p95": 1107.4264831542969,
  "summary_wm_stdv": 55.97758483886719,
  "tpm_overlap_csf": 0.164393812417984,
  "tpm_overlap_gm": 0.42544540762901306,
  "tpm_overlap_wm": 0.48715224862098694,
  "wm2max": 0.3667175183622551
}