{
  "aor": 0.0010724,
  "aqi": 0.0023057238,
  "bids_meta": {
    "AcquisitionNumber": 1,
    "AcquisitionTime": "18:54:7.000000",
    "ConversionSoftware": "dcm2niix",
    "ConversionSoftwareVersion": "v1.0.20170724 (OpenJPEG build) GCC6.1.0",
    "DeviceSerialNumber": "000000000000GEHC",
    "EchoTime": 0.04,
    "FlipAngle": 90,
    "ImageType": [
      "ORIGINAL",
      "PRIMARY",
      "EPI",
      "NONE"
    ],
    "InstitutionName": "INSTITUTO_DE_NEUROBIOLOGIA",
    "MagneticFieldStrength": 3,
    "Manufacturer": "GE",
    "ManufacturersModelName": "DISCOVERY_MR750",
    "PhaseEncodingLines": 128,
    "ProcedureStepDescription": "Fibromialgia",
    "ProtocolName": "fMRI_pre2",
    "RepetitionTime": 3,
    "ScanningSequence": "EP_GR",
    "SequenceVariant": "SS",
    "SeriesDescription": "fMRI_pre2",
    "SliceTiming": [
      0.0,
      1.535,
      0.07,
      1.605,
      0.14,
      1.674,
      0.209,
      1.744,
      0.279,
      1.814,
      0.349,
      1.884,
      0.419,
      1.953,
      0.488,
      2.023,
      0.558,
      2.093,
      0.628,
      2.163,
      0.698,
      2.233,
      0.767,
      2.302,
      0.837,
      2.372,
      0.907,
      2.442,
      0.977,
      2.512,
      1.047,
      2.581,
      1.116,
      2.651,
      1.186,
      2.721,
      1.256,
      2.791,
      1.326,
      2.86,
      1.395,
      2.93,
      1.465
    ],
    "SoftwareVersions": "24_LX_MR_Software_release:DV24.0_R01_1344.a",
    "TaskName": "pre-control",
    "dataset": "ds001928",
    "modality": "bold",
    "subject_id": "37",
    "task_id": "rest1"
  },
  "dummy_trs": 0,
  "dvars_nstd": 22.781335426161615,
  "dvars_std": 1.0600623142424246,
  "dvars_vstd": 0.996971862929293,
  "efc": 0.39110372183155767,
  "fber": 10772.744140625,
  "fd_mean": 0.0679523599163039,
  "fd_num": 3,
  "fd_perc": 3.0,
  "fwhm_avg": 3.0441827777777775,
  "fwhm_x": 3.25325,
  "fwhm_y": 3.298795,
  "fwhm_z": 2.580503333333333,
  "gcor": 0.0228146,
  "gsr_x": -0.016561415046453476,
  "gsr_y": 0.020648203790187836,
  "provenance": {
    "md5sum": "a70ab909cb748bc64b75b1b486abc21e",
    "settings": {
      "fd_thres": 0.2,
      "testing": false
    },
    "software": "mriqc",
    "version": "21.0.0rc2",
    "webapi_port": null,
    "webapi_url": "https://mriqc.nimh.nih.gov/api/v1"
  },
  "size_t": 100,
  "size_x": 128,
  "size_y": 128,
  "size_z": 43,
  "snr": 3.2086171972584903,
  "spacing_tr": 3.0,
  "spacing_x": 2.0,
  "spacing_y": 2.0,
  "spacing_z": 3.0,
  "summary_bg_k": 48.2828548935225,
  "summary_bg_mad": 27.398489733221744,
  "summary_bg_mean": 67.49564361572266,
  "summary_bg_median": 23.100000381469727,
  "summary_bg_n": 525566.0,
  "summary_bg_p05": 1.3399999141693115,
  "summary_bg_p95": 314.5099792480469,
  "summary_bg_stdv": 163.7788543701172,
  "summary_fg_k": 1.2787232185685191,
  "summary_fg_mad": 676.2445166655065,
  "summary_fg_mean": 2508.890380859375,
  "summary_fg_median": 2411.68994140625,
  "summary_fg_n": 89773.0,
  "summary_fg_p05": 1451.6139892578126,
  "summary_fg_p95": 3861.9838867187486,
  "summary_fg_stdv": 751.6248779296875,
  "tsnr": 67.66522335889749
}