{
  "aor": 0.0012590000000000001,
  "aqi": 0.0050096486,
  "bids_meta": {
    "AcquisitionNumber": 1,
    "AcquisitionTime": "18:16:43.000000",
    "ConversionSoftware": "dcm2niix",
    "ConversionSoftwareVersion": "v1.0.20170724 (OpenJPEG build) GCC6.1.0",
    "DeviceSerialNumber": "000000000000GEHC",
    "EchoTime": 0.04,
    "FlipAngle": 90,
    "ImageType": [
      "ORIGINAL",
      "PRIMARY",
      "EPI",
      "NONE"
    ],
    "InstitutionName": "INSTITUTO_DE_NEUROBIOLOGIA",
    "MagneticFieldStrength": 3,
    "Manufacturer": "GE",
    "ManufacturersModelName": "DISCOVERY_MR750",
    "PhaseEncodingLines": 128,
    "ProcedureStepDescription": "Fibromialgia",
    "ProtocolName": "fMRI_pre1",
    "RepetitionTime": 3,
    "ScanningSequence": "EP_GR",
    "SequenceVariant": "SS",
    "SeriesDescription": "fMRI_pre1",
    "SliceTiming": [
      0.0,
      1.535,
      0.07,
      1.605,
      0.14,
      1.674,
      0.209,
      1.744,
      0.279,
      1.814,
      0.349,
      1.884,
      0.419,
      1.953,
      0.488,
      2.023,
      0.558,
      2.093,
      0.628,
      2.163,
      0.698,
      2.233,
      0.767,
      2.302,
      0.837,
      2.372,
      0.907,
      2.442,
      0.977,
      2.512,
      1.047,
      2.581,
      1.116,
      2.651,
      1.186,
      2.721,
      1.256,
      2.791,
      1.326,
      2.86,
      1.395,
      2.93,
      1.465
    ],
    "SoftwareVersions": "24_LX_MR_Software_release:DV24.0_R01_1344.a",
    "TaskName": "pre-music",
    "dataset": "ds001928",
    "modality": "bold",
    "subject_id": "37",
    "task_id": "rest3"
  },
  "dummy_trs": 0,
  "dvars_nstd": 22.77481711060607,
  "dvars_std": 1.0055309380808084,
  "dvars_vstd": 0.9466125537373744,
  "efc": 0.39047386938322814,
  "fber": 11198.267578125,
  "fd_mean": 0.03946738899371248,
  "fd_num": 1,
  "fd_perc": 1.0,
  "fwhm_avg": 3.07939,
  "fwhm_x": 3.27618,
  "fwhm_y": 3.33553,
  "fwhm_z": 2.6264600000000002,
  "gcor": 0.00980233,
  "gsr_x": -0.017248790711164474,
  "gsr_y": 0.020787788555026054,
  "provenance": {
    "md5sum": "1a87b53375afcfbb3271214eb4d0c6fe",
    "settings": {
      "fd_thres": 0.2,
      "testing": false
    },
    "software": "mriqc",
    "version": "21.0.0rc2",
    "webapi_port": null,
    "webapi_url": "https://mriqc.nimh.nih.gov/api/v1"
  },
  "size_t": 100,
  "size_x": 128,
  "size_y": 128,
  "size_z": 43,
  "snr": 3.227285284795551,
  "spacing_tr": 3.0,
  "spacing_x": 2.0,
  "spacing_y": 2.0,
  "spacing_z": 3.0,
  "summary_bg_k": 57.209073220004306,
  "summary_bg_mad": 26.998185748583968,
  "summary_bg_mean": 65.2086410522461,
  "summary_bg_median": 22.799999237060547,
  "summary_bg_n": 525043.0,
  "summary_bg_p05": 1.459999918937683,
  "summary_bg_p95": 297.2989898681637,
  "summary_bg_stdv": 157.72137451171875,
  "summary_fg_k": 1.480742158494265,
  "summary_fg_mad": 668.7352232999993,
  "summary_fg_mean": 2516.8583984375,
  "summary_fg_median": 2418.2099609375,
  "summary_fg_n": 90168.0,
  "summary_fg_p05": 1468.2369873046875,
  "summary_fg_p95": 3861.805395507812,
  "summary_fg_stdv": 749.2974243164062,
  "tsnr": 53.488286157371476
}