{
  "aor": 0.0011227,
  "aqi": 0.0023371203000000004,
  "bids_meta": {
    "AcquisitionNumber": 1,
    "AcquisitionTime": "19:08:58.000000",
    "ConversionSoftware": "dcm2niix",
    "ConversionSoftwareVersion": "v1.0.20170724 (OpenJPEG build) GCC6.1.0",
    "DeviceSerialNumber": "000000000000GEHC",
    "EchoTime": 0.04,
    "FlipAngle": 90,
    "ImageType": [
      "ORIGINAL",
      "PRIMARY",
      "EPI",
      "NONE"
    ],
    "InstitutionName": "INSTITUTO_DE_NEUROBIOLOGIA",
    "MagneticFieldStrength": 3,
    "Manufacturer": "GE",
    "ManufacturersModelName": "DISCOVERY_MR750",
    "PhaseEncodingLines": 128,
    "ProcedureStepDescription": "Fibromialgia",
    "ProtocolName": "fMRI_post2",
    "RepetitionTime": 3,
    "ScanningSequence": "EP_GR",
    "SequenceVariant": "SS",
    "SeriesDescription": "fMRI_post2",
    "SliceTiming": [
      0.0,
      1.535,
      0.07,
      1.605,
      0.14,
      1.674,
      0.209,
      1.744,
      0.279,
      1.814,
      0.349,
      1.884,
      0.419,
      1.953,
      0.488,
      2.023,
      0.558,
      2.093,
      0.628,
      2.163,
      0.698,
      2.233,
      0.767,
      2.302,
      0.837,
      2.372,
      0.907,
      2.442,
      0.977,
      2.512,
      1.047,
      2.581,
      1.116,
      2.651,
      1.186,
      2.721,
      1.256,
      2.791,
      1.326,
      2.86,
      1.395,
      2.93,
      1.465
    ],
    "SoftwareVersions": "24_LX_MR_Software_release:DV24.0_R01_1344.a",
    "TaskName": "post-control",
    "dataset": "ds001928",
    "modality": "bold",
    "subject_id": "37",
    "task_id": "rest2"
  },
  "dummy_trs": 0,
  "dvars_nstd": 21.14299456262626,
  "dvars_std": 1.0377721602020202,
  "dvars_vstd": 0.9997345518181818,
  "efc": 0.39092935565545106,
  "fber": 10906.166015625,
  "fd_mean": 0.0478799765076534,
  "fd_num": 2,
  "fd_perc": 2.0,
  "fwhm_avg": 3.0337333333333336,
  "fwhm_x": 3.220775,
  "fwhm_y": 3.300945,
  "fwhm_z": 2.5794799999999998,
  "gcor": 0.0240064,
  "gsr_x": -0.016663575544953346,
  "gsr_y": 0.020700113847851753,
  "provenance": {
    "md5sum": "cbc53bab753d1623e575d9b0efdc74d0",
    "settings": {
      "fd_thres": 0.2,
      "testing": false
    },
    "software": "mriqc",
    "version": "21.0.0rc2",
    "webapi_port": null,
    "webapi_url": "https://mriqc.nimh.nih.gov/api/v1"
  },
  "size_t": 100,
  "size_x": 128,
  "size_y": 128,
  "size_z": 43,
  "snr": 3.2392710875710597,
  "spacing_tr": 3.0,
  "spacing_x": 2.0,
  "spacing_y": 2.0,
  "spacing_z": 3.0,
  "summary_bg_k": 48.639044256314754,
  "summary_bg_mad": 27.487444367577247,
  "summary_bg_mean": 67.95172119140625,
  "summary_bg_median": 23.1299991607666,
  "summary_bg_n": 525741.0,
  "summary_bg_p05": 1.399999976158142,
  "summary_bg_p95": 315.0299987792969,
  "summary_bg_stdv": 165.22361755371094,
  "summary_fg_k": 1.4245334559741263,
  "summary_fg_mad": 669.476343427536,
  "summary_fg_mean": 2525.102294921875,
  "summary_fg_median": 2427.4951171875,
  "summary_fg_n": 89526.0,
  "summary_fg_p05": 1476.9024963378906,
  "summary_fg_p95": 3879.1849365234375,
  "summary_fg_stdv": 749.3912963867188,
  "tsnr": 67.18738957867026
}