{
  "aor": 0.0045371000000000005,
  "aqi": 0.0101757973,
  "bids_meta": {
    "AcquisitionNumber": 1,
    "AcquisitionTime": "18:33:12.000000",
    "ConversionSoftware": "dcm2niix",
    "ConversionSoftwareVersion": "v1.0.20170724 (OpenJPEG build) GCC6.1.0",
    "DeviceSerialNumber": "000000000000GEHC",
    "EchoTime": 0.04,
    "FlipAngle": 90,
    "ImageType": [
      "ORIGINAL",
      "PRIMARY",
      "EPI",
      "NONE"
    ],
    "InstitutionName": "INSTITUTO_DE_NEUROBIOLOGIA",
    "MagneticFieldStrength": 3,
    "Manufacturer": "GE",
    "ManufacturersModelName": "DISCOVERY_MR750",
    "PhaseEncodingLines": 128,
    "ProcedureStepDescription": "Fibromialgia",
    "ProtocolName": "fMRI_pre1",
    "RepetitionTime": 3,
    "ScanningSequence": "EP_GR",
    "SequenceVariant": "SS",
    "SeriesDescription": "fMRI_pre1",
    "SliceTiming": [
      0.0,
      1.535,
      0.07,
      1.605,
      0.14,
      1.674,
      0.209,
      1.744,
      0.279,
      1.814,
      0.349,
      1.884,
      0.419,
      1.953,
      0.488,
      2.023,
      0.558,
      2.093,
      0.628,
      2.163,
      0.698,
      2.233,
      0.767,
      2.302,
      0.837,
      2.372,
      0.907,
      2.442,
      0.977,
      2.512,
      1.047,
      2.581,
      1.116,
      2.651,
      1.186,
      2.721,
      1.256,
      2.791,
      1.326,
      2.86,
      1.395,
      2.93,
      1.465
    ],
    "SoftwareVersions": "23_LX_MR_Software_release:DV22.0_V01_1040.a",
    "TaskName": "pre-music",
    "dataset": "ds001928",
    "modality": "bold",
    "subject_id": "05",
    "task_id": "rest3"
  },
  "dummy_trs": 0,
  "dvars_nstd": 26.200751930909085,
  "dvars_std": 1.0293898191919195,
  "dvars_vstd": 1.0309020795959598,
  "efc": 0.3812620127097515,
  "fber": 44471.21484375,
  "fd_mean": 0.13184517060339188,
  "fd_num": 14,
  "fd_perc": 14.0,
  "fwhm_avg": 2.683517777777778,
  "fwhm_x": 2.78831,
  "fwhm_y": 3.03743,
  "fwhm_z": 2.224813333333333,
  "gcor": 0.0211571,
  "gsr_x": -0.010913262143731117,
  "gsr_y": 0.003210946451872587,
  "provenance": {
    "md5sum": "d1d1006c46c22c70e23df739de3e4675",
    "settings": {
      "fd_thres": 0.2,
      "testing": false
    },
    "software": "mriqc",
    "version": "21.0.0rc2",
    "webapi_port": null,
    "webapi_url": "https://mriqc.nimh.nih.gov/api/v1"
  },
  "size_t": 100,
  "size_x": 128,
  "size_y": 128,
  "size_z": 43,
  "snr": 3.7690422503842527,
  "spacing_tr": 3.0,
  "spacing_x": 2.0,
  "spacing_y": 2.0,
  "spacing_z": 3.0,
  "summary_bg_k": 82.4592396335634,
  "summary_bg_mad": 17.82087815212406,
  "summary_bg_mean": 64.72693634033203,
  "summary_bg_median": 12.359999656677246,
  "summary_bg_n": 532377.0,
  "summary_bg_p05": 0.1599999964237213,
  "summary_bg_p95": 294.29400634765534,
  "summary_bg_stdv": 186.72288513183594,
  "summary_fg_k": 0.5709223016491163,
  "summary_fg_mad": 591.1802143787476,
  "summary_fg_mean": 2509.483154296875,
  "summary_fg_median": 2451.89501953125,
  "summary_fg_n": 85534.0,
  "summary_fg_p05": 1536.711962890625,
  "summary_fg_p95": 3656.2374877929683,
  "summary_fg_stdv": 650.531494140625,
  "tsnr": 42.2098043076694
}