{
  "aor": 0.0010153,
  "aqi": 0.012181924500000002,
  "bids_meta": {
    "AcquisitionNumber": 1,
    "AcquisitionTime": "18:46:38.000000",
    "ConversionSoftware": "dcm2niix",
    "ConversionSoftwareVersion": "v1.0.20170724 (OpenJPEG build) GCC6.1.0",
    "DeviceSerialNumber": "000000000000GEHC",
    "EchoTime": 0.04,
    "FlipAngle": 90,
    "ImageType": [
      "ORIGINAL",
      "PRIMARY",
      "EPI",
      "NONE"
    ],
    "InstitutionName": "INSTITUTO_DE_NEUROBIOLOGIA",
    "MagneticFieldStrength": 3,
    "Manufacturer": "GE",
    "ManufacturersModelName": "DISCOVERY_MR750",
    "PhaseEncodingLines": 128,
    "ProcedureStepDescription": "Fibromialgia",
    "ProtocolName": "fMRI_post1",
    "RepetitionTime": 3,
    "ScanningSequence": "EP_GR",
    "SequenceVariant": "SS",
    "SeriesDescription": "fMRI_post1",
    "SliceTiming": [
      0.0,
      1.535,
      0.07,
      1.605,
      0.14,
      1.674,
      0.209,
      1.744,
      0.279,
      1.814,
      0.349,
      1.884,
      0.419,
      1.953,
      0.488,
      2.023,
      0.558,
      2.093,
      0.628,
      2.163,
      0.698,
      2.233,
      0.767,
      2.302,
      0.837,
      2.372,
      0.907,
      2.442,
      0.977,
      2.512,
      1.047,
      2.581,
      1.116,
      2.651,
      1.186,
      2.721,
      1.256,
      2.791,
      1.326,
      2.86,
      1.395,
      2.93,
      1.465
    ],
    "SoftwareVersions": "23_LX_MR_Software_release:DV22.0_V01_1040.a",
    "TaskName": "post-music",
    "dataset": "ds001928",
    "modality": "bold",
    "subject_id": "05",
    "task_id": "rest4"
  },
  "dummy_trs": 0,
  "dvars_nstd": 30.850933633535348,
  "dvars_std": 0.9983494984848483,
  "dvars_vstd": 0.9431279707070702,
  "efc": 0.3792513149391428,
  "fber": 41813.0078125,
  "fd_mean": 0.17616592834942543,
  "fd_num": 28,
  "fd_perc": 28.0,
  "fwhm_avg": 2.6593766666666667,
  "fwhm_x": 2.78767,
  "fwhm_y": 3.00656,
  "fwhm_z": 2.1839,
  "gcor": 0.0196499,
  "gsr_x": -0.012954913079738617,
  "gsr_y": 0.0032686134800314903,
  "provenance": {
    "md5sum": "4f3140aac44c30932182f1d8c230437d",
    "settings": {
      "fd_thres": 0.2,
      "testing": false
    },
    "software": "mriqc",
    "version": "21.0.0rc2",
    "webapi_port": null,
    "webapi_url": "https://mriqc.nimh.nih.gov/api/v1"
  },
  "size_t": 100,
  "size_x": 128,
  "size_y": 128,
  "size_z": 43,
  "snr": 3.7928436677932877,
  "spacing_tr": 3.0,
  "spacing_x": 2.0,
  "spacing_y": 2.0,
  "spacing_z": 3.0,
  "summary_bg_k": 91.00622813017641,
  "summary_bg_mad": 18.740091490482143,
  "summary_bg_mean": 67.7094497680664,
  "summary_bg_median": 12.899999618530273,
  "summary_bg_n": 535853.0,
  "summary_bg_p05": 0.09999999403953552,
  "summary_bg_p95": 307.95398559570276,
  "summary_bg_stdv": 197.53424072265625,
  "summary_fg_k": 0.5228524853662724,
  "summary_fg_mad": 590.0756829652296,
  "summary_fg_mean": 2516.7509765625,
  "summary_fg_median": 2456.119873046875,
  "summary_fg_n": 83579.0,
  "summary_fg_p05": 1553.5419311523438,
  "summary_fg_p95": 3669.969970703125,
  "summary_fg_stdv": 647.56298828125,
  "tsnr": 41.13733787473757
}