{
  "aor": 0.0010055,
  "aqi": 0.0025941928,
  "bids_meta": {
    "AcquisitionNumber": 1,
    "AcquisitionTime": "20:18:21.000000",
    "ConversionSoftware": "dcm2niix",
    "ConversionSoftwareVersion": "v1.0.20170724 (OpenJPEG build) GCC6.1.0",
    "DeviceSerialNumber": "000000000000GEHC",
    "EchoTime": 0.04,
    "FlipAngle": 90,
    "ImageType": [
      "ORIGINAL",
      "PRIMARY",
      "EPI",
      "NONE"
    ],
    "InstitutionName": "INSTITUTO_DE_NEUROBIOLOGIA",
    "MagneticFieldStrength": 3,
    "Manufacturer": "GE",
    "ManufacturersModelName": "DISCOVERY_MR750",
    "PhaseEncodingLines": 128,
    "ProcedureStepDescription": "Fibromialgia",
    "ProtocolName": "fMRI_pre1",
    "RepetitionTime": 3,
    "ScanningSequence": "EP_GR",
    "SequenceVariant": "SS",
    "SeriesDescription": "fMRI_pre1",
    "SliceTiming": [
      0.0,
      1.535,
      0.07,
      1.605,
      0.14,
      1.674,
      0.209,
      1.744,
      0.279,
      1.814,
      0.349,
      1.884,
      0.419,
      1.953,
      0.488,
      2.023,
      0.558,
      2.093,
      0.628,
      2.163,
      0.698,
      2.233,
      0.767,
      2.302,
      0.837,
      2.372,
      0.907,
      2.442,
      0.977,
      2.512,
      1.047,
      2.581,
      1.116,
      2.651,
      1.186,
      2.721,
      1.256,
      2.791,
      1.326,
      2.86,
      1.395,
      2.93,
      1.465
    ],
    "SoftwareVersions": "23_LX_MR_Software_release:DV22.0_V01_1040.a",
    "TaskName": "pre-music",
    "dataset": "ds001928",
    "modality": "bold",
    "subject_id": "03",
    "task_id": "rest3"
  },
  "dummy_trs": 0,
  "dvars_nstd": 24.589099671919186,
  "dvars_std": 1.0677651965656558,
  "dvars_vstd": 0.9882396425252531,
  "efc": 0.377282739820096,
  "fber": 132046.53125,
  "fd_mean": 0.06888112398100903,
  "fd_num": 0,
  "fd_perc": 0.0,
  "fwhm_avg": 3.1305655555555556,
  "fwhm_x": 3.261935,
  "fwhm_y": 3.491255,
  "fwhm_z": 2.6385066666666668,
  "gcor": 0.0153285,
  "gsr_x": -0.018298378214240074,
  "gsr_y": 0.010861903429031372,
  "provenance": {
    "md5sum": "2267cf9979b76c3d9b142dd8ed562cba",
    "settings": {
      "fd_thres": 0.2,
      "testing": false
    },
    "software": "mriqc",
    "version": "21.0.0rc2",
    "webapi_port": null,
    "webapi_url": "https://mriqc.nimh.nih.gov/api/v1"
  },
  "size_t": 100,
  "size_x": 128,
  "size_y": 128,
  "size_z": 43,
  "snr": 3.0818341775980826,
  "spacing_tr": 3.0,
  "spacing_x": 2.0,
  "spacing_y": 2.0,
  "spacing_z": 3.0,
  "summary_bg_k": 96.52135298616952,
  "summary_bg_mad": 10.956430285177625,
  "summary_bg_mean": 59.53318786621094,
  "summary_bg_median": 7.579999923706055,
  "summary_bg_n": 525899.0,
  "summary_bg_p05": 0.07000000029802322,
  "summary_bg_p95": 286.43099365234355,
  "summary_bg_stdv": 183.79823303222656,
  "summary_fg_k": 1.4398783910613089,
  "summary_fg_mad": 708.1648048838279,
  "summary_fg_mean": 2765.060791015625,
  "summary_fg_median": 2618.699951171875,
  "summary_fg_n": 90690.0,
  "summary_fg_p05": 1649.3504211425782,
  "summary_fg_p95": 4380.627490234375,
  "summary_fg_stdv": 849.716552734375,
  "tsnr": 64.45107574784197
}