{
  "aor": 0.0008862000000000001,
  "aqi": 0.0027986423000000006,
  "bids_meta": {
    "AcquisitionNumber": 1,
    "AcquisitionTime": "20:57:22.000000",
    "ConversionSoftware": "dcm2niix",
    "ConversionSoftwareVersion": "v1.0.20170724 (OpenJPEG build) GCC6.1.0",
    "DeviceSerialNumber": "000000000000GEHC",
    "EchoTime": 0.04,
    "FlipAngle": 90,
    "ImageType": [
      "ORIGINAL",
      "PRIMARY",
      "EPI",
      "NONE"
    ],
    "InstitutionName": "INSTITUTO_DE_NEUROBIOLOGIA",
    "MagneticFieldStrength": 3,
    "Manufacturer": "GE",
    "ManufacturersModelName": "DISCOVERY_MR750",
    "PhaseEncodingLines": 128,
    "ProcedureStepDescription": "Fibromialgia",
    "ProtocolName": "fMRI_pre2",
    "RepetitionTime": 3,
    "ScanningSequence": "EP_GR",
    "SequenceVariant": "SS",
    "SeriesDescription": "fMRI_pre2",
    "SliceTiming": [
      0.0,
      1.535,
      0.07,
      1.605,
      0.14,
      1.674,
      0.209,
      1.744,
      0.279,
      1.814,
      0.349,
      1.884,
      0.419,
      1.953,
      0.488,
      2.023,
      0.558,
      2.093,
      0.628,
      2.163,
      0.698,
      2.233,
      0.767,
      2.302,
      0.837,
      2.372,
      0.907,
      2.442,
      0.977,
      2.512,
      1.047,
      2.581,
      1.116,
      2.651,
      1.186,
      2.721,
      1.256,
      2.791,
      1.326,
      2.86,
      1.395,
      2.93,
      1.465
    ],
    "SoftwareVersions": "23_LX_MR_Software_release:DV22.0_V01_1040.a",
    "TaskName": "pre-control",
    "dataset": "ds001928",
    "modality": "bold",
    "subject_id": "03",
    "task_id": "rest1"
  },
  "dummy_trs": 0,
  "dvars_nstd": 22.019847157272725,
  "dvars_std": 1.015397233232323,
  "dvars_vstd": 0.9770083484848486,
  "efc": 0.3781855470505468,
  "fber": 127118.984375,
  "fd_mean": 0.05928854605359889,
  "fd_num": 0,
  "fd_perc": 0.0,
  "fwhm_avg": 3.1353255555555557,
  "fwhm_x": 3.30016,
  "fwhm_y": 3.45289,
  "fwhm_z": 2.6529266666666667,
  "gcor": 0.0106108,
  "gsr_x": -0.018229272216558456,
  "gsr_y": 0.01074190717190504,
  "provenance": {
    "md5sum": "83749a8eb53244a9421a32ecf3ed3eed",
    "settings": {
      "fd_thres": 0.2,
      "testing": false
    },
    "software": "mriqc",
    "version": "21.0.0rc2",
    "webapi_port": null,
    "webapi_url": "https://mriqc.nimh.nih.gov/api/v1"
  },
  "size_t": 100,
  "size_x": 128,
  "size_y": 128,
  "size_z": 43,
  "snr": 3.0671050288141046,
  "spacing_tr": 3.0,
  "spacing_x": 2.0,
  "spacing_y": 2.0,
  "spacing_z": 3.0,
  "summary_bg_k": 90.61842612921866,
  "summary_bg_mad": 11.119516638792014,
  "summary_bg_mean": 61.321617126464844,
  "summary_bg_median": 7.75,
  "summary_bg_n": 526461.0,
  "summary_bg_p05": 0.11999999731779099,
  "summary_bg_p95": 304.55999755859375,
  "summary_bg_stdv": 185.74551391601562,
  "summary_fg_k": 1.5006485342069258,
  "summary_fg_mad": 704.9699346490526,
  "summary_fg_mean": 2759.218505859375,
  "summary_fg_median": 2609.5849609375,
  "summary_fg_n": 90918.0,
  "summary_fg_p05": 1652.8154418945312,
  "summary_fg_p95": 4383.565527343749,
  "summary_fg_stdv": 850.8253173828125,
  "tsnr": 62.75389709835872
}