{
  "aor": 0.000881,
  "aqi": 0.0034124384000000004,
  "bids_meta": {
    "AcquisitionNumber": 1,
    "AcquisitionTime": "21:10:0.000000",
    "ConversionSoftware": "dcm2niix",
    "ConversionSoftwareVersion": "v1.0.20170724 (OpenJPEG build) GCC6.1.0",
    "DeviceSerialNumber": "000000000000GEHC",
    "EchoTime": 0.04,
    "FlipAngle": 90,
    "ImageType": [
      "ORIGINAL",
      "PRIMARY",
      "EPI",
      "NONE"
    ],
    "InstitutionName": "INSTITUTO_DE_NEUROBIOLOGIA",
    "MagneticFieldStrength": 3,
    "Manufacturer": "GE",
    "ManufacturersModelName": "DISCOVERY_MR750",
    "PhaseEncodingLines": 128,
    "ProcedureStepDescription": "Fibromialgia",
    "ProtocolName": "fMRI_post2",
    "RepetitionTime": 3,
    "ScanningSequence": "EP_GR",
    "SequenceVariant": "SS",
    "SeriesDescription": "fMRI_post2",
    "SliceTiming": [
      0.0,
      1.535,
      0.07,
      1.605,
      0.14,
      1.674,
      0.209,
      1.744,
      0.279,
      1.814,
      0.349,
      1.884,
      0.419,
      1.953,
      0.488,
      2.023,
      0.558,
      2.093,
      0.628,
      2.163,
      0.698,
      2.233,
      0.767,
      2.302,
      0.837,
      2.372,
      0.907,
      2.442,
      0.977,
      2.512,
      1.047,
      2.581,
      1.116,
      2.651,
      1.186,
      2.721,
      1.256,
      2.791,
      1.326,
      2.86,
      1.395,
      2.93,
      1.465
    ],
    "SoftwareVersions": "23_LX_MR_Software_release:DV22.0_V01_1040.a",
    "TaskName": "post-control",
    "dataset": "ds001928",
    "modality": "bold",
    "subject_id": "03",
    "task_id": "rest2"
  },
  "dummy_trs": 0,
  "dvars_nstd": 23.99844897878788,
  "dvars_std": 1.0239358181818183,
  "dvars_vstd": 0.9709013202020199,
  "efc": 0.37846588949771126,
  "fber": 130350.3984375,
  "fd_mean": 0.07248127549537654,
  "fd_num": 1,
  "fd_perc": 1.0,
  "fwhm_avg": 3.1829727777777777,
  "fwhm_x": 3.32123,
  "fwhm_y": 3.536245,
  "fwhm_z": 2.6914433333333334,
  "gcor": 0.0132168,
  "gsr_x": -0.018259694799780846,
  "gsr_y": 0.011427982710301876,
  "provenance": {
    "md5sum": "5d9bdd8fdda39741a4f98100e8267dd8",
    "settings": {
      "fd_thres": 0.2,
      "testing": false
    },
    "software": "mriqc",
    "version": "21.0.0rc2",
    "webapi_port": null,
    "webapi_url": "https://mriqc.nimh.nih.gov/api/v1"
  },
  "size_t": 100,
  "size_x": 128,
  "size_y": 128,
  "size_z": 43,
  "snr": 3.013981842008966,
  "spacing_tr": 3.0,
  "spacing_x": 2.0,
  "spacing_y": 2.0,
  "spacing_z": 3.0,
  "summary_bg_k": 80.36124124937986,
  "summary_bg_mad": 11.000907933742795,
  "summary_bg_mean": 60.95717239379883,
  "summary_bg_median": 7.62999963760376,
  "summary_bg_n": 525410.0,
  "summary_bg_p05": 0.08999999612569809,
  "summary_bg_p95": 300.8054931640624,
  "summary_bg_stdv": 183.34390258789062,
  "summary_fg_k": 1.6052433911329294,
  "summary_fg_mad": 709.2546767783397,
  "summary_fg_mean": 2769.927978515625,
  "summary_fg_median": 2614.530029296875,
  "summary_fg_n": 91520.0,
  "summary_fg_p05": 1650.8900146484375,
  "summary_fg_p95": 4439.118310546879,
  "summary_fg_stdv": 867.4623413085938,
  "tsnr": 59.780176889151335
}