{
  "aor": 0.0022553,
  "aqi": 0.0062327382,
  "bids_meta": {
    "AcquisitionNumber": 1,
    "AcquisitionTime": "21:32:5.000000",
    "ConversionSoftware": "dcm2niix",
    "ConversionSoftwareVersion": "v1.0.20170724 (OpenJPEG build) GCC6.1.0",
    "DeviceSerialNumber": "000000000000GEHC",
    "EchoTime": 0.04,
    "FlipAngle": 90,
    "ImageType": [
      "ORIGINAL",
      "PRIMARY",
      "EPI",
      "NONE"
    ],
    "InstitutionName": "INSTITUTO_DE_NEUROBIOLOGIA",
    "MagneticFieldStrength": 3,
    "Manufacturer": "GE",
    "ManufacturersModelName": "DISCOVERY_MR750",
    "PhaseEncodingLines": 128,
    "ProcedureStepDescription": "Fibromialgia",
    "ProtocolName": "fMRI_post2",
    "RepetitionTime": 3,
    "ScanningSequence": "EP_GR",
    "SequenceVariant": "SS",
    "SeriesDescription": "fMRI_post2",
    "SliceTiming": [
      0.0,
      1.535,
      0.07,
      1.605,
      0.14,
      1.674,
      0.209,
      1.744,
      0.279,
      1.814,
      0.349,
      1.884,
      0.419,
      1.953,
      0.488,
      2.023,
      0.558,
      2.093,
      0.628,
      2.163,
      0.698,
      2.233,
      0.767,
      2.302,
      0.837,
      2.372,
      0.907,
      2.442,
      0.977,
      2.512,
      1.047,
      2.581,
      1.116,
      2.651,
      1.186,
      2.721,
      1.256,
      2.791,
      1.326,
      2.86,
      1.395,
      2.93,
      1.465
    ],
    "SoftwareVersions": "24_LX_MR_Software_release:DV24.0_R01_1344.a",
    "TaskName": "post-control",
    "dataset": "ds001928",
    "modality": "bold",
    "subject_id": "31",
    "task_id": "rest2"
  },
  "dummy_trs": 0,
  "dvars_nstd": 27.574318009393934,
  "dvars_std": 1.0073110573737374,
  "dvars_vstd": 0.949123196767677,
  "efc": 0.36693568848770547,
  "fber": 15931.791015625,
  "fd_mean": 0.18159512122441793,
  "fd_num": 25,
  "fd_perc": 25.0,
  "fwhm_avg": 3.1375077777777776,
  "fwhm_x": 3.231945,
  "fwhm_y": 3.610765,
  "fwhm_z": 2.5698133333333333,
  "gcor": 0.0187292,
  "gsr_x": -0.021856380626559258,
  "gsr_y": 0.012129241600632668,
  "provenance": {
    "md5sum": "8df4c76b384518114798280aafc12c30",
    "settings": {
      "fd_thres": 0.2,
      "testing": false
    },
    "software": "mriqc",
    "version": "21.0.0rc2",
    "webapi_port": null,
    "webapi_url": "https://mriqc.nimh.nih.gov/api/v1"
  },
  "size_t": 100,
  "size_x": 128,
  "size_y": 128,
  "size_z": 43,
  "snr": 3.218968637303234,
  "spacing_tr": 3.0,
  "spacing_x": 2.0,
  "spacing_y": 2.0,
  "spacing_z": 3.0,
  "summary_bg_k": 128.76776448858453,
  "summary_bg_mad": 22.03146775102234,
  "summary_bg_mean": 58.73999786376953,
  "summary_bg_median": 19.049999237060547,
  "summary_bg_n": 539052.0,
  "summary_bg_p05": 1.2899999618530273,
  "summary_bg_p95": 249.27449340820266,
  "summary_bg_stdv": 163.9604949951172,
  "summary_fg_k": 0.5935631231415459,
  "summary_fg_mad": 669.0832511401101,
  "summary_fg_mean": 2452.513916015625,
  "summary_fg_median": 2368.070068359375,
  "summary_fg_n": 79541.0,
  "summary_fg_p05": 1379.8299560546875,
  "summary_fg_p95": 3807.25,
  "summary_fg_stdv": 735.656494140625,
  "tsnr": 46.692039143294096
}