{
  "aor": 0.0024422000000000003,
  "aqi": 0.006410012200000001,
  "bids_meta": {
    "AcquisitionNumber": 1,
    "AcquisitionTime": "21:19:1.000000",
    "ConversionSoftware": "dcm2niix",
    "ConversionSoftwareVersion": "v1.0.20170724 (OpenJPEG build) GCC6.1.0",
    "DeviceSerialNumber": "000000000000GEHC",
    "EchoTime": 0.04,
    "FlipAngle": 90,
    "ImageType": [
      "ORIGINAL",
      "PRIMARY",
      "EPI",
      "NONE"
    ],
    "InstitutionName": "INSTITUTO_DE_NEUROBIOLOGIA",
    "MagneticFieldStrength": 3,
    "Manufacturer": "GE",
    "ManufacturersModelName": "DISCOVERY_MR750",
    "PhaseEncodingLines": 128,
    "ProcedureStepDescription": "Fibromialgia",
    "ProtocolName": "fMRI_pre2",
    "RepetitionTime": 3,
    "ScanningSequence": "EP_GR",
    "SequenceVariant": "SS",
    "SeriesDescription": "fMRI_pre2",
    "SliceTiming": [
      0.0,
      1.535,
      0.07,
      1.605,
      0.14,
      1.674,
      0.209,
      1.744,
      0.279,
      1.814,
      0.349,
      1.884,
      0.419,
      1.953,
      0.488,
      2.023,
      0.558,
      2.093,
      0.628,
      2.163,
      0.698,
      2.233,
      0.767,
      2.302,
      0.837,
      2.372,
      0.907,
      2.442,
      0.977,
      2.512,
      1.047,
      2.581,
      1.116,
      2.651,
      1.186,
      2.721,
      1.256,
      2.791,
      1.326,
      2.86,
      1.395,
      2.93,
      1.465
    ],
    "SoftwareVersions": "24_LX_MR_Software_release:DV24.0_R01_1344.a",
    "TaskName": "pre-control",
    "dataset": "ds001928",
    "modality": "bold",
    "subject_id": "31",
    "task_id": "rest1"
  },
  "dummy_trs": 0,
  "dvars_nstd": 29.59328298888889,
  "dvars_std": 1.0664740128282828,
  "dvars_vstd": 0.9787125147474749,
  "efc": 0.36542078512666043,
  "fber": 15935.423828125,
  "fd_mean": 0.20195206563276136,
  "fd_num": 37,
  "fd_perc": 37.0,
  "fwhm_avg": 3.163538888888889,
  "fwhm_x": 3.247995,
  "fwhm_y": 3.653975,
  "fwhm_z": 2.5886466666666665,
  "gcor": 0.0186199,
  "gsr_x": -0.021682359278202057,
  "gsr_y": 0.012883917428553104,
  "provenance": {
    "md5sum": "956b8d3f6b24a3e169b16f48b4077420",
    "settings": {
      "fd_thres": 0.2,
      "testing": false
    },
    "software": "mriqc",
    "version": "21.0.0rc2",
    "webapi_port": null,
    "webapi_url": "https://mriqc.nimh.nih.gov/api/v1"
  },
  "size_t": 100,
  "size_x": 128,
  "size_y": 128,
  "size_z": 43,
  "snr": 3.2009637551886327,
  "spacing_tr": 3.0,
  "spacing_x": 2.0,
  "spacing_y": 2.0,
  "spacing_z": 3.0,
  "summary_bg_k": 156.13087171006308,
  "summary_bg_mad": 21.794253743168074,
  "summary_bg_mean": 56.81864929199219,
  "summary_bg_median": 18.959999084472656,
  "summary_bg_n": 538569.0,
  "summary_bg_p05": 1.4399999380111694,
  "summary_bg_p95": 237.489990234375,
  "summary_bg_stdv": 160.46978759765625,
  "summary_fg_k": 0.5433520545483983,
  "summary_fg_mad": 672.8938211731465,
  "summary_fg_mean": 2453.204345703125,
  "summary_fg_median": 2367.14990234375,
  "summary_fg_n": 79259.0,
  "summary_fg_p05": 1379.3559814453124,
  "summary_fg_p95": 3817.5219970703115,
  "summary_fg_stdv": 739.5069580078125,
  "tsnr": 45.791801375802606
}