{
  "aor": 0.0021517999999999997,
  "aqi": 0.004014100600000001,
  "bids_meta": {
    "AcquisitionNumber": 1,
    "AcquisitionTime": "20:40:51.000000",
    "ConversionSoftware": "dcm2niix",
    "ConversionSoftwareVersion": "v1.0.20170724 (OpenJPEG build) GCC6.1.0",
    "DeviceSerialNumber": "000000000000GEHC",
    "EchoTime": 0.04,
    "FlipAngle": 90,
    "ImageType": [
      "ORIGINAL",
      "PRIMARY",
      "EPI",
      "NONE"
    ],
    "InstitutionName": "INSTITUTO_DE_NEUROBIOLOGIA",
    "MagneticFieldStrength": 3,
    "Manufacturer": "GE",
    "ManufacturersModelName": "DISCOVERY_MR750",
    "PhaseEncodingLines": 128,
    "ProcedureStepDescription": "Fibromialgia",
    "ProtocolName": "fMRI_pre1",
    "RepetitionTime": 3,
    "ScanningSequence": "EP_GR",
    "SequenceVariant": "SS",
    "SeriesDescription": "fMRI_pre1",
    "SliceTiming": [
      0.0,
      1.535,
      0.07,
      1.605,
      0.14,
      1.674,
      0.209,
      1.744,
      0.279,
      1.814,
      0.349,
      1.884,
      0.419,
      1.953,
      0.488,
      2.023,
      0.558,
      2.093,
      0.628,
      2.163,
      0.698,
      2.233,
      0.767,
      2.302,
      0.837,
      2.372,
      0.907,
      2.442,
      0.977,
      2.512,
      1.047,
      2.581,
      1.116,
      2.651,
      1.186,
      2.721,
      1.256,
      2.791,
      1.326,
      2.86,
      1.395,
      2.93,
      1.465
    ],
    "SoftwareVersions": "24_LX_MR_Software_release:DV24.0_R01_1344.a",
    "TaskName": "pre-music",
    "dataset": "ds001928",
    "modality": "bold",
    "subject_id": "31",
    "task_id": "rest3"
  },
  "dummy_trs": 0,
  "dvars_nstd": 28.39777944535354,
  "dvars_std": 1.1358115275757577,
  "dvars_vstd": 0.9969731453535354,
  "efc": 0.3615955731349227,
  "fber": 16610.953125,
  "fd_mean": 0.1537700583823243,
  "fd_num": 25,
  "fd_perc": 25.0,
  "fwhm_avg": 3.109731111111111,
  "fwhm_x": 3.21511,
  "fwhm_y": 3.56324,
  "fwhm_z": 2.5508433333333334,
  "gcor": 0.0222567,
  "gsr_x": -0.020266810432076454,
  "gsr_y": 0.010626502335071564,
  "provenance": {
    "md5sum": "dda6de266044fe3f4cba929b5736363a",
    "settings": {
      "fd_thres": 0.2,
      "testing": false
    },
    "software": "mriqc",
    "version": "21.0.0rc2",
    "webapi_port": null,
    "webapi_url": "https://mriqc.nimh.nih.gov/api/v1"
  },
  "size_t": 100,
  "size_x": 128,
  "size_y": 128,
  "size_z": 43,
  "snr": 3.1720146614975167,
  "spacing_tr": 3.0,
  "spacing_x": 2.0,
  "spacing_y": 2.0,
  "spacing_z": 3.0,
  "summary_bg_k": 120.11316203504938,
  "summary_bg_mad": 21.33464714026652,
  "summary_bg_mean": 55.0277214050293,
  "summary_bg_median": 18.690000534057617,
  "summary_bg_n": 539737.0,
  "summary_bg_p05": 1.459999918937683,
  "summary_bg_p95": 230.70999145507812,
  "summary_bg_stdv": 152.83827209472656,
  "summary_fg_k": 0.5267201628163471,
  "summary_fg_mad": 685.8148298142585,
  "summary_fg_mean": 2468.3427734375,
  "summary_fg_median": 2384.619873046875,
  "summary_fg_n": 78142.0,
  "summary_fg_p05": 1370.2134643554687,
  "summary_fg_p95": 3854.2339843749996,
  "summary_fg_stdv": 751.763427734375,
  "tsnr": 54.395279536023736
}