{
  "aor": 0.0011834,
  "aqi": 0.0029583728,
  "bids_meta": {
    "AcquisitionNumber": 1,
    "AcquisitionTime": "20:53:45.000000",
    "ConversionSoftware": "dcm2niix",
    "ConversionSoftwareVersion": "v1.0.20170724 (OpenJPEG build) GCC6.1.0",
    "DeviceSerialNumber": "000000000000GEHC",
    "EchoTime": 0.04,
    "FlipAngle": 90,
    "ImageType": [
      "ORIGINAL",
      "PRIMARY",
      "EPI",
      "NONE"
    ],
    "InstitutionName": "INSTITUTO_DE_NEUROBIOLOGIA",
    "MagneticFieldStrength": 3,
    "Manufacturer": "GE",
    "ManufacturersModelName": "DISCOVERY_MR750",
    "PhaseEncodingLines": 128,
    "ProcedureStepDescription": "Fibromialgia",
    "ProtocolName": "fMRI_post1",
    "RepetitionTime": 3,
    "ScanningSequence": "EP_GR",
    "SequenceVariant": "SS",
    "SeriesDescription": "fMRI_post1",
    "SliceTiming": [
      0.0,
      1.535,
      0.07,
      1.605,
      0.14,
      1.674,
      0.209,
      1.744,
      0.279,
      1.814,
      0.349,
      1.884,
      0.419,
      1.953,
      0.488,
      2.023,
      0.558,
      2.093,
      0.628,
      2.163,
      0.698,
      2.233,
      0.767,
      2.302,
      0.837,
      2.372,
      0.907,
      2.442,
      0.977,
      2.512,
      1.047,
      2.581,
      1.116,
      2.651,
      1.186,
      2.721,
      1.256,
      2.791,
      1.326,
      2.86,
      1.395,
      2.93,
      1.465
    ],
    "SoftwareVersions": "24_LX_MR_Software_release:DV24.0_R01_1344.a",
    "TaskName": "post-music",
    "dataset": "ds001928",
    "modality": "bold",
    "subject_id": "31",
    "task_id": "rest4"
  },
  "dummy_trs": 0,
  "dvars_nstd": 26.30787007505051,
  "dvars_std": 1.1359548891919196,
  "dvars_vstd": 0.9970344609090909,
  "efc": 0.364186310618219,
  "fber": 15854.2724609375,
  "fd_mean": 0.08390749133865666,
  "fd_num": 6,
  "fd_perc": 6.0,
  "fwhm_avg": 3.1323955555555556,
  "fwhm_x": 3.20012,
  "fwhm_y": 3.60761,
  "fwhm_z": 2.5894566666666665,
  "gcor": 0.0168025,
  "gsr_x": -0.020397702232003212,
  "gsr_y": 0.011865693144500256,
  "provenance": {
    "md5sum": "f22899d4e87a713c9c41b2fc79398324",
    "settings": {
      "fd_thres": 0.2,
      "testing": false
    },
    "software": "mriqc",
    "version": "21.0.0rc2",
    "webapi_port": null,
    "webapi_url": "https://mriqc.nimh.nih.gov/api/v1"
  },
  "size_t": 100,
  "size_x": 128,
  "size_y": 128,
  "size_z": 43,
  "snr": 3.1996336858011745,
  "spacing_tr": 3.0,
  "spacing_x": 2.0,
  "spacing_y": 2.0,
  "spacing_z": 3.0,
  "summary_bg_k": 167.34875279191294,
  "summary_bg_mad": 21.853556361431856,
  "summary_bg_mean": 55.41737747192383,
  "summary_bg_median": 18.979999542236328,
  "summary_bg_n": 538068.0,
  "summary_bg_p05": 1.25,
  "summary_bg_p95": 228.17649459838833,
  "summary_bg_stdv": 158.43849182128906,
  "summary_fg_k": 0.5324739542749666,
  "summary_fg_mad": 680.944340360729,
  "summary_fg_mean": 2467.901611328125,
  "summary_fg_median": 2385.55517578125,
  "summary_fg_n": 79486.0,
  "summary_fg_p05": 1382.0924682617188,
  "summary_fg_p95": 3841.6874389648438,
  "summary_fg_stdv": 745.566650390625,
  "tsnr": 61.44188878219575
}