{
  "aor": 0.0036624,
  "aqi": 0.0066822556,
  "bids_meta": {
    "AcquisitionNumber": 1,
    "AcquisitionTime": "18:49:7.000000",
    "ConversionSoftware": "dcm2niix",
    "ConversionSoftwareVersion": "v1.0.20170724 (OpenJPEG build) GCC6.1.0",
    "DeviceSerialNumber": "000000000000GEHC",
    "EchoTime": 0.04,
    "FlipAngle": 90,
    "ImageType": [
      "ORIGINAL",
      "PRIMARY",
      "EPI",
      "NONE"
    ],
    "InstitutionName": "INSTITUTO_DE_NEUROBIOLOGIA",
    "MagneticFieldStrength": 3,
    "Manufacturer": "GE",
    "ManufacturersModelName": "DISCOVERY_MR750",
    "PhaseEncodingLines": 128,
    "ProcedureStepDescription": "Fibromilagia",
    "ProtocolName": "fMRI_pre2",
    "RepetitionTime": 3,
    "ScanningSequence": "EP_GR",
    "SequenceVariant": "SS",
    "SeriesDescription": "fMRI_pre2",
    "SliceTiming": [
      0.0,
      1.535,
      0.07,
      1.605,
      0.14,
      1.674,
      0.209,
      1.744,
      0.279,
      1.814,
      0.349,
      1.884,
      0.419,
      1.953,
      0.488,
      2.023,
      0.558,
      2.093,
      0.628,
      2.163,
      0.698,
      2.233,
      0.767,
      2.302,
      0.837,
      2.372,
      0.907,
      2.442,
      0.977,
      2.512,
      1.047,
      2.581,
      1.116,
      2.651,
      1.186,
      2.721,
      1.256,
      2.791,
      1.326,
      2.86,
      1.395,
      2.93,
      1.465
    ],
    "SoftwareVersions": "24_LX_MR_Software_release:DV24.0_R01_1344.a",
    "TaskName": "pre-control",
    "dataset": "ds001928",
    "modality": "bold",
    "subject_id": "24",
    "task_id": "rest1"
  },
  "dummy_trs": 0,
  "dvars_nstd": 36.770309198181806,
  "dvars_std": 1.1777777115151515,
  "dvars_vstd": 0.9982460843434344,
  "efc": 0.3718172069724576,
  "fber": 18529.20703125,
  "fd_mean": 0.17373893489724734,
  "fd_num": 23,
  "fd_perc": 23.0,
  "fwhm_avg": 2.8321283333333334,
  "fwhm_x": 2.92657,
  "fwhm_y": 3.154795,
  "fwhm_z": 2.4150199999999997,
  "gcor": 0.0312684,
  "gsr_x": -0.013734954409301281,
  "gsr_y": 0.002076219068840146,
  "provenance": {
    "md5sum": "79569d8cafad31203f50b539e33a99f4",
    "settings": {
      "fd_thres": 0.2,
      "testing": false
    },
    "software": "mriqc",
    "version": "21.0.0rc2",
    "webapi_port": null,
    "webapi_url": "https://mriqc.nimh.nih.gov/api/v1"
  },
  "size_t": 100,
  "size_x": 128,
  "size_y": 128,
  "size_z": 43,
  "snr": 3.5953992230681777,
  "spacing_tr": 3.0,
  "spacing_x": 2.0,
  "spacing_y": 2.0,
  "spacing_z": 3.0,
  "summary_bg_k": 95.30192206359638,
  "summary_bg_mad": 19.703782720422836,
  "summary_bg_mean": 51.364410400390625,
  "summary_bg_median": 17.479999542236328,
  "summary_bg_n": 535278.0,
  "summary_bg_p05": 2.119999885559082,
  "summary_bg_p95": 215.99449005126849,
  "summary_bg_stdv": 130.51231384277344,
  "summary_fg_k": 0.5299578632021236,
  "summary_fg_mad": 575.4719063275764,
  "summary_fg_mean": 2367.312744140625,
  "summary_fg_median": 2318.97998046875,
  "summary_fg_n": 84301.0,
  "summary_fg_p05": 1377.18994140625,
  "summary_fg_p95": 3494.280029296875,
  "summary_fg_stdv": 644.9815673828125,
  "tsnr": 48.02451556921005
}