{
  "aor": 0.003611399999999999,
  "aqi": 0.005621122700000001,
  "bids_meta": {
    "AcquisitionNumber": 1,
    "AcquisitionTime": "18:20:50.000000",
    "ConversionSoftware": "dcm2niix",
    "ConversionSoftwareVersion": "v1.0.20170724 (OpenJPEG build) GCC6.1.0",
    "DeviceSerialNumber": "000000000000GEHC",
    "EchoTime": 0.04,
    "FlipAngle": 90,
    "ImageType": [
      "ORIGINAL",
      "PRIMARY",
      "EPI",
      "NONE"
    ],
    "InstitutionName": "INSTITUTO_DE_NEUROBIOLOGIA",
    "MagneticFieldStrength": 3,
    "Manufacturer": "GE",
    "ManufacturersModelName": "DISCOVERY_MR750",
    "PhaseEncodingLines": 128,
    "ProcedureStepDescription": "Fibromilagia",
    "ProtocolName": "fMRI_post1",
    "RepetitionTime": 3,
    "ScanningSequence": "EP_GR",
    "SequenceVariant": "SS",
    "SeriesDescription": "fMRI_post1",
    "SliceTiming": [
      0.0,
      1.535,
      0.07,
      1.605,
      0.14,
      1.674,
      0.209,
      1.744,
      0.279,
      1.814,
      0.349,
      1.884,
      0.419,
      1.953,
      0.488,
      2.023,
      0.558,
      2.093,
      0.628,
      2.163,
      0.698,
      2.233,
      0.767,
      2.302,
      0.837,
      2.372,
      0.907,
      2.442,
      0.977,
      2.512,
      1.047,
      2.581,
      1.116,
      2.651,
      1.186,
      2.721,
      1.256,
      2.791,
      1.326,
      2.86,
      1.395,
      2.93,
      1.465
    ],
    "SoftwareVersions": "24_LX_MR_Software_release:DV24.0_R01_1344.a",
    "TaskName": "post-music",
    "dataset": "ds001928",
    "modality": "bold",
    "subject_id": "24",
    "task_id": "rest4"
  },
  "dummy_trs": 0,
  "dvars_nstd": 36.183098012323235,
  "dvars_std": 1.1881678629292924,
  "dvars_vstd": 1.0089096924242422,
  "efc": 0.3698844901106379,
  "fber": 18462.57421875,
  "fd_mean": 0.1900020373778001,
  "fd_num": 34,
  "fd_perc": 34.0,
  "fwhm_avg": 2.819053333333333,
  "fwhm_x": 2.89898,
  "fwhm_y": 3.14093,
  "fwhm_z": 2.41725,
  "gcor": 0.0202132,
  "gsr_x": -0.014118392020463943,
  "gsr_y": 0.0007412377744913101,
  "provenance": {
    "md5sum": "e3f6f779f03d4f6d71bb93f20df026f9",
    "settings": {
      "fd_thres": 0.2,
      "testing": false
    },
    "software": "mriqc",
    "version": "21.0.0rc2",
    "webapi_port": null,
    "webapi_url": "https://mriqc.nimh.nih.gov/api/v1"
  },
  "size_t": 100,
  "size_x": 128,
  "size_y": 128,
  "size_z": 43,
  "snr": 3.6273106500598553,
  "spacing_tr": 3.0,
  "spacing_x": 2.0,
  "spacing_y": 2.0,
  "spacing_z": 3.0,
  "summary_bg_k": 96.40858721690303,
  "summary_bg_mad": 19.970651572208133,
  "summary_bg_mean": 51.11077117919922,
  "summary_bg_median": 17.65999984741211,
  "summary_bg_n": 536602.0,
  "summary_bg_p05": 2.009999990463257,
  "summary_bg_p95": 212.9099884033203,
  "summary_bg_stdv": 130.4442138671875,
  "summary_fg_k": 0.5185773404691094,
  "summary_fg_mad": 578.7190802783123,
  "summary_fg_mean": 2388.3994140625,
  "summary_fg_median": 2339.239990234375,
  "summary_fg_n": 83235.0,
  "summary_fg_p05": 1393.6169921875,
  "summary_fg_p95": 3515.5219482421876,
  "summary_fg_stdv": 644.8926391601562,
  "tsnr": 51.320086320862174
}